NUGET
  remote: https://www.myget.org/F/akkadotnet/api/v2
  specs:
    Akka (1.0.7.148-beta)
      Newtonsoft.Json (>= 7.0.1)
    Akka.Persistence (1.0.7.148-beta)
      Akka (>= 1.0.7.148-beta)
      Google.ProtocolBuffers (>= 2.4.1.555)
      Newtonsoft.Json (>= 7.0.1)
    Akka.Remote (1.0.7.148-beta)
      Akka (>= 1.0.7.148-beta)
      Google.ProtocolBuffers (>= 2.4.1.555)
      Helios (>= 1.4.1)
    Akka.Serialization.Wire (1.0.7.148-beta)
      Akka (>= 1.0.7.148-beta)
      Wire (>= 0.0.6)
    Akka.TestKit (1.0.7.148-beta)
      Akka (>= 1.0.7.148-beta)
    Akka.TestKit.Xunit2 (1.0.7.148-beta)
      Akka.TestKit (>= 1.0.7.148-beta)
      xunit (>= 2.0.0)
      xunit.abstractions (>= 2.0.0)
      xunit.assert (>= 2.0.0)
      xunit.core (>= 2.0.0)
      xunit.extensibility.core (>= 2.0.0)
  remote: https://www.nuget.org/api/v2
  specs:
    FAKE (4.16.1)
    FsCheck (2.2.4)
      FSharp.Core (>= 3.1.2.5)
    FsCheck.Xunit (2.0.7)
      FsCheck (>= 2.0.7)
      xunit (>= 1.9.2)
    FSharp.Compiler.Service (1.4.2.3)
    FSharp.Core (4.0.0.1)
    FSharp.Formatting (2.13.4)
      FSharp.Compiler.Service (>= 1.4.2 < 1.5.0)
      FSharpVSPowerTools.Core (>= 2.2.0 < 2.3.0)
    FSharpVSPowerTools.Core (2.2.0)
      FSharp.Compiler.Service (>= 1.4.2.0)
    FsPickler (1.7.2)
    FSPowerPack.Core.Community (3.0.0)
    FSPowerPack.Linq.Community (3.0.0)
      FSPowerPack.Core.Community
    Google.ProtocolBuffers (2.4.1.555)
    Helios (1.4.2)
    Microsoft.Bcl (1.1.10)
      Microsoft.Bcl.Build (>= 1.0.14)
    Microsoft.Bcl.Build (1.0.21) - import_targets: false
    Microsoft.Net.Http (2.2.29)
      Microsoft.Bcl (>= 1.1.10)
      Microsoft.Bcl.Build (>= 1.0.14)
    Newtonsoft.Json (7.0.1)
    Octokit (0.17.0)
      Microsoft.Net.Http
    SourceLink (1.1.0)
    Wire (0.0.6)
    xunit (2.0.0)
      xunit.assert (2.0.0)
      xunit.core (2.0.0)
    xunit.abstractions (2.0.0)
    xunit.assert (2.0.0)
    xunit.core (2.0.0)
      xunit.extensibility.core (2.0.0)
    xunit.extensibility.core (2.0.0)
      xunit.abstractions (2.0.0)
    xunit.runner.console (2.1.0)
GITHUB
  remote: fsharp/FAKE
  specs:
    modules/Octokit/Octokit.fsx (d52c9be986bb0939b76102074f4720ebe2ffc6ea)
      Octokit