REDIRECTS: ON
RESTRICTION: || (== net40) (== net45) (== net451) (== net452)
NUGET
  remote: https://www.nuget.org/api/v2
    Akka (1.3.1)
      Newtonsoft.Json (>= 9.0.1) - restriction: || (&& (== net40) (== net45)) (&& (== net40) (== net451)) (&& (== net40) (== net452)) (== net45) (&& (== net45) (== net451)) (&& (== net45) (== net452)) (== net451) (&& (== net451) (== net452)) (== net452)
      System.Collections.Immutable (>= 1.3.1) - restriction: || (&& (== net40) (== net45)) (&& (== net40) (== net451)) (&& (== net40) (== net452)) (== net45) (&& (== net45) (== net451)) (&& (== net45) (== net452)) (== net451) (&& (== net451) (== net452)) (== net452)
    Akka.Cluster (1.3.1)
      Akka.Remote (>= 1.3.1) - restriction: || (&& (== net40) (== net45)) (&& (== net40) (== net451)) (&& (== net40) (== net452)) (== net45) (&& (== net45) (== net451)) (&& (== net45) (== net452)) (== net451) (&& (== net451) (== net452)) (== net452)
    Akka.Cluster.Sharding (1.3.1-beta52)
      Akka.Cluster.Tools (>= 1.3.1) - restriction: || (&& (== net40) (== net45)) (&& (== net40) (== net451)) (&& (== net40) (== net452)) (== net45) (&& (== net45) (== net451)) (&& (== net45) (== net452)) (== net451) (&& (== net451) (== net452)) (== net452)
      Akka.Persistence (>= 1.3.1) - restriction: || (&& (== net40) (== net45)) (&& (== net40) (== net451)) (&& (== net40) (== net452)) (== net45) (&& (== net45) (== net451)) (&& (== net45) (== net452)) (== net451) (&& (== net451) (== net452)) (== net452)
    Akka.Cluster.Tools (1.3.1)
      Akka.Cluster (>= 1.3.1) - restriction: || (&& (== net40) (== net45)) (&& (== net40) (== net451)) (&& (== net40) (== net452)) (== net45) (&& (== net45) (== net451)) (&& (== net45) (== net452)) (== net451) (&& (== net451) (== net452)) (== net452)
    Akka.DistributedData (1.3.1-beta52)
      Akka.Cluster (>= 1.3.1) - restriction: || (&& (== net40) (== net45)) (&& (== net40) (== net451)) (&& (== net40) (== net452)) (== net45) (&& (== net45) (== net451)) (&& (== net45) (== net452)) (== net451) (&& (== net451) (== net452)) (== net452)
      Hyperion (>= 0.9.6) - restriction: || (&& (== net40) (== net45)) (&& (== net40) (== net451)) (&& (== net40) (== net452)) (== net45) (&& (== net45) (== net451)) (&& (== net45) (== net452)) (== net451) (&& (== net451) (== net452)) (== net452)
    Akka.Persistence (1.3.1)
      Akka (>= 1.3.1) - restriction: || (&& (== net40) (== net45)) (&& (== net40) (== net451)) (&& (== net40) (== net452)) (== net45) (&& (== net45) (== net451)) (&& (== net45) (== net452)) (== net451) (&& (== net451) (== net452)) (== net452)
      Google.Protobuf (>= 3.3) - restriction: || (&& (== net40) (== net45)) (&& (== net40) (== net451)) (&& (== net40) (== net452)) (== net45) (&& (== net45) (== net451)) (&& (== net45) (== net452)) (== net451) (&& (== net451) (== net452)) (== net452)
    Akka.Persistence.Query (1.3.1)
      Akka.Persistence (>= 1.3.1) - restriction: || (&& (== net40) (== net45)) (&& (== net40) (== net451)) (&& (== net40) (== net452)) (== net45) (&& (== net45) (== net451)) (&& (== net45) (== net452)) (== net451) (&& (== net451) (== net452)) (== net452)
      Akka.Streams (>= 1.3.1) - restriction: || (&& (== net40) (== net45)) (&& (== net40) (== net451)) (&& (== net40) (== net452)) (== net45) (&& (== net45) (== net451)) (&& (== net45) (== net452)) (== net451) (&& (== net451) (== net452)) (== net452)
    Akka.Persistence.Query.Sql (1.3.1)
      Akka.Persistence (>= 1.3.1) - restriction: || (&& (== net40) (== net45)) (&& (== net40) (== net451)) (&& (== net40) (== net452)) (== net45) (&& (== net45) (== net451)) (&& (== net45) (== net452)) (== net451) (&& (== net451) (== net452)) (== net452)
      Akka.Persistence.Query (>= 1.3.1) - restriction: || (&& (== net40) (== net45)) (&& (== net40) (== net451)) (&& (== net40) (== net452)) (== net45) (&& (== net45) (== net451)) (&& (== net45) (== net452)) (== net451) (&& (== net451) (== net452)) (== net452)
      Akka.Persistence.Sql.Common (>= 1.3.1) - restriction: || (&& (== net40) (== net45)) (&& (== net40) (== net451)) (&& (== net40) (== net452)) (== net45) (&& (== net45) (== net451)) (&& (== net45) (== net452)) (== net451) (&& (== net451) (== net452)) (== net452)
    Akka.Persistence.Sql.Common (1.3.1)
      Akka.Persistence (>= 1.3.1) - restriction: || (&& (== net40) (== net45)) (&& (== net40) (== net451)) (&& (== net40) (== net452)) (== net45) (&& (== net45) (== net451)) (&& (== net45) (== net452)) (== net451) (&& (== net451) (== net452)) (== net452)
    Akka.Persistence.Sqlite (1.3.1)
      Akka.Persistence (>= 1.3.1) - restriction: || (&& (== net40) (== net451)) (&& (== net40) (== net452)) (&& (== net45) (== net451)) (&& (== net45) (== net452)) (== net451) (&& (== net451) (== net452)) (== net452)
      Akka.Persistence.Sql.Common (>= 1.3.1) - restriction: || (&& (== net40) (== net451)) (&& (== net40) (== net452)) (&& (== net45) (== net451)) (&& (== net45) (== net452)) (== net451) (&& (== net451) (== net452)) (== net452)
      Microsoft.Data.SQLite (>= 1.1.1) - restriction: || (&& (== net40) (== net451)) (&& (== net40) (== net452)) (&& (== net45) (== net451)) (&& (== net45) (== net452)) (== net451) (&& (== net451) (== net452)) (== net452)
    Akka.Remote (1.3.1)
      Akka (>= 1.3.1) - restriction: || (&& (== net40) (== net45)) (&& (== net40) (== net451)) (&& (== net40) (== net452)) (== net45) (&& (== net45) (== net451)) (&& (== net45) (== net452)) (== net451) (&& (== net451) (== net452)) (== net452)
      DotNetty.Handlers (>= 0.4.6) - restriction: || (&& (== net40) (== net45)) (&& (== net40) (== net451)) (&& (== net40) (== net452)) (== net45) (&& (== net45) (== net451)) (&& (== net45) (== net452)) (== net451) (&& (== net451) (== net452)) (== net452)
      Google.Protobuf (>= 3.3) - restriction: || (&& (== net40) (== net45)) (&& (== net40) (== net451)) (&& (== net40) (== net452)) (== net45) (&& (== net45) (== net451)) (&& (== net45) (== net452)) (== net451) (&& (== net451) (== net452)) (== net452)
    Akka.Serialization.Hyperion (1.3.1-beta52)
      Akka (>= 1.3.1) - restriction: || (&& (== net40) (== net45)) (&& (== net40) (== net451)) (&& (== net40) (== net452)) (== net45) (&& (== net45) (== net451)) (&& (== net45) (== net452)) (== net451) (&& (== net451) (== net452)) (== net452)
      Hyperion (>= 0.9.6) - restriction: || (&& (== net40) (== net45)) (&& (== net40) (== net451)) (&& (== net40) (== net452)) (== net45) (&& (== net45) (== net451)) (&& (== net45) (== net452)) (== net451) (&& (== net451) (== net452)) (== net452)
    Akka.Streams (1.3.1)
      Akka (>= 1.3.1) - restriction: || (&& (== net40) (== net45)) (&& (== net40) (== net451)) (&& (== net40) (== net452)) (== net45) (&& (== net45) (== net451)) (&& (== net45) (== net452)) (== net451) (&& (== net451) (== net452)) (== net452)
      Reactive.Streams (>= 1.0.2) - restriction: || (&& (== net40) (== net45)) (&& (== net40) (== net451)) (&& (== net40) (== net452)) (== net45) (&& (== net45) (== net451)) (&& (== net45) (== net452)) (== net451) (&& (== net451) (== net452)) (== net452)
    Akka.TestKit (1.3.1)
      Akka (>= 1.3.1) - restriction: || (&& (== net40) (== net45)) (&& (== net40) (== net451)) (&& (== net40) (== net452)) (== net45) (&& (== net45) (== net451)) (&& (== net45) (== net452)) (== net451) (&& (== net451) (== net452)) (== net452)
    Akka.TestKit.Xunit2 (1.3.1)
      Akka.TestKit (>= 1.3.1) - restriction: || (&& (== net40) (== net45)) (&& (== net40) (== net451)) (&& (== net40) (== net452)) (== net45) (&& (== net45) (== net451)) (&& (== net45) (== net452)) (== net451) (&& (== net451) (== net452)) (== net452)
      xunit (>= 2.3.0-beta5-build3769) - restriction: || (&& (== net40) (== net45)) (&& (== net40) (== net451)) (&& (== net40) (== net452)) (== net45) (&& (== net45) (== net451)) (&& (== net45) (== net452)) (== net451) (&& (== net451) (== net452)) (== net452)
    DotNetty.Buffers (0.4.6) - restriction: || (== net45) (== net451) (== net452)
      DotNetty.Common (>= 0.4.6) - restriction: || (&& (== net40) (== net45)) (&& (== net40) (== net451)) (&& (== net40) (== net452)) (== net45) (&& (== net45) (== net451)) (&& (== net45) (== net452)) (== net451) (&& (== net451) (== net452)) (== net452)
    DotNetty.Codecs (0.4.6) - restriction: || (== net45) (== net451) (== net452)
      DotNetty.Buffers (>= 0.4.6) - restriction: || (&& (== net40) (== net45)) (&& (== net40) (== net451)) (&& (== net40) (== net452)) (== net45) (&& (== net45) (== net451)) (&& (== net45) (== net452)) (== net451) (&& (== net451) (== net452)) (== net452)
      DotNetty.Common (>= 0.4.6) - restriction: || (&& (== net40) (== net45)) (&& (== net40) (== net451)) (&& (== net40) (== net452)) (== net45) (&& (== net45) (== net451)) (&& (== net45) (== net452)) (== net451) (&& (== net451) (== net452)) (== net452)
      DotNetty.Transport (>= 0.4.6) - restriction: || (&& (== net40) (== net45)) (&& (== net40) (== net451)) (&& (== net40) (== net452)) (== net45) (&& (== net45) (== net451)) (&& (== net45) (== net452)) (== net451) (&& (== net451) (== net452)) (== net452)
    DotNetty.Common (0.4.6)
      Microsoft.Extensions.Logging (>= 1.1.1) - restriction: || (&& (== net40) (== net45)) (&& (== net40) (== net451)) (&& (== net40) (== net452)) (== net45) (&& (== net45) (== net451)) (&& (== net45) (== net452)) (== net451) (&& (== net451) (== net452)) (== net452)
    DotNetty.Handlers (0.4.6) - restriction: || (== net45) (== net451) (== net452)
      DotNetty.Buffers (>= 0.4.6) - restriction: || (&& (== net40) (== net45)) (&& (== net40) (== net451)) (&& (== net40) (== net452)) (== net45) (&& (== net45) (== net451)) (&& (== net45) (== net452)) (== net451) (&& (== net451) (== net452)) (== net452)
      DotNetty.Codecs (>= 0.4.6) - restriction: || (&& (== net40) (== net45)) (&& (== net40) (== net451)) (&& (== net40) (== net452)) (== net45) (&& (== net45) (== net451)) (&& (== net45) (== net452)) (== net451) (&& (== net451) (== net452)) (== net452)
      DotNetty.Common (>= 0.4.6) - restriction: || (&& (== net40) (== net45)) (&& (== net40) (== net451)) (&& (== net40) (== net452)) (== net45) (&& (== net45) (== net451)) (&& (== net45) (== net452)) (== net451) (&& (== net451) (== net452)) (== net452)
      DotNetty.Transport (>= 0.4.6) - restriction: || (&& (== net40) (== net45)) (&& (== net40) (== net451)) (&& (== net40) (== net452)) (== net45) (&& (== net45) (== net451)) (&& (== net45) (== net452)) (== net451) (&& (== net451) (== net452)) (== net452)
    DotNetty.Transport (0.4.6)
      DotNetty.Buffers (>= 0.4.6) - restriction: || (&& (== net40) (== net45)) (&& (== net40) (== net451)) (&& (== net40) (== net452)) (== net45) (&& (== net45) (== net451)) (&& (== net45) (== net452)) (== net451) (&& (== net451) (== net452)) (== net452)
      DotNetty.Common (>= 0.4.6) - restriction: || (&& (== net40) (== net45)) (&& (== net40) (== net451)) (&& (== net40) (== net452)) (== net45) (&& (== net45) (== net451)) (&& (== net45) (== net452)) (== net451) (&& (== net451) (== net452)) (== net452)
    FAKE (4.63)
    FsCheck (2.10)
      FSharp.Core (>= 4.1)
    FsCheck.Xunit (2.1)
      FsCheck (>= 2.1)
      xunit.extensibility.execution (>= 2.1)
    FSharp.Core (4.2.3)
    FsPickler (3.3)
    FSPowerPack.Core.Community (3.0)
    FSPowerPack.Linq.Community (3.0)
      FSPowerPack.Core.Community
    Google.Protobuf (3.4)
    Hyperion (0.9.6)
    Microsoft.Data.SQLite (2.0) - restriction: || (== net451) (== net452)
    Microsoft.Extensions.Logging (2.0) - restriction: || (== net45) (== net451) (== net452)
    Microsoft.NET.Test.Sdk (15.3)
      Microsoft.TestPlatform.TestHost (>= 15.3)
    Microsoft.TestPlatform.TestHost (15.3)
    Newtonsoft.Json (10.0.3)
    Octokit (0.26)
    Reactive.Streams (1.0.2)
    System.Collections.Immutable (1.4) - restriction: || (== net45) (== net451) (== net452)
    xunit (2.3.0-beta5-build3769)
      xunit.analyzers (>= 0.7)
      xunit.assert (2.3.0-beta5-build3769)
      xunit.core (2.3.0-beta5-build3769)
    xunit.abstractions (2.0.1)
    xunit.analyzers (0.7)
    xunit.assert (2.3.0-beta5-build3769)
    xunit.core (2.3.0-beta5-build3769)
      xunit.extensibility.core (2.3.0-beta5-build3769)
      xunit.extensibility.execution (2.3.0-beta5-build3769)
    xunit.extensibility.core (2.3.0-beta5-build3769)
      xunit.abstractions (>= 2.0.1) - restriction: || (&& (== net40) (== net452)) (&& (== net45) (== net452)) (&& (== net451) (== net452)) (== net452)
    xunit.extensibility.execution (2.3.0-beta5-build3769)
      xunit.extensibility.core (2.3.0-beta5-build3769) - restriction: || (&& (== net40) (== net452)) (&& (== net45) (== net452)) (&& (== net451) (== net452)) (== net452)
    xunit.runner.console (2.3.0-beta5-build3769)
    xunit.runner.visualstudio (2.3.0-beta5-build3769)
