REDIRECTS: ON
RESTRICTION: || (== net40) (== net45) (== net451) (== net452) (== netstandard1.6)
NUGET
  remote: https://www.nuget.org/api/v2
    Akka (1.3.1)
      NETStandard.Library (>= 1.6.1) - restriction: || (&& (== net40) (>= netstandard1.6)) (&& (== net45) (>= netstandard1.6)) (&& (== net451) (>= netstandard1.6)) (&& (== net452) (>= netstandard1.6)) (== netstandard1.6)
      Newtonsoft.Json (>= 9.0.1) - restriction: || (&& (== net40) (>= net45)) (&& (== net40) (>= netstandard1.6)) (== net45) (== net451) (== net452) (== netstandard1.6)
      System.Collections.Immutable (>= 1.3.1) - restriction: || (&& (== net40) (>= net45)) (&& (== net40) (>= netstandard1.6)) (== net45) (== net451) (== net452) (== netstandard1.6)
      System.Diagnostics.TraceSource (>= 4.3) - restriction: || (&& (== net40) (>= netstandard1.6)) (&& (== net45) (>= netstandard1.6)) (&& (== net451) (>= netstandard1.6)) (&& (== net452) (>= netstandard1.6)) (== netstandard1.6)
      System.Net.NameResolution (>= 4.3) - restriction: || (&& (== net40) (>= netstandard1.6)) (&& (== net45) (>= netstandard1.6)) (&& (== net451) (>= netstandard1.6)) (&& (== net452) (>= netstandard1.6)) (== netstandard1.6)
      System.Reflection.Emit (>= 4.3) - restriction: || (&& (== net40) (>= netstandard1.6)) (&& (== net45) (>= netstandard1.6)) (&& (== net451) (>= netstandard1.6)) (&& (== net452) (>= netstandard1.6)) (== netstandard1.6)
      System.Reflection.TypeExtensions (>= 4.3) - restriction: || (&& (== net40) (>= netstandard1.6)) (&& (== net45) (>= netstandard1.6)) (&& (== net451) (>= netstandard1.6)) (&& (== net452) (>= netstandard1.6)) (== netstandard1.6)
      System.Threading.Thread (>= 4.3) - restriction: || (&& (== net40) (>= netstandard1.6)) (&& (== net45) (>= netstandard1.6)) (&& (== net451) (>= netstandard1.6)) (&& (== net452) (>= netstandard1.6)) (== netstandard1.6)
      System.Threading.ThreadPool (>= 4.3) - restriction: || (&& (== net40) (>= netstandard1.6)) (&& (== net45) (>= netstandard1.6)) (&& (== net451) (>= netstandard1.6)) (&& (== net452) (>= netstandard1.6)) (== netstandard1.6)
    Akka.Cluster (1.3.1)
      Akka.Remote (>= 1.3.1) - restriction: || (&& (== net40) (>= net45)) (&& (== net40) (>= netstandard1.6)) (== net45) (== net451) (== net452) (== netstandard1.6)
      NETStandard.Library (>= 1.6.1) - restriction: || (&& (== net40) (>= netstandard1.6)) (&& (== net45) (>= netstandard1.6)) (&& (== net451) (>= netstandard1.6)) (&& (== net452) (>= netstandard1.6)) (== netstandard1.6)
    Akka.Cluster.Sharding (1.3.1-beta52)
      Akka.Cluster.Tools (>= 1.3.1) - restriction: || (&& (== net40) (>= net45)) (&& (== net40) (>= netstandard1.6)) (== net45) (== net451) (== net452) (== netstandard1.6)
      Akka.Persistence (>= 1.3.1) - restriction: || (&& (== net40) (>= net45)) (&& (== net40) (>= netstandard1.6)) (== net45) (== net451) (== net452) (== netstandard1.6)
      NETStandard.Library (>= 1.6.1) - restriction: || (&& (== net40) (>= netstandard1.6)) (&& (== net45) (>= netstandard1.6)) (&& (== net451) (>= netstandard1.6)) (&& (== net452) (>= netstandard1.6)) (== netstandard1.6)
    Akka.Cluster.Tools (1.3.1)
      Akka.Cluster (>= 1.3.1) - restriction: || (&& (== net40) (>= net45)) (&& (== net40) (>= netstandard1.6)) (== net45) (== net451) (== net452) (== netstandard1.6)
      NETStandard.Library (>= 1.6.1) - restriction: || (&& (== net40) (>= netstandard1.6)) (&& (== net45) (>= netstandard1.6)) (&& (== net451) (>= netstandard1.6)) (&& (== net452) (>= netstandard1.6)) (== netstandard1.6)
    Akka.DistributedData (1.3.1-beta52)
      Akka.Cluster (>= 1.3.1) - restriction: || (&& (== net40) (>= net45)) (&& (== net40) (>= netstandard1.6)) (== net45) (== net451) (== net452) (== netstandard1.6)
      Hyperion (>= 0.9.6) - restriction: || (&& (== net40) (>= net45)) (&& (== net40) (>= netstandard1.6)) (== net45) (== net451) (== net452) (== netstandard1.6)
      NETStandard.Library (>= 1.6.1) - restriction: || (&& (== net40) (>= netstandard1.6)) (&& (== net45) (>= netstandard1.6)) (&& (== net451) (>= netstandard1.6)) (&& (== net452) (>= netstandard1.6)) (== netstandard1.6)
    Akka.Persistence (1.3.1)
      Akka (>= 1.3.1) - restriction: || (&& (== net40) (>= net45)) (&& (== net40) (>= netstandard1.6)) (== net45) (== net451) (== net452) (== netstandard1.6)
      Google.Protobuf (>= 3.3) - restriction: || (&& (== net40) (>= net45)) (&& (== net40) (>= netstandard1.6)) (== net45) (== net451) (== net452) (== netstandard1.6)
      NETStandard.Library (>= 1.6.1) - restriction: || (&& (== net40) (>= netstandard1.6)) (&& (== net45) (>= netstandard1.6)) (&& (== net451) (>= netstandard1.6)) (&& (== net452) (>= netstandard1.6)) (== netstandard1.6)
    Akka.Persistence.Query (1.3.1)
      Akka.Persistence (>= 1.3.1) - restriction: || (&& (== net40) (>= net45)) (&& (== net40) (>= netstandard1.6)) (== net45) (== net451) (== net452) (== netstandard1.6)
      Akka.Streams (>= 1.3.1) - restriction: || (&& (== net40) (>= net45)) (&& (== net40) (>= netstandard1.6)) (== net45) (== net451) (== net452) (== netstandard1.6)
      NETStandard.Library (>= 1.6.1) - restriction: || (&& (== net40) (>= netstandard1.6)) (&& (== net45) (>= netstandard1.6)) (&& (== net451) (>= netstandard1.6)) (&& (== net452) (>= netstandard1.6)) (== netstandard1.6)
    Akka.Persistence.Query.Sql (1.3.1)
      Akka.Persistence (>= 1.3.1) - restriction: || (&& (== net40) (>= net45)) (&& (== net40) (>= netstandard1.6)) (== net45) (== net451) (== net452) (== netstandard1.6)
      Akka.Persistence.Query (>= 1.3.1) - restriction: || (&& (== net40) (>= net45)) (&& (== net40) (>= netstandard1.6)) (== net45) (== net451) (== net452) (== netstandard1.6)
      Akka.Persistence.Sql.Common (>= 1.3.1) - restriction: || (&& (== net40) (>= net45)) (&& (== net40) (>= netstandard1.6)) (== net45) (== net451) (== net452) (== netstandard1.6)
      NETStandard.Library (>= 1.6.1) - restriction: || (&& (== net40) (>= netstandard1.6)) (&& (== net45) (>= netstandard1.6)) (&& (== net451) (>= netstandard1.6)) (&& (== net452) (>= netstandard1.6)) (== netstandard1.6)
    Akka.Persistence.Sql.Common (1.3.1)
      Akka.Persistence (>= 1.3.1) - restriction: || (&& (== net40) (>= net45)) (&& (== net40) (>= netstandard1.6)) (== net45) (== net451) (== net452) (== netstandard1.6)
      NETStandard.Library (>= 1.6.1) - restriction: || (&& (== net40) (>= netstandard1.6)) (&& (== net45) (>= netstandard1.6)) (&& (== net451) (>= netstandard1.6)) (&& (== net452) (>= netstandard1.6)) (== netstandard1.6)
      System.Data.Common (>= 4.3) - restriction: || (&& (== net40) (>= netstandard1.6)) (&& (== net45) (>= netstandard1.6)) (&& (== net451) (>= netstandard1.6)) (&& (== net452) (>= netstandard1.6)) (== netstandard1.6)
    Akka.Persistence.Sqlite (1.3.1)
      Akka.Persistence (>= 1.3.1) - restriction: || (&& (== net40) (>= net451)) (&& (== net40) (>= netstandard1.6)) (&& (== net45) (>= net451)) (&& (== net45) (>= netstandard1.6)) (== net451) (== net452) (== netstandard1.6)
      Akka.Persistence.Sql.Common (>= 1.3.1) - restriction: || (&& (== net40) (>= net451)) (&& (== net40) (>= netstandard1.6)) (&& (== net45) (>= net451)) (&& (== net45) (>= netstandard1.6)) (== net451) (== net452) (== netstandard1.6)
      Microsoft.Data.Sqlite (>= 1.1.1) - restriction: || (&& (== net40) (>= net451)) (&& (== net40) (>= netstandard1.6)) (&& (== net45) (>= net451)) (&& (== net45) (>= netstandard1.6)) (== net451) (== net452) (== netstandard1.6)
      NETStandard.Library (>= 1.6.1) - restriction: || (&& (== net40) (>= netstandard1.6)) (&& (== net45) (>= netstandard1.6)) (&& (== net451) (>= netstandard1.6)) (&& (== net452) (>= netstandard1.6)) (== netstandard1.6)
    Akka.Remote (1.3.1)
      Akka (>= 1.3.1) - restriction: || (&& (== net40) (>= net45)) (&& (== net40) (>= netstandard1.6)) (== net45) (== net451) (== net452) (== netstandard1.6)
      DotNetty.Handlers (>= 0.4.6) - restriction: || (&& (== net40) (>= net45)) (&& (== net40) (>= netstandard1.6)) (== net45) (== net451) (== net452) (== netstandard1.6)
      Google.Protobuf (>= 3.3) - restriction: || (&& (== net40) (>= net45)) (&& (== net40) (>= netstandard1.6)) (== net45) (== net451) (== net452) (== netstandard1.6)
      NETStandard.Library (>= 1.6.1) - restriction: || (&& (== net40) (>= netstandard1.6)) (&& (== net45) (>= netstandard1.6)) (&& (== net451) (>= netstandard1.6)) (&& (== net452) (>= netstandard1.6)) (== netstandard1.6)
    Akka.Serialization.Hyperion (1.3.1-beta52)
      Akka (>= 1.3.1) - restriction: || (&& (== net40) (>= net45)) (&& (== net40) (>= netstandard1.6)) (== net45) (== net451) (== net452) (== netstandard1.6)
      Hyperion (>= 0.9.6) - restriction: || (&& (== net40) (>= net45)) (&& (== net40) (>= netstandard1.6)) (== net45) (== net451) (== net452) (== netstandard1.6)
      NETStandard.Library (>= 1.6.1) - restriction: || (&& (== net40) (>= netstandard1.6)) (&& (== net45) (>= netstandard1.6)) (&& (== net451) (>= netstandard1.6)) (&& (== net452) (>= netstandard1.6)) (== netstandard1.6)
      System.Reflection (>= 4.3) - restriction: || (&& (== net40) (>= netstandard1.6)) (&& (== net45) (>= netstandard1.6)) (&& (== net451) (>= netstandard1.6)) (&& (== net452) (>= netstandard1.6)) (== netstandard1.6)
      System.Runtime (>= 4.3) - restriction: || (&& (== net40) (>= netstandard1.6)) (&& (== net45) (>= netstandard1.6)) (&& (== net451) (>= netstandard1.6)) (&& (== net452) (>= netstandard1.6)) (== netstandard1.6)
    Akka.Streams (1.3.1)
      Akka (>= 1.3.1) - restriction: || (&& (== net40) (>= net45)) (&& (== net40) (>= netstandard1.6)) (== net45) (== net451) (== net452) (== netstandard1.6)
      NETStandard.Library (>= 1.6.1) - restriction: || (&& (== net40) (>= netstandard1.6)) (&& (== net45) (>= netstandard1.6)) (&& (== net451) (>= netstandard1.6)) (&& (== net452) (>= netstandard1.6)) (== netstandard1.6)
      Reactive.Streams (>= 1.0.2) - restriction: || (&& (== net40) (>= net45)) (&& (== net40) (>= netstandard1.6)) (== net45) (== net451) (== net452) (== netstandard1.6)
      System.Reflection.TypeExtensions (>= 4.3) - restriction: || (&& (== net40) (>= netstandard1.6)) (&& (== net45) (>= netstandard1.6)) (&& (== net451) (>= netstandard1.6)) (&& (== net452) (>= netstandard1.6)) (== netstandard1.6)
    Akka.TestKit (1.3.1)
      Akka (>= 1.3.1) - restriction: || (&& (== net40) (>= net45)) (&& (== net40) (>= netstandard1.6)) (== net45) (== net451) (== net452) (== netstandard1.6)
      NETStandard.Library (>= 1.6.1) - restriction: || (&& (== net40) (>= netstandard1.6)) (&& (== net45) (>= netstandard1.6)) (&& (== net451) (>= netstandard1.6)) (&& (== net452) (>= netstandard1.6)) (== netstandard1.6)
    Akka.TestKit.Xunit2 (1.3.1)
      Akka.TestKit (>= 1.3.1) - restriction: || (&& (== net40) (>= net45)) (&& (== net40) (>= netstandard1.6)) (== net45) (== net451) (== net452) (== netstandard1.6)
      NETStandard.Library (>= 1.6.1) - restriction: || (&& (== net40) (>= netstandard1.6)) (&& (== net45) (>= netstandard1.6)) (&& (== net451) (>= netstandard1.6)) (&& (== net452) (>= netstandard1.6)) (== netstandard1.6)
      xunit (>= 2.3.0-beta5-build3769) - restriction: || (&& (== net40) (>= net45)) (&& (== net40) (>= netstandard1.6)) (== net45) (== net451) (== net452) (== netstandard1.6)
    DotNetty.Buffers (0.4.6) - restriction: || (&& (== net40) (== net45)) (&& (== net40) (== net451)) (&& (== net40) (== net452)) (&& (== net40) (== netstandard1.6)) (&& (== net40) (>= net45)) (&& (== net40) (>= netstandard1.6)) (== net45) (&& (== net45) (== net451)) (&& (== net45) (== net452)) (&& (== net45) (== netstandard1.6)) (== net451) (&& (== net451) (== net452)) (&& (== net451) (== netstandard1.6)) (== net452) (&& (== net452) (== netstandard1.6)) (== netstandard1.6)
      DotNetty.Common (>= 0.4.6) - restriction: || (&& (== net40) (>= net45)) (&& (== net40) (>= netstandard1.3)) (== net45) (== net451) (== net452) (== netstandard1.6)
      NETStandard.Library (>= 1.6.1) - restriction: || (&& (== net40) (>= netstandard1.3)) (&& (== net451) (< net45) (>= netstandard1.3)) (&& (== net452) (< net45) (>= netstandard1.3)) (== netstandard1.6)
      System.Diagnostics.Contracts (>= 4.3) - restriction: || (&& (== net40) (>= netstandard1.3)) (&& (== net451) (< net45) (>= netstandard1.3)) (&& (== net452) (< net45) (>= netstandard1.3)) (== netstandard1.6)
    DotNetty.Codecs (0.4.6) - restriction: || (&& (== net40) (== net45)) (&& (== net40) (== net451)) (&& (== net40) (== net452)) (&& (== net40) (== netstandard1.6)) (&& (== net40) (>= net45)) (&& (== net40) (>= netstandard1.6)) (== net45) (&& (== net45) (== net451)) (&& (== net45) (== net452)) (&& (== net45) (== netstandard1.6)) (== net451) (&& (== net451) (== net452)) (&& (== net451) (== netstandard1.6)) (== net452) (&& (== net452) (== netstandard1.6)) (== netstandard1.6)
      DotNetty.Buffers (>= 0.4.6) - restriction: || (&& (== net40) (>= net45)) (&& (== net40) (>= netstandard1.3)) (== net45) (== net451) (== net452) (== netstandard1.6)
      DotNetty.Common (>= 0.4.6) - restriction: || (&& (== net40) (>= net45)) (&& (== net40) (>= netstandard1.3)) (== net45) (== net451) (== net452) (== netstandard1.6)
      DotNetty.Transport (>= 0.4.6) - restriction: || (&& (== net40) (>= net45)) (&& (== net40) (>= netstandard1.3)) (== net45) (== net451) (== net452) (== netstandard1.6)
      NETStandard.Library (>= 1.6.1) - restriction: || (&& (== net40) (>= netstandard1.3)) (&& (== net451) (< net45) (>= netstandard1.3)) (&& (== net452) (< net45) (>= netstandard1.3)) (== netstandard1.6)
      System.Diagnostics.Contracts (>= 4.3) - restriction: || (&& (== net40) (>= netstandard1.3)) (&& (== net451) (< net45) (>= netstandard1.3)) (&& (== net452) (< net45) (>= netstandard1.3)) (== netstandard1.6)
    DotNetty.Common (0.4.6) - restriction: || (&& (== net40) (>= net45)) (&& (== net40) (>= netstandard1.6)) (== net45) (== net451) (== net452) (== netstandard1.6)
      Microsoft.Extensions.Logging (>= 1.1.1) - restriction: || (&& (== net40) (>= net45)) (&& (== net40) (>= netstandard1.3)) (== net45) (== net451) (== net452) (== netstandard1.6)
      NETStandard.Library (>= 1.6.1) - restriction: || (&& (== net40) (>= netstandard1.3)) (&& (== net451) (< net45) (>= netstandard1.3)) (&& (== net452) (< net45) (>= netstandard1.3)) (== netstandard1.6)
      System.Diagnostics.Contracts (>= 4.3) - restriction: || (&& (== net40) (>= netstandard1.3)) (&& (== net451) (< net45) (>= netstandard1.3)) (&& (== net452) (< net45) (>= netstandard1.3)) (== netstandard1.6)
      System.Net.NetworkInformation (>= 4.3) - restriction: || (&& (== net40) (>= netstandard1.3)) (&& (== net451) (< net45) (>= netstandard1.3)) (&& (== net452) (< net45) (>= netstandard1.3)) (== netstandard1.6)
    DotNetty.Handlers (0.4.6) - restriction: || (&& (== net40) (== net45)) (&& (== net40) (== net451)) (&& (== net40) (== net452)) (&& (== net40) (== netstandard1.6)) (&& (== net40) (>= net45)) (&& (== net40) (>= netstandard1.6)) (== net45) (&& (== net45) (== net451)) (&& (== net45) (== net452)) (&& (== net45) (== netstandard1.6)) (== net451) (&& (== net451) (== net452)) (&& (== net451) (== netstandard1.6)) (== net452) (&& (== net452) (== netstandard1.6)) (== netstandard1.6)
      DotNetty.Buffers (>= 0.4.6) - restriction: || (&& (== net40) (>= net45)) (&& (== net40) (>= netstandard1.3)) (== net45) (== net451) (== net452) (== netstandard1.6)
      DotNetty.Codecs (>= 0.4.6) - restriction: || (&& (== net40) (>= net45)) (&& (== net40) (>= netstandard1.3)) (== net45) (== net451) (== net452) (== netstandard1.6)
      DotNetty.Common (>= 0.4.6) - restriction: || (&& (== net40) (>= net45)) (&& (== net40) (>= netstandard1.3)) (== net45) (== net451) (== net452) (== netstandard1.6)
      DotNetty.Transport (>= 0.4.6) - restriction: || (&& (== net40) (>= net45)) (&& (== net40) (>= netstandard1.3)) (== net45) (== net451) (== net452) (== netstandard1.6)
      NETStandard.Library (>= 1.6.1) - restriction: || (&& (== net40) (>= netstandard1.3)) (&& (== net451) (< net45) (>= netstandard1.3)) (&& (== net452) (< net45) (>= netstandard1.3)) (== netstandard1.6)
      System.Diagnostics.Contracts (>= 4.3) - restriction: || (&& (== net40) (>= netstandard1.3)) (&& (== net451) (< net45) (>= netstandard1.3)) (&& (== net452) (< net45) (>= netstandard1.3)) (== netstandard1.6)
      System.Globalization.Extensions (>= 4.3) - restriction: || (&& (== net40) (>= netstandard1.3)) (&& (== net451) (< net45) (>= netstandard1.3)) (&& (== net452) (< net45) (>= netstandard1.3)) (== netstandard1.6)
      System.Net.Security (>= 4.3) - restriction: || (&& (== net40) (>= netstandard1.3)) (&& (== net451) (< net45) (>= netstandard1.3)) (&& (== net452) (< net45) (>= netstandard1.3)) (== netstandard1.6)
    DotNetty.Transport (0.4.6) - restriction: || (&& (== net40) (>= net45)) (&& (== net40) (>= netstandard1.6)) (== net45) (== net451) (== net452) (== netstandard1.6)
      DotNetty.Buffers (>= 0.4.6) - restriction: || (&& (== net40) (>= net45)) (&& (== net40) (>= netstandard1.3)) (== net45) (== net451) (== net452) (== netstandard1.6)
      DotNetty.Common (>= 0.4.6) - restriction: || (&& (== net40) (>= net45)) (&& (== net40) (>= netstandard1.3)) (== net45) (== net451) (== net452) (== netstandard1.6)
      NETStandard.Library (>= 1.6.1) - restriction: || (&& (== net40) (>= netstandard1.3)) (&& (== net451) (< net45) (>= netstandard1.3)) (&& (== net452) (< net45) (>= netstandard1.3)) (== netstandard1.6)
      System.Diagnostics.Contracts (>= 4.3) - restriction: || (&& (== net40) (>= netstandard1.3)) (&& (== net451) (< net45) (>= netstandard1.3)) (&& (== net452) (< net45) (>= netstandard1.3)) (== netstandard1.6)
      System.Diagnostics.StackTrace (>= 4.3) - restriction: || (&& (== net40) (>= netstandard1.3)) (&& (== net451) (< net45) (>= netstandard1.3)) (&& (== net452) (< net45) (>= netstandard1.3)) (== netstandard1.6)
      System.Net.NameResolution (>= 4.3) - restriction: || (&& (== net40) (>= netstandard1.3)) (&& (== net451) (< net45) (>= netstandard1.3)) (&& (== net452) (< net45) (>= netstandard1.3)) (== netstandard1.6)
      System.Net.Primitives (>= 4.3) - restriction: || (&& (== net40) (>= netstandard1.3)) (&& (== net451) (< net45) (>= netstandard1.3)) (&& (== net452) (< net45) (>= netstandard1.3)) (== netstandard1.6)
      System.Net.Sockets (>= 4.3) - restriction: || (&& (== net40) (>= netstandard1.3)) (&& (== net451) (< net45) (>= netstandard1.3)) (&& (== net452) (< net45) (>= netstandard1.3)) (== netstandard1.6)
      System.Reflection.TypeExtensions (>= 4.3) - restriction: || (&& (== net40) (>= netstandard1.3)) (&& (== net451) (< net45) (>= netstandard1.3)) (&& (== net452) (< net45) (>= netstandard1.3)) (== netstandard1.6)
    FAKE (4.63.2)
    FsCheck (2.10)
      FSharp.Core (>= 4.1) - restriction: || (== net40) (== net45) (== net451) (== net452)
      FSharp.Core (>= 4.1.18) - restriction: || (&& (== net40) (>= netstandard1.6)) (&& (== net45) (>= netstandard1.6)) (&& (== net451) (>= netstandard1.6)) (&& (== net452) (>= netstandard1.6)) (== netstandard1.6)
      NETStandard.Library (>= 1.6.1) - restriction: || (&& (== net40) (>= netstandard1.6)) (&& (== net45) (>= netstandard1.6)) (&& (== net451) (>= netstandard1.6)) (&& (== net452) (>= netstandard1.6)) (== netstandard1.6)
    FsCheck.Xunit (2.10)
      FsCheck (>= 2.10)
      FSharp.Core (>= 4.1.18) - restriction: || (&& (== net40) (>= netstandard1.6)) (&& (== net45) (>= netstandard1.6)) (&& (== net451) (>= netstandard1.6)) (&& (== net452) (>= netstandard1.6)) (== netstandard1.6)
      NETStandard.Library (>= 1.6.1) - restriction: || (&& (== net40) (>= netstandard1.6)) (&& (== net45) (>= netstandard1.6)) (&& (== net451) (>= netstandard1.6)) (&& (== net452) (>= netstandard1.6)) (== netstandard1.6)
      xunit.abstractions (>= 2.0.1) - restriction: || (&& (== net40) (>= netstandard1.6)) (&& (== net45) (>= netstandard1.6)) (&& (== net451) (>= netstandard1.6)) (&& (== net452) (>= netstandard1.6)) (== netstandard1.6)
      xunit.core (>= 2.2) - restriction: || (&& (== net40) (>= netstandard1.6)) (&& (== net45) (>= netstandard1.6)) (&& (== net451) (>= netstandard1.6)) (&& (== net452) (>= netstandard1.6)) (== netstandard1.6)
      xunit.extensibility.execution (>= 2.2 < 3.0) - restriction: || (== net40) (== net45) (== net451) (== net452)
    FSharp.Compiler.Tools (4.1.23)
    FSharp.Core (4.2.3)
      System.Collections (>= 4.0.11) - restriction: || (&& (== net40) (>= netstandard1.6)) (&& (== net45) (>= netstandard1.6)) (&& (== net451) (>= netstandard1.6)) (&& (== net452) (>= netstandard1.6)) (== netstandard1.6)
      System.Console (>= 4.0) - restriction: || (&& (== net40) (>= netstandard1.6)) (&& (== net45) (>= netstandard1.6)) (&& (== net451) (>= netstandard1.6)) (&& (== net452) (>= netstandard1.6)) (== netstandard1.6)
      System.Diagnostics.Debug (>= 4.0.11) - restriction: || (&& (== net40) (>= netstandard1.6)) (&& (== net45) (>= netstandard1.6)) (&& (== net451) (>= netstandard1.6)) (&& (== net452) (>= netstandard1.6)) (== netstandard1.6)
      System.Diagnostics.Tools (>= 4.0.1) - restriction: || (&& (== net40) (>= netstandard1.6)) (&& (== net45) (>= netstandard1.6)) (&& (== net451) (>= netstandard1.6)) (&& (== net452) (>= netstandard1.6)) (== netstandard1.6)
      System.Globalization (>= 4.0.11) - restriction: || (&& (== net40) (>= netstandard1.6)) (&& (== net45) (>= netstandard1.6)) (&& (== net451) (>= netstandard1.6)) (&& (== net452) (>= netstandard1.6)) (== netstandard1.6)
      System.IO (>= 4.1) - restriction: || (&& (== net40) (>= netstandard1.6)) (&& (== net45) (>= netstandard1.6)) (&& (== net451) (>= netstandard1.6)) (&& (== net452) (>= netstandard1.6)) (== netstandard1.6)
      System.Linq (>= 4.1) - restriction: || (&& (== net40) (>= netstandard1.6)) (&& (== net45) (>= netstandard1.6)) (&& (== net451) (>= netstandard1.6)) (&& (== net452) (>= netstandard1.6)) (== netstandard1.6)
      System.Linq.Expressions (>= 4.1) - restriction: || (&& (== net40) (>= netstandard1.6)) (&& (== net45) (>= netstandard1.6)) (&& (== net451) (>= netstandard1.6)) (&& (== net452) (>= netstandard1.6)) (== netstandard1.6)
      System.Linq.Queryable (>= 4.0.1) - restriction: || (&& (== net40) (>= netstandard1.6)) (&& (== net45) (>= netstandard1.6)) (&& (== net451) (>= netstandard1.6)) (&& (== net452) (>= netstandard1.6)) (== netstandard1.6)
      System.Net.Requests (>= 4.0.11) - restriction: || (&& (== net40) (>= netstandard1.6)) (&& (== net45) (>= netstandard1.6)) (&& (== net451) (>= netstandard1.6)) (&& (== net452) (>= netstandard1.6)) (== netstandard1.6)
      System.Reflection (>= 4.1) - restriction: || (&& (== net40) (>= netstandard1.6)) (&& (== net45) (>= netstandard1.6)) (&& (== net451) (>= netstandard1.6)) (&& (== net452) (>= netstandard1.6)) (== netstandard1.6)
      System.Reflection.Extensions (>= 4.0.1) - restriction: || (&& (== net40) (>= netstandard1.6)) (&& (== net45) (>= netstandard1.6)) (&& (== net451) (>= netstandard1.6)) (&& (== net452) (>= netstandard1.6)) (== netstandard1.6)
      System.Resources.ResourceManager (>= 4.0.1) - restriction: || (&& (== net40) (>= netstandard1.6)) (&& (== net45) (>= netstandard1.6)) (&& (== net451) (>= netstandard1.6)) (&& (== net452) (>= netstandard1.6)) (== netstandard1.6)
      System.Runtime (>= 4.1) - restriction: || (&& (== net40) (>= netstandard1.6)) (&& (== net45) (>= netstandard1.6)) (&& (== net451) (>= netstandard1.6)) (&& (== net452) (>= netstandard1.6)) (== netstandard1.6)
      System.Runtime.Extensions (>= 4.1) - restriction: || (&& (== net40) (>= netstandard1.6)) (&& (== net45) (>= netstandard1.6)) (&& (== net451) (>= netstandard1.6)) (&& (== net452) (>= netstandard1.6)) (== netstandard1.6)
      System.Runtime.Numerics (>= 4.0.1) - restriction: || (&& (== net40) (>= netstandard1.6)) (&& (== net45) (>= netstandard1.6)) (&& (== net451) (>= netstandard1.6)) (&& (== net452) (>= netstandard1.6)) (== netstandard1.6)
      System.Text.RegularExpressions (>= 4.1) - restriction: || (&& (== net40) (>= netstandard1.6)) (&& (== net45) (>= netstandard1.6)) (&& (== net451) (>= netstandard1.6)) (&& (== net452) (>= netstandard1.6)) (== netstandard1.6)
      System.Threading (>= 4.0.11) - restriction: || (&& (== net40) (>= netstandard1.6)) (&& (== net45) (>= netstandard1.6)) (&& (== net451) (>= netstandard1.6)) (&& (== net452) (>= netstandard1.6)) (== netstandard1.6)
      System.Threading.Tasks (>= 4.0.11) - restriction: || (&& (== net40) (>= netstandard1.6)) (&& (== net45) (>= netstandard1.6)) (&& (== net451) (>= netstandard1.6)) (&& (== net452) (>= netstandard1.6)) (== netstandard1.6)
      System.Threading.Tasks.Parallel (>= 4.0.1) - restriction: || (&& (== net40) (>= netstandard1.6)) (&& (== net45) (>= netstandard1.6)) (&& (== net451) (>= netstandard1.6)) (&& (== net452) (>= netstandard1.6)) (== netstandard1.6)
      System.Threading.Thread (>= 4.0) - restriction: || (&& (== net40) (>= netstandard1.6)) (&& (== net45) (>= netstandard1.6)) (&& (== net451) (>= netstandard1.6)) (&& (== net452) (>= netstandard1.6)) (== netstandard1.6)
      System.Threading.ThreadPool (>= 4.0.10) - restriction: || (&& (== net40) (>= netstandard1.6)) (&& (== net45) (>= netstandard1.6)) (&& (== net451) (>= netstandard1.6)) (&& (== net452) (>= netstandard1.6)) (== netstandard1.6)
      System.Threading.Timer (>= 4.0.1) - restriction: || (&& (== net40) (>= netstandard1.6)) (&& (== net45) (>= netstandard1.6)) (&& (== net451) (>= netstandard1.6)) (&& (== net452) (>= netstandard1.6)) (== netstandard1.6)
    FSharp.NET.Sdk (1.0.5)
      FSharp.Compiler.Tools (>= 4.1.17)
    FsPickler (4.0)
      FSharp.Core (>= 3.1)
    FSPowerPack.Core.Community (3.0)
    FSPowerPack.Linq.Community (3.0)
      FSPowerPack.Core.Community
    Google.Protobuf (3.4.1) - restriction: || (&& (== net40) (>= net45)) (&& (== net40) (>= netstandard1.6)) (== net45) (== net451) (== net452) (== netstandard1.6)
      NETStandard.Library (>= 1.6.1) - restriction: || (&& (== net40) (>= netstandard1.0)) (&& (== net451) (< net45)) (&& (== net452) (< net45)) (== netstandard1.6)
    Hyperion (0.9.6) - restriction: || (&& (== net40) (>= net45)) (&& (== net40) (>= netstandard1.6)) (== net45) (== net451) (== net452) (== netstandard1.6)
      Microsoft.CSharp (>= 4.3) - restriction: || (&& (== net40) (>= netstandard1.6)) (&& (== net45) (>= netstandard1.6)) (&& (== net451) (>= netstandard1.6)) (&& (== net452) (>= netstandard1.6)) (== netstandard1.6)
      NETStandard.Library (>= 1.6.1) - restriction: || (&& (== net40) (>= netstandard1.6)) (&& (== net45) (>= netstandard1.6)) (&& (== net451) (>= netstandard1.6)) (&& (== net452) (>= netstandard1.6)) (== netstandard1.6)
      System.Reflection.TypeExtensions (>= 4.3) - restriction: || (&& (== net40) (>= netstandard1.6)) (&& (== net45) (>= netstandard1.6)) (&& (== net451) (>= netstandard1.6)) (&& (== net452) (>= netstandard1.6)) (== netstandard1.6)
    MessagePack (1.6.1.1)
      System.Reflection.Emit (>= 4.3) - restriction: || (&& (== net40) (>= netstandard1.4)) (&& (== net451) (< net45) (>= netstandard1.4)) (&& (== net452) (< net45) (>= netstandard1.4)) (== netstandard1.6)
      System.Reflection.Emit.Lightweight (>= 4.3) - restriction: || (&& (== net40) (>= netstandard1.4)) (&& (== net451) (< net45) (>= netstandard1.4)) (&& (== net452) (< net45) (>= netstandard1.4)) (== netstandard1.6)
      System.Runtime.Serialization.Primitives (>= 4.3) - restriction: || (&& (== net40) (>= netstandard1.4)) (&& (== net451) (< net45) (>= netstandard1.4)) (&& (== net452) (< net45) (>= netstandard1.4)) (== netstandard1.6)
      System.Threading.Tasks.Extensions (>= 4.3) - restriction: || (&& (== net40) (>= net45)) (&& (== net40) (>= netstandard1.4)) (== net45) (== net451) (== net452) (== netstandard1.6)
      System.ValueTuple (>= 4.3) - restriction: || (&& (== net40) (>= net45)) (&& (== net40) (>= netstandard1.4)) (== net45) (== net451) (== net452) (== netstandard1.6)
    Microsoft.CSharp (4.4) - restriction: || (&& (== net40) (== net45) (< net20)) (&& (== net40) (== net451) (< net20)) (&& (== net40) (== net452) (< net20)) (&& (== net40) (== netstandard1.6)) (&& (== net40) (< net20) (>= netstandard1.0)) (&& (== net40) (< net20) (>= netstandard1.3)) (&& (== net45) (== net451) (< net20)) (&& (== net45) (== net452) (< net20)) (&& (== net45) (== netstandard1.6)) (&& (== net45) (< net20)) (&& (== net451) (== net452) (< net20)) (&& (== net451) (== netstandard1.6)) (&& (== net451) (< net20)) (&& (== net452) (== netstandard1.6)) (&& (== net452) (< net20)) (== netstandard1.6)
      NETStandard.Library (>= 1.6.1) - restriction: || (&& (== net40) (>= dnxcore50)) (&& (== net40) (>= netstandard1.0)) (&& (== net40) (>= netstandard1.3)) (&& (== net45) (>= dnxcore50)) (&& (== net451) (< net45)) (&& (== net451) (>= dnxcore50)) (&& (== net452) (< net45)) (&& (== net452) (>= dnxcore50)) (== netstandard1.6)
      System.Dynamic.Runtime (>= 4.3) - restriction: || (&& (== net40) (>= dnxcore50)) (&& (== net40) (>= netstandard1.0)) (&& (== net40) (>= netstandard1.3)) (&& (== net45) (>= dnxcore50)) (&& (== net451) (< net45)) (&& (== net451) (>= dnxcore50)) (&& (== net452) (< net45)) (&& (== net452) (>= dnxcore50)) (== netstandard1.6)
      System.Reflection.TypeExtensions (>= 4.3) - restriction: || (&& (== net40) (>= dnxcore50)) (&& (== net40) (>= netstandard1.3)) (&& (== net45) (>= dnxcore50)) (&& (== net451) (< net45) (>= netstandard1.3)) (&& (== net451) (>= dnxcore50)) (&& (== net452) (< net45) (>= netstandard1.3)) (&& (== net452) (>= dnxcore50)) (== netstandard1.6)
    Microsoft.Data.Sqlite (2.0) - restriction: || (&& (== net40) (== net45) (>= net451)) (&& (== net40) (== net45) (>= netstandard1.6)) (&& (== net40) (== net451)) (&& (== net40) (== net452)) (&& (== net40) (== netstandard1.6)) (&& (== net40) (>= net451)) (&& (== net40) (>= netstandard1.6)) (&& (== net45) (== net451)) (&& (== net45) (== net452)) (&& (== net45) (== netstandard1.6)) (&& (== net45) (>= net451)) (&& (== net45) (>= netstandard1.6)) (== net451) (&& (== net451) (== net452)) (&& (== net451) (== netstandard1.6)) (== net452) (&& (== net452) (== netstandard1.6)) (== netstandard1.6)
    Microsoft.Extensions.Logging (2.0) - restriction: || (&& (== net40) (== net45)) (&& (== net40) (== net451)) (&& (== net40) (== net452)) (&& (== net40) (== netstandard1.6)) (&& (== net40) (>= net45)) (&& (== net40) (>= netstandard1.6)) (== net45) (&& (== net45) (== net451)) (&& (== net45) (== net452)) (&& (== net45) (== netstandard1.6)) (== net451) (&& (== net451) (== net452)) (&& (== net451) (== netstandard1.6)) (== net452) (&& (== net452) (== netstandard1.6)) (== netstandard1.6)
    Microsoft.NET.Test.Sdk (15.3)
      Microsoft.TestPlatform.TestHost (>= 15.3)
    Microsoft.NETCore.Platforms (2.0) - restriction: || (&& (== net40) (>= net45)) (&& (== net40) (>= net451)) (&& (== net40) (>= net46)) (&& (== net40) (>= net461)) (&& (== net40) (>= uap10.0)) (&& (== net40) (>= dnxcore50)) (&& (== net40) (>= netstandard1.0)) (&& (== net40) (>= netstandard1.1)) (&& (== net40) (>= netstandard1.2)) (&& (== net40) (>= netstandard1.3)) (&& (== net40) (>= netstandard1.4)) (&& (== net40) (>= netstandard1.5)) (&& (== net40) (>= netstandard1.6)) (&& (== net40) (>= netcoreapp1.1)) (&& (== net40) (>= wpa81)) (== net45) (== net451) (== net452) (== netstandard1.6)
    Microsoft.NETCore.Targets (2.0) - restriction: || (&& (== net40) (>= dnxcore50)) (&& (== net40) (>= netstandard1.6)) (&& (== net40) (>= netcoreapp1.1)) (&& (== net45) (>= dnxcore50)) (&& (== net45) (>= netstandard1.6)) (&& (== net45) (>= netcoreapp1.1)) (&& (== net451) (>= dnxcore50)) (&& (== net451) (>= netstandard1.6)) (&& (== net451) (>= netcoreapp1.1)) (&& (== net452) (>= dnxcore50)) (&& (== net452) (>= netstandard1.6)) (&& (== net452) (>= netcoreapp1.1)) (== netstandard1.6)
    Microsoft.TestPlatform.TestHost (15.3)
    Microsoft.Win32.Primitives (4.3) - restriction: || (&& (== net40) (== net45) (>= netstandard1.3)) (&& (== net40) (== net451) (>= netstandard1.3)) (&& (== net40) (== net452) (>= netstandard1.3)) (&& (== net40) (>= net45) (>= netstandard1.3)) (&& (== net40) (>= netstandard1.6)) (&& (== net45) (>= netstandard1.6)) (&& (== net451) (< net45) (>= netstandard1.3)) (&& (== net451) (>= netstandard1.6)) (&& (== net452) (< net45) (>= netstandard1.3)) (&& (== net452) (>= netstandard1.6)) (== netstandard1.6)
      Microsoft.NETCore.Platforms (>= 1.1) - restriction: || (&& (== net40) (>= netstandard1.3)) (&& (== net45) (>= netstandard1.3)) (&& (== net451) (>= netstandard1.3)) (&& (== net452) (>= netstandard1.3)) (== netstandard1.6)
      Microsoft.NETCore.Targets (>= 1.1) - restriction: || (&& (== net40) (>= netstandard1.3)) (&& (== net45) (>= netstandard1.3)) (&& (== net451) (>= netstandard1.3)) (&& (== net452) (>= netstandard1.3)) (== netstandard1.6)
      System.Runtime (>= 4.3) - restriction: || (&& (== net40) (>= netstandard1.3)) (&& (== net45) (>= netstandard1.3)) (&& (== net451) (>= netstandard1.3)) (&& (== net452) (>= netstandard1.3)) (== netstandard1.6)
    NETStandard.Library (2.0) - restriction: || (&& (== net40) (< net20) (>= netstandard1.3)) (&& (== net40) (>= net45)) (&& (== net40) (>= dnxcore50) (>= netstandard1.3)) (&& (== net40) (>= netstandard1.0)) (&& (== net40) (>= netstandard1.1)) (&& (== net40) (>= netstandard1.4)) (&& (== net40) (>= netstandard1.6)) (== net45) (== net451) (== net452) (== netstandard1.6)
      Microsoft.NETCore.Platforms (>= 1.1) - restriction: || (&& (== net40) (>= net45)) (&& (== net40) (>= net451)) (&& (== net40) (>= net46)) (&& (== net40) (>= net461)) (&& (== net40) (>= uap10.0)) (&& (== net40) (>= netstandard1.0)) (&& (== net40) (>= netstandard1.1)) (&& (== net40) (>= netstandard1.2)) (&& (== net40) (>= netstandard1.3)) (&& (== net40) (>= netstandard1.4)) (&& (== net40) (>= netstandard1.5)) (&& (== net40) (>= netstandard1.6)) (&& (== net40) (>= monoandroid)) (&& (== net40) (>= wpa81)) (&& (== net40) (>= portable-net45+win8+wpa81)) (&& (== net40) (>= portable-net451+win81+wpa81)) (&& (== net40) (>= portable-net45+win8+wp8+wpa81)) (== net45) (== net451) (== net452) (== netstandard1.6)
      Microsoft.Win32.Primitives (>= 4.3) - restriction: || (&& (== net40) (>= net46)) (&& (== net40) (>= uap10.0)) (&& (== net40) (>= netstandard1.3)) (&& (== net40) (>= netstandard1.4)) (&& (== net40) (>= netstandard1.5)) (&& (== net40) (>= netstandard1.6)) (&& (== net45) (>= net46)) (&& (== net45) (>= uap10.0)) (&& (== net45) (>= netstandard1.6)) (&& (== net451) (< net45) (>= netstandard1.3)) (&& (== net451) (< net45) (>= netstandard1.4)) (&& (== net451) (< net45) (>= netstandard1.5)) (&& (== net451) (>= net46)) (&& (== net451) (>= uap10.0)) (&& (== net451) (>= netstandard1.6)) (&& (== net452) (< net45) (>= netstandard1.3)) (&& (== net452) (< net45) (>= netstandard1.4)) (&& (== net452) (< net45) (>= netstandard1.5)) (&& (== net452) (>= net46)) (&& (== net452) (>= uap10.0)) (&& (== net452) (>= netstandard1.6)) (== netstandard1.6)
      System.AppContext (>= 4.3) - restriction: || (&& (== net40) (>= net46)) (&& (== net40) (>= uap10.0)) (&& (== net40) (>= netstandard1.3)) (&& (== net40) (>= netstandard1.4)) (&& (== net40) (>= netstandard1.5)) (&& (== net40) (>= netstandard1.6)) (&& (== net45) (>= net46)) (&& (== net45) (>= uap10.0)) (&& (== net45) (>= netstandard1.6)) (&& (== net451) (< net45) (>= netstandard1.3)) (&& (== net451) (< net45) (>= netstandard1.4)) (&& (== net451) (< net45) (>= netstandard1.5)) (&& (== net451) (>= net46)) (&& (== net451) (>= uap10.0)) (&& (== net451) (>= netstandard1.6)) (&& (== net452) (< net45) (>= netstandard1.3)) (&& (== net452) (< net45) (>= netstandard1.4)) (&& (== net452) (< net45) (>= netstandard1.5)) (&& (== net452) (>= net46)) (&& (== net452) (>= uap10.0)) (&& (== net452) (>= netstandard1.6)) (== netstandard1.6)
      System.Collections (>= 4.3) - restriction: || (&& (== net40) (>= uap10.0)) (&& (== net40) (>= netstandard1.0)) (&& (== net40) (>= netstandard1.1)) (&& (== net40) (>= netstandard1.2)) (&& (== net40) (>= netstandard1.3)) (&& (== net40) (>= netstandard1.4)) (&& (== net40) (>= netstandard1.5)) (&& (== net40) (>= netstandard1.6)) (&& (== net45) (>= uap10.0)) (&& (== net45) (>= netstandard1.6)) (&& (== net45) (< portable-net45+win8+wpa81)) (&& (== net451) (< net45)) (&& (== net451) (>= uap10.0)) (&& (== net451) (>= netstandard1.6)) (&& (== net451) (< portable-net45+win8+wpa81)) (&& (== net452) (< net45)) (&& (== net452) (>= uap10.0)) (&& (== net452) (>= netstandard1.6)) (&& (== net452) (< portable-net45+win8+wpa81)) (== netstandard1.6)
      System.Collections.Concurrent (>= 4.3) - restriction: || (&& (== net40) (>= uap10.0)) (&& (== net40) (>= netstandard1.1)) (&& (== net40) (>= netstandard1.2)) (&& (== net40) (>= netstandard1.3)) (&& (== net40) (>= netstandard1.4)) (&& (== net40) (>= netstandard1.5)) (&& (== net40) (>= netstandard1.6)) (&& (== net45) (>= uap10.0)) (&& (== net45) (>= netstandard1.6)) (&& (== net451) (< net45)) (&& (== net451) (>= uap10.0)) (&& (== net451) (>= netstandard1.6)) (&& (== net452) (< net45)) (&& (== net452) (>= uap10.0)) (&& (== net452) (>= netstandard1.6)) (== netstandard1.6)
      System.Console (>= 4.3) - restriction: || (&& (== net40) (>= net46)) (&& (== net40) (>= uap10.0)) (&& (== net40) (>= netstandard1.3)) (&& (== net40) (>= netstandard1.4)) (&& (== net40) (>= netstandard1.5)) (&& (== net40) (>= netstandard1.6)) (&& (== net45) (>= net46)) (&& (== net45) (>= uap10.0)) (&& (== net45) (>= netstandard1.6)) (&& (== net451) (< net45) (>= netstandard1.3)) (&& (== net451) (< net45) (>= netstandard1.4)) (&& (== net451) (< net45) (>= netstandard1.5)) (&& (== net451) (>= net46)) (&& (== net451) (>= uap10.0)) (&& (== net451) (>= netstandard1.6)) (&& (== net452) (< net45) (>= netstandard1.3)) (&& (== net452) (< net45) (>= netstandard1.4)) (&& (== net452) (< net45) (>= netstandard1.5)) (&& (== net452) (>= net46)) (&& (== net452) (>= uap10.0)) (&& (== net452) (>= netstandard1.6)) (== netstandard1.6)
      System.Diagnostics.Debug (>= 4.3) - restriction: || (&& (== net40) (>= uap10.0)) (&& (== net40) (>= netstandard1.0)) (&& (== net40) (>= netstandard1.1)) (&& (== net40) (>= netstandard1.2)) (&& (== net40) (>= netstandard1.3)) (&& (== net40) (>= netstandard1.4)) (&& (== net40) (>= netstandard1.5)) (&& (== net40) (>= netstandard1.6)) (&& (== net45) (>= uap10.0)) (&& (== net45) (>= netstandard1.6)) (&& (== net45) (< portable-net45+win8+wpa81)) (&& (== net451) (< net45)) (&& (== net451) (>= uap10.0)) (&& (== net451) (>= netstandard1.6)) (&& (== net451) (< portable-net45+win8+wpa81)) (&& (== net452) (< net45)) (&& (== net452) (>= uap10.0)) (&& (== net452) (>= netstandard1.6)) (&& (== net452) (< portable-net45+win8+wpa81)) (== netstandard1.6)
      System.Diagnostics.Tools (>= 4.3) - restriction: || (&& (== net40) (>= uap10.0)) (&& (== net40) (>= netstandard1.0)) (&& (== net40) (>= netstandard1.1)) (&& (== net40) (>= netstandard1.2)) (&& (== net40) (>= netstandard1.3)) (&& (== net40) (>= netstandard1.4)) (&& (== net40) (>= netstandard1.5)) (&& (== net40) (>= netstandard1.6)) (&& (== net45) (>= uap10.0)) (&& (== net45) (>= netstandard1.6)) (&& (== net45) (< portable-net45+win8+wpa81)) (&& (== net451) (< net45)) (&& (== net451) (>= uap10.0)) (&& (== net451) (>= netstandard1.6)) (&& (== net451) (< portable-net45+win8+wpa81)) (&& (== net452) (< net45)) (&& (== net452) (>= uap10.0)) (&& (== net452) (>= netstandard1.6)) (&& (== net452) (< portable-net45+win8+wpa81)) (== netstandard1.6)
      System.Diagnostics.Tracing (>= 4.3) - restriction: || (&& (== net40) (>= uap10.0)) (&& (== net40) (>= netstandard1.1)) (&& (== net40) (>= netstandard1.2)) (&& (== net40) (>= netstandard1.3)) (&& (== net40) (>= netstandard1.4)) (&& (== net40) (>= netstandard1.5)) (&& (== net40) (>= netstandard1.6)) (&& (== net45) (>= uap10.0)) (&& (== net45) (>= netstandard1.6)) (&& (== net451) (< net45)) (&& (== net451) (>= uap10.0)) (&& (== net451) (>= netstandard1.6)) (&& (== net452) (< net45)) (&& (== net452) (>= uap10.0)) (&& (== net452) (>= netstandard1.6)) (== netstandard1.6)
      System.Globalization (>= 4.3) - restriction: || (&& (== net40) (>= uap10.0)) (&& (== net40) (>= netstandard1.0)) (&& (== net40) (>= netstandard1.1)) (&& (== net40) (>= netstandard1.2)) (&& (== net40) (>= netstandard1.3)) (&& (== net40) (>= netstandard1.4)) (&& (== net40) (>= netstandard1.5)) (&& (== net40) (>= netstandard1.6)) (&& (== net45) (>= uap10.0)) (&& (== net45) (>= netstandard1.6)) (&& (== net45) (< portable-net45+win8+wpa81)) (&& (== net451) (< net45)) (&& (== net451) (>= uap10.0)) (&& (== net451) (>= netstandard1.6)) (&& (== net451) (< portable-net45+win8+wpa81)) (&& (== net452) (< net45)) (&& (== net452) (>= uap10.0)) (&& (== net452) (>= netstandard1.6)) (&& (== net452) (< portable-net45+win8+wpa81)) (== netstandard1.6)
      System.Globalization.Calendars (>= 4.3) - restriction: || (&& (== net40) (>= net46)) (&& (== net40) (>= uap10.0)) (&& (== net40) (>= netstandard1.3)) (&& (== net40) (>= netstandard1.4)) (&& (== net40) (>= netstandard1.5)) (&& (== net40) (>= netstandard1.6)) (&& (== net45) (>= net46)) (&& (== net45) (>= uap10.0)) (&& (== net45) (>= netstandard1.6)) (&& (== net451) (< net45) (>= netstandard1.3)) (&& (== net451) (< net45) (>= netstandard1.4)) (&& (== net451) (< net45) (>= netstandard1.5)) (&& (== net451) (>= net46)) (&& (== net451) (>= uap10.0)) (&& (== net451) (>= netstandard1.6)) (&& (== net452) (< net45) (>= netstandard1.3)) (&& (== net452) (< net45) (>= netstandard1.4)) (&& (== net452) (< net45) (>= netstandard1.5)) (&& (== net452) (>= net46)) (&& (== net452) (>= uap10.0)) (&& (== net452) (>= netstandard1.6)) (== netstandard1.6)
      System.IO (>= 4.3) - restriction: || (&& (== net40) (>= uap10.0)) (&& (== net40) (>= netstandard1.0)) (&& (== net40) (>= netstandard1.1)) (&& (== net40) (>= netstandard1.2)) (&& (== net40) (>= netstandard1.3)) (&& (== net40) (>= netstandard1.4)) (&& (== net40) (>= netstandard1.5)) (&& (== net40) (>= netstandard1.6)) (&& (== net45) (>= uap10.0)) (&& (== net45) (>= netstandard1.6)) (&& (== net45) (< portable-net45+win8+wpa81)) (&& (== net451) (< net45)) (&& (== net451) (>= uap10.0)) (&& (== net451) (>= netstandard1.6)) (&& (== net451) (< portable-net45+win8+wpa81)) (&& (== net452) (< net45)) (&& (== net452) (>= uap10.0)) (&& (== net452) (>= netstandard1.6)) (&& (== net452) (< portable-net45+win8+wpa81)) (== netstandard1.6)
      System.IO.Compression (>= 4.3) - restriction: || (&& (== net40) (>= net46)) (&& (== net40) (>= uap10.0)) (&& (== net40) (>= netstandard1.1)) (&& (== net40) (>= netstandard1.2)) (&& (== net40) (>= netstandard1.3)) (&& (== net40) (>= netstandard1.4)) (&& (== net40) (>= netstandard1.5)) (&& (== net40) (>= netstandard1.6)) (&& (== net45) (>= net46)) (&& (== net45) (>= uap10.0)) (&& (== net45) (>= netstandard1.6)) (&& (== net451) (< net45)) (&& (== net451) (>= net46)) (&& (== net451) (>= uap10.0)) (&& (== net451) (>= netstandard1.6)) (&& (== net452) (< net45)) (&& (== net452) (>= net46)) (&& (== net452) (>= uap10.0)) (&& (== net452) (>= netstandard1.6)) (== netstandard1.6)
      System.IO.Compression.ZipFile (>= 4.3) - restriction: || (&& (== net40) (>= net46)) (&& (== net40) (>= uap10.0)) (&& (== net40) (>= netstandard1.3)) (&& (== net40) (>= netstandard1.4)) (&& (== net40) (>= netstandard1.5)) (&& (== net40) (>= netstandard1.6)) (&& (== net45) (>= net46)) (&& (== net45) (>= uap10.0)) (&& (== net45) (>= netstandard1.6)) (&& (== net451) (< net45) (>= netstandard1.3)) (&& (== net451) (< net45) (>= netstandard1.4)) (&& (== net451) (< net45) (>= netstandard1.5)) (&& (== net451) (>= net46)) (&& (== net451) (>= uap10.0)) (&& (== net451) (>= netstandard1.6)) (&& (== net452) (< net45) (>= netstandard1.3)) (&& (== net452) (< net45) (>= netstandard1.4)) (&& (== net452) (< net45) (>= netstandard1.5)) (&& (== net452) (>= net46)) (&& (== net452) (>= uap10.0)) (&& (== net452) (>= netstandard1.6)) (== netstandard1.6)
      System.IO.FileSystem (>= 4.3) - restriction: || (&& (== net40) (>= net46)) (&& (== net40) (>= uap10.0)) (&& (== net40) (>= netstandard1.3)) (&& (== net40) (>= netstandard1.4)) (&& (== net40) (>= netstandard1.5)) (&& (== net40) (>= netstandard1.6)) (&& (== net45) (>= net46)) (&& (== net45) (>= uap10.0)) (&& (== net45) (>= netstandard1.6)) (&& (== net451) (< net45) (>= netstandard1.3)) (&& (== net451) (< net45) (>= netstandard1.4)) (&& (== net451) (< net45) (>= netstandard1.5)) (&& (== net451) (>= net46)) (&& (== net451) (>= uap10.0)) (&& (== net451) (>= netstandard1.6)) (&& (== net452) (< net45) (>= netstandard1.3)) (&& (== net452) (< net45) (>= netstandard1.4)) (&& (== net452) (< net45) (>= netstandard1.5)) (&& (== net452) (>= net46)) (&& (== net452) (>= uap10.0)) (&& (== net452) (>= netstandard1.6)) (== netstandard1.6)
      System.IO.FileSystem.Primitives (>= 4.3) - restriction: || (&& (== net40) (>= net46)) (&& (== net40) (>= uap10.0)) (&& (== net40) (>= netstandard1.3)) (&& (== net40) (>= netstandard1.4)) (&& (== net40) (>= netstandard1.5)) (&& (== net40) (>= netstandard1.6)) (&& (== net45) (>= net46)) (&& (== net45) (>= uap10.0)) (&& (== net45) (>= netstandard1.6)) (&& (== net451) (< net45) (>= netstandard1.3)) (&& (== net451) (< net45) (>= netstandard1.4)) (&& (== net451) (< net45) (>= netstandard1.5)) (&& (== net451) (>= net46)) (&& (== net451) (>= uap10.0)) (&& (== net451) (>= netstandard1.6)) (&& (== net452) (< net45) (>= netstandard1.3)) (&& (== net452) (< net45) (>= netstandard1.4)) (&& (== net452) (< net45) (>= netstandard1.5)) (&& (== net452) (>= net46)) (&& (== net452) (>= uap10.0)) (&& (== net452) (>= netstandard1.6)) (== netstandard1.6)
      System.Linq (>= 4.3) - restriction: || (&& (== net40) (>= uap10.0)) (&& (== net40) (>= netstandard1.0)) (&& (== net40) (>= netstandard1.1)) (&& (== net40) (>= netstandard1.2)) (&& (== net40) (>= netstandard1.3)) (&& (== net40) (>= netstandard1.4)) (&& (== net40) (>= netstandard1.5)) (&& (== net40) (>= netstandard1.6)) (&& (== net45) (>= uap10.0)) (&& (== net45) (>= netstandard1.6)) (&& (== net45) (< portable-net45+win8+wpa81)) (&& (== net451) (< net45)) (&& (== net451) (>= uap10.0)) (&& (== net451) (>= netstandard1.6)) (&& (== net451) (< portable-net45+win8+wpa81)) (&& (== net452) (< net45)) (&& (== net452) (>= uap10.0)) (&& (== net452) (>= netstandard1.6)) (&& (== net452) (< portable-net45+win8+wpa81)) (== netstandard1.6)
      System.Linq.Expressions (>= 4.3) - restriction: || (&& (== net40) (>= uap10.0)) (&& (== net40) (>= netstandard1.0)) (&& (== net40) (>= netstandard1.1)) (&& (== net40) (>= netstandard1.2)) (&& (== net40) (>= netstandard1.3)) (&& (== net40) (>= netstandard1.4)) (&& (== net40) (>= netstandard1.5)) (&& (== net40) (>= netstandard1.6)) (&& (== net45) (>= uap10.0)) (&& (== net45) (>= netstandard1.6)) (&& (== net45) (< portable-net45+win8+wpa81)) (&& (== net451) (< net45)) (&& (== net451) (>= uap10.0)) (&& (== net451) (>= netstandard1.6)) (&& (== net451) (< portable-net45+win8+wpa81)) (&& (== net452) (< net45)) (&& (== net452) (>= uap10.0)) (&& (== net452) (>= netstandard1.6)) (&& (== net452) (< portable-net45+win8+wpa81)) (== netstandard1.6)
      System.Net.Http (>= 4.3.2) - restriction: || (&& (== net40) (>= net46)) (&& (== net40) (>= uap10.0)) (&& (== net40) (>= netstandard1.1)) (&& (== net40) (>= netstandard1.2)) (&& (== net40) (>= netstandard1.3)) (&& (== net40) (>= netstandard1.4)) (&& (== net40) (>= netstandard1.5)) (&& (== net40) (>= netstandard1.6)) (&& (== net45) (>= net46)) (&& (== net45) (>= uap10.0)) (&& (== net45) (>= netstandard1.6)) (&& (== net451) (< net45)) (&& (== net451) (>= net46)) (&& (== net451) (>= uap10.0)) (&& (== net451) (>= netstandard1.6)) (&& (== net452) (< net45)) (&& (== net452) (>= net46)) (&& (== net452) (>= uap10.0)) (&& (== net452) (>= netstandard1.6)) (== netstandard1.6)
      System.Net.Primitives (>= 4.3) - restriction: || (&& (== net40) (>= uap10.0)) (&& (== net40) (>= netstandard1.0)) (&& (== net40) (>= netstandard1.1)) (&& (== net40) (>= netstandard1.2)) (&& (== net40) (>= netstandard1.3)) (&& (== net40) (>= netstandard1.4)) (&& (== net40) (>= netstandard1.5)) (&& (== net40) (>= netstandard1.6)) (&& (== net45) (>= uap10.0)) (&& (== net45) (>= netstandard1.6)) (&& (== net45) (< portable-net45+win8+wpa81)) (&& (== net451) (< net45)) (&& (== net451) (>= uap10.0)) (&& (== net451) (>= netstandard1.6)) (&& (== net451) (< portable-net45+win8+wpa81)) (&& (== net452) (< net45)) (&& (== net452) (>= uap10.0)) (&& (== net452) (>= netstandard1.6)) (&& (== net452) (< portable-net45+win8+wpa81)) (== netstandard1.6)
      System.Net.Sockets (>= 4.3) - restriction: || (&& (== net40) (>= net46)) (&& (== net40) (>= uap10.0)) (&& (== net40) (>= netstandard1.3)) (&& (== net40) (>= netstandard1.4)) (&& (== net40) (>= netstandard1.5)) (&& (== net40) (>= netstandard1.6)) (&& (== net45) (>= net46)) (&& (== net45) (>= uap10.0)) (&& (== net45) (>= netstandard1.6)) (&& (== net451) (< net45) (>= netstandard1.3)) (&& (== net451) (< net45) (>= netstandard1.4)) (&& (== net451) (< net45) (>= netstandard1.5)) (&& (== net451) (>= net46)) (&& (== net451) (>= uap10.0)) (&& (== net451) (>= netstandard1.6)) (&& (== net452) (< net45) (>= netstandard1.3)) (&& (== net452) (< net45) (>= netstandard1.4)) (&& (== net452) (< net45) (>= netstandard1.5)) (&& (== net452) (>= net46)) (&& (== net452) (>= uap10.0)) (&& (== net452) (>= netstandard1.6)) (== netstandard1.6)
      System.ObjectModel (>= 4.3) - restriction: || (&& (== net40) (>= uap10.0)) (&& (== net40) (>= netstandard1.0)) (&& (== net40) (>= netstandard1.1)) (&& (== net40) (>= netstandard1.2)) (&& (== net40) (>= netstandard1.3)) (&& (== net40) (>= netstandard1.4)) (&& (== net40) (>= netstandard1.5)) (&& (== net40) (>= netstandard1.6)) (&& (== net45) (>= uap10.0)) (&& (== net45) (>= netstandard1.6)) (&& (== net45) (< portable-net45+win8+wpa81)) (&& (== net451) (< net45)) (&& (== net451) (>= uap10.0)) (&& (== net451) (>= netstandard1.6)) (&& (== net451) (< portable-net45+win8+wpa81)) (&& (== net452) (< net45)) (&& (== net452) (>= uap10.0)) (&& (== net452) (>= netstandard1.6)) (&& (== net452) (< portable-net45+win8+wpa81)) (== netstandard1.6)
      System.Reflection (>= 4.3) - restriction: || (&& (== net40) (>= uap10.0)) (&& (== net40) (>= netstandard1.0)) (&& (== net40) (>= netstandard1.1)) (&& (== net40) (>= netstandard1.2)) (&& (== net40) (>= netstandard1.3)) (&& (== net40) (>= netstandard1.4)) (&& (== net40) (>= netstandard1.5)) (&& (== net40) (>= netstandard1.6)) (&& (== net45) (>= uap10.0)) (&& (== net45) (>= netstandard1.6)) (&& (== net45) (< portable-net45+win8+wpa81)) (&& (== net451) (< net45)) (&& (== net451) (>= uap10.0)) (&& (== net451) (>= netstandard1.6)) (&& (== net451) (< portable-net45+win8+wpa81)) (&& (== net452) (< net45)) (&& (== net452) (>= uap10.0)) (&& (== net452) (>= netstandard1.6)) (&& (== net452) (< portable-net45+win8+wpa81)) (== netstandard1.6)
      System.Reflection.Extensions (>= 4.3) - restriction: || (&& (== net40) (>= uap10.0)) (&& (== net40) (>= netstandard1.0)) (&& (== net40) (>= netstandard1.1)) (&& (== net40) (>= netstandard1.2)) (&& (== net40) (>= netstandard1.3)) (&& (== net40) (>= netstandard1.4)) (&& (== net40) (>= netstandard1.5)) (&& (== net40) (>= netstandard1.6)) (&& (== net45) (>= uap10.0)) (&& (== net45) (>= netstandard1.6)) (&& (== net45) (< portable-net45+win8+wpa81)) (&& (== net451) (< net45)) (&& (== net451) (>= uap10.0)) (&& (== net451) (>= netstandard1.6)) (&& (== net451) (< portable-net45+win8+wpa81)) (&& (== net452) (< net45)) (&& (== net452) (>= uap10.0)) (&& (== net452) (>= netstandard1.6)) (&& (== net452) (< portable-net45+win8+wpa81)) (== netstandard1.6)
      System.Reflection.Primitives (>= 4.3) - restriction: || (&& (== net40) (>= uap10.0)) (&& (== net40) (>= netstandard1.0)) (&& (== net40) (>= netstandard1.1)) (&& (== net40) (>= netstandard1.2)) (&& (== net40) (>= netstandard1.3)) (&& (== net40) (>= netstandard1.4)) (&& (== net40) (>= netstandard1.5)) (&& (== net40) (>= netstandard1.6)) (&& (== net45) (>= uap10.0)) (&& (== net45) (>= netstandard1.6)) (&& (== net45) (< portable-net45+win8+wpa81)) (&& (== net451) (< net45)) (&& (== net451) (>= uap10.0)) (&& (== net451) (>= netstandard1.6)) (&& (== net451) (< portable-net45+win8+wpa81)) (&& (== net452) (< net45)) (&& (== net452) (>= uap10.0)) (&& (== net452) (>= netstandard1.6)) (&& (== net452) (< portable-net45+win8+wpa81)) (== netstandard1.6)
      System.Resources.ResourceManager (>= 4.3) - restriction: || (&& (== net40) (>= uap10.0)) (&& (== net40) (>= netstandard1.0)) (&& (== net40) (>= netstandard1.1)) (&& (== net40) (>= netstandard1.2)) (&& (== net40) (>= netstandard1.3)) (&& (== net40) (>= netstandard1.4)) (&& (== net40) (>= netstandard1.5)) (&& (== net40) (>= netstandard1.6)) (&& (== net45) (>= uap10.0)) (&& (== net45) (>= netstandard1.6)) (&& (== net45) (< portable-net45+win8+wpa81)) (&& (== net451) (< net45)) (&& (== net451) (>= uap10.0)) (&& (== net451) (>= netstandard1.6)) (&& (== net451) (< portable-net45+win8+wpa81)) (&& (== net452) (< net45)) (&& (== net452) (>= uap10.0)) (&& (== net452) (>= netstandard1.6)) (&& (== net452) (< portable-net45+win8+wpa81)) (== netstandard1.6)
      System.Runtime (>= 4.3) - restriction: || (&& (== net40) (>= uap10.0)) (&& (== net40) (>= netstandard1.0)) (&& (== net40) (>= netstandard1.1)) (&& (== net40) (>= netstandard1.2)) (&& (== net40) (>= netstandard1.3)) (&& (== net40) (>= netstandard1.4)) (&& (== net40) (>= netstandard1.5)) (&& (== net40) (>= netstandard1.6)) (&& (== net45) (>= uap10.0)) (&& (== net45) (>= netstandard1.6)) (&& (== net45) (< portable-net45+win8+wpa81)) (&& (== net451) (< net45)) (&& (== net451) (>= uap10.0)) (&& (== net451) (>= netstandard1.6)) (&& (== net451) (< portable-net45+win8+wpa81)) (&& (== net452) (< net45)) (&& (== net452) (>= uap10.0)) (&& (== net452) (>= netstandard1.6)) (&& (== net452) (< portable-net45+win8+wpa81)) (== netstandard1.6)
      System.Runtime.Extensions (>= 4.3) - restriction: || (&& (== net40) (>= uap10.0)) (&& (== net40) (>= netstandard1.0)) (&& (== net40) (>= netstandard1.1)) (&& (== net40) (>= netstandard1.2)) (&& (== net40) (>= netstandard1.3)) (&& (== net40) (>= netstandard1.4)) (&& (== net40) (>= netstandard1.5)) (&& (== net40) (>= netstandard1.6)) (&& (== net45) (>= uap10.0)) (&& (== net45) (>= netstandard1.6)) (&& (== net45) (< portable-net45+win8+wpa81)) (&& (== net451) (< net45)) (&& (== net451) (>= uap10.0)) (&& (== net451) (>= netstandard1.6)) (&& (== net451) (< portable-net45+win8+wpa81)) (&& (== net452) (< net45)) (&& (== net452) (>= uap10.0)) (&& (== net452) (>= netstandard1.6)) (&& (== net452) (< portable-net45+win8+wpa81)) (== netstandard1.6)
      System.Runtime.Handles (>= 4.3) - restriction: || (&& (== net40) (>= uap10.0)) (&& (== net40) (>= netstandard1.3)) (&& (== net40) (>= netstandard1.4)) (&& (== net40) (>= netstandard1.5)) (&& (== net40) (>= netstandard1.6)) (&& (== net45) (>= uap10.0)) (&& (== net45) (>= netstandard1.6)) (&& (== net451) (< net45) (>= netstandard1.3)) (&& (== net451) (< net45) (>= netstandard1.4)) (&& (== net451) (< net45) (>= netstandard1.5)) (&& (== net451) (>= uap10.0)) (&& (== net451) (>= netstandard1.6)) (&& (== net452) (< net45) (>= netstandard1.3)) (&& (== net452) (< net45) (>= netstandard1.4)) (&& (== net452) (< net45) (>= netstandard1.5)) (&& (== net452) (>= uap10.0)) (&& (== net452) (>= netstandard1.6)) (== netstandard1.6)
      System.Runtime.InteropServices (>= 4.3) - restriction: || (&& (== net40) (>= uap10.0)) (&& (== net40) (>= netstandard1.1)) (&& (== net40) (>= netstandard1.2)) (&& (== net40) (>= netstandard1.3)) (&& (== net40) (>= netstandard1.4)) (&& (== net40) (>= netstandard1.5)) (&& (== net40) (>= netstandard1.6)) (&& (== net45) (>= uap10.0)) (&& (== net45) (>= netstandard1.6)) (&& (== net451) (< net45)) (&& (== net451) (>= uap10.0)) (&& (== net451) (>= netstandard1.6)) (&& (== net452) (< net45)) (&& (== net452) (>= uap10.0)) (&& (== net452) (>= netstandard1.6)) (== netstandard1.6)
      System.Runtime.InteropServices.RuntimeInformation (>= 4.3) - restriction: || (&& (== net40) (>= net45)) (&& (== net40) (>= net451)) (&& (== net40) (>= net46)) (&& (== net40) (>= uap10.0)) (&& (== net40) (>= netstandard1.1)) (&& (== net40) (>= netstandard1.2)) (&& (== net40) (>= netstandard1.3)) (&& (== net40) (>= netstandard1.4)) (&& (== net40) (>= netstandard1.5)) (&& (== net40) (>= netstandard1.6)) (&& (== net40) (>= wpa81)) (&& (== net40) (>= portable-net45+win8+wpa81)) (&& (== net40) (>= portable-net451+win81+wpa81)) (== net45) (== net451) (== net452) (== netstandard1.6)
      System.Runtime.Numerics (>= 4.3) - restriction: || (&& (== net40) (>= uap10.0)) (&& (== net40) (>= netstandard1.1)) (&& (== net40) (>= netstandard1.2)) (&& (== net40) (>= netstandard1.3)) (&& (== net40) (>= netstandard1.4)) (&& (== net40) (>= netstandard1.5)) (&& (== net40) (>= netstandard1.6)) (&& (== net45) (>= uap10.0)) (&& (== net45) (>= netstandard1.6)) (&& (== net451) (< net45)) (&& (== net451) (>= uap10.0)) (&& (== net451) (>= netstandard1.6)) (&& (== net452) (< net45)) (&& (== net452) (>= uap10.0)) (&& (== net452) (>= netstandard1.6)) (== netstandard1.6)
      System.Security.Cryptography.Algorithms (>= 4.3) - restriction: || (&& (== net40) (>= net46)) (&& (== net40) (>= uap10.0)) (&& (== net40) (>= netstandard1.3)) (&& (== net40) (>= netstandard1.4)) (&& (== net40) (>= netstandard1.5)) (&& (== net40) (>= netstandard1.6)) (&& (== net45) (>= net46)) (&& (== net45) (>= uap10.0)) (&& (== net45) (>= netstandard1.6)) (&& (== net451) (< net45) (>= netstandard1.3)) (&& (== net451) (< net45) (>= netstandard1.4)) (&& (== net451) (< net45) (>= netstandard1.5)) (&& (== net451) (>= net46)) (&& (== net451) (>= uap10.0)) (&& (== net451) (>= netstandard1.6)) (&& (== net452) (< net45) (>= netstandard1.3)) (&& (== net452) (< net45) (>= netstandard1.4)) (&& (== net452) (< net45) (>= netstandard1.5)) (&& (== net452) (>= net46)) (&& (== net452) (>= uap10.0)) (&& (== net452) (>= netstandard1.6)) (== netstandard1.6)
      System.Security.Cryptography.Encoding (>= 4.3) - restriction: || (&& (== net40) (>= net46)) (&& (== net40) (>= uap10.0)) (&& (== net40) (>= netstandard1.3)) (&& (== net40) (>= netstandard1.4)) (&& (== net40) (>= netstandard1.5)) (&& (== net40) (>= netstandard1.6)) (&& (== net45) (>= net46)) (&& (== net45) (>= uap10.0)) (&& (== net45) (>= netstandard1.6)) (&& (== net451) (< net45) (>= netstandard1.3)) (&& (== net451) (< net45) (>= netstandard1.4)) (&& (== net451) (< net45) (>= netstandard1.5)) (&& (== net451) (>= net46)) (&& (== net451) (>= uap10.0)) (&& (== net451) (>= netstandard1.6)) (&& (== net452) (< net45) (>= netstandard1.3)) (&& (== net452) (< net45) (>= netstandard1.4)) (&& (== net452) (< net45) (>= netstandard1.5)) (&& (== net452) (>= net46)) (&& (== net452) (>= uap10.0)) (&& (== net452) (>= netstandard1.6)) (== netstandard1.6)
      System.Security.Cryptography.Primitives (>= 4.3) - restriction: || (&& (== net40) (>= net46)) (&& (== net40) (>= uap10.0)) (&& (== net40) (>= netstandard1.3)) (&& (== net40) (>= netstandard1.4)) (&& (== net40) (>= netstandard1.5)) (&& (== net40) (>= netstandard1.6)) (&& (== net45) (>= net46)) (&& (== net45) (>= uap10.0)) (&& (== net45) (>= netstandard1.6)) (&& (== net451) (< net45) (>= netstandard1.3)) (&& (== net451) (< net45) (>= netstandard1.4)) (&& (== net451) (< net45) (>= netstandard1.5)) (&& (== net451) (>= net46)) (&& (== net451) (>= uap10.0)) (&& (== net451) (>= netstandard1.6)) (&& (== net452) (< net45) (>= netstandard1.3)) (&& (== net452) (< net45) (>= netstandard1.4)) (&& (== net452) (< net45) (>= netstandard1.5)) (&& (== net452) (>= net46)) (&& (== net452) (>= uap10.0)) (&& (== net452) (>= netstandard1.6)) (== netstandard1.6)
      System.Security.Cryptography.X509Certificates (>= 4.3) - restriction: || (&& (== net40) (>= net46)) (&& (== net40) (>= uap10.0)) (&& (== net40) (>= netstandard1.3)) (&& (== net40) (>= netstandard1.4)) (&& (== net40) (>= netstandard1.5)) (&& (== net40) (>= netstandard1.6)) (&& (== net45) (>= net46)) (&& (== net45) (>= uap10.0)) (&& (== net45) (>= netstandard1.6)) (&& (== net451) (< net45) (>= netstandard1.3)) (&& (== net451) (< net45) (>= netstandard1.4)) (&& (== net451) (< net45) (>= netstandard1.5)) (&& (== net451) (>= net46)) (&& (== net451) (>= uap10.0)) (&& (== net451) (>= netstandard1.6)) (&& (== net452) (< net45) (>= netstandard1.3)) (&& (== net452) (< net45) (>= netstandard1.4)) (&& (== net452) (< net45) (>= netstandard1.5)) (&& (== net452) (>= net46)) (&& (== net452) (>= uap10.0)) (&& (== net452) (>= netstandard1.6)) (== netstandard1.6)
      System.Text.Encoding (>= 4.3) - restriction: || (&& (== net40) (>= uap10.0)) (&& (== net40) (>= netstandard1.0)) (&& (== net40) (>= netstandard1.1)) (&& (== net40) (>= netstandard1.2)) (&& (== net40) (>= netstandard1.3)) (&& (== net40) (>= netstandard1.4)) (&& (== net40) (>= netstandard1.5)) (&& (== net40) (>= netstandard1.6)) (&& (== net45) (>= uap10.0)) (&& (== net45) (>= netstandard1.6)) (&& (== net45) (< portable-net45+win8+wpa81)) (&& (== net451) (< net45)) (&& (== net451) (>= uap10.0)) (&& (== net451) (>= netstandard1.6)) (&& (== net451) (< portable-net45+win8+wpa81)) (&& (== net452) (< net45)) (&& (== net452) (>= uap10.0)) (&& (== net452) (>= netstandard1.6)) (&& (== net452) (< portable-net45+win8+wpa81)) (== netstandard1.6)
      System.Text.Encoding.Extensions (>= 4.3) - restriction: || (&& (== net40) (>= uap10.0)) (&& (== net40) (>= netstandard1.0)) (&& (== net40) (>= netstandard1.1)) (&& (== net40) (>= netstandard1.2)) (&& (== net40) (>= netstandard1.3)) (&& (== net40) (>= netstandard1.4)) (&& (== net40) (>= netstandard1.5)) (&& (== net40) (>= netstandard1.6)) (&& (== net45) (>= uap10.0)) (&& (== net45) (>= netstandard1.6)) (&& (== net45) (< portable-net45+win8+wpa81)) (&& (== net451) (< net45)) (&& (== net451) (>= uap10.0)) (&& (== net451) (>= netstandard1.6)) (&& (== net451) (< portable-net45+win8+wpa81)) (&& (== net452) (< net45)) (&& (== net452) (>= uap10.0)) (&& (== net452) (>= netstandard1.6)) (&& (== net452) (< portable-net45+win8+wpa81)) (== netstandard1.6)
      System.Text.RegularExpressions (>= 4.3) - restriction: || (&& (== net40) (>= uap10.0)) (&& (== net40) (>= netstandard1.0)) (&& (== net40) (>= netstandard1.1)) (&& (== net40) (>= netstandard1.2)) (&& (== net40) (>= netstandard1.3)) (&& (== net40) (>= netstandard1.4)) (&& (== net40) (>= netstandard1.5)) (&& (== net40) (>= netstandard1.6)) (&& (== net45) (>= uap10.0)) (&& (== net45) (>= netstandard1.6)) (&& (== net45) (< portable-net45+win8+wpa81)) (&& (== net451) (< net45)) (&& (== net451) (>= uap10.0)) (&& (== net451) (>= netstandard1.6)) (&& (== net451) (< portable-net45+win8+wpa81)) (&& (== net452) (< net45)) (&& (== net452) (>= uap10.0)) (&& (== net452) (>= netstandard1.6)) (&& (== net452) (< portable-net45+win8+wpa81)) (== netstandard1.6)
      System.Threading (>= 4.3) - restriction: || (&& (== net40) (>= uap10.0)) (&& (== net40) (>= netstandard1.0)) (&& (== net40) (>= netstandard1.1)) (&& (== net40) (>= netstandard1.2)) (&& (== net40) (>= netstandard1.3)) (&& (== net40) (>= netstandard1.4)) (&& (== net40) (>= netstandard1.5)) (&& (== net40) (>= netstandard1.6)) (&& (== net45) (>= uap10.0)) (&& (== net45) (>= netstandard1.6)) (&& (== net45) (< portable-net45+win8+wpa81)) (&& (== net451) (< net45)) (&& (== net451) (>= uap10.0)) (&& (== net451) (>= netstandard1.6)) (&& (== net451) (< portable-net45+win8+wpa81)) (&& (== net452) (< net45)) (&& (== net452) (>= uap10.0)) (&& (== net452) (>= netstandard1.6)) (&& (== net452) (< portable-net45+win8+wpa81)) (== netstandard1.6)
      System.Threading.Tasks (>= 4.3) - restriction: || (&& (== net40) (>= uap10.0)) (&& (== net40) (>= netstandard1.0)) (&& (== net40) (>= netstandard1.1)) (&& (== net40) (>= netstandard1.2)) (&& (== net40) (>= netstandard1.3)) (&& (== net40) (>= netstandard1.4)) (&& (== net40) (>= netstandard1.5)) (&& (== net40) (>= netstandard1.6)) (&& (== net45) (>= uap10.0)) (&& (== net45) (>= netstandard1.6)) (&& (== net45) (< portable-net45+win8+wpa81)) (&& (== net451) (< net45)) (&& (== net451) (>= uap10.0)) (&& (== net451) (>= netstandard1.6)) (&& (== net451) (< portable-net45+win8+wpa81)) (&& (== net452) (< net45)) (&& (== net452) (>= uap10.0)) (&& (== net452) (>= netstandard1.6)) (&& (== net452) (< portable-net45+win8+wpa81)) (== netstandard1.6)
      System.Threading.Timer (>= 4.3) - restriction: || (&& (== net40) (>= uap10.0)) (&& (== net40) (>= netstandard1.2)) (&& (== net40) (>= netstandard1.3)) (&& (== net40) (>= netstandard1.4)) (&& (== net40) (>= netstandard1.5)) (&& (== net40) (>= netstandard1.6)) (&& (== net45) (>= uap10.0)) (&& (== net45) (>= netstandard1.6)) (&& (== net451) (< net45)) (&& (== net451) (>= uap10.0)) (&& (== net451) (>= netstandard1.6)) (&& (== net452) (< net45)) (&& (== net452) (>= uap10.0)) (&& (== net452) (>= netstandard1.6)) (== netstandard1.6)
      System.Xml.ReaderWriter (>= 4.3) - restriction: || (&& (== net40) (>= net46)) (&& (== net40) (>= uap10.0)) (&& (== net40) (>= netstandard1.0)) (&& (== net40) (>= netstandard1.1)) (&& (== net40) (>= netstandard1.2)) (&& (== net40) (>= netstandard1.3)) (&& (== net40) (>= netstandard1.4)) (&& (== net40) (>= netstandard1.5)) (&& (== net40) (>= netstandard1.6)) (&& (== net45) (>= net46)) (&& (== net45) (>= uap10.0)) (&& (== net45) (>= netstandard1.6)) (&& (== net45) (< portable-net45+win8+wpa81)) (&& (== net451) (< net45)) (&& (== net451) (>= net46)) (&& (== net451) (>= uap10.0)) (&& (== net451) (>= netstandard1.6)) (&& (== net451) (< portable-net45+win8+wpa81)) (&& (== net452) (< net45)) (&& (== net452) (>= net46)) (&& (== net452) (>= uap10.0)) (&& (== net452) (>= netstandard1.6)) (&& (== net452) (< portable-net45+win8+wpa81)) (== netstandard1.6)
      System.Xml.XDocument (>= 4.3) - restriction: || (&& (== net40) (>= uap10.0)) (&& (== net40) (>= netstandard1.0)) (&& (== net40) (>= netstandard1.1)) (&& (== net40) (>= netstandard1.2)) (&& (== net40) (>= netstandard1.3)) (&& (== net40) (>= netstandard1.4)) (&& (== net40) (>= netstandard1.5)) (&& (== net40) (>= netstandard1.6)) (&& (== net45) (>= uap10.0)) (&& (== net45) (>= netstandard1.6)) (&& (== net45) (< portable-net45+win8+wpa81)) (&& (== net451) (< net45)) (&& (== net451) (>= uap10.0)) (&& (== net451) (>= netstandard1.6)) (&& (== net451) (< portable-net45+win8+wpa81)) (&& (== net452) (< net45)) (&& (== net452) (>= uap10.0)) (&& (== net452) (>= netstandard1.6)) (&& (== net452) (< portable-net45+win8+wpa81)) (== netstandard1.6)
    Newtonsoft.Json (10.0.3)
      Microsoft.CSharp (>= 4.3) - restriction: || (&& (== net40) (< net20) (>= netstandard1.0)) (&& (== net40) (< net20) (>= netstandard1.3)) (&& (== net45) (< net20)) (&& (== net451) (< net20)) (&& (== net452) (< net20)) (== netstandard1.6)
      NETStandard.Library (>= 1.6.1) - restriction: || (&& (== net40) (< net20) (>= netstandard1.0)) (&& (== net40) (< net20) (>= netstandard1.3)) (&& (== net45) (< net20)) (&& (== net451) (< net20)) (&& (== net452) (< net20)) (== netstandard1.6)
      System.ComponentModel.TypeConverter (>= 4.3) - restriction: || (&& (== net40) (< net20) (>= netstandard1.0)) (&& (== net40) (< net20) (>= netstandard1.3)) (&& (== net45) (< net20)) (&& (== net451) (< net20)) (&& (== net452) (< net20)) (== netstandard1.6)
      System.Runtime.Serialization.Formatters (>= 4.3) - restriction: || (&& (== net40) (< net20) (>= netstandard1.3)) (&& (== net45) (< net20) (>= netstandard1.3)) (&& (== net451) (< net20) (>= netstandard1.3)) (&& (== net452) (< net20) (>= netstandard1.3)) (== netstandard1.6)
      System.Runtime.Serialization.Primitives (>= 4.3) - restriction: || (&& (== net40) (< net20) (>= netstandard1.0)) (&& (== net40) (< net20) (>= netstandard1.3)) (&& (== net45) (< net20)) (&& (== net451) (< net20)) (&& (== net452) (< net20)) (== netstandard1.6)
      System.Xml.XmlDocument (>= 4.3) - restriction: || (&& (== net40) (< net20) (>= netstandard1.3)) (&& (== net45) (< net20) (>= netstandard1.3)) (&& (== net451) (< net20) (>= netstandard1.3)) (&& (== net452) (< net20) (>= netstandard1.3)) (== netstandard1.6)
    Octokit (0.26)
      NETStandard.Library (>= 1.6.1) - restriction: || (&& (== net40) (>= netstandard1.1)) (&& (== net451) (< net45)) (&& (== net452) (< net45)) (== netstandard1.6)
    Reactive.Streams (1.0.2)
      NETStandard.Library (>= 1.6) - restriction: || (&& (== net40) (>= netstandard1.0)) (&& (== net451) (< net45)) (&& (== net452) (< net45)) (== netstandard1.6)
    runtime.debian.8-x64.runtime.native.System.Security.Cryptography.OpenSsl (4.3.1) - restriction: || (&& (== net40) (== net45) (>= netstandard1.6)) (&& (== net40) (== net451) (>= netstandard1.6)) (&& (== net40) (== net452) (>= netstandard1.6)) (&& (== net40) (== netstandard1.6)) (&& (== net40) (>= netstandard1.6)) (&& (== net45) (== net451) (>= netstandard1.6)) (&& (== net45) (== net452) (>= netstandard1.6)) (&& (== net45) (== netstandard1.6)) (&& (== net45) (>= netstandard1.6)) (&& (== net451) (== net452) (>= netstandard1.6)) (&& (== net451) (== netstandard1.6)) (&& (== net451) (>= netstandard1.6)) (&& (== net452) (== netstandard1.6)) (&& (== net452) (>= netstandard1.6)) (== netstandard1.6)
    runtime.fedora.23-x64.runtime.native.System.Security.Cryptography.OpenSsl (4.3.1) - restriction: || (&& (== net40) (== net45) (>= netstandard1.6)) (&& (== net40) (== net451) (>= netstandard1.6)) (&& (== net40) (== net452) (>= netstandard1.6)) (&& (== net40) (== netstandard1.6)) (&& (== net40) (>= netstandard1.6)) (&& (== net45) (== net451) (>= netstandard1.6)) (&& (== net45) (== net452) (>= netstandard1.6)) (&& (== net45) (== netstandard1.6)) (&& (== net45) (>= netstandard1.6)) (&& (== net451) (== net452) (>= netstandard1.6)) (&& (== net451) (== netstandard1.6)) (&& (== net451) (>= netstandard1.6)) (&& (== net452) (== netstandard1.6)) (&& (== net452) (>= netstandard1.6)) (== netstandard1.6)
    runtime.fedora.24-x64.runtime.native.System.Security.Cryptography.OpenSsl (4.3.1) - restriction: || (&& (== net40) (== net45) (>= netstandard1.6)) (&& (== net40) (== net451) (>= netstandard1.6)) (&& (== net40) (== net452) (>= netstandard1.6)) (&& (== net40) (== netstandard1.6)) (&& (== net40) (>= netstandard1.6)) (&& (== net45) (== net451) (>= netstandard1.6)) (&& (== net45) (== net452) (>= netstandard1.6)) (&& (== net45) (== netstandard1.6)) (&& (== net45) (>= netstandard1.6)) (&& (== net451) (== net452) (>= netstandard1.6)) (&& (== net451) (== netstandard1.6)) (&& (== net451) (>= netstandard1.6)) (&& (== net452) (== netstandard1.6)) (&& (== net452) (>= netstandard1.6)) (== netstandard1.6)
    runtime.native.System (4.3) - restriction: || (&& (== net40) (== net45)) (&& (== net40) (== net451)) (&& (== net40) (== net452)) (&& (== net40) (>= net45)) (&& (== net40) (>= net451)) (&& (== net40) (>= net46)) (&& (== net40) (>= uap10.0)) (&& (== net40) (>= netstandard1.1)) (&& (== net40) (>= netstandard1.2)) (&& (== net40) (>= netstandard1.3)) (&& (== net40) (>= netstandard1.4)) (&& (== net40) (>= netstandard1.5)) (&& (== net40) (>= netstandard1.6)) (&& (== net40) (>= wpa81)) (&& (== net45) (>= netstandard1.6)) (&& (== net451) (< net45)) (&& (== net451) (>= netstandard1.6)) (&& (== net452) (< net20)) (&& (== net452) (< net45)) (&& (== net452) (>= uap10.0)) (&& (== net452) (< netstandard1.0)) (&& (== net452) (>= netstandard1.6)) (&& (== net452) (>= wpa81)) (== netstandard1.6)
      Microsoft.NETCore.Platforms (>= 1.1)
      Microsoft.NETCore.Targets (>= 1.1)
    runtime.native.System.IO.Compression (4.3) - restriction: || (&& (== net40) (== net45) (>= netstandard1.6)) (&& (== net40) (== net451) (>= netstandard1.6)) (&& (== net40) (== net452) (>= netstandard1.6)) (&& (== net40) (== netstandard1.6)) (&& (== net40) (>= netstandard1.6)) (&& (== net45) (== net451) (>= netstandard1.6)) (&& (== net45) (== net452) (>= netstandard1.6)) (&& (== net45) (== netstandard1.6)) (&& (== net45) (>= netstandard1.6)) (&& (== net451) (== net452) (>= netstandard1.6)) (&& (== net451) (== netstandard1.6)) (&& (== net451) (>= netstandard1.6)) (&& (== net452) (== netstandard1.6)) (&& (== net452) (>= netstandard1.6)) (== netstandard1.6)
      Microsoft.NETCore.Platforms (>= 1.1)
      Microsoft.NETCore.Targets (>= 1.1)
    runtime.native.System.Net.Http (4.3) - restriction: || (&& (== net40) (>= netstandard1.6)) (&& (== net45) (>= netstandard1.6)) (&& (== net451) (>= netstandard1.6)) (&& (== net452) (>= netstandard1.6)) (== netstandard1.6)
      Microsoft.NETCore.Platforms (>= 1.1)
      Microsoft.NETCore.Targets (>= 1.1)
    runtime.native.System.Net.Security (4.3) - restriction: || (&& (== net40) (== net45) (>= netstandard1.6)) (&& (== net40) (== net451) (>= netstandard1.6)) (&& (== net40) (== net452) (>= netstandard1.6)) (&& (== net40) (== netstandard1.6)) (&& (== net40) (>= netstandard1.6)) (&& (== net45) (== net451) (>= netstandard1.6)) (&& (== net45) (== net452) (>= netstandard1.6)) (&& (== net45) (== netstandard1.6)) (&& (== net451) (== net452) (>= netstandard1.6)) (&& (== net451) (== netstandard1.6)) (&& (== net451) (>= netstandard1.6)) (&& (== net452) (== netstandard1.6)) (&& (== net452) (>= netstandard1.6)) (== netstandard1.6)
      Microsoft.NETCore.Platforms (>= 1.1)
      Microsoft.NETCore.Targets (>= 1.1)
    runtime.native.System.Security.Cryptography.Apple (4.3) - restriction: || (&& (== net40) (== net45) (>= netstandard1.6)) (&& (== net40) (== net451) (>= netstandard1.6)) (&& (== net40) (== net452) (>= netstandard1.6)) (&& (== net40) (== netstandard1.6)) (&& (== net40) (>= netstandard1.6)) (&& (== net45) (== net451) (>= netstandard1.6)) (&& (== net45) (== net452) (>= netstandard1.6)) (&& (== net45) (== netstandard1.6)) (&& (== net45) (>= netstandard1.6)) (&& (== net451) (== net452) (>= netstandard1.6)) (&& (== net451) (== netstandard1.6)) (&& (== net451) (>= netstandard1.6)) (&& (== net452) (== netstandard1.6)) (&& (== net452) (>= netstandard1.6)) (== netstandard1.6)
      runtime.osx.10.10-x64.runtime.native.System.Security.Cryptography.Apple (>= 4.3)
    runtime.native.System.Security.Cryptography.OpenSsl (4.3.1) - restriction: || (&& (== net40) (>= netstandard1.6)) (&& (== net45) (>= netstandard1.6)) (&& (== net451) (>= netstandard1.6)) (&& (== net452) (>= netstandard1.6)) (== netstandard1.6)
      runtime.debian.8-x64.runtime.native.System.Security.Cryptography.OpenSsl (>= 4.3.1)
      runtime.fedora.23-x64.runtime.native.System.Security.Cryptography.OpenSsl (>= 4.3.1)
      runtime.fedora.24-x64.runtime.native.System.Security.Cryptography.OpenSsl (>= 4.3.1)
      runtime.opensuse.13.2-x64.runtime.native.System.Security.Cryptography.OpenSsl (>= 4.3.1)
      runtime.opensuse.42.1-x64.runtime.native.System.Security.Cryptography.OpenSsl (>= 4.3.1)
      runtime.osx.10.10-x64.runtime.native.System.Security.Cryptography.OpenSsl (>= 4.3.1)
      runtime.rhel.7-x64.runtime.native.System.Security.Cryptography.OpenSsl (>= 4.3.1)
      runtime.ubuntu.14.04-x64.runtime.native.System.Security.Cryptography.OpenSsl (>= 4.3.1)
      runtime.ubuntu.16.04-x64.runtime.native.System.Security.Cryptography.OpenSsl (>= 4.3.1)
      runtime.ubuntu.16.10-x64.runtime.native.System.Security.Cryptography.OpenSsl (>= 4.3.1)
    runtime.opensuse.13.2-x64.runtime.native.System.Security.Cryptography.OpenSsl (4.3.1) - restriction: || (&& (== net40) (== net45) (>= netstandard1.6)) (&& (== net40) (== net451) (>= netstandard1.6)) (&& (== net40) (== net452) (>= netstandard1.6)) (&& (== net40) (== netstandard1.6)) (&& (== net40) (>= netstandard1.6)) (&& (== net45) (== net451) (>= netstandard1.6)) (&& (== net45) (== net452) (>= netstandard1.6)) (&& (== net45) (== netstandard1.6)) (&& (== net45) (>= netstandard1.6)) (&& (== net451) (== net452) (>= netstandard1.6)) (&& (== net451) (== netstandard1.6)) (&& (== net451) (>= netstandard1.6)) (&& (== net452) (== netstandard1.6)) (&& (== net452) (>= netstandard1.6)) (== netstandard1.6)
    runtime.opensuse.42.1-x64.runtime.native.System.Security.Cryptography.OpenSsl (4.3.1) - restriction: || (&& (== net40) (== net45) (>= netstandard1.6)) (&& (== net40) (== net451) (>= netstandard1.6)) (&& (== net40) (== net452) (>= netstandard1.6)) (&& (== net40) (== netstandard1.6)) (&& (== net40) (>= netstandard1.6)) (&& (== net45) (== net451) (>= netstandard1.6)) (&& (== net45) (== net452) (>= netstandard1.6)) (&& (== net45) (== netstandard1.6)) (&& (== net45) (>= netstandard1.6)) (&& (== net451) (== net452) (>= netstandard1.6)) (&& (== net451) (== netstandard1.6)) (&& (== net451) (>= netstandard1.6)) (&& (== net452) (== netstandard1.6)) (&& (== net452) (>= netstandard1.6)) (== netstandard1.6)
    runtime.osx.10.10-x64.runtime.native.System.Security.Cryptography.Apple (4.3) - restriction: || (&& (== net40) (== net45) (>= netstandard1.6)) (&& (== net40) (== net451) (>= netstandard1.6)) (&& (== net40) (== net452) (>= netstandard1.6)) (&& (== net40) (== netstandard1.6)) (&& (== net40) (>= netstandard1.6)) (&& (== net45) (== net451) (>= netstandard1.6)) (&& (== net45) (== net452) (>= netstandard1.6)) (&& (== net45) (== netstandard1.6)) (&& (== net45) (>= netstandard1.6)) (&& (== net451) (== net452) (>= netstandard1.6)) (&& (== net451) (== netstandard1.6)) (&& (== net451) (>= netstandard1.6)) (&& (== net452) (== netstandard1.6)) (&& (== net452) (>= netstandard1.6)) (== netstandard1.6)
    runtime.osx.10.10-x64.runtime.native.System.Security.Cryptography.OpenSsl (4.3.1) - restriction: || (&& (== net40) (== net45) (>= netstandard1.6)) (&& (== net40) (== net451) (>= netstandard1.6)) (&& (== net40) (== net452) (>= netstandard1.6)) (&& (== net40) (== netstandard1.6)) (&& (== net40) (>= netstandard1.6)) (&& (== net45) (== net451) (>= netstandard1.6)) (&& (== net45) (== net452) (>= netstandard1.6)) (&& (== net45) (== netstandard1.6)) (&& (== net45) (>= netstandard1.6)) (&& (== net451) (== net452) (>= netstandard1.6)) (&& (== net451) (== netstandard1.6)) (&& (== net451) (>= netstandard1.6)) (&& (== net452) (== netstandard1.6)) (&& (== net452) (>= netstandard1.6)) (== netstandard1.6)
    runtime.rhel.7-x64.runtime.native.System.Security.Cryptography.OpenSsl (4.3.1) - restriction: || (&& (== net40) (== net45) (>= netstandard1.6)) (&& (== net40) (== net451) (>= netstandard1.6)) (&& (== net40) (== net452) (>= netstandard1.6)) (&& (== net40) (== netstandard1.6)) (&& (== net40) (>= netstandard1.6)) (&& (== net45) (== net451) (>= netstandard1.6)) (&& (== net45) (== net452) (>= netstandard1.6)) (&& (== net45) (== netstandard1.6)) (&& (== net45) (>= netstandard1.6)) (&& (== net451) (== net452) (>= netstandard1.6)) (&& (== net451) (== netstandard1.6)) (&& (== net451) (>= netstandard1.6)) (&& (== net452) (== netstandard1.6)) (&& (== net452) (>= netstandard1.6)) (== netstandard1.6)
    runtime.ubuntu.14.04-x64.runtime.native.System.Security.Cryptography.OpenSsl (4.3.1) - restriction: || (&& (== net40) (== net45) (>= netstandard1.6)) (&& (== net40) (== net451) (>= netstandard1.6)) (&& (== net40) (== net452) (>= netstandard1.6)) (&& (== net40) (== netstandard1.6)) (&& (== net40) (>= netstandard1.6)) (&& (== net45) (== net451) (>= netstandard1.6)) (&& (== net45) (== net452) (>= netstandard1.6)) (&& (== net45) (== netstandard1.6)) (&& (== net45) (>= netstandard1.6)) (&& (== net451) (== net452) (>= netstandard1.6)) (&& (== net451) (== netstandard1.6)) (&& (== net451) (>= netstandard1.6)) (&& (== net452) (== netstandard1.6)) (&& (== net452) (>= netstandard1.6)) (== netstandard1.6)
    runtime.ubuntu.16.04-x64.runtime.native.System.Security.Cryptography.OpenSsl (4.3.1) - restriction: || (&& (== net40) (== net45) (>= netstandard1.6)) (&& (== net40) (== net451) (>= netstandard1.6)) (&& (== net40) (== net452) (>= netstandard1.6)) (&& (== net40) (== netstandard1.6)) (&& (== net40) (>= netstandard1.6)) (&& (== net45) (== net451) (>= netstandard1.6)) (&& (== net45) (== net452) (>= netstandard1.6)) (&& (== net45) (== netstandard1.6)) (&& (== net45) (>= netstandard1.6)) (&& (== net451) (== net452) (>= netstandard1.6)) (&& (== net451) (== netstandard1.6)) (&& (== net451) (>= netstandard1.6)) (&& (== net452) (== netstandard1.6)) (&& (== net452) (>= netstandard1.6)) (== netstandard1.6)
    runtime.ubuntu.16.10-x64.runtime.native.System.Security.Cryptography.OpenSsl (4.3.1) - restriction: || (&& (== net40) (== net45) (>= netstandard1.6)) (&& (== net40) (== net451) (>= netstandard1.6)) (&& (== net40) (== net452) (>= netstandard1.6)) (&& (== net40) (== netstandard1.6)) (&& (== net40) (>= netstandard1.6)) (&& (== net45) (== net451) (>= netstandard1.6)) (&& (== net45) (== net452) (>= netstandard1.6)) (&& (== net45) (== netstandard1.6)) (&& (== net45) (>= netstandard1.6)) (&& (== net451) (== net452) (>= netstandard1.6)) (&& (== net451) (== netstandard1.6)) (&& (== net451) (>= netstandard1.6)) (&& (== net452) (== netstandard1.6)) (&& (== net452) (>= netstandard1.6)) (== netstandard1.6)
    System.AppContext (4.3) - restriction: || (&& (== net40) (== net45) (>= netstandard1.6)) (&& (== net40) (== net451) (>= netstandard1.6)) (&& (== net40) (== net452) (>= netstandard1.6)) (&& (== net40) (== netstandard1.6)) (&& (== net40) (>= netstandard1.6)) (&& (== net45) (== net451) (>= netstandard1.6)) (&& (== net45) (== net452) (>= netstandard1.6)) (&& (== net45) (== netstandard1.6)) (&& (== net45) (>= netstandard1.6)) (&& (== net451) (== net452) (>= netstandard1.6)) (&& (== net451) (== netstandard1.6)) (&& (== net451) (>= netstandard1.6)) (&& (== net452) (== netstandard1.6)) (&& (== net452) (>= netstandard1.6)) (== netstandard1.6)
      System.Runtime (>= 4.3) - restriction: || (&& (== net40) (>= dnxcore50)) (&& (== net40) (>= netstandard1.3)) (&& (== net40) (>= netstandard1.6)) (&& (== net45) (>= dnxcore50)) (&& (== net45) (>= netstandard1.3)) (&& (== net45) (>= netstandard1.6)) (&& (== net451) (>= dnxcore50)) (&& (== net451) (>= netstandard1.3)) (&& (== net451) (>= netstandard1.6)) (&& (== net452) (>= dnxcore50)) (&& (== net452) (>= netstandard1.3)) (&& (== net452) (>= netstandard1.6)) (== netstandard1.6)
    System.Buffers (4.4) - restriction: || (&& (== net40) (>= netstandard1.6)) (&& (== net45) (>= netstandard1.6)) (&& (== net451) (>= netstandard1.6)) (&& (== net452) (>= netstandard1.6)) (== netstandard1.6)
      System.Diagnostics.Debug (>= 4.3) - restriction: || (&& (== net40) (>= netstandard1.1)) (== net45) (== net451) (== net452) (== netstandard1.6)
      System.Diagnostics.Tracing (>= 4.3) - restriction: || (&& (== net40) (>= netstandard1.1)) (== net45) (== net451) (== net452) (== netstandard1.6)
      System.Resources.ResourceManager (>= 4.3) - restriction: || (&& (== net40) (>= netstandard1.1)) (== net45) (== net451) (== net452) (== netstandard1.6)
      System.Runtime (>= 4.3) - restriction: || (&& (== net40) (>= netstandard1.1)) (== net45) (== net451) (== net452) (== netstandard1.6)
      System.Threading (>= 4.3) - restriction: || (&& (== net40) (>= netstandard1.1)) (== net45) (== net451) (== net452) (== netstandard1.6)
    System.Collections (4.3) - restriction: || (&& (== net40) (< net20) (>= netstandard1.0)) (&& (== net40) (< net20) (>= netstandard1.3)) (&& (== net40) (< net20) (>= netstandard1.5)) (&& (== net40) (>= net45)) (&& (== net40) (>= dnxcore50)) (&& (== net40) (>= netstandard1.4)) (&& (== net40) (>= netstandard1.6)) (== net45) (== net451) (== net452) (== netstandard1.6)
      Microsoft.NETCore.Platforms (>= 1.1) - restriction: || (&& (== net40) (>= dnxcore50)) (&& (== net40) (>= netstandard1.0)) (&& (== net40) (>= netstandard1.3)) (&& (== net45) (>= dnxcore50)) (&& (== net451) (< net45)) (&& (== net451) (>= dnxcore50)) (&& (== net452) (< net45)) (&& (== net452) (>= dnxcore50)) (== netstandard1.6)
      Microsoft.NETCore.Targets (>= 1.1) - restriction: || (&& (== net40) (>= dnxcore50)) (&& (== net40) (>= netstandard1.0)) (&& (== net40) (>= netstandard1.3)) (&& (== net45) (>= dnxcore50)) (&& (== net451) (< net45)) (&& (== net451) (>= dnxcore50)) (&& (== net452) (< net45)) (&& (== net452) (>= dnxcore50)) (== netstandard1.6)
      System.Runtime (>= 4.3) - restriction: || (&& (== net40) (>= dnxcore50)) (&& (== net40) (>= netstandard1.0)) (&& (== net40) (>= netstandard1.3)) (&& (== net45) (>= dnxcore50)) (&& (== net451) (< net45)) (&& (== net451) (>= dnxcore50)) (&& (== net452) (< net45)) (&& (== net452) (>= dnxcore50)) (== netstandard1.6)
    System.Collections.Concurrent (4.3) - restriction: || (&& (== net40) (== net45) (>= netstandard1.3)) (&& (== net40) (== net451) (>= netstandard1.3)) (&& (== net40) (== net452) (>= netstandard1.3)) (&& (== net40) (>= net45) (>= netstandard1.3)) (&& (== net40) (>= netstandard1.6)) (&& (== net45) (>= netstandard1.6)) (&& (== net451) (< net45) (>= netstandard1.3)) (&& (== net451) (>= netstandard1.6)) (&& (== net452) (< net45) (>= netstandard1.3)) (&& (== net452) (>= netstandard1.6)) (== netstandard1.6)
      System.Collections (>= 4.3) - restriction: || (&& (== net40) (>= dnxcore50)) (&& (== net40) (>= netstandard1.3)) (&& (== net45) (>= dnxcore50)) (&& (== net451) (< net45) (>= netstandard1.3)) (&& (== net451) (>= dnxcore50)) (&& (== net452) (< net45) (>= netstandard1.3)) (&& (== net452) (>= dnxcore50)) (== netstandard1.6)
      System.Diagnostics.Debug (>= 4.3) - restriction: || (&& (== net40) (>= dnxcore50)) (&& (== net40) (>= netstandard1.3)) (&& (== net45) (>= dnxcore50)) (&& (== net451) (< net45) (>= netstandard1.3)) (&& (== net451) (>= dnxcore50)) (&& (== net452) (< net45) (>= netstandard1.3)) (&& (== net452) (>= dnxcore50)) (== netstandard1.6)
      System.Diagnostics.Tracing (>= 4.3) - restriction: || (&& (== net40) (>= dnxcore50)) (&& (== net40) (>= netstandard1.3)) (&& (== net45) (>= dnxcore50)) (&& (== net451) (< net45) (>= netstandard1.3)) (&& (== net451) (>= dnxcore50)) (&& (== net452) (< net45) (>= netstandard1.3)) (&& (== net452) (>= dnxcore50)) (== netstandard1.6)
      System.Globalization (>= 4.3) - restriction: || (&& (== net40) (>= dnxcore50)) (&& (== net40) (>= netstandard1.3)) (&& (== net45) (>= dnxcore50)) (&& (== net451) (< net45) (>= netstandard1.3)) (&& (== net451) (>= dnxcore50)) (&& (== net452) (< net45) (>= netstandard1.3)) (&& (== net452) (>= dnxcore50)) (== netstandard1.6)
      System.Reflection (>= 4.3) - restriction: || (&& (== net40) (>= netstandard1.3)) (&& (== net451) (< net45) (>= netstandard1.3)) (&& (== net452) (< net45) (>= netstandard1.3)) (== netstandard1.6)
      System.Resources.ResourceManager (>= 4.3) - restriction: || (&& (== net40) (>= dnxcore50)) (&& (== net40) (>= netstandard1.3)) (&& (== net45) (>= dnxcore50)) (&& (== net451) (< net45) (>= netstandard1.3)) (&& (== net451) (>= dnxcore50)) (&& (== net452) (< net45) (>= netstandard1.3)) (&& (== net452) (>= dnxcore50)) (== netstandard1.6)
      System.Runtime (>= 4.3) - restriction: || (&& (== net40) (>= dnxcore50)) (&& (== net40) (>= netstandard1.1)) (&& (== net40) (>= netstandard1.3)) (&& (== net45) (>= dnxcore50)) (&& (== net451) (< net45)) (&& (== net451) (>= dnxcore50)) (&& (== net452) (< net45)) (&& (== net452) (>= dnxcore50)) (== netstandard1.6)
      System.Runtime.Extensions (>= 4.3) - restriction: || (&& (== net40) (>= dnxcore50)) (&& (== net40) (>= netstandard1.3)) (&& (== net45) (>= dnxcore50)) (&& (== net451) (< net45) (>= netstandard1.3)) (&& (== net451) (>= dnxcore50)) (&& (== net452) (< net45) (>= netstandard1.3)) (&& (== net452) (>= dnxcore50)) (== netstandard1.6)
      System.Threading (>= 4.3) - restriction: || (&& (== net40) (>= dnxcore50)) (&& (== net40) (>= netstandard1.3)) (&& (== net45) (>= dnxcore50)) (&& (== net451) (< net45) (>= netstandard1.3)) (&& (== net451) (>= dnxcore50)) (&& (== net452) (< net45) (>= netstandard1.3)) (&& (== net452) (>= dnxcore50)) (== netstandard1.6)
      System.Threading.Tasks (>= 4.3) - restriction: || (&& (== net40) (>= dnxcore50)) (&& (== net40) (>= netstandard1.1)) (&& (== net40) (>= netstandard1.3)) (&& (== net45) (>= dnxcore50)) (&& (== net451) (< net45)) (&& (== net451) (>= dnxcore50)) (&& (== net452) (< net45)) (&& (== net452) (>= dnxcore50)) (== netstandard1.6)
    System.Collections.Immutable (1.4) - restriction: || (&& (== net40) (>= net45)) (&& (== net40) (>= netstandard1.6)) (&& (== net40) (>= netstandard2.0)) (&& (== net40) (>= monotouch)) (&& (== net40) (>= xamarintvos)) (&& (== net40) (>= xamarinwatchos)) (&& (== net40) (>= xamarinios)) (&& (== net40) (>= xamarinmac)) (== net45) (== net451) (== net452) (== netstandard1.6)
      NETStandard.Library (>= 1.6.1) - restriction: || (&& (== net40) (>= netstandard1.0)) (== net45) (== net451) (== net452) (== netstandard1.6)
    System.Collections.NonGeneric (4.3) - restriction: || (&& (== net40) (== net45) (< net20) (>= net462)) (&& (== net40) (== net45) (< net20) (>= netstandard1.5)) (&& (== net40) (== net451) (< net20) (>= net462)) (&& (== net40) (== net451) (< net20) (>= netstandard1.5)) (&& (== net40) (== net452) (< net20) (>= net462)) (&& (== net40) (== net452) (< net20) (>= netstandard1.5)) (&& (== net40) (== netstandard1.6)) (&& (== net40) (< net20) (>= net462)) (&& (== net40) (< net20) (>= netstandard1.5)) (&& (== net45) (== net451) (< net20) (>= net462)) (&& (== net45) (== net451) (< net20) (>= netstandard1.5)) (&& (== net45) (== net452) (< net20) (>= net462)) (&& (== net45) (== net452) (< net20) (>= netstandard1.5)) (&& (== net45) (== netstandard1.6)) (&& (== net45) (< net20) (>= net462)) (&& (== net45) (< net20) (>= netstandard1.5)) (&& (== net451) (== net452) (< net20) (>= net462)) (&& (== net451) (== net452) (< net20) (>= netstandard1.5)) (&& (== net451) (== netstandard1.6)) (&& (== net451) (< net20) (>= net462)) (&& (== net451) (< net20) (>= netstandard1.5)) (&& (== net452) (== netstandard1.6)) (&& (== net452) (< net20) (>= net462)) (&& (== net452) (< net20) (>= netstandard1.5)) (== netstandard1.6)
      System.Diagnostics.Debug (>= 4.3) - restriction: || (&& (== net40) (>= netstandard1.3)) (&& (== net45) (>= netstandard1.3)) (&& (== net451) (>= netstandard1.3)) (&& (== net452) (>= netstandard1.3)) (== netstandard1.6)
      System.Globalization (>= 4.3) - restriction: || (&& (== net40) (>= netstandard1.3)) (&& (== net45) (>= netstandard1.3)) (&& (== net451) (>= netstandard1.3)) (&& (== net452) (>= netstandard1.3)) (== netstandard1.6)
      System.Resources.ResourceManager (>= 4.3) - restriction: || (&& (== net40) (>= netstandard1.3)) (&& (== net45) (>= netstandard1.3)) (&& (== net451) (>= netstandard1.3)) (&& (== net452) (>= netstandard1.3)) (== netstandard1.6)
      System.Runtime (>= 4.3) - restriction: || (&& (== net40) (>= netstandard1.3)) (&& (== net45) (>= netstandard1.3)) (&& (== net451) (>= netstandard1.3)) (&& (== net452) (>= netstandard1.3)) (== netstandard1.6)
      System.Runtime.Extensions (>= 4.3) - restriction: || (&& (== net40) (>= netstandard1.3)) (&& (== net45) (>= netstandard1.3)) (&& (== net451) (>= netstandard1.3)) (&& (== net452) (>= netstandard1.3)) (== netstandard1.6)
      System.Threading (>= 4.3) - restriction: || (&& (== net40) (>= netstandard1.3)) (&& (== net45) (>= netstandard1.3)) (&& (== net451) (>= netstandard1.3)) (&& (== net452) (>= netstandard1.3)) (== netstandard1.6)
    System.Collections.Specialized (4.3) - restriction: || (&& (== net40) (== net45) (< net20) (>= netstandard1.5)) (&& (== net40) (== net451) (< net20) (>= netstandard1.5)) (&& (== net40) (== net452) (< net20) (>= netstandard1.5)) (&& (== net40) (== netstandard1.6)) (&& (== net40) (< net20) (>= netstandard1.5)) (&& (== net45) (== net451) (< net20) (>= netstandard1.5)) (&& (== net45) (== net452) (< net20) (>= netstandard1.5)) (&& (== net45) (== netstandard1.6)) (&& (== net45) (< net20) (>= netstandard1.5)) (&& (== net451) (== net452) (< net20) (>= netstandard1.5)) (&& (== net451) (== netstandard1.6)) (&& (== net451) (< net20) (>= netstandard1.5)) (&& (== net452) (== netstandard1.6)) (&& (== net452) (< net20) (>= netstandard1.5)) (== netstandard1.6)
      System.Collections.NonGeneric (>= 4.3) - restriction: || (&& (== net40) (>= netstandard1.3)) (&& (== net45) (>= netstandard1.3)) (&& (== net451) (>= netstandard1.3)) (&& (== net452) (>= netstandard1.3)) (== netstandard1.6)
      System.Globalization (>= 4.3) - restriction: || (&& (== net40) (>= netstandard1.3)) (&& (== net45) (>= netstandard1.3)) (&& (== net451) (>= netstandard1.3)) (&& (== net452) (>= netstandard1.3)) (== netstandard1.6)
      System.Globalization.Extensions (>= 4.3) - restriction: || (&& (== net40) (>= netstandard1.3)) (&& (== net45) (>= netstandard1.3)) (&& (== net451) (>= netstandard1.3)) (&& (== net452) (>= netstandard1.3)) (== netstandard1.6)
      System.Resources.ResourceManager (>= 4.3) - restriction: || (&& (== net40) (>= netstandard1.3)) (&& (== net45) (>= netstandard1.3)) (&& (== net451) (>= netstandard1.3)) (&& (== net452) (>= netstandard1.3)) (== netstandard1.6)
      System.Runtime (>= 4.3) - restriction: || (&& (== net40) (>= netstandard1.3)) (&& (== net45) (>= netstandard1.3)) (&& (== net451) (>= netstandard1.3)) (&& (== net452) (>= netstandard1.3)) (== netstandard1.6)
      System.Runtime.Extensions (>= 4.3) - restriction: || (&& (== net40) (>= netstandard1.3)) (&& (== net45) (>= netstandard1.3)) (&& (== net451) (>= netstandard1.3)) (&& (== net452) (>= netstandard1.3)) (== netstandard1.6)
      System.Threading (>= 4.3) - restriction: || (&& (== net40) (>= netstandard1.3)) (&& (== net45) (>= netstandard1.3)) (&& (== net451) (>= netstandard1.3)) (&& (== net452) (>= netstandard1.3)) (== netstandard1.6)
    System.ComponentModel (4.3) - restriction: || (&& (== net40) (== net45) (< net20)) (&& (== net40) (== net451) (< net20)) (&& (== net40) (== net452) (< net20)) (&& (== net40) (== netstandard1.6)) (&& (== net40) (< net20) (>= netstandard1.0)) (&& (== net40) (< net20) (>= netstandard1.3)) (&& (== net40) (< net20) (>= netstandard1.5)) (&& (== net45) (== net451) (< net20)) (&& (== net45) (== net452) (< net20)) (&& (== net45) (== netstandard1.6)) (&& (== net45) (< net20)) (&& (== net451) (== net452) (< net20)) (&& (== net451) (== netstandard1.6)) (&& (== net451) (< net20)) (&& (== net452) (== netstandard1.6)) (&& (== net452) (< net20)) (== netstandard1.6)
      System.Runtime (>= 4.3) - restriction: || (&& (== net40) (>= dnxcore50)) (&& (== net40) (>= netstandard1.0)) (&& (== net40) (>= netstandard1.3)) (&& (== net45) (>= dnxcore50)) (&& (== net451) (< net45)) (&& (== net451) (>= dnxcore50)) (&& (== net452) (< net45)) (&& (== net452) (>= dnxcore50)) (== netstandard1.6)
    System.ComponentModel.Primitives (4.3) - restriction: || (&& (== net40) (== net45) (< net20)) (&& (== net40) (== net45) (>= win8)) (&& (== net40) (== net45) (>= wp8)) (&& (== net40) (== net45) (>= wpa81)) (&& (== net40) (== net451) (< net20)) (&& (== net40) (== net451) (>= win8)) (&& (== net40) (== net451) (>= wp8)) (&& (== net40) (== net451) (>= wpa81)) (&& (== net40) (== net452) (< net20)) (&& (== net40) (== net452) (>= win8)) (&& (== net40) (== net452) (>= wp8)) (&& (== net40) (== net452) (>= wpa81)) (&& (== net40) (== netstandard1.6)) (&& (== net40) (< net20) (>= net45)) (&& (== net40) (< net20) (>= net462)) (&& (== net40) (< net20) (>= netstandard1.0)) (&& (== net40) (< net20) (>= netstandard1.3)) (&& (== net40) (< net20) (>= netstandard1.5)) (&& (== net40) (>= netstandard1.0) (>= win8)) (&& (== net40) (>= netstandard1.3) (>= win8)) (&& (== net40) (>= wp8)) (&& (== net40) (>= wpa81)) (&& (== net45) (== net451) (< net20)) (&& (== net45) (== net451) (< netstandard1.0) (>= win8)) (&& (== net45) (== net451) (>= wp8)) (&& (== net45) (== net451) (>= wpa81)) (&& (== net45) (== net452) (< net20)) (&& (== net45) (== net452) (< netstandard1.0) (>= win8)) (&& (== net45) (== net452) (>= wp8)) (&& (== net45) (== net452) (>= wpa81)) (&& (== net45) (== netstandard1.6)) (&& (== net45) (< net20)) (&& (== net45) (< netstandard1.0) (>= win8)) (&& (== net45) (>= wp8)) (&& (== net45) (>= wpa81)) (&& (== net451) (== net452) (< net20)) (&& (== net451) (== net452) (< netstandard1.0) (>= win8)) (&& (== net451) (== net452) (>= wp8)) (&& (== net451) (== net452) (>= wpa81)) (&& (== net451) (== netstandard1.6)) (&& (== net451) (< net20)) (&& (== net451) (< netstandard1.0) (>= win8)) (&& (== net451) (>= wp8)) (&& (== net451) (>= wpa81)) (&& (== net452) (== netstandard1.6)) (&& (== net452) (< net20)) (&& (== net452) (< netstandard1.0) (>= win8)) (&& (== net452) (>= wp8)) (&& (== net452) (>= wpa81)) (== netstandard1.6)
      System.ComponentModel (>= 4.3) - restriction: || (&& (== net40) (>= netstandard1.0)) (&& (== net451) (< net45)) (&& (== net452) (< net45)) (== netstandard1.6)
      System.Resources.ResourceManager (>= 4.3) - restriction: || (&& (== net40) (>= netstandard1.0)) (&& (== net451) (< net45)) (&& (== net452) (< net45)) (== netstandard1.6)
      System.Runtime (>= 4.3) - restriction: || (&& (== net40) (>= netstandard1.0)) (&& (== net451) (< net45)) (&& (== net452) (< net45)) (== netstandard1.6)
    System.ComponentModel.TypeConverter (4.3) - restriction: || (&& (== net40) (== net45) (< net20)) (&& (== net40) (== net451) (< net20)) (&& (== net40) (== net452) (< net20)) (&& (== net40) (== netstandard1.6)) (&& (== net40) (< net20) (>= netstandard1.0)) (&& (== net40) (< net20) (>= netstandard1.3)) (&& (== net45) (== net451) (< net20)) (&& (== net45) (== net452) (< net20)) (&& (== net45) (== netstandard1.6)) (&& (== net45) (< net20)) (&& (== net451) (== net452) (< net20)) (&& (== net451) (== netstandard1.6)) (&& (== net451) (< net20)) (&& (== net452) (== netstandard1.6)) (&& (== net452) (< net20)) (== netstandard1.6)
      System.Collections (>= 4.3) - restriction: || (&& (== net40) (>= netstandard1.0)) (&& (== net40) (>= netstandard1.5)) (&& (== net451) (< net45)) (&& (== net452) (< net45)) (== netstandard1.6)
      System.Collections.NonGeneric (>= 4.3) - restriction: || (&& (== net40) (>= net462)) (&& (== net40) (>= netstandard1.5)) (&& (== net45) (>= net462)) (&& (== net451) (< net45) (>= netstandard1.5)) (&& (== net451) (>= net462)) (&& (== net452) (< net45) (>= netstandard1.5)) (&& (== net452) (>= net462)) (== netstandard1.6)
      System.Collections.Specialized (>= 4.3) - restriction: || (&& (== net40) (>= netstandard1.5)) (&& (== net451) (< net45) (>= netstandard1.5)) (&& (== net452) (< net45) (>= netstandard1.5)) (== netstandard1.6)
      System.ComponentModel (>= 4.3) - restriction: || (&& (== net40) (>= netstandard1.0)) (&& (== net40) (>= netstandard1.5)) (&& (== net451) (< net45)) (&& (== net452) (< net45)) (== netstandard1.6)
      System.ComponentModel.Primitives (>= 4.3) - restriction: || (&& (== net40) (>= net45)) (&& (== net40) (>= net462)) (&& (== net40) (>= netstandard1.0)) (&& (== net40) (>= netstandard1.5)) (&& (== net40) (>= win8)) (&& (== net40) (>= wp8)) (&& (== net40) (>= wpa81)) (== net45) (== net451) (== net452) (== netstandard1.6)
      System.Globalization (>= 4.3) - restriction: || (&& (== net40) (>= netstandard1.0)) (&& (== net40) (>= netstandard1.5)) (&& (== net451) (< net45)) (&& (== net452) (< net45)) (== netstandard1.6)
      System.Linq (>= 4.3) - restriction: || (&& (== net40) (>= netstandard1.5)) (&& (== net451) (< net45) (>= netstandard1.5)) (&& (== net452) (< net45) (>= netstandard1.5)) (== netstandard1.6)
      System.Reflection (>= 4.3) - restriction: || (&& (== net40) (>= netstandard1.0)) (&& (== net40) (>= netstandard1.5)) (&& (== net451) (< net45)) (&& (== net452) (< net45)) (== netstandard1.6)
      System.Reflection.Extensions (>= 4.3) - restriction: || (&& (== net40) (>= netstandard1.0)) (&& (== net40) (>= netstandard1.5)) (&& (== net451) (< net45)) (&& (== net452) (< net45)) (== netstandard1.6)
      System.Reflection.Primitives (>= 4.3) - restriction: || (&& (== net40) (>= netstandard1.0)) (&& (== net40) (>= netstandard1.5)) (&& (== net451) (< net45)) (&& (== net452) (< net45)) (== netstandard1.6)
      System.Reflection.TypeExtensions (>= 4.3) - restriction: || (&& (== net40) (>= netstandard1.5)) (&& (== net451) (< net45) (>= netstandard1.5)) (&& (== net452) (< net45) (>= netstandard1.5)) (== netstandard1.6)
      System.Resources.ResourceManager (>= 4.3) - restriction: || (&& (== net40) (>= netstandard1.0)) (&& (== net40) (>= netstandard1.5)) (&& (== net451) (< net45)) (&& (== net452) (< net45)) (== netstandard1.6)
      System.Runtime (>= 4.3) - restriction: || (&& (== net40) (>= netstandard1.0)) (&& (== net40) (>= netstandard1.5)) (&& (== net451) (< net45)) (&& (== net452) (< net45)) (== netstandard1.6)
      System.Runtime.Extensions (>= 4.3) - restriction: || (&& (== net40) (>= netstandard1.0)) (&& (== net40) (>= netstandard1.5)) (&& (== net451) (< net45)) (&& (== net452) (< net45)) (== netstandard1.6)
      System.Threading (>= 4.3) - restriction: || (&& (== net40) (>= netstandard1.0)) (&& (== net40) (>= netstandard1.5)) (&& (== net451) (< net45)) (&& (== net452) (< net45)) (== netstandard1.6)
    System.Console (4.3) - restriction: || (&& (== net40) (>= netstandard1.6)) (&& (== net45) (>= netstandard1.6)) (&& (== net451) (>= netstandard1.6)) (&& (== net452) (>= netstandard1.6)) (== netstandard1.6)
      Microsoft.NETCore.Platforms (>= 1.1) - restriction: || (&& (== net40) (>= netstandard1.3)) (&& (== net45) (>= netstandard1.3)) (&& (== net451) (>= netstandard1.3)) (&& (== net452) (>= netstandard1.3)) (== netstandard1.6)
      Microsoft.NETCore.Targets (>= 1.1) - restriction: || (&& (== net40) (>= netstandard1.3)) (&& (== net45) (>= netstandard1.3)) (&& (== net451) (>= netstandard1.3)) (&& (== net452) (>= netstandard1.3)) (== netstandard1.6)
      System.IO (>= 4.3) - restriction: || (&& (== net40) (>= netstandard1.3)) (&& (== net45) (>= netstandard1.3)) (&& (== net451) (>= netstandard1.3)) (&& (== net452) (>= netstandard1.3)) (== netstandard1.6)
      System.Runtime (>= 4.3) - restriction: || (&& (== net40) (>= netstandard1.3)) (&& (== net45) (>= netstandard1.3)) (&& (== net451) (>= netstandard1.3)) (&& (== net452) (>= netstandard1.3)) (== netstandard1.6)
      System.Text.Encoding (>= 4.3) - restriction: || (&& (== net40) (>= netstandard1.3)) (&& (== net45) (>= netstandard1.3)) (&& (== net451) (>= netstandard1.3)) (&& (== net452) (>= netstandard1.3)) (== netstandard1.6)
    System.Data.Common (4.3) - restriction: || (&& (== net40) (== net45) (>= netstandard1.6)) (&& (== net40) (== net451) (>= netstandard1.6)) (&& (== net40) (== net452) (>= netstandard1.6)) (&& (== net40) (== netstandard1.6)) (&& (== net40) (>= netstandard1.6)) (&& (== net45) (== net451) (>= netstandard1.6)) (&& (== net45) (== net452) (>= netstandard1.6)) (&& (== net45) (== netstandard1.6)) (&& (== net45) (>= netstandard1.6)) (&& (== net451) (== net452) (>= netstandard1.6)) (&& (== net451) (== netstandard1.6)) (&& (== net451) (>= netstandard1.6)) (&& (== net452) (== netstandard1.6)) (&& (== net452) (>= netstandard1.6)) (== netstandard1.6)
      System.Collections (>= 4.3) - restriction: || (&& (== net40) (>= netstandard1.2)) (&& (== net45) (>= netstandard1.2)) (&& (== net452) (< net451)) (== netstandard1.6)
      System.Globalization (>= 4.3) - restriction: || (&& (== net40) (>= netstandard1.2)) (&& (== net45) (>= netstandard1.2)) (&& (== net452) (< net451)) (== netstandard1.6)
      System.IO (>= 4.3) - restriction: || (&& (== net40) (>= netstandard1.2)) (&& (== net45) (>= netstandard1.2)) (&& (== net452) (< net451)) (== netstandard1.6)
      System.Resources.ResourceManager (>= 4.3) - restriction: || (&& (== net40) (>= netstandard1.2)) (&& (== net45) (>= netstandard1.2)) (&& (== net452) (< net451)) (== netstandard1.6)
      System.Runtime (>= 4.3) - restriction: || (&& (== net40) (>= netstandard1.2)) (&& (== net45) (>= netstandard1.2)) (&& (== net452) (< net451)) (== netstandard1.6)
      System.Runtime.Extensions (>= 4.3) - restriction: || (&& (== net40) (>= netstandard1.2)) (&& (== net45) (>= netstandard1.2)) (&& (== net452) (< net451)) (== netstandard1.6)
      System.Text.RegularExpressions (>= 4.3) - restriction: || (&& (== net40) (>= netstandard1.2)) (&& (== net45) (>= netstandard1.2)) (&& (== net452) (< net451)) (== netstandard1.6)
      System.Threading.Tasks (>= 4.3) - restriction: || (&& (== net40) (>= netstandard1.2)) (&& (== net45) (>= netstandard1.2)) (&& (== net452) (< net451)) (== netstandard1.6)
    System.Diagnostics.Contracts (4.3) - restriction: || (&& (== net40) (== net45) (>= netstandard1.3)) (&& (== net40) (== net45) (>= netstandard1.6)) (&& (== net40) (== net451) (>= netstandard1.3)) (&& (== net40) (== net451) (>= netstandard1.6)) (&& (== net40) (== net452) (>= netstandard1.3)) (&& (== net40) (== net452) (>= netstandard1.6)) (&& (== net40) (== netstandard1.6)) (&& (== net40) (>= net45) (>= netstandard1.3)) (&& (== net40) (>= netstandard1.6)) (&& (== net45) (== netstandard1.6)) (&& (== net451) (== net452) (< net45) (>= netstandard1.3)) (&& (== net451) (== netstandard1.6)) (&& (== net451) (< net45) (>= netstandard1.3)) (&& (== net452) (== netstandard1.6)) (&& (== net452) (< net45) (>= netstandard1.3)) (== netstandard1.6)
      System.Runtime (>= 4.3) - restriction: || (&& (== net40) (>= dnxcore50)) (&& (== net40) (>= netstandard1.0)) (&& (== net45) (>= dnxcore50)) (&& (== net451) (< net45)) (&& (== net451) (>= dnxcore50)) (&& (== net452) (< net45)) (&& (== net452) (>= dnxcore50)) (== netstandard1.6)
    System.Diagnostics.Debug (4.3) - restriction: || (&& (== net40) (< net20) (>= netstandard1.3)) (&& (== net40) (>= dnxcore50)) (&& (== net40) (>= netstandard1.6)) (&& (== net45) (< net20) (>= netstandard1.3)) (&& (== net45) (>= dnxcore50)) (&& (== net45) (>= netstandard1.6)) (&& (== net451) (< net20) (>= netstandard1.3)) (&& (== net451) (>= dnxcore50)) (&& (== net451) (>= netstandard1.6)) (&& (== net452) (< net20) (>= netstandard1.3)) (&& (== net452) (>= dnxcore50)) (&& (== net452) (>= netstandard1.6)) (== netstandard1.6)
      Microsoft.NETCore.Platforms (>= 1.1) - restriction: || (&& (== net40) (>= dnxcore50)) (&& (== net40) (>= netstandard1.0)) (&& (== net40) (>= netstandard1.3)) (&& (== net45) (>= dnxcore50)) (&& (== net451) (< net45)) (&& (== net451) (>= dnxcore50)) (&& (== net452) (< net45)) (&& (== net452) (>= dnxcore50)) (== netstandard1.6)
      Microsoft.NETCore.Targets (>= 1.1) - restriction: || (&& (== net40) (>= dnxcore50)) (&& (== net40) (>= netstandard1.0)) (&& (== net40) (>= netstandard1.3)) (&& (== net45) (>= dnxcore50)) (&& (== net451) (< net45)) (&& (== net451) (>= dnxcore50)) (&& (== net452) (< net45)) (&& (== net452) (>= dnxcore50)) (== netstandard1.6)
      System.Runtime (>= 4.3) - restriction: || (&& (== net40) (>= dnxcore50)) (&& (== net40) (>= netstandard1.0)) (&& (== net40) (>= netstandard1.3)) (&& (== net45) (>= dnxcore50)) (&& (== net451) (< net45)) (&& (== net451) (>= dnxcore50)) (&& (== net452) (< net45)) (&& (== net452) (>= dnxcore50)) (== netstandard1.6)
    System.Diagnostics.DiagnosticSource (4.4.1) - restriction: || (&& (== net40) (== net45) (>= netstandard1.6)) (&& (== net40) (== net451) (>= netstandard1.6)) (&& (== net40) (== net452) (>= netstandard1.6)) (&& (== net40) (== netstandard1.6)) (&& (== net40) (>= netstandard1.6)) (&& (== net45) (== net451) (>= netstandard1.6)) (&& (== net45) (== net452) (>= netstandard1.6)) (&& (== net45) (== netstandard1.6)) (&& (== net45) (>= netstandard1.6)) (&& (== net451) (== net452) (>= netstandard1.6)) (&& (== net451) (== netstandard1.6)) (&& (== net451) (>= netstandard1.6)) (&& (== net452) (== netstandard1.6)) (&& (== net452) (>= netstandard1.6)) (== netstandard1.6)
      System.Collections (>= 4.3) - restriction: || (&& (== net40) (>= netstandard1.1)) (&& (== net40) (>= netstandard1.3)) (&& (== net451) (< net45)) (&& (== net452) (< net45)) (== netstandard1.6)
      System.Diagnostics.Debug (>= 4.3) - restriction: || (&& (== net40) (>= netstandard1.3)) (&& (== net451) (< net45) (>= netstandard1.3)) (&& (== net452) (< net45) (>= netstandard1.3)) (== netstandard1.6)
      System.Diagnostics.Tracing (>= 4.3) - restriction: || (&& (== net40) (>= netstandard1.1)) (&& (== net40) (>= netstandard1.3)) (&& (== net451) (< net45)) (&& (== net452) (< net45)) (== netstandard1.6)
      System.Reflection (>= 4.3) - restriction: || (&& (== net40) (>= netstandard1.1)) (&& (== net40) (>= netstandard1.3)) (&& (== net451) (< net45)) (&& (== net452) (< net45)) (== netstandard1.6)
      System.Runtime (>= 4.3) - restriction: || (&& (== net40) (>= netstandard1.1)) (&& (== net40) (>= netstandard1.3)) (&& (== net451) (< net45)) (&& (== net452) (< net45)) (== netstandard1.6)
      System.Runtime.Extensions (>= 4.3) - restriction: || (&& (== net40) (>= netstandard1.3)) (&& (== net451) (< net45) (>= netstandard1.3)) (&& (== net452) (< net45) (>= netstandard1.3)) (== netstandard1.6)
      System.Threading (>= 4.3) - restriction: || (&& (== net40) (>= netstandard1.1)) (&& (== net40) (>= netstandard1.3)) (&& (== net451) (< net45)) (&& (== net452) (< net45)) (== netstandard1.6)
    System.Diagnostics.StackTrace (4.3) - restriction: || (&& (== net40) (== net45) (>= netstandard1.3)) (&& (== net40) (== net45) (>= netstandard1.6)) (&& (== net40) (== net451) (>= netstandard1.3)) (&& (== net40) (== net451) (>= netstandard1.6)) (&& (== net40) (== net452) (>= netstandard1.3)) (&& (== net40) (== net452) (>= netstandard1.6)) (&& (== net40) (== netstandard1.6)) (&& (== net40) (>= net45) (>= netstandard1.3)) (&& (== net40) (>= netstandard1.6)) (&& (== net45) (== netstandard1.6)) (&& (== net451) (== net452) (< net45) (>= netstandard1.3)) (&& (== net451) (== netstandard1.6)) (&& (== net451) (< net45) (>= netstandard1.3)) (&& (== net452) (== netstandard1.6)) (&& (== net452) (< net45) (>= netstandard1.3)) (== netstandard1.6)
      System.IO.FileSystem (>= 4.3) - restriction: || (&& (== net40) (>= netstandard1.3)) (&& (== net45) (>= netstandard1.3)) (&& (== net451) (>= netstandard1.3)) (&& (== net452) (>= netstandard1.3)) (== netstandard1.6)
      System.Reflection (>= 4.3) - restriction: || (&& (== net40) (>= netstandard1.3)) (&& (== net45) (>= netstandard1.3)) (&& (== net451) (>= netstandard1.3)) (&& (== net452) (>= netstandard1.3)) (== netstandard1.6)
      System.Reflection.Metadata (>= 1.4.1) - restriction: || (&& (== net40) (>= netstandard1.3)) (&& (== net45) (>= netstandard1.3)) (&& (== net451) (>= netstandard1.3)) (&& (== net452) (>= netstandard1.3)) (== netstandard1.6)
      System.Runtime (>= 4.3) - restriction: || (&& (== net40) (>= netstandard1.3)) (&& (== net45) (>= netstandard1.3)) (&& (== net451) (>= netstandard1.3)) (&& (== net452) (>= netstandard1.3)) (== netstandard1.6)
    System.Diagnostics.Tools (4.3) - restriction: || (&& (== net40) (>= netstandard1.6)) (&& (== net45) (>= netstandard1.6)) (&& (== net451) (>= netstandard1.6)) (&& (== net452) (>= netstandard1.6)) (== netstandard1.6)
      Microsoft.NETCore.Platforms (>= 1.1) - restriction: || (&& (== net40) (>= dnxcore50)) (&& (== net40) (>= netstandard1.0)) (&& (== net45) (>= dnxcore50)) (&& (== net451) (< net45)) (&& (== net451) (>= dnxcore50)) (&& (== net452) (< net45)) (&& (== net452) (>= dnxcore50)) (== netstandard1.6)
      Microsoft.NETCore.Targets (>= 1.1) - restriction: || (&& (== net40) (>= dnxcore50)) (&& (== net40) (>= netstandard1.0)) (&& (== net45) (>= dnxcore50)) (&& (== net451) (< net45)) (&& (== net451) (>= dnxcore50)) (&& (== net452) (< net45)) (&& (== net452) (>= dnxcore50)) (== netstandard1.6)
      System.Runtime (>= 4.3) - restriction: || (&& (== net40) (>= dnxcore50)) (&& (== net40) (>= netstandard1.0)) (&& (== net45) (>= dnxcore50)) (&& (== net451) (< net45)) (&& (== net451) (>= dnxcore50)) (&& (== net452) (< net45)) (&& (== net452) (>= dnxcore50)) (== netstandard1.6)
    System.Diagnostics.TraceSource (4.3) - restriction: || (&& (== net40) (== net45) (>= netstandard1.6)) (&& (== net40) (== net451) (>= netstandard1.6)) (&& (== net40) (== net452) (>= netstandard1.6)) (&& (== net40) (== netstandard1.6)) (&& (== net40) (>= netstandard1.6)) (&& (== net45) (== net451) (>= netstandard1.6)) (&& (== net45) (== net452) (>= netstandard1.6)) (&& (== net45) (== netstandard1.6)) (&& (== net45) (>= netstandard1.6)) (&& (== net451) (== net452) (>= netstandard1.6)) (&& (== net451) (== netstandard1.6)) (&& (== net451) (>= netstandard1.6)) (&& (== net452) (== netstandard1.6)) (&& (== net452) (>= netstandard1.6)) (== netstandard1.6)
      Microsoft.NETCore.Platforms (>= 1.1) - restriction: || (&& (== net40) (>= netstandard1.3)) (&& (== net45) (>= netstandard1.3)) (&& (== net451) (>= netstandard1.3)) (&& (== net452) (>= netstandard1.3)) (== netstandard1.6)
      runtime.native.System (>= 4.3) - restriction: || (&& (== net40) (>= netstandard1.3)) (&& (== net45) (>= netstandard1.3)) (&& (== net451) (>= netstandard1.3)) (&& (== net452) (>= netstandard1.3)) (== netstandard1.6)
      System.Collections (>= 4.3) - restriction: || (&& (== net40) (>= netstandard1.3)) (&& (== net45) (>= netstandard1.3)) (&& (== net451) (>= netstandard1.3)) (&& (== net452) (>= netstandard1.3)) (== netstandard1.6)
      System.Diagnostics.Debug (>= 4.3) - restriction: || (&& (== net40) (>= netstandard1.3)) (&& (== net45) (>= netstandard1.3)) (&& (== net451) (>= netstandard1.3)) (&& (== net452) (>= netstandard1.3)) (== netstandard1.6)
      System.Globalization (>= 4.3) - restriction: || (&& (== net40) (>= netstandard1.3)) (&& (== net45) (>= netstandard1.3)) (&& (== net451) (>= netstandard1.3)) (&& (== net452) (>= netstandard1.3)) (== netstandard1.6)
      System.Resources.ResourceManager (>= 4.3) - restriction: || (&& (== net40) (>= netstandard1.3)) (&& (== net45) (>= netstandard1.3)) (&& (== net451) (>= netstandard1.3)) (&& (== net452) (>= netstandard1.3)) (== netstandard1.6)
      System.Runtime (>= 4.3) - restriction: || (&& (== net40) (>= netstandard1.3)) (&& (== net45) (>= netstandard1.3)) (&& (== net451) (>= netstandard1.3)) (&& (== net452) (>= netstandard1.3)) (== netstandard1.6)
      System.Runtime.Extensions (>= 4.3) - restriction: || (&& (== net40) (>= netstandard1.3)) (&& (== net45) (>= netstandard1.3)) (&& (== net451) (>= netstandard1.3)) (&& (== net452) (>= netstandard1.3)) (== netstandard1.6)
      System.Threading (>= 4.3) - restriction: || (&& (== net40) (>= netstandard1.3)) (&& (== net45) (>= netstandard1.3)) (&& (== net451) (>= netstandard1.3)) (&& (== net452) (>= netstandard1.3)) (== netstandard1.6)
    System.Diagnostics.Tracing (4.3) - restriction: || (&& (== net40) (== net45) (>= netstandard1.3)) (&& (== net40) (== net451) (>= netstandard1.3)) (&& (== net40) (== net452) (>= netstandard1.3)) (&& (== net40) (>= net45) (>= netstandard1.3)) (&& (== net40) (>= netstandard1.6)) (&& (== net45) (>= netstandard1.6)) (&& (== net451) (< net45) (>= netstandard1.3)) (&& (== net451) (>= netstandard1.6)) (&& (== net452) (< net45) (>= netstandard1.3)) (&& (== net452) (>= netstandard1.6)) (== netstandard1.6)
      Microsoft.NETCore.Platforms (>= 1.1) - restriction: || (&& (== net40) (>= dnxcore50)) (&& (== net40) (>= netstandard1.1)) (&& (== net40) (>= netstandard1.2)) (&& (== net40) (>= netstandard1.3)) (&& (== net40) (>= netstandard1.5)) (&& (== net45) (>= dnxcore50)) (&& (== net451) (< net45)) (&& (== net451) (>= dnxcore50)) (&& (== net452) (< net45)) (&& (== net452) (>= dnxcore50)) (== netstandard1.6)
      Microsoft.NETCore.Targets (>= 1.1) - restriction: || (&& (== net40) (>= dnxcore50)) (&& (== net40) (>= netstandard1.1)) (&& (== net40) (>= netstandard1.2)) (&& (== net40) (>= netstandard1.3)) (&& (== net40) (>= netstandard1.5)) (&& (== net45) (>= dnxcore50)) (&& (== net451) (< net45)) (&& (== net451) (>= dnxcore50)) (&& (== net452) (< net45)) (&& (== net452) (>= dnxcore50)) (== netstandard1.6)
      System.Runtime (>= 4.3) - restriction: || (&& (== net40) (>= dnxcore50)) (&& (== net40) (>= netstandard1.1)) (&& (== net40) (>= netstandard1.2)) (&& (== net40) (>= netstandard1.3)) (&& (== net40) (>= netstandard1.5)) (&& (== net45) (>= dnxcore50)) (&& (== net451) (< net45)) (&& (== net451) (>= dnxcore50)) (&& (== net452) (< net45)) (&& (== net452) (>= dnxcore50)) (== netstandard1.6)
    System.Dynamic.Runtime (4.3) - restriction: || (&& (== net40) (== net45) (< net20)) (&& (== net40) (== net45) (>= dnxcore50)) (&& (== net40) (== net451) (< net20)) (&& (== net40) (== net451) (>= dnxcore50)) (&& (== net40) (== net452) (< net20)) (&& (== net40) (== net452) (>= dnxcore50)) (&& (== net40) (== netstandard1.6)) (&& (== net40) (< net20) (>= netstandard1.0)) (&& (== net40) (< net20) (>= netstandard1.3)) (&& (== net40) (>= dnxcore50) (>= netstandard1.0)) (&& (== net40) (>= dnxcore50) (>= netstandard1.3)) (&& (== net45) (== net451) (< net20)) (&& (== net45) (== net451) (>= dnxcore50)) (&& (== net45) (== net452) (< net20)) (&& (== net45) (== net452) (>= dnxcore50)) (&& (== net45) (== netstandard1.6)) (&& (== net45) (< net20)) (&& (== net45) (>= dnxcore50)) (&& (== net451) (== net452) (< net20)) (&& (== net451) (== net452) (>= dnxcore50)) (&& (== net451) (== netstandard1.6)) (&& (== net451) (< net20)) (&& (== net451) (>= dnxcore50)) (&& (== net452) (== netstandard1.6)) (&& (== net452) (< net20)) (&& (== net452) (>= dnxcore50)) (== netstandard1.6)
      System.Collections (>= 4.3) - restriction: || (&& (== net40) (>= dnxcore50)) (&& (== net40) (>= netstandard1.3)) (&& (== net45) (>= dnxcore50)) (&& (== net451) (< net45) (>= netstandard1.3)) (&& (== net451) (>= dnxcore50)) (&& (== net452) (< net45) (>= netstandard1.3)) (&& (== net452) (>= dnxcore50)) (== netstandard1.6)
      System.Diagnostics.Debug (>= 4.3) - restriction: || (&& (== net40) (>= dnxcore50)) (&& (== net40) (>= netstandard1.3)) (&& (== net45) (>= dnxcore50)) (&& (== net451) (< net45) (>= netstandard1.3)) (&& (== net451) (>= dnxcore50)) (&& (== net452) (< net45) (>= netstandard1.3)) (&& (== net452) (>= dnxcore50)) (== netstandard1.6)
      System.Linq (>= 4.3) - restriction: || (&& (== net40) (>= dnxcore50)) (&& (== net40) (>= netstandard1.3)) (&& (== net45) (>= dnxcore50)) (&& (== net451) (< net45) (>= netstandard1.3)) (&& (== net451) (>= dnxcore50)) (&& (== net452) (< net45) (>= netstandard1.3)) (&& (== net452) (>= dnxcore50)) (== netstandard1.6)
      System.Linq.Expressions (>= 4.3) - restriction: || (&& (== net40) (>= dnxcore50)) (&& (== net40) (>= netstandard1.0)) (&& (== net40) (>= netstandard1.3)) (&& (== net45) (>= dnxcore50)) (&& (== net451) (< net45)) (&& (== net451) (>= dnxcore50)) (&& (== net452) (< net45)) (&& (== net452) (>= dnxcore50)) (== netstandard1.6)
      System.ObjectModel (>= 4.3) - restriction: || (&& (== net40) (>= dnxcore50)) (&& (== net40) (>= netstandard1.0)) (&& (== net40) (>= netstandard1.3)) (&& (== net45) (>= dnxcore50)) (&& (== net451) (< net45)) (&& (== net451) (>= dnxcore50)) (&& (== net452) (< net45)) (&& (== net452) (>= dnxcore50)) (== netstandard1.6)
      System.Reflection (>= 4.3) - restriction: || (&& (== net40) (>= dnxcore50)) (&& (== net40) (>= netstandard1.0)) (&& (== net40) (>= netstandard1.3)) (&& (== net45) (>= dnxcore50)) (&& (== net451) (< net45)) (&& (== net451) (>= dnxcore50)) (&& (== net452) (< net45)) (&& (== net452) (>= dnxcore50)) (== netstandard1.6)
      System.Reflection.Emit (>= 4.3) - restriction: || (&& (== net40) (>= netstandard1.3)) (&& (== net451) (< net45) (>= netstandard1.3)) (&& (== net452) (< net45) (>= netstandard1.3)) (== netstandard1.6)
      System.Reflection.Emit.ILGeneration (>= 4.3) - restriction: || (&& (== net40) (>= netstandard1.3)) (&& (== net451) (< net45) (>= netstandard1.3)) (&& (== net452) (< net45) (>= netstandard1.3)) (== netstandard1.6)
      System.Reflection.Primitives (>= 4.3) - restriction: || (&& (== net40) (>= netstandard1.3)) (&& (== net451) (< net45) (>= netstandard1.3)) (&& (== net452) (< net45) (>= netstandard1.3)) (== netstandard1.6)
      System.Reflection.TypeExtensions (>= 4.3) - restriction: || (&& (== net40) (>= dnxcore50)) (&& (== net40) (>= netstandard1.3)) (&& (== net45) (>= dnxcore50)) (&& (== net451) (< net45) (>= netstandard1.3)) (&& (== net451) (>= dnxcore50)) (&& (== net452) (< net45) (>= netstandard1.3)) (&& (== net452) (>= dnxcore50)) (== netstandard1.6)
      System.Resources.ResourceManager (>= 4.3) - restriction: || (&& (== net40) (>= dnxcore50)) (&& (== net40) (>= netstandard1.3)) (&& (== net45) (>= dnxcore50)) (&& (== net451) (< net45) (>= netstandard1.3)) (&& (== net451) (>= dnxcore50)) (&& (== net452) (< net45) (>= netstandard1.3)) (&& (== net452) (>= dnxcore50)) (== netstandard1.6)
      System.Runtime (>= 4.3) - restriction: || (&& (== net40) (>= dnxcore50)) (&& (== net40) (>= netstandard1.0)) (&& (== net40) (>= netstandard1.3)) (&& (== net45) (>= dnxcore50)) (&& (== net451) (< net45)) (&& (== net451) (>= dnxcore50)) (&& (== net452) (< net45)) (&& (== net452) (>= dnxcore50)) (== netstandard1.6)
      System.Runtime.Extensions (>= 4.3) - restriction: || (&& (== net40) (>= dnxcore50)) (&& (== net40) (>= netstandard1.3)) (&& (== net45) (>= dnxcore50)) (&& (== net451) (< net45) (>= netstandard1.3)) (&& (== net451) (>= dnxcore50)) (&& (== net452) (< net45) (>= netstandard1.3)) (&& (== net452) (>= dnxcore50)) (== netstandard1.6)
      System.Threading (>= 4.3) - restriction: || (&& (== net40) (>= dnxcore50)) (&& (== net40) (>= netstandard1.3)) (&& (== net45) (>= dnxcore50)) (&& (== net451) (< net45) (>= netstandard1.3)) (&& (== net451) (>= dnxcore50)) (&& (== net452) (< net45) (>= netstandard1.3)) (&& (== net452) (>= dnxcore50)) (== netstandard1.6)
    System.Globalization (4.3) - restriction: || (&& (== net40) (< net20) (>= netstandard1.0)) (&& (== net40) (< net20) (>= netstandard1.3)) (&& (== net40) (< net20) (>= netstandard1.5)) (&& (== net40) (>= dnxcore50)) (&& (== net40) (>= netstandard1.6)) (&& (== net45) (< net20)) (&& (== net45) (>= dnxcore50)) (&& (== net45) (>= netstandard1.6)) (&& (== net451) (< net20)) (&& (== net451) (>= dnxcore50)) (&& (== net451) (>= netstandard1.6)) (&& (== net452) (< net20)) (&& (== net452) (>= dnxcore50)) (&& (== net452) (>= netstandard1.6)) (== netstandard1.6)
      Microsoft.NETCore.Platforms (>= 1.1) - restriction: || (&& (== net40) (>= dnxcore50)) (&& (== net40) (>= netstandard1.0)) (&& (== net40) (>= netstandard1.3)) (&& (== net45) (>= dnxcore50)) (&& (== net451) (< net45)) (&& (== net451) (>= dnxcore50)) (&& (== net452) (< net45)) (&& (== net452) (>= dnxcore50)) (== netstandard1.6)
      Microsoft.NETCore.Targets (>= 1.1) - restriction: || (&& (== net40) (>= dnxcore50)) (&& (== net40) (>= netstandard1.0)) (&& (== net40) (>= netstandard1.3)) (&& (== net45) (>= dnxcore50)) (&& (== net451) (< net45)) (&& (== net451) (>= dnxcore50)) (&& (== net452) (< net45)) (&& (== net452) (>= dnxcore50)) (== netstandard1.6)
      System.Runtime (>= 4.3) - restriction: || (&& (== net40) (>= dnxcore50)) (&& (== net40) (>= netstandard1.0)) (&& (== net40) (>= netstandard1.3)) (&& (== net45) (>= dnxcore50)) (&& (== net451) (< net45)) (&& (== net451) (>= dnxcore50)) (&& (== net452) (< net45)) (&& (== net452) (>= dnxcore50)) (== netstandard1.6)
    System.Globalization.Calendars (4.3) - restriction: || (&& (== net40) (== net45) (>= netstandard1.6)) (&& (== net40) (== net451) (>= netstandard1.6)) (&& (== net40) (== net452) (>= netstandard1.6)) (&& (== net40) (== netstandard1.6)) (&& (== net40) (>= netstandard1.6)) (&& (== net45) (== net451) (>= netstandard1.6)) (&& (== net45) (== net452) (>= netstandard1.6)) (&& (== net45) (== netstandard1.6)) (&& (== net45) (>= netstandard1.6)) (&& (== net451) (== net452) (>= netstandard1.6)) (&& (== net451) (== netstandard1.6)) (&& (== net451) (>= netstandard1.6)) (&& (== net452) (== netstandard1.6)) (&& (== net452) (>= netstandard1.6)) (== netstandard1.6)
      Microsoft.NETCore.Platforms (>= 1.1) - restriction: || (&& (== net40) (>= netstandard1.3)) (&& (== net45) (>= netstandard1.3)) (&& (== net451) (>= netstandard1.3)) (&& (== net452) (>= netstandard1.3)) (== netstandard1.6)
      Microsoft.NETCore.Targets (>= 1.1) - restriction: || (&& (== net40) (>= netstandard1.3)) (&& (== net45) (>= netstandard1.3)) (&& (== net451) (>= netstandard1.3)) (&& (== net452) (>= netstandard1.3)) (== netstandard1.6)
      System.Globalization (>= 4.3) - restriction: || (&& (== net40) (>= netstandard1.3)) (&& (== net45) (>= netstandard1.3)) (&& (== net451) (>= netstandard1.3)) (&& (== net452) (>= netstandard1.3)) (== netstandard1.6)
      System.Runtime (>= 4.3) - restriction: || (&& (== net40) (>= netstandard1.3)) (&& (== net45) (>= netstandard1.3)) (&& (== net451) (>= netstandard1.3)) (&& (== net452) (>= netstandard1.3)) (== netstandard1.6)
    System.Globalization.Extensions (4.3) - restriction: || (&& (== net40) (== net45) (>= netstandard1.3)) (&& (== net40) (== net451) (>= netstandard1.3)) (&& (== net40) (== net452) (>= netstandard1.3)) (&& (== net40) (>= net45) (>= netstandard1.3)) (&& (== net40) (>= netstandard1.6)) (&& (== net45) (>= netstandard1.6)) (&& (== net451) (< net45) (>= netstandard1.3)) (&& (== net451) (>= netstandard1.6)) (&& (== net452) (< net45) (>= netstandard1.3)) (&& (== net452) (>= netstandard1.6)) (== netstandard1.6)
      Microsoft.NETCore.Platforms (>= 1.1) - restriction: || (&& (== net40) (>= netstandard1.3)) (&& (== net45) (>= netstandard1.3)) (&& (== net451) (>= netstandard1.3)) (&& (== net452) (>= netstandard1.3)) (== netstandard1.6)
      System.Globalization (>= 4.3) - restriction: || (&& (== net40) (>= netstandard1.3)) (&& (== net45) (>= netstandard1.3)) (&& (== net451) (>= netstandard1.3)) (&& (== net452) (>= netstandard1.3)) (== netstandard1.6)
      System.Resources.ResourceManager (>= 4.3) - restriction: || (&& (== net40) (>= netstandard1.3)) (&& (== net45) (>= netstandard1.3)) (&& (== net451) (>= netstandard1.3)) (&& (== net452) (>= netstandard1.3)) (== netstandard1.6)
      System.Runtime (>= 4.3) - restriction: || (&& (== net40) (>= netstandard1.3)) (&& (== net45) (>= netstandard1.3)) (&& (== net451) (>= netstandard1.3)) (&& (== net452) (>= netstandard1.3)) (== netstandard1.6)
      System.Runtime.Extensions (>= 4.3) - restriction: || (&& (== net40) (>= netstandard1.3)) (&& (== net45) (>= netstandard1.3)) (&& (== net451) (>= netstandard1.3)) (&& (== net452) (>= netstandard1.3)) (== netstandard1.6)
      System.Runtime.InteropServices (>= 4.3) - restriction: || (&& (== net40) (>= netstandard1.3)) (&& (== net45) (>= netstandard1.3)) (&& (== net451) (>= netstandard1.3)) (&& (== net452) (>= netstandard1.3)) (== netstandard1.6)
    System.IO (4.3) - restriction: || (&& (== net40) (< net20) (>= netstandard1.3)) (&& (== net40) (>= dnxcore50)) (&& (== net40) (>= netstandard1.6)) (&& (== net45) (< net20) (>= netstandard1.3)) (&& (== net45) (>= dnxcore50)) (&& (== net45) (>= netstandard1.6)) (&& (== net451) (< net20) (>= netstandard1.3)) (&& (== net451) (>= dnxcore50)) (&& (== net451) (>= netstandard1.6)) (&& (== net452) (< net20) (>= netstandard1.3)) (&& (== net452) (>= dnxcore50)) (&& (== net452) (>= netstandard1.6)) (== netstandard1.6)
      Microsoft.NETCore.Platforms (>= 1.1) - restriction: || (&& (== net40) (>= dnxcore50)) (&& (== net40) (>= netstandard1.0)) (&& (== net40) (>= netstandard1.3)) (&& (== net40) (>= netstandard1.5)) (&& (== net45) (>= dnxcore50)) (&& (== net451) (< net45)) (&& (== net451) (>= dnxcore50)) (&& (== net452) (< net45)) (&& (== net452) (>= dnxcore50)) (== netstandard1.6)
      Microsoft.NETCore.Targets (>= 1.1) - restriction: || (&& (== net40) (>= dnxcore50)) (&& (== net40) (>= netstandard1.0)) (&& (== net40) (>= netstandard1.3)) (&& (== net40) (>= netstandard1.5)) (&& (== net45) (>= dnxcore50)) (&& (== net451) (< net45)) (&& (== net451) (>= dnxcore50)) (&& (== net452) (< net45)) (&& (== net452) (>= dnxcore50)) (== netstandard1.6)
      System.Runtime (>= 4.3) - restriction: || (&& (== net40) (>= dnxcore50)) (&& (== net40) (>= netstandard1.0)) (&& (== net40) (>= netstandard1.3)) (&& (== net40) (>= netstandard1.5)) (&& (== net45) (>= dnxcore50)) (&& (== net451) (< net45)) (&& (== net451) (>= dnxcore50)) (&& (== net452) (< net45)) (&& (== net452) (>= dnxcore50)) (== netstandard1.6)
      System.Text.Encoding (>= 4.3) - restriction: || (&& (== net40) (>= dnxcore50)) (&& (== net40) (>= netstandard1.0)) (&& (== net40) (>= netstandard1.3)) (&& (== net40) (>= netstandard1.5)) (&& (== net45) (>= dnxcore50)) (&& (== net451) (< net45)) (&& (== net451) (>= dnxcore50)) (&& (== net452) (< net45)) (&& (== net452) (>= dnxcore50)) (== netstandard1.6)
      System.Threading.Tasks (>= 4.3) - restriction: || (&& (== net40) (>= dnxcore50)) (&& (== net40) (>= netstandard1.0)) (&& (== net40) (>= netstandard1.3)) (&& (== net40) (>= netstandard1.5)) (&& (== net45) (>= dnxcore50)) (&& (== net451) (< net45)) (&& (== net451) (>= dnxcore50)) (&& (== net452) (< net45)) (&& (== net452) (>= dnxcore50)) (== netstandard1.6)
    System.IO.Compression (4.3) - restriction: || (&& (== net40) (== net45) (>= netstandard1.6)) (&& (== net40) (== net451) (>= netstandard1.6)) (&& (== net40) (== net452) (>= netstandard1.6)) (&& (== net40) (== netstandard1.6)) (&& (== net40) (>= netstandard1.6)) (&& (== net45) (== net451) (>= netstandard1.6)) (&& (== net45) (== net452) (>= netstandard1.6)) (&& (== net45) (== netstandard1.6)) (&& (== net45) (>= netstandard1.6)) (&& (== net451) (== net452) (>= netstandard1.6)) (&& (== net451) (== netstandard1.6)) (&& (== net451) (>= netstandard1.6)) (&& (== net452) (== netstandard1.6)) (&& (== net452) (>= netstandard1.6)) (== netstandard1.6)
      Microsoft.NETCore.Platforms (>= 1.1) - restriction: || (&& (== net40) (>= netstandard1.3)) (&& (== net451) (< net45) (>= netstandard1.3)) (&& (== net452) (< net45) (>= netstandard1.3)) (== netstandard1.6)
      runtime.native.System (>= 4.3) - restriction: || (&& (== net40) (>= netstandard1.3)) (&& (== net451) (< net45) (>= netstandard1.3)) (&& (== net452) (< net45) (>= netstandard1.3)) (== netstandard1.6)
      runtime.native.System.IO.Compression (>= 4.3) - restriction: || (&& (== net40) (>= dnxcore50)) (&& (== net40) (>= netstandard1.3)) (&& (== net45) (>= dnxcore50)) (&& (== net451) (< net45) (>= netstandard1.3)) (&& (== net451) (>= dnxcore50)) (&& (== net452) (< net45) (>= netstandard1.3)) (&& (== net452) (>= dnxcore50)) (== netstandard1.6)
      System.Buffers (>= 4.3) - restriction: || (&& (== net40) (>= dnxcore50)) (&& (== net40) (>= netstandard1.3)) (&& (== net45) (>= dnxcore50)) (&& (== net451) (< net45) (>= netstandard1.3)) (&& (== net451) (>= dnxcore50)) (&& (== net452) (< net45) (>= netstandard1.3)) (&& (== net452) (>= dnxcore50)) (== netstandard1.6)
      System.Collections (>= 4.3) - restriction: || (&& (== net40) (>= dnxcore50)) (&& (== net40) (>= netstandard1.3)) (&& (== net45) (>= dnxcore50)) (&& (== net451) (< net45) (>= netstandard1.3)) (&& (== net451) (>= dnxcore50)) (&& (== net452) (< net45) (>= netstandard1.3)) (&& (== net452) (>= dnxcore50)) (== netstandard1.6)
      System.Diagnostics.Debug (>= 4.3) - restriction: || (&& (== net40) (>= dnxcore50)) (&& (== net40) (>= netstandard1.3)) (&& (== net45) (>= dnxcore50)) (&& (== net451) (< net45) (>= netstandard1.3)) (&& (== net451) (>= dnxcore50)) (&& (== net452) (< net45) (>= netstandard1.3)) (&& (== net452) (>= dnxcore50)) (== netstandard1.6)
      System.IO (>= 4.3) - restriction: || (&& (== net40) (>= dnxcore50)) (&& (== net40) (>= netstandard1.1)) (&& (== net40) (>= netstandard1.3)) (&& (== net45) (>= dnxcore50)) (&& (== net451) (< net45)) (&& (== net451) (>= dnxcore50)) (&& (== net452) (< net45)) (&& (== net452) (>= dnxcore50)) (== netstandard1.6)
      System.Resources.ResourceManager (>= 4.3) - restriction: || (&& (== net40) (>= dnxcore50)) (&& (== net40) (>= netstandard1.3)) (&& (== net45) (>= dnxcore50)) (&& (== net451) (< net45) (>= netstandard1.3)) (&& (== net451) (>= dnxcore50)) (&& (== net452) (< net45) (>= netstandard1.3)) (&& (== net452) (>= dnxcore50)) (== netstandard1.6)
      System.Runtime (>= 4.3) - restriction: || (&& (== net40) (>= dnxcore50)) (&& (== net40) (>= netstandard1.1)) (&& (== net40) (>= netstandard1.3)) (&& (== net45) (>= dnxcore50)) (&& (== net451) (< net45)) (&& (== net451) (>= dnxcore50)) (&& (== net452) (< net45)) (&& (== net452) (>= dnxcore50)) (== netstandard1.6)
      System.Runtime.Extensions (>= 4.3) - restriction: || (&& (== net40) (>= dnxcore50)) (&& (== net40) (>= netstandard1.3)) (&& (== net45) (>= dnxcore50)) (&& (== net451) (< net45) (>= netstandard1.3)) (&& (== net451) (>= dnxcore50)) (&& (== net452) (< net45) (>= netstandard1.3)) (&& (== net452) (>= dnxcore50)) (== netstandard1.6)
      System.Runtime.Handles (>= 4.3) - restriction: || (&& (== net40) (>= dnxcore50)) (&& (== net40) (>= netstandard1.3)) (&& (== net45) (>= dnxcore50)) (&& (== net451) (< net45) (>= netstandard1.3)) (&& (== net451) (>= dnxcore50)) (&& (== net452) (< net45) (>= netstandard1.3)) (&& (== net452) (>= dnxcore50)) (== netstandard1.6)
      System.Runtime.InteropServices (>= 4.3) - restriction: || (&& (== net40) (>= dnxcore50)) (&& (== net40) (>= netstandard1.3)) (&& (== net45) (>= dnxcore50)) (&& (== net451) (< net45) (>= netstandard1.3)) (&& (== net451) (>= dnxcore50)) (&& (== net452) (< net45) (>= netstandard1.3)) (&& (== net452) (>= dnxcore50)) (== netstandard1.6)
      System.Text.Encoding (>= 4.3) - restriction: || (&& (== net40) (>= dnxcore50)) (&& (== net40) (>= netstandard1.1)) (&& (== net40) (>= netstandard1.3)) (&& (== net45) (>= dnxcore50)) (&& (== net451) (< net45)) (&& (== net451) (>= dnxcore50)) (&& (== net452) (< net45)) (&& (== net452) (>= dnxcore50)) (== netstandard1.6)
      System.Threading (>= 4.3) - restriction: || (&& (== net40) (>= dnxcore50)) (&& (== net40) (>= netstandard1.3)) (&& (== net45) (>= dnxcore50)) (&& (== net451) (< net45) (>= netstandard1.3)) (&& (== net451) (>= dnxcore50)) (&& (== net452) (< net45) (>= netstandard1.3)) (&& (== net452) (>= dnxcore50)) (== netstandard1.6)
      System.Threading.Tasks (>= 4.3) - restriction: || (&& (== net40) (>= dnxcore50)) (&& (== net40) (>= netstandard1.3)) (&& (== net45) (>= dnxcore50)) (&& (== net451) (< net45) (>= netstandard1.3)) (&& (== net451) (>= dnxcore50)) (&& (== net452) (< net45) (>= netstandard1.3)) (&& (== net452) (>= dnxcore50)) (== netstandard1.6)
    System.IO.Compression.ZipFile (4.3) - restriction: || (&& (== net40) (== net45) (>= netstandard1.6)) (&& (== net40) (== net451) (>= netstandard1.6)) (&& (== net40) (== net452) (>= netstandard1.6)) (&& (== net40) (== netstandard1.6)) (&& (== net40) (>= netstandard1.6)) (&& (== net45) (== net451) (>= netstandard1.6)) (&& (== net45) (== net452) (>= netstandard1.6)) (&& (== net45) (== netstandard1.6)) (&& (== net45) (>= netstandard1.6)) (&& (== net451) (== net452) (>= netstandard1.6)) (&& (== net451) (== netstandard1.6)) (&& (== net451) (>= netstandard1.6)) (&& (== net452) (== netstandard1.6)) (&& (== net452) (>= netstandard1.6)) (== netstandard1.6)
      System.Buffers (>= 4.3) - restriction: || (&& (== net40) (>= netstandard1.3)) (&& (== net45) (>= netstandard1.3)) (&& (== net451) (>= netstandard1.3)) (&& (== net452) (>= netstandard1.3)) (== netstandard1.6)
      System.IO (>= 4.3) - restriction: || (&& (== net40) (>= netstandard1.3)) (&& (== net45) (>= netstandard1.3)) (&& (== net451) (>= netstandard1.3)) (&& (== net452) (>= netstandard1.3)) (== netstandard1.6)
      System.IO.Compression (>= 4.3) - restriction: || (&& (== net40) (>= netstandard1.3)) (&& (== net45) (>= netstandard1.3)) (&& (== net451) (>= netstandard1.3)) (&& (== net452) (>= netstandard1.3)) (== netstandard1.6)
      System.IO.FileSystem (>= 4.3) - restriction: || (&& (== net40) (>= netstandard1.3)) (&& (== net45) (>= netstandard1.3)) (&& (== net451) (>= netstandard1.3)) (&& (== net452) (>= netstandard1.3)) (== netstandard1.6)
      System.IO.FileSystem.Primitives (>= 4.3) - restriction: || (&& (== net40) (>= netstandard1.3)) (&& (== net45) (>= netstandard1.3)) (&& (== net451) (>= netstandard1.3)) (&& (== net452) (>= netstandard1.3)) (== netstandard1.6)
      System.Resources.ResourceManager (>= 4.3) - restriction: || (&& (== net40) (>= netstandard1.3)) (&& (== net45) (>= netstandard1.3)) (&& (== net451) (>= netstandard1.3)) (&& (== net452) (>= netstandard1.3)) (== netstandard1.6)
      System.Runtime (>= 4.3) - restriction: || (&& (== net40) (>= netstandard1.3)) (&& (== net45) (>= netstandard1.3)) (&& (== net451) (>= netstandard1.3)) (&& (== net452) (>= netstandard1.3)) (== netstandard1.6)
      System.Runtime.Extensions (>= 4.3) - restriction: || (&& (== net40) (>= netstandard1.3)) (&& (== net45) (>= netstandard1.3)) (&& (== net451) (>= netstandard1.3)) (&& (== net452) (>= netstandard1.3)) (== netstandard1.6)
      System.Text.Encoding (>= 4.3) - restriction: || (&& (== net40) (>= netstandard1.3)) (&& (== net45) (>= netstandard1.3)) (&& (== net451) (>= netstandard1.3)) (&& (== net452) (>= netstandard1.3)) (== netstandard1.6)
    System.IO.FileSystem (4.3) - restriction: || (&& (== net40) (>= netstandard1.6)) (&& (== net45) (>= netstandard1.6)) (&& (== net451) (>= netstandard1.6)) (&& (== net452) (>= netstandard1.6)) (== netstandard1.6)
      Microsoft.NETCore.Platforms (>= 1.1) - restriction: || (&& (== net40) (>= netstandard1.3)) (&& (== net45) (>= netstandard1.3)) (&& (== net451) (>= netstandard1.3)) (&& (== net452) (>= netstandard1.3)) (== netstandard1.6)
      Microsoft.NETCore.Targets (>= 1.1) - restriction: || (&& (== net40) (>= netstandard1.3)) (&& (== net45) (>= netstandard1.3)) (&& (== net451) (>= netstandard1.3)) (&& (== net452) (>= netstandard1.3)) (== netstandard1.6)
      System.IO (>= 4.3) - restriction: || (&& (== net40) (>= netstandard1.3)) (&& (== net45) (>= netstandard1.3)) (&& (== net451) (>= netstandard1.3)) (&& (== net452) (>= netstandard1.3)) (== netstandard1.6)
      System.IO.FileSystem.Primitives (>= 4.3) - restriction: || (&& (== net40) (>= net46)) (&& (== net40) (>= netstandard1.3)) (&& (== net45) (>= net46)) (&& (== net45) (>= netstandard1.3)) (&& (== net451) (>= net46)) (&& (== net451) (>= netstandard1.3)) (&& (== net452) (>= net46)) (&& (== net452) (>= netstandard1.3)) (== netstandard1.6)
      System.Runtime (>= 4.3) - restriction: || (&& (== net40) (>= netstandard1.3)) (&& (== net45) (>= netstandard1.3)) (&& (== net451) (>= netstandard1.3)) (&& (== net452) (>= netstandard1.3)) (== netstandard1.6)
      System.Runtime.Handles (>= 4.3) - restriction: || (&& (== net40) (>= netstandard1.3)) (&& (== net45) (>= netstandard1.3)) (&& (== net451) (>= netstandard1.3)) (&& (== net452) (>= netstandard1.3)) (== netstandard1.6)
      System.Text.Encoding (>= 4.3) - restriction: || (&& (== net40) (>= netstandard1.3)) (&& (== net45) (>= netstandard1.3)) (&& (== net451) (>= netstandard1.3)) (&& (== net452) (>= netstandard1.3)) (== netstandard1.6)
      System.Threading.Tasks (>= 4.3) - restriction: || (&& (== net40) (>= netstandard1.3)) (&& (== net45) (>= netstandard1.3)) (&& (== net451) (>= netstandard1.3)) (&& (== net452) (>= netstandard1.3)) (== netstandard1.6)
    System.IO.FileSystem.Primitives (4.3) - restriction: || (&& (== net40) (>= netstandard1.6)) (&& (== net45) (>= netstandard1.6)) (&& (== net451) (>= netstandard1.6)) (&& (== net452) (>= netstandard1.6)) (== netstandard1.6)
      System.Runtime (>= 4.3) - restriction: || (&& (== net40) (>= netstandard1.3)) (&& (== net45) (>= netstandard1.3)) (&& (== net451) (>= netstandard1.3)) (&& (== net452) (>= netstandard1.3)) (== netstandard1.6)
    System.Linq (4.3) - restriction: || (&& (== net40) (< net20) (>= netstandard1.5)) (&& (== net40) (>= dnxcore50)) (&& (== net40) (>= netstandard1.6)) (&& (== net45) (< net20) (>= netstandard1.5)) (&& (== net45) (>= dnxcore50)) (&& (== net45) (>= netstandard1.6)) (&& (== net451) (< net20) (>= netstandard1.5)) (&& (== net451) (>= dnxcore50)) (&& (== net451) (>= netstandard1.6)) (&& (== net452) (< net20) (>= netstandard1.5)) (&& (== net452) (>= dnxcore50)) (&& (== net452) (>= netstandard1.6)) (== netstandard1.6)
      System.Collections (>= 4.3) - restriction: || (&& (== net40) (>= dnxcore50)) (&& (== net40) (>= netstandard1.0)) (&& (== net40) (>= netstandard1.6)) (&& (== net45) (>= dnxcore50)) (&& (== net45) (>= netstandard1.6)) (&& (== net451) (< net45)) (&& (== net451) (>= dnxcore50)) (&& (== net451) (>= netstandard1.6)) (&& (== net452) (< net45)) (&& (== net452) (>= dnxcore50)) (&& (== net452) (>= netstandard1.6)) (== netstandard1.6)
      System.Diagnostics.Debug (>= 4.3) - restriction: || (&& (== net40) (>= dnxcore50)) (&& (== net40) (>= netstandard1.6)) (&& (== net45) (>= dnxcore50)) (&& (== net45) (>= netstandard1.6)) (&& (== net451) (>= dnxcore50)) (&& (== net451) (>= netstandard1.6)) (&& (== net452) (>= dnxcore50)) (&& (== net452) (>= netstandard1.6)) (== netstandard1.6)
      System.Resources.ResourceManager (>= 4.3) - restriction: || (&& (== net40) (>= dnxcore50)) (&& (== net40) (>= netstandard1.6)) (&& (== net45) (>= dnxcore50)) (&& (== net45) (>= netstandard1.6)) (&& (== net451) (>= dnxcore50)) (&& (== net451) (>= netstandard1.6)) (&& (== net452) (>= dnxcore50)) (&& (== net452) (>= netstandard1.6)) (== netstandard1.6)
      System.Runtime (>= 4.3) - restriction: || (&& (== net40) (>= dnxcore50)) (&& (== net40) (>= netstandard1.0)) (&& (== net40) (>= netstandard1.6)) (&& (== net45) (>= dnxcore50)) (&& (== net45) (>= netstandard1.6)) (&& (== net451) (< net45)) (&& (== net451) (>= dnxcore50)) (&& (== net451) (>= netstandard1.6)) (&& (== net452) (< net45)) (&& (== net452) (>= dnxcore50)) (&& (== net452) (>= netstandard1.6)) (== netstandard1.6)
      System.Runtime.Extensions (>= 4.3) - restriction: || (&& (== net40) (>= dnxcore50)) (&& (== net40) (>= netstandard1.6)) (&& (== net45) (>= dnxcore50)) (&& (== net45) (>= netstandard1.6)) (&& (== net451) (>= dnxcore50)) (&& (== net451) (>= netstandard1.6)) (&& (== net452) (>= dnxcore50)) (&& (== net452) (>= netstandard1.6)) (== netstandard1.6)
    System.Linq.Expressions (4.3)
      System.Collections (>= 4.3) - restriction: || (&& (== net40) (>= dnxcore50)) (&& (== net40) (>= netstandard1.6)) (&& (== net45) (>= dnxcore50)) (&& (== net45) (>= netstandard1.6)) (&& (== net451) (>= dnxcore50)) (&& (== net451) (>= netstandard1.6)) (&& (== net452) (>= dnxcore50)) (&& (== net452) (>= netstandard1.6)) (== netstandard1.6)
      System.Diagnostics.Debug (>= 4.3) - restriction: || (&& (== net40) (>= dnxcore50)) (&& (== net40) (>= netstandard1.6)) (&& (== net45) (>= dnxcore50)) (&& (== net45) (>= netstandard1.6)) (&& (== net451) (>= dnxcore50)) (&& (== net451) (>= netstandard1.6)) (&& (== net452) (>= dnxcore50)) (&& (== net452) (>= netstandard1.6)) (== netstandard1.6)
      System.Globalization (>= 4.3) - restriction: || (&& (== net40) (>= dnxcore50)) (&& (== net40) (>= netstandard1.6)) (&& (== net45) (>= dnxcore50)) (&& (== net45) (>= netstandard1.6)) (&& (== net451) (>= dnxcore50)) (&& (== net451) (>= netstandard1.6)) (&& (== net452) (>= dnxcore50)) (&& (== net452) (>= netstandard1.6)) (== netstandard1.6)
      System.IO (>= 4.3) - restriction: || (&& (== net40) (>= dnxcore50)) (&& (== net40) (>= netstandard1.6)) (&& (== net45) (>= dnxcore50)) (&& (== net45) (>= netstandard1.6)) (&& (== net451) (>= dnxcore50)) (&& (== net451) (>= netstandard1.6)) (&& (== net452) (>= dnxcore50)) (&& (== net452) (>= netstandard1.6)) (== netstandard1.6)
      System.Linq (>= 4.3) - restriction: || (&& (== net40) (>= dnxcore50)) (&& (== net40) (>= netstandard1.6)) (&& (== net45) (>= dnxcore50)) (&& (== net45) (>= netstandard1.6)) (&& (== net451) (>= dnxcore50)) (&& (== net451) (>= netstandard1.6)) (&& (== net452) (>= dnxcore50)) (&& (== net452) (>= netstandard1.6)) (== netstandard1.6)
      System.ObjectModel (>= 4.3) - restriction: || (&& (== net40) (>= netstandard1.6)) (&& (== net45) (>= netstandard1.6)) (&& (== net451) (>= netstandard1.6)) (&& (== net452) (>= netstandard1.6)) (== netstandard1.6)
      System.Reflection (>= 4.3) - restriction: || (&& (== net40) (>= dnxcore50)) (&& (== net40) (>= netstandard1.0)) (&& (== net40) (>= netstandard1.3)) (&& (== net40) (>= netstandard1.6)) (&& (== net45) (>= dnxcore50)) (&& (== net45) (>= netstandard1.6)) (&& (== net451) (< net45)) (&& (== net451) (>= dnxcore50)) (&& (== net451) (>= netstandard1.6)) (&& (== net452) (< net45)) (&& (== net452) (>= dnxcore50)) (&& (== net452) (>= netstandard1.6)) (== netstandard1.6)
      System.Reflection.Emit (>= 4.3) - restriction: || (&& (== net40) (>= netstandard1.6)) (&& (== net45) (>= netstandard1.6)) (&& (== net451) (>= netstandard1.6)) (&& (== net452) (>= netstandard1.6)) (== netstandard1.6)
      System.Reflection.Emit.ILGeneration (>= 4.3) - restriction: || (&& (== net40) (>= dnxcore50)) (&& (== net40) (>= netstandard1.6)) (&& (== net45) (>= dnxcore50)) (&& (== net45) (>= netstandard1.6)) (&& (== net451) (>= dnxcore50)) (&& (== net451) (>= netstandard1.6)) (&& (== net452) (>= dnxcore50)) (&& (== net452) (>= netstandard1.6)) (== netstandard1.6)
      System.Reflection.Emit.Lightweight (>= 4.3) - restriction: || (&& (== net40) (>= dnxcore50)) (&& (== net40) (>= netstandard1.6)) (&& (== net45) (>= dnxcore50)) (&& (== net45) (>= netstandard1.6)) (&& (== net451) (>= dnxcore50)) (&& (== net451) (>= netstandard1.6)) (&& (== net452) (>= dnxcore50)) (&& (== net452) (>= netstandard1.6)) (== netstandard1.6)
      System.Reflection.Extensions (>= 4.3) - restriction: || (&& (== net40) (>= dnxcore50)) (&& (== net40) (>= netstandard1.6)) (&& (== net45) (>= dnxcore50)) (&& (== net45) (>= netstandard1.6)) (&& (== net451) (>= dnxcore50)) (&& (== net451) (>= netstandard1.6)) (&& (== net452) (>= dnxcore50)) (&& (== net452) (>= netstandard1.6)) (== netstandard1.6)
      System.Reflection.Primitives (>= 4.3) - restriction: || (&& (== net40) (>= dnxcore50)) (&& (== net40) (>= netstandard1.6)) (&& (== net45) (>= dnxcore50)) (&& (== net45) (>= netstandard1.6)) (&& (== net451) (>= dnxcore50)) (&& (== net451) (>= netstandard1.6)) (&& (== net452) (>= dnxcore50)) (&& (== net452) (>= netstandard1.6)) (== netstandard1.6)
      System.Reflection.TypeExtensions (>= 4.3) - restriction: || (&& (== net40) (>= dnxcore50)) (&& (== net40) (>= netstandard1.6)) (&& (== net45) (>= dnxcore50)) (&& (== net45) (>= netstandard1.6)) (&& (== net451) (>= dnxcore50)) (&& (== net451) (>= netstandard1.6)) (&& (== net452) (>= dnxcore50)) (&& (== net452) (>= netstandard1.6)) (== netstandard1.6)
      System.Resources.ResourceManager (>= 4.3) - restriction: || (&& (== net40) (>= dnxcore50)) (&& (== net40) (>= netstandard1.6)) (&& (== net45) (>= dnxcore50)) (&& (== net45) (>= netstandard1.6)) (&& (== net451) (>= dnxcore50)) (&& (== net451) (>= netstandard1.6)) (&& (== net452) (>= dnxcore50)) (&& (== net452) (>= netstandard1.6)) (== netstandard1.6)
      System.Runtime (>= 4.3) - restriction: || (&& (== net40) (>= dnxcore50)) (&& (== net40) (>= netstandard1.0)) (&& (== net40) (>= netstandard1.3)) (&& (== net40) (>= netstandard1.6)) (&& (== net45) (>= dnxcore50)) (&& (== net45) (>= netstandard1.6)) (&& (== net451) (< net45)) (&& (== net451) (>= dnxcore50)) (&& (== net451) (>= netstandard1.6)) (&& (== net452) (< net45)) (&& (== net452) (>= dnxcore50)) (&& (== net452) (>= netstandard1.6)) (== netstandard1.6)
      System.Runtime.Extensions (>= 4.3) - restriction: || (&& (== net40) (>= dnxcore50)) (&& (== net40) (>= netstandard1.6)) (&& (== net45) (>= dnxcore50)) (&& (== net45) (>= netstandard1.6)) (&& (== net451) (>= dnxcore50)) (&& (== net451) (>= netstandard1.6)) (&& (== net452) (>= dnxcore50)) (&& (== net452) (>= netstandard1.6)) (== netstandard1.6)
      System.Threading (>= 4.3) - restriction: || (&& (== net40) (>= dnxcore50)) (&& (== net40) (>= netstandard1.6)) (&& (== net45) (>= dnxcore50)) (&& (== net45) (>= netstandard1.6)) (&& (== net451) (>= dnxcore50)) (&& (== net451) (>= netstandard1.6)) (&& (== net452) (>= dnxcore50)) (&& (== net452) (>= netstandard1.6)) (== netstandard1.6)
    System.Linq.Queryable (4.3) - restriction: || (&& (== net40) (== net45) (>= netstandard1.6)) (&& (== net40) (== net451) (>= netstandard1.6)) (&& (== net40) (== net452) (>= netstandard1.6)) (&& (== net40) (== netstandard1.6)) (&& (== net40) (>= netstandard1.6)) (&& (== net45) (== net451) (>= netstandard1.6)) (&& (== net45) (== net452) (>= netstandard1.6)) (&& (== net45) (== netstandard1.6)) (&& (== net45) (>= netstandard1.6)) (&& (== net451) (== net452) (>= netstandard1.6)) (&& (== net451) (== netstandard1.6)) (&& (== net451) (>= netstandard1.6)) (&& (== net452) (== netstandard1.6)) (&& (== net452) (>= netstandard1.6)) (== netstandard1.6)
      System.Collections (>= 4.3) - restriction: || (&& (== net40) (>= dnxcore50)) (&& (== net40) (>= netstandard1.3)) (&& (== net45) (>= dnxcore50)) (&& (== net451) (< net45) (>= netstandard1.3)) (&& (== net451) (>= dnxcore50)) (&& (== net452) (< net45) (>= netstandard1.3)) (&& (== net452) (>= dnxcore50)) (== netstandard1.6)
      System.Diagnostics.Debug (>= 4.3) - restriction: || (&& (== net40) (>= dnxcore50)) (&& (== net40) (>= netstandard1.3)) (&& (== net45) (>= dnxcore50)) (&& (== net451) (< net45) (>= netstandard1.3)) (&& (== net451) (>= dnxcore50)) (&& (== net452) (< net45) (>= netstandard1.3)) (&& (== net452) (>= dnxcore50)) (== netstandard1.6)
      System.Linq (>= 4.3) - restriction: || (&& (== net40) (>= dnxcore50)) (&& (== net40) (>= netstandard1.0)) (&& (== net40) (>= netstandard1.3)) (&& (== net45) (>= dnxcore50)) (&& (== net451) (< net45)) (&& (== net451) (>= dnxcore50)) (&& (== net452) (< net45)) (&& (== net452) (>= dnxcore50)) (== netstandard1.6)
      System.Linq.Expressions (>= 4.3) - restriction: || (&& (== net40) (>= dnxcore50)) (&& (== net40) (>= netstandard1.0)) (&& (== net40) (>= netstandard1.3)) (&& (== net45) (>= dnxcore50)) (&& (== net451) (< net45)) (&& (== net451) (>= dnxcore50)) (&& (== net452) (< net45)) (&& (== net452) (>= dnxcore50)) (== netstandard1.6)
      System.Reflection (>= 4.3) - restriction: || (&& (== net40) (>= dnxcore50)) (&& (== net40) (>= netstandard1.3)) (&& (== net45) (>= dnxcore50)) (&& (== net451) (< net45) (>= netstandard1.3)) (&& (== net451) (>= dnxcore50)) (&& (== net452) (< net45) (>= netstandard1.3)) (&& (== net452) (>= dnxcore50)) (== netstandard1.6)
      System.Reflection.Extensions (>= 4.3) - restriction: || (&& (== net40) (>= dnxcore50)) (&& (== net40) (>= netstandard1.3)) (&& (== net45) (>= dnxcore50)) (&& (== net451) (< net45) (>= netstandard1.3)) (&& (== net451) (>= dnxcore50)) (&& (== net452) (< net45) (>= netstandard1.3)) (&& (== net452) (>= dnxcore50)) (== netstandard1.6)
      System.Resources.ResourceManager (>= 4.3) - restriction: || (&& (== net40) (>= dnxcore50)) (&& (== net40) (>= netstandard1.3)) (&& (== net45) (>= dnxcore50)) (&& (== net451) (< net45) (>= netstandard1.3)) (&& (== net451) (>= dnxcore50)) (&& (== net452) (< net45) (>= netstandard1.3)) (&& (== net452) (>= dnxcore50)) (== netstandard1.6)
      System.Runtime (>= 4.3) - restriction: || (&& (== net40) (>= dnxcore50)) (&& (== net40) (>= netstandard1.0)) (&& (== net40) (>= netstandard1.3)) (&& (== net45) (>= dnxcore50)) (&& (== net451) (< net45)) (&& (== net451) (>= dnxcore50)) (&& (== net452) (< net45)) (&& (== net452) (>= dnxcore50)) (== netstandard1.6)
    System.Net.Http (4.3.2) - restriction: || (&& (== net40) (>= netstandard1.6)) (&& (== net45) (>= netstandard1.6)) (&& (== net451) (>= netstandard1.6)) (&& (== net452) (>= netstandard1.6)) (== netstandard1.6)
      Microsoft.NETCore.Platforms (>= 1.1) - restriction: || (&& (== net40) (>= dnxcore50)) (&& (== net40) (>= netstandard1.3)) (&& (== net40) (>= netstandard1.6)) (&& (== net45) (>= dnxcore50)) (&& (== net45) (>= netstandard1.6)) (&& (== net451) (< net45) (>= netstandard1.3)) (&& (== net451) (>= dnxcore50)) (&& (== net451) (>= netstandard1.6)) (&& (== net452) (< net45) (>= netstandard1.3)) (&& (== net452) (>= dnxcore50)) (&& (== net452) (>= netstandard1.6)) (== netstandard1.6)
      runtime.native.System (>= 4.3) - restriction: || (&& (== net40) (>= netstandard1.6)) (&& (== net45) (>= netstandard1.6)) (&& (== net451) (>= netstandard1.6)) (&& (== net452) (>= netstandard1.6)) (== netstandard1.6)
      runtime.native.System.Net.Http (>= 4.3) - restriction: || (&& (== net40) (>= netstandard1.6)) (&& (== net45) (>= netstandard1.6)) (&& (== net451) (>= netstandard1.6)) (&& (== net452) (>= netstandard1.6)) (== netstandard1.6)
      runtime.native.System.Security.Cryptography.OpenSsl (>= 4.3) - restriction: || (&& (== net40) (>= netstandard1.6)) (&& (== net45) (>= netstandard1.6)) (&& (== net451) (>= netstandard1.6)) (&& (== net452) (>= netstandard1.6)) (== netstandard1.6)
      System.Collections (>= 4.3) - restriction: || (&& (== net40) (>= dnxcore50)) (&& (== net40) (>= netstandard1.3)) (&& (== net40) (>= netstandard1.6)) (&& (== net45) (>= dnxcore50)) (&& (== net45) (>= netstandard1.6)) (&& (== net451) (< net45) (>= netstandard1.3)) (&& (== net451) (>= dnxcore50)) (&& (== net451) (>= netstandard1.6)) (&& (== net452) (< net45) (>= netstandard1.3)) (&& (== net452) (>= dnxcore50)) (&& (== net452) (>= netstandard1.6)) (== netstandard1.6)
      System.Diagnostics.Debug (>= 4.3) - restriction: || (&& (== net40) (>= dnxcore50)) (&& (== net40) (>= netstandard1.3)) (&& (== net40) (>= netstandard1.6)) (&& (== net45) (>= dnxcore50)) (&& (== net45) (>= netstandard1.6)) (&& (== net451) (< net45) (>= netstandard1.3)) (&& (== net451) (>= dnxcore50)) (&& (== net451) (>= netstandard1.6)) (&& (== net452) (< net45) (>= netstandard1.3)) (&& (== net452) (>= dnxcore50)) (&& (== net452) (>= netstandard1.6)) (== netstandard1.6)
      System.Diagnostics.DiagnosticSource (>= 4.3) - restriction: || (&& (== net40) (>= dnxcore50)) (&& (== net40) (>= netstandard1.3)) (&& (== net40) (>= netstandard1.6)) (&& (== net45) (>= dnxcore50)) (&& (== net45) (>= netstandard1.6)) (&& (== net451) (< net45) (>= netstandard1.3)) (&& (== net451) (>= dnxcore50)) (&& (== net451) (>= netstandard1.6)) (&& (== net452) (< net45) (>= netstandard1.3)) (&& (== net452) (>= dnxcore50)) (&& (== net452) (>= netstandard1.6)) (== netstandard1.6)
      System.Diagnostics.Tracing (>= 4.3) - restriction: || (&& (== net40) (>= dnxcore50)) (&& (== net40) (>= netstandard1.3)) (&& (== net40) (>= netstandard1.6)) (&& (== net45) (>= dnxcore50)) (&& (== net45) (>= netstandard1.6)) (&& (== net451) (< net45) (>= netstandard1.3)) (&& (== net451) (>= dnxcore50)) (&& (== net451) (>= netstandard1.6)) (&& (== net452) (< net45) (>= netstandard1.3)) (&& (== net452) (>= dnxcore50)) (&& (== net452) (>= netstandard1.6)) (== netstandard1.6)
      System.Globalization (>= 4.3) - restriction: || (&& (== net40) (>= dnxcore50)) (&& (== net40) (>= netstandard1.3)) (&& (== net40) (>= netstandard1.6)) (&& (== net45) (>= dnxcore50)) (&& (== net45) (>= netstandard1.6)) (&& (== net451) (< net45) (>= netstandard1.3)) (&& (== net451) (>= dnxcore50)) (&& (== net451) (>= netstandard1.6)) (&& (== net452) (< net45) (>= netstandard1.3)) (&& (== net452) (>= dnxcore50)) (&& (== net452) (>= netstandard1.6)) (== netstandard1.6)
      System.Globalization.Extensions (>= 4.3) - restriction: || (&& (== net40) (>= netstandard1.6)) (&& (== net45) (>= netstandard1.6)) (&& (== net451) (>= netstandard1.6)) (&& (== net452) (>= netstandard1.6)) (== netstandard1.6)
      System.IO (>= 4.3) - restriction: || (&& (== net40) (>= dnxcore50)) (&& (== net40) (>= netstandard1.1)) (&& (== net40) (>= netstandard1.3)) (&& (== net40) (>= netstandard1.6)) (&& (== net45) (>= dnxcore50)) (&& (== net45) (>= netstandard1.6)) (&& (== net451) (< net45)) (&& (== net451) (>= dnxcore50)) (&& (== net451) (>= netstandard1.6)) (&& (== net452) (< net45)) (&& (== net452) (>= dnxcore50)) (&& (== net452) (>= netstandard1.6)) (== netstandard1.6)
      System.IO.FileSystem (>= 4.3) - restriction: || (&& (== net40) (>= netstandard1.6)) (&& (== net45) (>= netstandard1.6)) (&& (== net451) (>= netstandard1.6)) (&& (== net452) (>= netstandard1.6)) (== netstandard1.6)
      System.Net.Primitives (>= 4.3) - restriction: || (&& (== net40) (>= dnxcore50)) (&& (== net40) (>= netstandard1.1)) (&& (== net40) (>= netstandard1.3)) (&& (== net40) (>= netstandard1.6)) (&& (== net45) (>= dnxcore50)) (&& (== net45) (>= netstandard1.6)) (&& (== net451) (< net45)) (&& (== net451) (>= dnxcore50)) (&& (== net451) (>= netstandard1.6)) (&& (== net452) (< net45)) (&& (== net452) (>= dnxcore50)) (&& (== net452) (>= netstandard1.6)) (== netstandard1.6)
      System.Resources.ResourceManager (>= 4.3) - restriction: || (&& (== net40) (>= dnxcore50)) (&& (== net40) (>= netstandard1.3)) (&& (== net40) (>= netstandard1.6)) (&& (== net45) (>= dnxcore50)) (&& (== net45) (>= netstandard1.6)) (&& (== net451) (< net45) (>= netstandard1.3)) (&& (== net451) (>= dnxcore50)) (&& (== net451) (>= netstandard1.6)) (&& (== net452) (< net45) (>= netstandard1.3)) (&& (== net452) (>= dnxcore50)) (&& (== net452) (>= netstandard1.6)) (== netstandard1.6)
      System.Runtime (>= 4.3) - restriction: || (&& (== net40) (>= dnxcore50)) (&& (== net40) (>= netstandard1.1)) (&& (== net40) (>= netstandard1.3)) (&& (== net40) (>= netstandard1.6)) (&& (== net45) (>= dnxcore50)) (&& (== net45) (>= netstandard1.6)) (&& (== net451) (< net45)) (&& (== net451) (>= dnxcore50)) (&& (== net451) (>= netstandard1.6)) (&& (== net452) (< net45)) (&& (== net452) (>= dnxcore50)) (&& (== net452) (>= netstandard1.6)) (== netstandard1.6)
      System.Runtime.Extensions (>= 4.3) - restriction: || (&& (== net40) (>= dnxcore50)) (&& (== net40) (>= netstandard1.3)) (&& (== net40) (>= netstandard1.6)) (&& (== net45) (>= dnxcore50)) (&& (== net45) (>= netstandard1.6)) (&& (== net451) (< net45) (>= netstandard1.3)) (&& (== net451) (>= dnxcore50)) (&& (== net451) (>= netstandard1.6)) (&& (== net452) (< net45) (>= netstandard1.3)) (&& (== net452) (>= dnxcore50)) (&& (== net452) (>= netstandard1.6)) (== netstandard1.6)
      System.Runtime.Handles (>= 4.3) - restriction: || (&& (== net40) (>= netstandard1.3)) (&& (== net40) (>= netstandard1.6)) (&& (== net45) (>= netstandard1.6)) (&& (== net451) (< net45) (>= netstandard1.3)) (&& (== net451) (>= netstandard1.6)) (&& (== net452) (< net45) (>= netstandard1.3)) (&& (== net452) (>= netstandard1.6)) (== netstandard1.6)
      System.Runtime.InteropServices (>= 4.3) - restriction: || (&& (== net40) (>= dnxcore50)) (&& (== net40) (>= netstandard1.3)) (&& (== net40) (>= netstandard1.6)) (&& (== net45) (>= dnxcore50)) (&& (== net45) (>= netstandard1.6)) (&& (== net451) (< net45) (>= netstandard1.3)) (&& (== net451) (>= dnxcore50)) (&& (== net451) (>= netstandard1.6)) (&& (== net452) (< net45) (>= netstandard1.3)) (&& (== net452) (>= dnxcore50)) (&& (== net452) (>= netstandard1.6)) (== netstandard1.6)
      System.Security.Cryptography.Algorithms (>= 4.3) - restriction: || (&& (== net40) (>= netstandard1.6)) (&& (== net45) (>= netstandard1.6)) (&& (== net451) (>= netstandard1.6)) (&& (== net452) (>= netstandard1.6)) (== netstandard1.6)
      System.Security.Cryptography.Encoding (>= 4.3) - restriction: || (&& (== net40) (>= netstandard1.3)) (&& (== net40) (>= netstandard1.6)) (&& (== net45) (>= netstandard1.6)) (&& (== net451) (< net45) (>= netstandard1.3)) (&& (== net451) (>= netstandard1.6)) (&& (== net452) (< net45) (>= netstandard1.3)) (&& (== net452) (>= netstandard1.6)) (== netstandard1.6)
      System.Security.Cryptography.OpenSsl (>= 4.3) - restriction: || (&& (== net40) (>= netstandard1.6)) (&& (== net45) (>= netstandard1.6)) (&& (== net451) (>= netstandard1.6)) (&& (== net452) (>= netstandard1.6)) (== netstandard1.6)
      System.Security.Cryptography.Primitives (>= 4.3) - restriction: || (&& (== net40) (>= netstandard1.6)) (&& (== net45) (>= netstandard1.6)) (&& (== net451) (>= netstandard1.6)) (&& (== net452) (>= netstandard1.6)) (== netstandard1.6)
      System.Security.Cryptography.X509Certificates (>= 4.3) - restriction: || (&& (== net40) (>= net46)) (&& (== net40) (>= dnxcore50)) (&& (== net40) (>= netstandard1.3)) (&& (== net40) (>= netstandard1.6)) (&& (== net45) (>= net46)) (&& (== net45) (>= dnxcore50)) (&& (== net45) (>= netstandard1.6)) (&& (== net451) (< net45) (>= netstandard1.3)) (&& (== net451) (>= net46)) (&& (== net451) (>= dnxcore50)) (&& (== net451) (>= netstandard1.6)) (&& (== net452) (< net45) (>= netstandard1.3)) (&& (== net452) (>= net46)) (&& (== net452) (>= dnxcore50)) (&& (== net452) (>= netstandard1.6)) (== netstandard1.6)
      System.Text.Encoding (>= 4.3) - restriction: || (&& (== net40) (>= dnxcore50)) (&& (== net40) (>= netstandard1.1)) (&& (== net40) (>= netstandard1.3)) (&& (== net40) (>= netstandard1.6)) (&& (== net45) (>= dnxcore50)) (&& (== net45) (>= netstandard1.6)) (&& (== net451) (< net45)) (&& (== net451) (>= dnxcore50)) (&& (== net451) (>= netstandard1.6)) (&& (== net452) (< net45)) (&& (== net452) (>= dnxcore50)) (&& (== net452) (>= netstandard1.6)) (== netstandard1.6)
      System.Threading (>= 4.3) - restriction: || (&& (== net40) (>= dnxcore50)) (&& (== net40) (>= netstandard1.3)) (&& (== net40) (>= netstandard1.6)) (&& (== net45) (>= dnxcore50)) (&& (== net45) (>= netstandard1.6)) (&& (== net451) (< net45) (>= netstandard1.3)) (&& (== net451) (>= dnxcore50)) (&& (== net451) (>= netstandard1.6)) (&& (== net452) (< net45) (>= netstandard1.3)) (&& (== net452) (>= dnxcore50)) (&& (== net452) (>= netstandard1.6)) (== netstandard1.6)
      System.Threading.Tasks (>= 4.3) - restriction: || (&& (== net40) (>= dnxcore50)) (&& (== net40) (>= netstandard1.1)) (&& (== net40) (>= netstandard1.3)) (&& (== net40) (>= netstandard1.6)) (&& (== net45) (>= dnxcore50)) (&& (== net45) (>= netstandard1.6)) (&& (== net451) (< net45)) (&& (== net451) (>= dnxcore50)) (&& (== net451) (>= netstandard1.6)) (&& (== net452) (< net45)) (&& (== net452) (>= dnxcore50)) (&& (== net452) (>= netstandard1.6)) (== netstandard1.6)
    System.Net.NameResolution (4.3) - restriction: || (&& (== net40) (== net45) (>= netstandard1.6)) (&& (== net40) (== net451) (>= netstandard1.6)) (&& (== net40) (== net452) (>= netstandard1.6)) (&& (== net40) (== netstandard1.6)) (&& (== net40) (>= netstandard1.6)) (&& (== net45) (== net451) (>= netstandard1.6)) (&& (== net45) (== net452) (>= netstandard1.6)) (&& (== net45) (== netstandard1.6)) (&& (== net45) (>= netstandard1.6)) (&& (== net451) (== net452) (>= netstandard1.6)) (&& (== net451) (== netstandard1.6)) (&& (== net451) (>= netstandard1.6)) (&& (== net452) (== netstandard1.6)) (&& (== net452) (>= netstandard1.6)) (== netstandard1.6)
      Microsoft.NETCore.Platforms (>= 1.1) - restriction: || (&& (== net40) (>= dnxcore50)) (&& (== net40) (>= netstandard1.3)) (&& (== net45) (>= dnxcore50)) (&& (== net45) (>= netstandard1.3)) (&& (== net451) (>= dnxcore50)) (&& (== net451) (>= netstandard1.3)) (&& (== net452) (>= dnxcore50)) (&& (== net452) (>= netstandard1.3)) (== netstandard1.6)
      runtime.native.System (>= 4.3) - restriction: || (&& (== net40) (>= netstandard1.3)) (&& (== net45) (>= netstandard1.3)) (&& (== net451) (>= netstandard1.3)) (&& (== net452) (>= netstandard1.3)) (== netstandard1.6)
      System.Collections (>= 4.3) - restriction: || (&& (== net40) (>= dnxcore50)) (&& (== net40) (>= netstandard1.3)) (&& (== net45) (>= dnxcore50)) (&& (== net45) (>= netstandard1.3)) (&& (== net451) (>= dnxcore50)) (&& (== net451) (>= netstandard1.3)) (&& (== net452) (>= dnxcore50)) (&& (== net452) (>= netstandard1.3)) (== netstandard1.6)
      System.Diagnostics.Tracing (>= 4.3) - restriction: || (&& (== net40) (>= dnxcore50)) (&& (== net40) (>= netstandard1.3)) (&& (== net45) (>= dnxcore50)) (&& (== net45) (>= netstandard1.3)) (&& (== net451) (>= dnxcore50)) (&& (== net451) (>= netstandard1.3)) (&& (== net452) (>= dnxcore50)) (&& (== net452) (>= netstandard1.3)) (== netstandard1.6)
      System.Globalization (>= 4.3) - restriction: || (&& (== net40) (>= dnxcore50)) (&& (== net40) (>= netstandard1.3)) (&& (== net45) (>= dnxcore50)) (&& (== net45) (>= netstandard1.3)) (&& (== net451) (>= dnxcore50)) (&& (== net451) (>= netstandard1.3)) (&& (== net452) (>= dnxcore50)) (&& (== net452) (>= netstandard1.3)) (== netstandard1.6)
      System.Net.Primitives (>= 4.3) - restriction: || (&& (== net40) (>= dnxcore50)) (&& (== net40) (>= netstandard1.3)) (&& (== net45) (>= dnxcore50)) (&& (== net45) (>= netstandard1.3)) (&& (== net451) (>= dnxcore50)) (&& (== net451) (>= netstandard1.3)) (&& (== net452) (>= dnxcore50)) (&& (== net452) (>= netstandard1.3)) (== netstandard1.6)
      System.Resources.ResourceManager (>= 4.3) - restriction: || (&& (== net40) (>= dnxcore50)) (&& (== net40) (>= netstandard1.3)) (&& (== net45) (>= dnxcore50)) (&& (== net45) (>= netstandard1.3)) (&& (== net451) (>= dnxcore50)) (&& (== net451) (>= netstandard1.3)) (&& (== net452) (>= dnxcore50)) (&& (== net452) (>= netstandard1.3)) (== netstandard1.6)
      System.Runtime (>= 4.3) - restriction: || (&& (== net40) (>= dnxcore50)) (&& (== net40) (>= netstandard1.3)) (&& (== net45) (>= dnxcore50)) (&& (== net45) (>= netstandard1.3)) (&& (== net451) (>= dnxcore50)) (&& (== net451) (>= netstandard1.3)) (&& (== net452) (>= dnxcore50)) (&& (== net452) (>= netstandard1.3)) (== netstandard1.6)
      System.Runtime.Extensions (>= 4.3) - restriction: || (&& (== net40) (>= dnxcore50)) (&& (== net40) (>= netstandard1.3)) (&& (== net45) (>= dnxcore50)) (&& (== net45) (>= netstandard1.3)) (&& (== net451) (>= dnxcore50)) (&& (== net451) (>= netstandard1.3)) (&& (== net452) (>= dnxcore50)) (&& (== net452) (>= netstandard1.3)) (== netstandard1.6)
      System.Runtime.Handles (>= 4.3) - restriction: || (&& (== net40) (>= dnxcore50)) (&& (== net40) (>= netstandard1.3)) (&& (== net45) (>= dnxcore50)) (&& (== net45) (>= netstandard1.3)) (&& (== net451) (>= dnxcore50)) (&& (== net451) (>= netstandard1.3)) (&& (== net452) (>= dnxcore50)) (&& (== net452) (>= netstandard1.3)) (== netstandard1.6)
      System.Runtime.InteropServices (>= 4.3) - restriction: || (&& (== net40) (>= dnxcore50)) (&& (== net40) (>= netstandard1.3)) (&& (== net45) (>= dnxcore50)) (&& (== net45) (>= netstandard1.3)) (&& (== net451) (>= dnxcore50)) (&& (== net451) (>= netstandard1.3)) (&& (== net452) (>= dnxcore50)) (&& (== net452) (>= netstandard1.3)) (== netstandard1.6)
      System.Security.Principal.Windows (>= 4.3) - restriction: || (&& (== net40) (>= netstandard1.3)) (&& (== net45) (>= netstandard1.3)) (&& (== net451) (>= netstandard1.3)) (&& (== net452) (>= netstandard1.3)) (== netstandard1.6)
      System.Threading (>= 4.3) - restriction: || (&& (== net40) (>= dnxcore50)) (&& (== net40) (>= netstandard1.3)) (&& (== net45) (>= dnxcore50)) (&& (== net45) (>= netstandard1.3)) (&& (== net451) (>= dnxcore50)) (&& (== net451) (>= netstandard1.3)) (&& (== net452) (>= dnxcore50)) (&& (== net452) (>= netstandard1.3)) (== netstandard1.6)
      System.Threading.Tasks (>= 4.3) - restriction: || (&& (== net40) (>= dnxcore50)) (&& (== net40) (>= netstandard1.3)) (&& (== net45) (>= dnxcore50)) (&& (== net45) (>= netstandard1.3)) (&& (== net451) (>= dnxcore50)) (&& (== net451) (>= netstandard1.3)) (&& (== net452) (>= dnxcore50)) (&& (== net452) (>= netstandard1.3)) (== netstandard1.6)
    System.Net.NetworkInformation (4.3) - restriction: || (&& (== net40) (== net45) (>= netstandard1.3)) (&& (== net40) (== net45) (>= netstandard1.6)) (&& (== net40) (== net451) (>= netstandard1.3)) (&& (== net40) (== net451) (>= netstandard1.6)) (&& (== net40) (== net452) (>= netstandard1.3)) (&& (== net40) (== net452) (>= netstandard1.6)) (&& (== net40) (== netstandard1.6)) (&& (== net40) (>= net45) (>= netstandard1.3)) (&& (== net40) (>= netstandard1.6)) (&& (== net45) (== netstandard1.6)) (&& (== net451) (== net452) (< net45) (>= netstandard1.3)) (&& (== net451) (== netstandard1.6)) (&& (== net451) (< net45) (>= netstandard1.3)) (&& (== net452) (== netstandard1.6)) (&& (== net452) (< net45) (>= netstandard1.3)) (== netstandard1.6)
      Microsoft.NETCore.Platforms (>= 1.1) - restriction: || (&& (== net40) (>= dnxcore50)) (&& (== net40) (>= netstandard1.3)) (&& (== net45) (>= dnxcore50)) (&& (== net451) (< net45) (>= netstandard1.3)) (&& (== net451) (>= dnxcore50)) (&& (== net452) (< net45) (>= netstandard1.3)) (&& (== net452) (>= dnxcore50)) (== netstandard1.6)
      Microsoft.Win32.Primitives (>= 4.3) - restriction: || (&& (== net40) (>= dnxcore50)) (&& (== net40) (>= netstandard1.3)) (&& (== net45) (>= dnxcore50)) (&& (== net451) (< net45) (>= netstandard1.3)) (&& (== net451) (>= dnxcore50)) (&& (== net452) (< net45) (>= netstandard1.3)) (&& (== net452) (>= dnxcore50)) (== netstandard1.6)
      runtime.native.System (>= 4.3) - restriction: || (&& (== net40) (>= netstandard1.3)) (&& (== net451) (< net45) (>= netstandard1.3)) (&& (== net452) (< net45) (>= netstandard1.3)) (== netstandard1.6)
      System.Collections (>= 4.3) - restriction: || (&& (== net40) (>= dnxcore50)) (&& (== net40) (>= netstandard1.3)) (&& (== net45) (>= dnxcore50)) (&& (== net451) (< net45) (>= netstandard1.3)) (&& (== net451) (>= dnxcore50)) (&& (== net452) (< net45) (>= netstandard1.3)) (&& (== net452) (>= dnxcore50)) (== netstandard1.6)
      System.Diagnostics.Tracing (>= 4.3) - restriction: || (&& (== net40) (>= dnxcore50)) (&& (== net40) (>= netstandard1.3)) (&& (== net45) (>= dnxcore50)) (&& (== net451) (< net45) (>= netstandard1.3)) (&& (== net451) (>= dnxcore50)) (&& (== net452) (< net45) (>= netstandard1.3)) (&& (== net452) (>= dnxcore50)) (== netstandard1.6)
      System.Globalization (>= 4.3) - restriction: || (&& (== net40) (>= dnxcore50)) (&& (== net40) (>= netstandard1.3)) (&& (== net45) (>= dnxcore50)) (&& (== net451) (< net45) (>= netstandard1.3)) (&& (== net451) (>= dnxcore50)) (&& (== net452) (< net45) (>= netstandard1.3)) (&& (== net452) (>= dnxcore50)) (== netstandard1.6)
      System.IO (>= 4.3) - restriction: || (&& (== net40) (>= netstandard1.3)) (&& (== net451) (< net45) (>= netstandard1.3)) (&& (== net452) (< net45) (>= netstandard1.3)) (== netstandard1.6)
      System.IO.FileSystem (>= 4.3) - restriction: || (&& (== net40) (>= netstandard1.3)) (&& (== net451) (< net45) (>= netstandard1.3)) (&& (== net452) (< net45) (>= netstandard1.3)) (== netstandard1.6)
      System.IO.FileSystem.Primitives (>= 4.3) - restriction: || (&& (== net40) (>= netstandard1.3)) (&& (== net451) (< net45) (>= netstandard1.3)) (&& (== net452) (< net45) (>= netstandard1.3)) (== netstandard1.6)
      System.Linq (>= 4.3) - restriction: || (&& (== net40) (>= netstandard1.3)) (&& (== net451) (< net45) (>= netstandard1.3)) (&& (== net452) (< net45) (>= netstandard1.3)) (== netstandard1.6)
      System.Net.Primitives (>= 4.3) - restriction: || (&& (== net40) (>= dnxcore50)) (&& (== net40) (>= netstandard1.3)) (&& (== net45) (>= dnxcore50)) (&& (== net451) (< net45) (>= netstandard1.3)) (&& (== net451) (>= dnxcore50)) (&& (== net452) (< net45) (>= netstandard1.3)) (&& (== net452) (>= dnxcore50)) (== netstandard1.6)
      System.Net.Sockets (>= 4.3) - restriction: || (&& (== net40) (>= netstandard1.3)) (&& (== net451) (< net45) (>= netstandard1.3)) (&& (== net452) (< net45) (>= netstandard1.3)) (== netstandard1.6)
      System.Resources.ResourceManager (>= 4.3) - restriction: || (&& (== net40) (>= dnxcore50)) (&& (== net40) (>= netstandard1.3)) (&& (== net45) (>= dnxcore50)) (&& (== net451) (< net45) (>= netstandard1.3)) (&& (== net451) (>= dnxcore50)) (&& (== net452) (< net45) (>= netstandard1.3)) (&& (== net452) (>= dnxcore50)) (== netstandard1.6)
      System.Runtime (>= 4.3) - restriction: || (&& (== net40) (>= dnxcore50)) (&& (== net40) (>= netstandard1.0)) (&& (== net40) (>= netstandard1.3)) (&& (== net45) (>= dnxcore50)) (&& (== net451) (< net45)) (&& (== net451) (>= dnxcore50)) (&& (== net452) (< net45)) (&& (== net452) (>= dnxcore50)) (== netstandard1.6)
      System.Runtime.Extensions (>= 4.3) - restriction: || (&& (== net40) (>= dnxcore50)) (&& (== net40) (>= netstandard1.3)) (&& (== net45) (>= dnxcore50)) (&& (== net451) (< net45) (>= netstandard1.3)) (&& (== net451) (>= dnxcore50)) (&& (== net452) (< net45) (>= netstandard1.3)) (&& (== net452) (>= dnxcore50)) (== netstandard1.6)
      System.Runtime.Handles (>= 4.3) - restriction: || (&& (== net40) (>= netstandard1.3)) (&& (== net451) (< net45) (>= netstandard1.3)) (&& (== net452) (< net45) (>= netstandard1.3)) (== netstandard1.6)
      System.Runtime.InteropServices (>= 4.3) - restriction: || (&& (== net40) (>= dnxcore50)) (&& (== net40) (>= netstandard1.3)) (&& (== net45) (>= dnxcore50)) (&& (== net451) (< net45) (>= netstandard1.3)) (&& (== net451) (>= dnxcore50)) (&& (== net452) (< net45) (>= netstandard1.3)) (&& (== net452) (>= dnxcore50)) (== netstandard1.6)
      System.Security.Principal.Windows (>= 4.3) - restriction: || (&& (== net40) (>= netstandard1.3)) (&& (== net451) (< net45) (>= netstandard1.3)) (&& (== net452) (< net45) (>= netstandard1.3)) (== netstandard1.6)
      System.Threading (>= 4.3) - restriction: || (&& (== net40) (>= dnxcore50)) (&& (== net40) (>= netstandard1.3)) (&& (== net45) (>= dnxcore50)) (&& (== net451) (< net45) (>= netstandard1.3)) (&& (== net451) (>= dnxcore50)) (&& (== net452) (< net45) (>= netstandard1.3)) (&& (== net452) (>= dnxcore50)) (== netstandard1.6)
      System.Threading.Overlapped (>= 4.3) - restriction: || (&& (== net40) (>= netstandard1.3)) (&& (== net451) (< net45) (>= netstandard1.3)) (&& (== net452) (< net45) (>= netstandard1.3)) (== netstandard1.6)
      System.Threading.Tasks (>= 4.3) - restriction: || (&& (== net40) (>= dnxcore50)) (&& (== net40) (>= netstandard1.3)) (&& (== net45) (>= dnxcore50)) (&& (== net451) (< net45) (>= netstandard1.3)) (&& (== net451) (>= dnxcore50)) (&& (== net452) (< net45) (>= netstandard1.3)) (&& (== net452) (>= dnxcore50)) (== netstandard1.6)
      System.Threading.Thread (>= 4.3) - restriction: || (&& (== net40) (>= netstandard1.3)) (&& (== net451) (< net45) (>= netstandard1.3)) (&& (== net452) (< net45) (>= netstandard1.3)) (== netstandard1.6)
      System.Threading.ThreadPool (>= 4.3) - restriction: || (&& (== net40) (>= netstandard1.3)) (&& (== net451) (< net45) (>= netstandard1.3)) (&& (== net452) (< net45) (>= netstandard1.3)) (== netstandard1.6)
    System.Net.Primitives (4.3) - restriction: || (&& (== net40) (== net45) (>= netstandard1.3)) (&& (== net40) (== net451) (>= netstandard1.3)) (&& (== net40) (== net452) (>= netstandard1.3)) (&& (== net40) (>= net45) (>= netstandard1.3)) (&& (== net40) (>= netstandard1.6)) (&& (== net45) (>= netstandard1.6)) (&& (== net451) (< net45) (>= netstandard1.3)) (&& (== net451) (>= netstandard1.6)) (&& (== net452) (< net45) (>= netstandard1.3)) (&& (== net452) (>= netstandard1.6)) (== netstandard1.6)
      Microsoft.NETCore.Platforms (>= 1.1) - restriction: || (&& (== net40) (>= dnxcore50)) (&& (== net40) (>= netstandard1.0)) (&& (== net40) (>= netstandard1.1)) (&& (== net40) (>= netstandard1.3)) (&& (== net45) (>= dnxcore50)) (&& (== net45) (< netstandard1.1)) (&& (== net451) (< net45)) (&& (== net451) (>= dnxcore50)) (&& (== net451) (< netstandard1.1)) (&& (== net452) (< net45)) (&& (== net452) (>= dnxcore50)) (&& (== net452) (< netstandard1.1)) (== netstandard1.6)
      Microsoft.NETCore.Targets (>= 1.1) - restriction: || (&& (== net40) (>= dnxcore50)) (&& (== net40) (>= netstandard1.0)) (&& (== net40) (>= netstandard1.1)) (&& (== net40) (>= netstandard1.3)) (&& (== net45) (>= dnxcore50)) (&& (== net45) (< netstandard1.1)) (&& (== net451) (< net45)) (&& (== net451) (>= dnxcore50)) (&& (== net451) (< netstandard1.1)) (&& (== net452) (< net45)) (&& (== net452) (>= dnxcore50)) (&& (== net452) (< netstandard1.1)) (== netstandard1.6)
      System.Runtime (>= 4.3) - restriction: || (&& (== net40) (>= dnxcore50)) (&& (== net40) (>= netstandard1.0)) (&& (== net40) (>= netstandard1.1)) (&& (== net40) (>= netstandard1.3)) (&& (== net45) (>= dnxcore50)) (&& (== net45) (< netstandard1.1)) (&& (== net451) (< net45)) (&& (== net451) (>= dnxcore50)) (&& (== net451) (< netstandard1.1)) (&& (== net452) (< net45)) (&& (== net452) (>= dnxcore50)) (&& (== net452) (< netstandard1.1)) (== netstandard1.6)
      System.Runtime.Handles (>= 4.3) - restriction: || (&& (== net40) (>= dnxcore50)) (&& (== net40) (>= netstandard1.3)) (&& (== net45) (>= dnxcore50)) (&& (== net451) (< net45) (>= netstandard1.3)) (&& (== net451) (>= dnxcore50)) (&& (== net452) (< net45) (>= netstandard1.3)) (&& (== net452) (>= dnxcore50)) (== netstandard1.6)
    System.Net.Requests (4.3) - restriction: || (&& (== net40) (== net45) (>= netstandard1.6)) (&& (== net40) (== net451) (>= netstandard1.6)) (&& (== net40) (== net452) (>= netstandard1.6)) (&& (== net40) (== netstandard1.6)) (&& (== net40) (>= netstandard1.6)) (&& (== net45) (== net451) (>= netstandard1.6)) (&& (== net45) (== net452) (>= netstandard1.6)) (&& (== net45) (== netstandard1.6)) (&& (== net45) (>= netstandard1.6)) (&& (== net451) (== net452) (>= netstandard1.6)) (&& (== net451) (== netstandard1.6)) (&& (== net451) (>= netstandard1.6)) (&& (== net452) (== netstandard1.6)) (&& (== net452) (>= netstandard1.6)) (== netstandard1.6)
      Microsoft.NETCore.Platforms (>= 1.1) - restriction: || (&& (== net40) (>= netstandard1.3)) (&& (== net451) (< net45) (>= netstandard1.3)) (&& (== net452) (< net45) (>= netstandard1.3)) (== netstandard1.6)
      System.Collections (>= 4.3) - restriction: || (&& (== net40) (>= dnxcore50)) (&& (== net40) (>= netstandard1.3)) (&& (== net45) (>= dnxcore50)) (&& (== net451) (< net45) (>= netstandard1.3)) (&& (== net451) (>= dnxcore50)) (&& (== net452) (< net45) (>= netstandard1.3)) (&& (== net452) (>= dnxcore50)) (== netstandard1.6)
      System.Diagnostics.Debug (>= 4.3) - restriction: || (&& (== net40) (>= dnxcore50)) (&& (== net40) (>= netstandard1.3)) (&& (== net45) (>= dnxcore50)) (&& (== net451) (< net45) (>= netstandard1.3)) (&& (== net451) (>= dnxcore50)) (&& (== net452) (< net45) (>= netstandard1.3)) (&& (== net452) (>= dnxcore50)) (== netstandard1.6)
      System.Diagnostics.Tracing (>= 4.3) - restriction: || (&& (== net40) (>= dnxcore50)) (&& (== net40) (>= netstandard1.3)) (&& (== net45) (>= dnxcore50)) (&& (== net451) (< net45) (>= netstandard1.3)) (&& (== net451) (>= dnxcore50)) (&& (== net452) (< net45) (>= netstandard1.3)) (&& (== net452) (>= dnxcore50)) (== netstandard1.6)
      System.Globalization (>= 4.3) - restriction: || (&& (== net40) (>= dnxcore50)) (&& (== net40) (>= netstandard1.3)) (&& (== net45) (>= dnxcore50)) (&& (== net451) (< net45) (>= netstandard1.3)) (&& (== net451) (>= dnxcore50)) (&& (== net452) (< net45) (>= netstandard1.3)) (&& (== net452) (>= dnxcore50)) (== netstandard1.6)
      System.IO (>= 4.3) - restriction: || (&& (== net40) (>= dnxcore50)) (&& (== net40) (>= netstandard1.0)) (&& (== net40) (>= netstandard1.1)) (&& (== net40) (>= netstandard1.3)) (&& (== net45) (>= dnxcore50)) (&& (== net45) (< netstandard1.1)) (&& (== net451) (< net45)) (&& (== net451) (>= dnxcore50)) (&& (== net451) (< netstandard1.1)) (&& (== net452) (< net45)) (&& (== net452) (>= dnxcore50)) (&& (== net452) (< netstandard1.1)) (== netstandard1.6)
      System.Net.Http (>= 4.3) - restriction: || (&& (== net40) (>= dnxcore50)) (&& (== net40) (>= netstandard1.3)) (&& (== net45) (>= dnxcore50)) (&& (== net451) (< net45) (>= netstandard1.3)) (&& (== net451) (>= dnxcore50)) (&& (== net452) (< net45) (>= netstandard1.3)) (&& (== net452) (>= dnxcore50)) (== netstandard1.6)
      System.Net.Primitives (>= 4.3) - restriction: || (&& (== net40) (>= dnxcore50)) (&& (== net40) (>= netstandard1.0)) (&& (== net40) (>= netstandard1.1)) (&& (== net40) (>= netstandard1.3)) (&& (== net45) (>= dnxcore50)) (&& (== net45) (< netstandard1.1)) (&& (== net451) (< net45)) (&& (== net451) (>= dnxcore50)) (&& (== net451) (< netstandard1.1)) (&& (== net452) (< net45)) (&& (== net452) (>= dnxcore50)) (&& (== net452) (< netstandard1.1)) (== netstandard1.6)
      System.Net.WebHeaderCollection (>= 4.3) - restriction: || (&& (== net40) (>= dnxcore50)) (&& (== net40) (>= netstandard1.3)) (&& (== net45) (>= dnxcore50)) (&& (== net451) (< net45) (>= netstandard1.3)) (&& (== net451) (>= dnxcore50)) (&& (== net452) (< net45) (>= netstandard1.3)) (&& (== net452) (>= dnxcore50)) (== netstandard1.6)
      System.Resources.ResourceManager (>= 4.3) - restriction: || (&& (== net40) (>= dnxcore50)) (&& (== net40) (>= netstandard1.3)) (&& (== net45) (>= dnxcore50)) (&& (== net451) (< net45) (>= netstandard1.3)) (&& (== net451) (>= dnxcore50)) (&& (== net452) (< net45) (>= netstandard1.3)) (&& (== net452) (>= dnxcore50)) (== netstandard1.6)
      System.Runtime (>= 4.3) - restriction: || (&& (== net40) (>= dnxcore50)) (&& (== net40) (>= netstandard1.0)) (&& (== net40) (>= netstandard1.1)) (&& (== net40) (>= netstandard1.3)) (&& (== net45) (>= dnxcore50)) (&& (== net45) (< netstandard1.1)) (&& (== net451) (< net45)) (&& (== net451) (>= dnxcore50)) (&& (== net451) (< netstandard1.1)) (&& (== net452) (< net45)) (&& (== net452) (>= dnxcore50)) (&& (== net452) (< netstandard1.1)) (== netstandard1.6)
      System.Threading (>= 4.3) - restriction: || (&& (== net40) (>= dnxcore50)) (&& (== net40) (>= netstandard1.3)) (&& (== net45) (>= dnxcore50)) (&& (== net451) (< net45) (>= netstandard1.3)) (&& (== net451) (>= dnxcore50)) (&& (== net452) (< net45) (>= netstandard1.3)) (&& (== net452) (>= dnxcore50)) (== netstandard1.6)
      System.Threading.Tasks (>= 4.3) - restriction: || (&& (== net40) (>= dnxcore50)) (&& (== net40) (>= netstandard1.1)) (&& (== net40) (>= netstandard1.3)) (&& (== net45) (>= dnxcore50)) (&& (== net451) (< net45)) (&& (== net451) (>= dnxcore50)) (&& (== net452) (< net45)) (&& (== net452) (>= dnxcore50)) (== netstandard1.6)
    System.Net.Security (4.3.1) - restriction: || (&& (== net40) (== net45) (>= netstandard1.3)) (&& (== net40) (== net45) (>= netstandard1.6)) (&& (== net40) (== net451) (>= netstandard1.3)) (&& (== net40) (== net451) (>= netstandard1.6)) (&& (== net40) (== net452) (>= netstandard1.3)) (&& (== net40) (== net452) (>= netstandard1.6)) (&& (== net40) (== netstandard1.6)) (&& (== net40) (>= net45) (>= netstandard1.3)) (&& (== net40) (>= netstandard1.6)) (&& (== net45) (== netstandard1.6)) (&& (== net451) (== net452) (< net45) (>= netstandard1.3)) (&& (== net451) (== netstandard1.6)) (&& (== net451) (< net45) (>= netstandard1.3)) (&& (== net452) (== netstandard1.6)) (&& (== net452) (< net45) (>= netstandard1.3)) (== netstandard1.6)
      Microsoft.NETCore.Platforms (>= 1.1) - restriction: || (&& (== net40) (>= netstandard1.3)) (&& (== net40) (>= netstandard1.6)) (&& (== net45) (>= netstandard1.3)) (&& (== net45) (>= netstandard1.6)) (&& (== net451) (>= netstandard1.3)) (&& (== net451) (>= netstandard1.6)) (&& (== net452) (>= netstandard1.3)) (&& (== net452) (>= netstandard1.6)) (== netstandard1.6)
      Microsoft.Win32.Primitives (>= 4.3) - restriction: || (&& (== net40) (>= netstandard1.3)) (&& (== net40) (>= netstandard1.6)) (&& (== net45) (>= netstandard1.3)) (&& (== net45) (>= netstandard1.6)) (&& (== net451) (>= netstandard1.3)) (&& (== net451) (>= netstandard1.6)) (&& (== net452) (>= netstandard1.3)) (&& (== net452) (>= netstandard1.6)) (== netstandard1.6)
      runtime.native.System (>= 4.3) - restriction: || (&& (== net40) (>= netstandard1.6)) (&& (== net45) (>= netstandard1.6)) (&& (== net451) (>= netstandard1.6)) (&& (== net452) (>= netstandard1.6)) (== netstandard1.6)
      runtime.native.System.Net.Security (>= 4.3) - restriction: || (&& (== net40) (>= netstandard1.6)) (&& (== net45) (>= netstandard1.6)) (&& (== net451) (>= netstandard1.6)) (&& (== net452) (>= netstandard1.6)) (== netstandard1.6)
      runtime.native.System.Security.Cryptography.OpenSsl (>= 4.3) - restriction: || (&& (== net40) (>= netstandard1.6)) (&& (== net45) (>= netstandard1.6)) (&& (== net451) (>= netstandard1.6)) (&& (== net452) (>= netstandard1.6)) (== netstandard1.6)
      System.Collections (>= 4.3) - restriction: || (&& (== net40) (>= netstandard1.3)) (&& (== net40) (>= netstandard1.6)) (&& (== net45) (>= netstandard1.3)) (&& (== net45) (>= netstandard1.6)) (&& (== net451) (>= netstandard1.3)) (&& (== net451) (>= netstandard1.6)) (&& (== net452) (>= netstandard1.3)) (&& (== net452) (>= netstandard1.6)) (== netstandard1.6)
      System.Collections.Concurrent (>= 4.3) - restriction: || (&& (== net40) (>= netstandard1.3)) (&& (== net40) (>= netstandard1.6)) (&& (== net45) (>= netstandard1.3)) (&& (== net45) (>= netstandard1.6)) (&& (== net451) (>= netstandard1.3)) (&& (== net451) (>= netstandard1.6)) (&& (== net452) (>= netstandard1.3)) (&& (== net452) (>= netstandard1.6)) (== netstandard1.6)
      System.Diagnostics.Tracing (>= 4.3) - restriction: || (&& (== net40) (>= netstandard1.3)) (&& (== net40) (>= netstandard1.6)) (&& (== net45) (>= netstandard1.3)) (&& (== net45) (>= netstandard1.6)) (&& (== net451) (>= netstandard1.3)) (&& (== net451) (>= netstandard1.6)) (&& (== net452) (>= netstandard1.3)) (&& (== net452) (>= netstandard1.6)) (== netstandard1.6)
      System.Globalization (>= 4.3) - restriction: || (&& (== net40) (>= netstandard1.3)) (&& (== net40) (>= netstandard1.6)) (&& (== net45) (>= netstandard1.3)) (&& (== net45) (>= netstandard1.6)) (&& (== net451) (>= netstandard1.3)) (&& (== net451) (>= netstandard1.6)) (&& (== net452) (>= netstandard1.3)) (&& (== net452) (>= netstandard1.6)) (== netstandard1.6)
      System.Globalization.Extensions (>= 4.3) - restriction: || (&& (== net40) (>= netstandard1.6)) (&& (== net45) (>= netstandard1.6)) (&& (== net451) (>= netstandard1.6)) (&& (== net452) (>= netstandard1.6)) (== netstandard1.6)
      System.IO (>= 4.3) - restriction: || (&& (== net40) (>= netstandard1.3)) (&& (== net40) (>= netstandard1.6)) (&& (== net45) (>= netstandard1.3)) (&& (== net45) (>= netstandard1.6)) (&& (== net451) (>= netstandard1.3)) (&& (== net451) (>= netstandard1.6)) (&& (== net452) (>= netstandard1.3)) (&& (== net452) (>= netstandard1.6)) (== netstandard1.6)
      System.Net.Primitives (>= 4.3) - restriction: || (&& (== net40) (>= netstandard1.3)) (&& (== net40) (>= netstandard1.6)) (&& (== net45) (>= netstandard1.3)) (&& (== net45) (>= netstandard1.6)) (&& (== net451) (>= netstandard1.3)) (&& (== net451) (>= netstandard1.6)) (&& (== net452) (>= netstandard1.3)) (&& (== net452) (>= netstandard1.6)) (== netstandard1.6)
      System.Resources.ResourceManager (>= 4.3) - restriction: || (&& (== net40) (>= netstandard1.3)) (&& (== net40) (>= netstandard1.6)) (&& (== net45) (>= netstandard1.3)) (&& (== net45) (>= netstandard1.6)) (&& (== net451) (>= netstandard1.3)) (&& (== net451) (>= netstandard1.6)) (&& (== net452) (>= netstandard1.3)) (&& (== net452) (>= netstandard1.6)) (== netstandard1.6)
      System.Runtime (>= 4.3) - restriction: || (&& (== net40) (>= netstandard1.3)) (&& (== net40) (>= netstandard1.6)) (&& (== net45) (>= netstandard1.3)) (&& (== net45) (>= netstandard1.6)) (&& (== net451) (>= netstandard1.3)) (&& (== net451) (>= netstandard1.6)) (&& (== net452) (>= netstandard1.3)) (&& (== net452) (>= netstandard1.6)) (== netstandard1.6)
      System.Runtime.Extensions (>= 4.3) - restriction: || (&& (== net40) (>= netstandard1.3)) (&& (== net40) (>= netstandard1.6)) (&& (== net45) (>= netstandard1.3)) (&& (== net45) (>= netstandard1.6)) (&& (== net451) (>= netstandard1.3)) (&& (== net451) (>= netstandard1.6)) (&& (== net452) (>= netstandard1.3)) (&& (== net452) (>= netstandard1.6)) (== netstandard1.6)
      System.Runtime.Handles (>= 4.3) - restriction: || (&& (== net40) (>= netstandard1.3)) (&& (== net40) (>= netstandard1.6)) (&& (== net45) (>= netstandard1.3)) (&& (== net45) (>= netstandard1.6)) (&& (== net451) (>= netstandard1.3)) (&& (== net451) (>= netstandard1.6)) (&& (== net452) (>= netstandard1.3)) (&& (== net452) (>= netstandard1.6)) (== netstandard1.6)
      System.Runtime.InteropServices (>= 4.3) - restriction: || (&& (== net40) (>= netstandard1.3)) (&& (== net40) (>= netstandard1.6)) (&& (== net45) (>= netstandard1.3)) (&& (== net45) (>= netstandard1.6)) (&& (== net451) (>= netstandard1.3)) (&& (== net451) (>= netstandard1.6)) (&& (== net452) (>= netstandard1.3)) (&& (== net452) (>= netstandard1.6)) (== netstandard1.6)
      System.Security.Claims (>= 4.3) - restriction: || (&& (== net40) (>= netstandard1.3)) (&& (== net40) (>= netstandard1.6)) (&& (== net45) (>= netstandard1.3)) (&& (== net45) (>= netstandard1.6)) (&& (== net451) (>= netstandard1.3)) (&& (== net451) (>= netstandard1.6)) (&& (== net452) (>= netstandard1.3)) (&& (== net452) (>= netstandard1.6)) (== netstandard1.6)
      System.Security.Cryptography.Algorithms (>= 4.3) - restriction: || (&& (== net40) (>= netstandard1.6)) (&& (== net45) (>= netstandard1.6)) (&& (== net451) (>= netstandard1.6)) (&& (== net452) (>= netstandard1.6)) (== netstandard1.6)
      System.Security.Cryptography.Encoding (>= 4.3) - restriction: || (&& (== net40) (>= netstandard1.3)) (&& (== net40) (>= netstandard1.6)) (&& (== net45) (>= netstandard1.3)) (&& (== net45) (>= netstandard1.6)) (&& (== net451) (>= netstandard1.3)) (&& (== net451) (>= netstandard1.6)) (&& (== net452) (>= netstandard1.3)) (&& (== net452) (>= netstandard1.6)) (== netstandard1.6)
      System.Security.Cryptography.OpenSsl (>= 4.3) - restriction: || (&& (== net40) (>= netstandard1.6)) (&& (== net45) (>= netstandard1.6)) (&& (== net451) (>= netstandard1.6)) (&& (== net452) (>= netstandard1.6)) (== netstandard1.6)
      System.Security.Cryptography.Primitives (>= 4.3) - restriction: || (&& (== net40) (>= netstandard1.3)) (&& (== net40) (>= netstandard1.6)) (&& (== net45) (>= netstandard1.3)) (&& (== net45) (>= netstandard1.6)) (&& (== net451) (>= netstandard1.3)) (&& (== net451) (>= netstandard1.6)) (&& (== net452) (>= netstandard1.3)) (&& (== net452) (>= netstandard1.6)) (== netstandard1.6)
      System.Security.Cryptography.X509Certificates (>= 4.3) - restriction: || (&& (== net40) (>= net46)) (&& (== net40) (>= netstandard1.3)) (&& (== net40) (>= netstandard1.6)) (&& (== net45) (>= net46)) (&& (== net45) (>= netstandard1.3)) (&& (== net45) (>= netstandard1.6)) (&& (== net451) (>= net46)) (&& (== net451) (>= netstandard1.3)) (&& (== net451) (>= netstandard1.6)) (&& (== net452) (>= net46)) (&& (== net452) (>= netstandard1.3)) (&& (== net452) (>= netstandard1.6)) (== netstandard1.6)
      System.Security.Principal (>= 4.3) - restriction: || (&& (== net40) (>= netstandard1.3)) (&& (== net40) (>= netstandard1.6)) (&& (== net45) (>= netstandard1.3)) (&& (== net45) (>= netstandard1.6)) (&& (== net451) (>= netstandard1.3)) (&& (== net451) (>= netstandard1.6)) (&& (== net452) (>= netstandard1.3)) (&& (== net452) (>= netstandard1.6)) (== netstandard1.6)
      System.Text.Encoding (>= 4.3) - restriction: || (&& (== net40) (>= netstandard1.6)) (&& (== net45) (>= netstandard1.6)) (&& (== net451) (>= netstandard1.6)) (&& (== net452) (>= netstandard1.6)) (== netstandard1.6)
      System.Threading (>= 4.3) - restriction: || (&& (== net40) (>= netstandard1.3)) (&& (== net40) (>= netstandard1.6)) (&& (== net45) (>= netstandard1.3)) (&& (== net45) (>= netstandard1.6)) (&& (== net451) (>= netstandard1.3)) (&& (== net451) (>= netstandard1.6)) (&& (== net452) (>= netstandard1.3)) (&& (== net452) (>= netstandard1.6)) (== netstandard1.6)
      System.Threading.Tasks (>= 4.3) - restriction: || (&& (== net40) (>= netstandard1.3)) (&& (== net40) (>= netstandard1.6)) (&& (== net45) (>= netstandard1.3)) (&& (== net45) (>= netstandard1.6)) (&& (== net451) (>= netstandard1.3)) (&& (== net451) (>= netstandard1.6)) (&& (== net452) (>= netstandard1.3)) (&& (== net452) (>= netstandard1.6)) (== netstandard1.6)
      System.Threading.ThreadPool (>= 4.3) - restriction: || (&& (== net40) (>= netstandard1.3)) (&& (== net40) (>= netstandard1.6)) (&& (== net45) (>= netstandard1.3)) (&& (== net45) (>= netstandard1.6)) (&& (== net451) (>= netstandard1.3)) (&& (== net451) (>= netstandard1.6)) (&& (== net452) (>= netstandard1.3)) (&& (== net452) (>= netstandard1.6)) (== netstandard1.6)
    System.Net.Sockets (4.3) - restriction: || (&& (== net40) (== net45) (>= netstandard1.6)) (&& (== net40) (== net451) (>= netstandard1.6)) (&& (== net40) (== net452) (>= netstandard1.6)) (&& (== net40) (== netstandard1.6)) (&& (== net40) (>= netstandard1.6)) (&& (== net45) (== net451) (>= netstandard1.6)) (&& (== net45) (== net452) (>= netstandard1.6)) (&& (== net45) (== netstandard1.6)) (&& (== net45) (>= netstandard1.6)) (&& (== net451) (== net452) (>= netstandard1.6)) (&& (== net451) (== netstandard1.6)) (&& (== net451) (>= netstandard1.6)) (&& (== net452) (== netstandard1.6)) (&& (== net452) (>= netstandard1.6)) (== netstandard1.6)
      Microsoft.NETCore.Platforms (>= 1.1) - restriction: || (&& (== net40) (>= netstandard1.3)) (&& (== net45) (>= netstandard1.3)) (&& (== net451) (>= netstandard1.3)) (&& (== net452) (>= netstandard1.3)) (== netstandard1.6)
      Microsoft.NETCore.Targets (>= 1.1) - restriction: || (&& (== net40) (>= netstandard1.3)) (&& (== net45) (>= netstandard1.3)) (&& (== net451) (>= netstandard1.3)) (&& (== net452) (>= netstandard1.3)) (== netstandard1.6)
      System.IO (>= 4.3) - restriction: || (&& (== net40) (>= netstandard1.3)) (&& (== net45) (>= netstandard1.3)) (&& (== net451) (>= netstandard1.3)) (&& (== net452) (>= netstandard1.3)) (== netstandard1.6)
      System.Net.Primitives (>= 4.3) - restriction: || (&& (== net40) (>= netstandard1.3)) (&& (== net45) (>= netstandard1.3)) (&& (== net451) (>= netstandard1.3)) (&& (== net452) (>= netstandard1.3)) (== netstandard1.6)
      System.Runtime (>= 4.3) - restriction: || (&& (== net40) (>= netstandard1.3)) (&& (== net45) (>= netstandard1.3)) (&& (== net451) (>= netstandard1.3)) (&& (== net452) (>= netstandard1.3)) (== netstandard1.6)
      System.Threading.Tasks (>= 4.3) - restriction: || (&& (== net40) (>= netstandard1.3)) (&& (== net45) (>= netstandard1.3)) (&& (== net451) (>= netstandard1.3)) (&& (== net452) (>= netstandard1.3)) (== netstandard1.6)
    System.Net.WebHeaderCollection (4.3) - restriction: || (&& (== net40) (== net45) (>= netstandard1.6)) (&& (== net40) (== net451) (>= netstandard1.6)) (&& (== net40) (== net452) (>= netstandard1.6)) (&& (== net40) (== netstandard1.6)) (&& (== net40) (>= netstandard1.6)) (&& (== net45) (== net451) (>= netstandard1.6)) (&& (== net45) (== net452) (>= netstandard1.6)) (&& (== net45) (== netstandard1.6)) (&& (== net45) (>= netstandard1.6)) (&& (== net451) (== net452) (>= netstandard1.6)) (&& (== net451) (== netstandard1.6)) (&& (== net451) (>= netstandard1.6)) (&& (== net452) (== netstandard1.6)) (&& (== net452) (>= netstandard1.6)) (== netstandard1.6)
      System.Collections (>= 4.3) - restriction: || (&& (== net40) (>= netstandard1.3)) (&& (== net45) (>= netstandard1.3)) (&& (== net451) (>= netstandard1.3)) (&& (== net452) (>= netstandard1.3)) (== netstandard1.6)
      System.Resources.ResourceManager (>= 4.3) - restriction: || (&& (== net40) (>= netstandard1.3)) (&& (== net45) (>= netstandard1.3)) (&& (== net451) (>= netstandard1.3)) (&& (== net452) (>= netstandard1.3)) (== netstandard1.6)
      System.Runtime (>= 4.3) - restriction: || (&& (== net40) (>= netstandard1.3)) (&& (== net45) (>= netstandard1.3)) (&& (== net451) (>= netstandard1.3)) (&& (== net452) (>= netstandard1.3)) (== netstandard1.6)
      System.Runtime.Extensions (>= 4.3) - restriction: || (&& (== net40) (>= netstandard1.3)) (&& (== net45) (>= netstandard1.3)) (&& (== net451) (>= netstandard1.3)) (&& (== net452) (>= netstandard1.3)) (== netstandard1.6)
    System.ObjectModel (4.3) - restriction: || (&& (== net40) (== net45) (>= netstandard1.6)) (&& (== net40) (== net451) (>= netstandard1.6)) (&& (== net40) (== net452) (>= netstandard1.6)) (&& (== net40) (== netstandard1.6)) (&& (== net40) (>= netstandard1.6)) (&& (== net45) (== net451) (>= netstandard1.6)) (&& (== net45) (== net452) (>= netstandard1.6)) (&& (== net45) (== netstandard1.6)) (&& (== net45) (>= netstandard1.6)) (&& (== net451) (== net452) (>= netstandard1.6)) (&& (== net451) (== netstandard1.6)) (&& (== net451) (>= netstandard1.6)) (&& (== net452) (== netstandard1.6)) (&& (== net452) (>= netstandard1.6)) (== netstandard1.6)
      System.Collections (>= 4.3) - restriction: || (&& (== net40) (>= dnxcore50)) (&& (== net40) (>= netstandard1.3)) (&& (== net45) (>= dnxcore50)) (&& (== net451) (< net45) (>= netstandard1.3)) (&& (== net451) (>= dnxcore50)) (&& (== net452) (< net45) (>= netstandard1.3)) (&& (== net452) (>= dnxcore50)) (== netstandard1.6)
      System.Diagnostics.Debug (>= 4.3) - restriction: || (&& (== net40) (>= dnxcore50)) (&& (== net40) (>= netstandard1.3)) (&& (== net45) (>= dnxcore50)) (&& (== net451) (< net45) (>= netstandard1.3)) (&& (== net451) (>= dnxcore50)) (&& (== net452) (< net45) (>= netstandard1.3)) (&& (== net452) (>= dnxcore50)) (== netstandard1.6)
      System.Resources.ResourceManager (>= 4.3) - restriction: || (&& (== net40) (>= dnxcore50)) (&& (== net40) (>= netstandard1.3)) (&& (== net45) (>= dnxcore50)) (&& (== net451) (< net45) (>= netstandard1.3)) (&& (== net451) (>= dnxcore50)) (&& (== net452) (< net45) (>= netstandard1.3)) (&& (== net452) (>= dnxcore50)) (== netstandard1.6)
      System.Runtime (>= 4.3) - restriction: || (&& (== net40) (>= dnxcore50)) (&& (== net40) (>= netstandard1.0)) (&& (== net40) (>= netstandard1.3)) (&& (== net45) (>= dnxcore50)) (&& (== net451) (< net45)) (&& (== net451) (>= dnxcore50)) (&& (== net452) (< net45)) (&& (== net452) (>= dnxcore50)) (== netstandard1.6)
      System.Threading (>= 4.3) - restriction: || (&& (== net40) (>= dnxcore50)) (&& (== net40) (>= netstandard1.3)) (&& (== net45) (>= dnxcore50)) (&& (== net451) (< net45) (>= netstandard1.3)) (&& (== net451) (>= dnxcore50)) (&& (== net452) (< net45) (>= netstandard1.3)) (&& (== net452) (>= dnxcore50)) (== netstandard1.6)
    System.Reflection (4.3) - restriction: || (&& (== net40) (== net45)) (&& (== net40) (== net451)) (&& (== net40) (== net452)) (&& (== net40) (>= dnxcore50)) (&& (== net40) (>= netstandard1.0)) (&& (== net40) (>= netstandard1.3)) (&& (== net40) (>= netstandard1.6)) (&& (== net45) (>= dnxcore50)) (&& (== net45) (>= netstandard1.6)) (&& (== net451) (< net45)) (&& (== net451) (>= dnxcore50)) (&& (== net451) (>= netstandard1.6)) (&& (== net452) (< net45)) (&& (== net452) (>= dnxcore50)) (&& (== net452) (>= netstandard1.6)) (== netstandard1.6)
      Microsoft.NETCore.Platforms (>= 1.1) - restriction: || (&& (== net40) (>= dnxcore50)) (&& (== net40) (>= netstandard1.0)) (&& (== net40) (>= netstandard1.3)) (&& (== net40) (>= netstandard1.5)) (&& (== net45) (>= dnxcore50)) (&& (== net451) (< net45)) (&& (== net451) (>= dnxcore50)) (&& (== net452) (< net45)) (&& (== net452) (>= dnxcore50)) (== netstandard1.6)
      Microsoft.NETCore.Targets (>= 1.1) - restriction: || (&& (== net40) (>= dnxcore50)) (&& (== net40) (>= netstandard1.0)) (&& (== net40) (>= netstandard1.3)) (&& (== net40) (>= netstandard1.5)) (&& (== net45) (>= dnxcore50)) (&& (== net451) (< net45)) (&& (== net451) (>= dnxcore50)) (&& (== net452) (< net45)) (&& (== net452) (>= dnxcore50)) (== netstandard1.6)
      System.IO (>= 4.3) - restriction: || (&& (== net40) (>= dnxcore50)) (&& (== net40) (>= netstandard1.0)) (&& (== net40) (>= netstandard1.3)) (&& (== net40) (>= netstandard1.5)) (&& (== net45) (>= dnxcore50)) (&& (== net451) (< net45)) (&& (== net451) (>= dnxcore50)) (&& (== net452) (< net45)) (&& (== net452) (>= dnxcore50)) (== netstandard1.6)
      System.Reflection.Primitives (>= 4.3) - restriction: || (&& (== net40) (>= dnxcore50)) (&& (== net40) (>= netstandard1.0)) (&& (== net40) (>= netstandard1.3)) (&& (== net40) (>= netstandard1.5)) (&& (== net45) (>= dnxcore50)) (&& (== net451) (< net45)) (&& (== net451) (>= dnxcore50)) (&& (== net452) (< net45)) (&& (== net452) (>= dnxcore50)) (== netstandard1.6)
      System.Runtime (>= 4.3) - restriction: || (&& (== net40) (>= dnxcore50)) (&& (== net40) (>= netstandard1.0)) (&& (== net40) (>= netstandard1.3)) (&& (== net40) (>= netstandard1.5)) (&& (== net45) (>= dnxcore50)) (&& (== net451) (< net45)) (&& (== net451) (>= dnxcore50)) (&& (== net452) (< net45)) (&& (== net452) (>= dnxcore50)) (== netstandard1.6)
    System.Reflection.Emit (4.3) - restriction: || (&& (== net40) (>= netstandard1.4)) (&& (== net40) (>= netstandard1.6)) (&& (== net45) (>= netstandard1.6)) (&& (== net451) (< net45) (>= netstandard1.4)) (&& (== net451) (>= netstandard1.6)) (&& (== net452) (< net45) (>= netstandard1.4)) (&& (== net452) (>= netstandard1.6)) (== netstandard1.6)
      System.IO (>= 4.3) - restriction: || (&& (== net40) (>= netstandard1.1)) (&& (== net451) (< net45)) (&& (== net452) (< net45)) (== netstandard1.6)
      System.Reflection (>= 4.3) - restriction: || (&& (== net40) (>= netstandard1.1)) (&& (== net451) (< net45)) (&& (== net452) (< net45)) (== netstandard1.6)
      System.Reflection.Emit.ILGeneration (>= 4.3) - restriction: || (&& (== net40) (>= netstandard1.1)) (&& (== net451) (< net45)) (&& (== net452) (< net45)) (== netstandard1.6)
      System.Reflection.Primitives (>= 4.3) - restriction: || (&& (== net40) (>= netstandard1.1)) (&& (== net451) (< net45)) (&& (== net452) (< net45)) (== netstandard1.6)
      System.Runtime (>= 4.3) - restriction: || (&& (== net40) (>= netstandard1.1)) (&& (== net451) (< net45)) (&& (== net452) (< net45)) (== netstandard1.6)
    System.Reflection.Emit.ILGeneration (4.3) - restriction: || (&& (== net40) (>= dnxcore50)) (&& (== net40) (>= netstandard1.4)) (&& (== net40) (>= netstandard1.6)) (&& (== net45) (>= dnxcore50)) (&& (== net45) (>= netstandard1.6)) (&& (== net451) (< net45) (>= netstandard1.4)) (&& (== net451) (>= dnxcore50)) (&& (== net451) (>= netstandard1.6)) (&& (== net452) (< net45) (>= netstandard1.4)) (&& (== net452) (>= dnxcore50)) (&& (== net452) (>= netstandard1.6)) (== netstandard1.6)
      System.Reflection (>= 4.3) - restriction: || (&& (== net40) (>= netstandard1.0)) (&& (== net451) (< net45)) (&& (== net452) (< net45)) (== netstandard1.6)
      System.Reflection.Primitives (>= 4.3) - restriction: || (&& (== net40) (>= netstandard1.0)) (&& (== net451) (< net45)) (&& (== net452) (< net45)) (== netstandard1.6)
      System.Runtime (>= 4.3) - restriction: || (&& (== net40) (>= netstandard1.0)) (&& (== net451) (< net45)) (&& (== net452) (< net45)) (== netstandard1.6)
    System.Reflection.Emit.Lightweight (4.3) - restriction: || (&& (== net40) (>= dnxcore50)) (&& (== net40) (>= netstandard1.4)) (&& (== net40) (>= netstandard1.6)) (&& (== net45) (>= dnxcore50)) (&& (== net45) (>= netstandard1.6)) (&& (== net451) (< net45) (>= netstandard1.4)) (&& (== net451) (>= dnxcore50)) (&& (== net451) (>= netstandard1.6)) (&& (== net452) (< net45) (>= netstandard1.4)) (&& (== net452) (>= dnxcore50)) (&& (== net452) (>= netstandard1.6)) (== netstandard1.6)
      System.Reflection (>= 4.3) - restriction: || (&& (== net40) (>= netstandard1.0)) (&& (== net451) (< net45)) (&& (== net452) (< net45)) (== netstandard1.6)
      System.Reflection.Emit.ILGeneration (>= 4.3) - restriction: || (&& (== net40) (>= netstandard1.0)) (&& (== net451) (< net45)) (&& (== net452) (< net45)) (== netstandard1.6)
      System.Reflection.Primitives (>= 4.3) - restriction: || (&& (== net40) (>= netstandard1.0)) (&& (== net451) (< net45)) (&& (== net452) (< net45)) (== netstandard1.6)
      System.Runtime (>= 4.3) - restriction: || (&& (== net40) (>= netstandard1.0)) (&& (== net451) (< net45)) (&& (== net452) (< net45)) (== netstandard1.6)
    System.Reflection.Extensions (4.3) - restriction: || (&& (== net40) (< net20) (>= netstandard1.0)) (&& (== net40) (< net20) (>= netstandard1.3)) (&& (== net40) (< net20) (>= netstandard1.5)) (&& (== net40) (>= dnxcore50)) (&& (== net40) (>= netstandard1.6)) (&& (== net45) (< net20)) (&& (== net45) (>= dnxcore50)) (&& (== net45) (>= netstandard1.6)) (&& (== net451) (< net20)) (&& (== net451) (>= dnxcore50)) (&& (== net451) (>= netstandard1.6)) (&& (== net452) (< net20)) (&& (== net452) (>= dnxcore50)) (&& (== net452) (>= netstandard1.6)) (== netstandard1.6)
      Microsoft.NETCore.Platforms (>= 1.1) - restriction: || (&& (== net40) (>= dnxcore50)) (&& (== net40) (>= netstandard1.0)) (&& (== net45) (>= dnxcore50)) (&& (== net451) (< net45)) (&& (== net451) (>= dnxcore50)) (&& (== net452) (< net45)) (&& (== net452) (>= dnxcore50)) (== netstandard1.6)
      Microsoft.NETCore.Targets (>= 1.1) - restriction: || (&& (== net40) (>= dnxcore50)) (&& (== net40) (>= netstandard1.0)) (&& (== net45) (>= dnxcore50)) (&& (== net451) (< net45)) (&& (== net451) (>= dnxcore50)) (&& (== net452) (< net45)) (&& (== net452) (>= dnxcore50)) (== netstandard1.6)
      System.Reflection (>= 4.3) - restriction: || (&& (== net40) (>= dnxcore50)) (&& (== net40) (>= netstandard1.0)) (&& (== net45) (>= dnxcore50)) (&& (== net451) (< net45)) (&& (== net451) (>= dnxcore50)) (&& (== net452) (< net45)) (&& (== net452) (>= dnxcore50)) (== netstandard1.6)
      System.Runtime (>= 4.3) - restriction: || (&& (== net40) (>= dnxcore50)) (&& (== net40) (>= netstandard1.0)) (&& (== net45) (>= dnxcore50)) (&& (== net451) (< net45)) (&& (== net451) (>= dnxcore50)) (&& (== net452) (< net45)) (&& (== net452) (>= dnxcore50)) (== netstandard1.6)
    System.Reflection.Metadata (1.5) - restriction: || (&& (== net40) (== net45) (>= netstandard1.3)) (&& (== net40) (== net45) (>= netstandard1.6)) (&& (== net40) (== net451) (>= netstandard1.3)) (&& (== net40) (== net451) (>= netstandard1.6)) (&& (== net40) (== net452) (>= netstandard1.3)) (&& (== net40) (== net452) (>= netstandard1.6)) (&& (== net40) (== netstandard1.6)) (&& (== net40) (>= net45) (>= netstandard1.3)) (&& (== net40) (>= netstandard1.6)) (&& (== net45) (== netstandard1.6)) (&& (== net451) (== net452) (< net45) (>= netstandard1.3)) (&& (== net451) (== netstandard1.6)) (&& (== net451) (< net45) (>= netstandard1.3)) (&& (== net452) (== netstandard1.6)) (&& (== net452) (< net45) (>= netstandard1.3)) (== netstandard1.6)
      NETStandard.Library (>= 1.6.1) - restriction: || (&& (== net40) (>= netstandard1.1)) (== net45) (== net451) (== net452) (== netstandard1.6)
      System.Collections.Immutable (>= 1.4) - restriction: || (&& (== net40) (>= netstandard1.1)) (&& (== net40) (>= netstandard2.0)) (&& (== net40) (>= monoandroid)) (&& (== net40) (>= monotouch)) (&& (== net40) (>= xamarintvos)) (&& (== net40) (>= xamarinwatchos)) (&& (== net40) (>= xamarinios)) (&& (== net40) (>= xamarinmac)) (&& (== net40) (>= portable-net45+win8)) (&& (== net40) (>= portable-net45+win8+wpa81)) (== net45) (== net451) (== net452) (== netstandard1.6)
    System.Reflection.Primitives (4.3) - restriction: || (&& (== net40) (< net20) (>= netstandard1.0)) (&& (== net40) (< net20) (>= netstandard1.3)) (&& (== net40) (< net20) (>= netstandard1.5)) (&& (== net40) (>= dnxcore50)) (&& (== net40) (>= netstandard1.4)) (&& (== net40) (>= netstandard1.6)) (&& (== net45) (< net20)) (&& (== net45) (>= dnxcore50)) (&& (== net45) (>= netstandard1.6)) (&& (== net451) (< net20)) (&& (== net451) (< net45) (>= netstandard1.4)) (&& (== net451) (>= dnxcore50)) (&& (== net451) (>= netstandard1.6)) (&& (== net452) (< net20)) (&& (== net452) (< net45) (>= netstandard1.4)) (&& (== net452) (>= dnxcore50)) (&& (== net452) (>= netstandard1.6)) (== netstandard1.6)
      Microsoft.NETCore.Platforms (>= 1.1) - restriction: || (&& (== net40) (>= dnxcore50)) (&& (== net40) (>= netstandard1.0)) (&& (== net45) (>= dnxcore50)) (&& (== net451) (< net45)) (&& (== net451) (>= dnxcore50)) (&& (== net452) (< net45)) (&& (== net452) (>= dnxcore50)) (== netstandard1.6)
      Microsoft.NETCore.Targets (>= 1.1) - restriction: || (&& (== net40) (>= dnxcore50)) (&& (== net40) (>= netstandard1.0)) (&& (== net45) (>= dnxcore50)) (&& (== net451) (< net45)) (&& (== net451) (>= dnxcore50)) (&& (== net452) (< net45)) (&& (== net452) (>= dnxcore50)) (== netstandard1.6)
      System.Runtime (>= 4.3) - restriction: || (&& (== net40) (>= dnxcore50)) (&& (== net40) (>= netstandard1.0)) (&& (== net45) (>= dnxcore50)) (&& (== net451) (< net45)) (&& (== net451) (>= dnxcore50)) (&& (== net452) (< net45)) (&& (== net452) (>= dnxcore50)) (== netstandard1.6)
    System.Reflection.TypeExtensions (4.4) - restriction: || (&& (== net40) (>= dnxcore50)) (&& (== net40) (>= netstandard1.6)) (&& (== net45) (>= dnxcore50)) (&& (== net45) (>= netstandard1.6)) (&& (== net451) (>= dnxcore50)) (&& (== net451) (>= netstandard1.6)) (&& (== net452) (>= dnxcore50)) (&& (== net452) (>= netstandard1.6)) (== netstandard1.6)
      System.Reflection (>= 4.3) - restriction: || (&& (== net40) (>= dnxcore50)) (&& (== net40) (>= netstandard1.3)) (&& (== net40) (>= netstandard1.5)) (&& (== net45) (>= dnxcore50)) (&& (== net45) (>= netstandard1.3)) (&& (== net45) (>= netstandard1.5)) (&& (== net451) (>= dnxcore50)) (&& (== net451) (>= netstandard1.3)) (&& (== net451) (>= netstandard1.5)) (&& (== net452) (>= dnxcore50)) (&& (== net452) (>= netstandard1.3)) (&& (== net452) (>= netstandard1.5)) (== netstandard1.6)
      System.Resources.ResourceManager (>= 4.3) - restriction: || (&& (== net40) (>= dnxcore50)) (&& (== net40) (>= netstandard1.3)) (&& (== net40) (>= netstandard1.5)) (&& (== net45) (>= dnxcore50)) (&& (== net45) (>= netstandard1.3)) (&& (== net45) (>= netstandard1.5)) (&& (== net451) (>= dnxcore50)) (&& (== net451) (>= netstandard1.3)) (&& (== net451) (>= netstandard1.5)) (&& (== net452) (>= dnxcore50)) (&& (== net452) (>= netstandard1.3)) (&& (== net452) (>= netstandard1.5)) (== netstandard1.6)
      System.Runtime (>= 4.3) - restriction: || (&& (== net40) (>= dnxcore50)) (&& (== net40) (>= netstandard1.3)) (&& (== net40) (>= netstandard1.5)) (&& (== net45) (>= dnxcore50)) (&& (== net45) (>= netstandard1.3)) (&& (== net45) (>= netstandard1.5)) (&& (== net451) (>= dnxcore50)) (&& (== net451) (>= netstandard1.3)) (&& (== net451) (>= netstandard1.5)) (&& (== net452) (>= dnxcore50)) (&& (== net452) (>= netstandard1.3)) (&& (== net452) (>= netstandard1.5)) (== netstandard1.6)
    System.Resources.ResourceManager (4.3) - restriction: || (&& (== net40) (< net20) (>= netstandard1.0)) (&& (== net40) (< net20) (>= netstandard1.3)) (&& (== net40) (< net20) (>= netstandard1.5)) (&& (== net40) (>= dnxcore50)) (&& (== net40) (>= netstandard1.4)) (&& (== net40) (>= netstandard1.6)) (&& (== net45) (< net20)) (&& (== net45) (>= dnxcore50)) (&& (== net45) (>= netstandard1.6)) (&& (== net451) (< net20)) (&& (== net451) (< net45) (>= netstandard1.4)) (&& (== net451) (>= dnxcore50)) (&& (== net451) (>= netstandard1.6)) (&& (== net452) (< net20)) (&& (== net452) (< net45) (>= netstandard1.4)) (&& (== net452) (>= dnxcore50)) (&& (== net452) (>= netstandard1.6)) (== netstandard1.6)
      Microsoft.NETCore.Platforms (>= 1.1) - restriction: || (&& (== net40) (>= dnxcore50)) (&& (== net40) (>= netstandard1.0)) (&& (== net45) (>= dnxcore50)) (&& (== net451) (< net45)) (&& (== net451) (>= dnxcore50)) (&& (== net452) (< net45)) (&& (== net452) (>= dnxcore50)) (== netstandard1.6)
      Microsoft.NETCore.Targets (>= 1.1) - restriction: || (&& (== net40) (>= dnxcore50)) (&& (== net40) (>= netstandard1.0)) (&& (== net45) (>= dnxcore50)) (&& (== net451) (< net45)) (&& (== net451) (>= dnxcore50)) (&& (== net452) (< net45)) (&& (== net452) (>= dnxcore50)) (== netstandard1.6)
      System.Globalization (>= 4.3) - restriction: || (&& (== net40) (>= dnxcore50)) (&& (== net40) (>= netstandard1.0)) (&& (== net45) (>= dnxcore50)) (&& (== net451) (< net45)) (&& (== net451) (>= dnxcore50)) (&& (== net452) (< net45)) (&& (== net452) (>= dnxcore50)) (== netstandard1.6)
      System.Reflection (>= 4.3) - restriction: || (&& (== net40) (>= dnxcore50)) (&& (== net40) (>= netstandard1.0)) (&& (== net45) (>= dnxcore50)) (&& (== net451) (< net45)) (&& (== net451) (>= dnxcore50)) (&& (== net452) (< net45)) (&& (== net452) (>= dnxcore50)) (== netstandard1.6)
      System.Runtime (>= 4.3) - restriction: || (&& (== net40) (>= dnxcore50)) (&& (== net40) (>= netstandard1.0)) (&& (== net45) (>= dnxcore50)) (&& (== net451) (< net45)) (&& (== net451) (>= dnxcore50)) (&& (== net452) (< net45)) (&& (== net452) (>= dnxcore50)) (== netstandard1.6)
    System.Runtime (4.3) - restriction: || (&& (== net40) (>= net45)) (&& (== net40) (>= dnxcore50)) (&& (== net40) (>= netstandard1.0)) (&& (== net40) (>= netstandard1.3)) (&& (== net40) (>= netstandard1.4)) (&& (== net40) (>= netstandard1.6)) (== net45) (== net451) (== net452) (== netstandard1.6)
      Microsoft.NETCore.Platforms (>= 1.1) - restriction: || (&& (== net40) (>= dnxcore50)) (&& (== net40) (>= netstandard1.0)) (&& (== net40) (>= netstandard1.2)) (&& (== net40) (>= netstandard1.3)) (&& (== net40) (>= netstandard1.5)) (&& (== net45) (>= dnxcore50)) (&& (== net451) (< net45)) (&& (== net451) (>= dnxcore50)) (&& (== net452) (< net45)) (&& (== net452) (>= dnxcore50)) (== netstandard1.6)
      Microsoft.NETCore.Targets (>= 1.1) - restriction: || (&& (== net40) (>= dnxcore50)) (&& (== net40) (>= netstandard1.0)) (&& (== net40) (>= netstandard1.2)) (&& (== net40) (>= netstandard1.3)) (&& (== net40) (>= netstandard1.5)) (&& (== net45) (>= dnxcore50)) (&& (== net451) (< net45)) (&& (== net451) (>= dnxcore50)) (&& (== net452) (< net45)) (&& (== net452) (>= dnxcore50)) (== netstandard1.6)
    System.Runtime.Extensions (4.3) - restriction: || (&& (== net40) (< net20) (>= netstandard1.0)) (&& (== net40) (< net20) (>= netstandard1.3)) (&& (== net40) (< net20) (>= netstandard1.5)) (&& (== net40) (>= dnxcore50)) (&& (== net40) (>= netstandard1.6)) (&& (== net45) (< net20)) (&& (== net45) (>= dnxcore50)) (&& (== net45) (>= netstandard1.6)) (&& (== net451) (< net20)) (&& (== net451) (>= dnxcore50)) (&& (== net451) (>= netstandard1.6)) (&& (== net452) (< net20)) (&& (== net452) (>= dnxcore50)) (&& (== net452) (>= netstandard1.6)) (== netstandard1.6)
      Microsoft.NETCore.Platforms (>= 1.1) - restriction: || (&& (== net40) (>= dnxcore50)) (&& (== net40) (>= netstandard1.0)) (&& (== net40) (>= netstandard1.3)) (&& (== net40) (>= netstandard1.5)) (&& (== net45) (>= dnxcore50)) (&& (== net451) (< net45)) (&& (== net451) (>= dnxcore50)) (&& (== net452) (< net45)) (&& (== net452) (>= dnxcore50)) (== netstandard1.6)
      Microsoft.NETCore.Targets (>= 1.1) - restriction: || (&& (== net40) (>= dnxcore50)) (&& (== net40) (>= netstandard1.0)) (&& (== net40) (>= netstandard1.3)) (&& (== net40) (>= netstandard1.5)) (&& (== net45) (>= dnxcore50)) (&& (== net451) (< net45)) (&& (== net451) (>= dnxcore50)) (&& (== net452) (< net45)) (&& (== net452) (>= dnxcore50)) (== netstandard1.6)
      System.Runtime (>= 4.3) - restriction: || (&& (== net40) (>= dnxcore50)) (&& (== net40) (>= netstandard1.0)) (&& (== net40) (>= netstandard1.3)) (&& (== net40) (>= netstandard1.5)) (&& (== net45) (>= dnxcore50)) (&& (== net451) (< net45)) (&& (== net451) (>= dnxcore50)) (&& (== net452) (< net45)) (&& (== net452) (>= dnxcore50)) (== netstandard1.6)
    System.Runtime.Handles (4.3) - restriction: || (&& (== net40) (== net45) (>= netstandard1.3)) (&& (== net40) (== net451) (>= netstandard1.3)) (&& (== net40) (== net452) (>= netstandard1.3)) (&& (== net40) (>= net45) (>= netstandard1.3)) (&& (== net40) (>= netstandard1.6)) (&& (== net45) (>= netstandard1.6)) (&& (== net451) (< net45) (>= netstandard1.3)) (&& (== net451) (>= netstandard1.6)) (&& (== net452) (< net45) (>= netstandard1.3)) (&& (== net452) (>= netstandard1.6)) (== netstandard1.6)
      Microsoft.NETCore.Platforms (>= 1.1) - restriction: || (&& (== net40) (>= netstandard1.3)) (&& (== net45) (>= netstandard1.3)) (&& (== net451) (>= netstandard1.3)) (&& (== net452) (>= netstandard1.3)) (== netstandard1.6)
      Microsoft.NETCore.Targets (>= 1.1) - restriction: || (&& (== net40) (>= netstandard1.3)) (&& (== net45) (>= netstandard1.3)) (&& (== net451) (>= netstandard1.3)) (&& (== net452) (>= netstandard1.3)) (== netstandard1.6)
      System.Runtime (>= 4.3) - restriction: || (&& (== net40) (>= netstandard1.3)) (&& (== net45) (>= netstandard1.3)) (&& (== net451) (>= netstandard1.3)) (&& (== net452) (>= netstandard1.3)) (== netstandard1.6)
    System.Runtime.InteropServices (4.3) - restriction: || (&& (== net40) (== net45) (>= netstandard1.3)) (&& (== net40) (== net451) (>= netstandard1.3)) (&& (== net40) (== net452) (>= netstandard1.3)) (&& (== net40) (>= net45) (>= netstandard1.3)) (&& (== net40) (>= netstandard1.6)) (&& (== net45) (>= netstandard1.6)) (&& (== net451) (< net45) (>= netstandard1.3)) (&& (== net451) (>= netstandard1.6)) (&& (== net452) (< net45) (>= netstandard1.3)) (&& (== net452) (>= netstandard1.6)) (== netstandard1.6)
      Microsoft.NETCore.Platforms (>= 1.1) - restriction: || (&& (== net40) (>= dnxcore50)) (&& (== net40) (>= netstandard1.1)) (&& (== net40) (>= netstandard1.2)) (&& (== net40) (>= netstandard1.3)) (&& (== net40) (>= netstandard1.5)) (&& (== net40) (>= netcoreapp1.1)) (&& (== net45) (>= dnxcore50)) (&& (== net45) (>= netcoreapp1.1)) (&& (== net451) (< net45)) (&& (== net451) (>= dnxcore50)) (&& (== net451) (>= netcoreapp1.1)) (&& (== net452) (< net45)) (&& (== net452) (>= dnxcore50)) (&& (== net452) (>= netcoreapp1.1)) (== netstandard1.6)
      Microsoft.NETCore.Targets (>= 1.1) - restriction: || (&& (== net40) (>= dnxcore50)) (&& (== net40) (>= netstandard1.1)) (&& (== net40) (>= netstandard1.2)) (&& (== net40) (>= netstandard1.3)) (&& (== net40) (>= netstandard1.5)) (&& (== net40) (>= netcoreapp1.1)) (&& (== net45) (>= dnxcore50)) (&& (== net45) (>= netcoreapp1.1)) (&& (== net451) (< net45)) (&& (== net451) (>= dnxcore50)) (&& (== net451) (>= netcoreapp1.1)) (&& (== net452) (< net45)) (&& (== net452) (>= dnxcore50)) (&& (== net452) (>= netcoreapp1.1)) (== netstandard1.6)
      System.Reflection (>= 4.3) - restriction: || (&& (== net40) (>= dnxcore50)) (&& (== net40) (>= netstandard1.1)) (&& (== net40) (>= netstandard1.2)) (&& (== net40) (>= netstandard1.3)) (&& (== net40) (>= netstandard1.5)) (&& (== net40) (>= netcoreapp1.1)) (&& (== net45) (>= dnxcore50)) (&& (== net45) (>= netcoreapp1.1)) (&& (== net451) (< net45)) (&& (== net451) (>= dnxcore50)) (&& (== net451) (>= netcoreapp1.1)) (&& (== net452) (< net45)) (&& (== net452) (>= dnxcore50)) (&& (== net452) (>= netcoreapp1.1)) (== netstandard1.6)
      System.Reflection.Primitives (>= 4.3) - restriction: || (&& (== net40) (>= dnxcore50)) (&& (== net40) (>= netstandard1.1)) (&& (== net40) (>= netstandard1.2)) (&& (== net40) (>= netstandard1.3)) (&& (== net40) (>= netstandard1.5)) (&& (== net40) (>= netcoreapp1.1)) (&& (== net45) (>= dnxcore50)) (&& (== net45) (>= netcoreapp1.1)) (&& (== net451) (< net45)) (&& (== net451) (>= dnxcore50)) (&& (== net451) (>= netcoreapp1.1)) (&& (== net452) (< net45)) (&& (== net452) (>= dnxcore50)) (&& (== net452) (>= netcoreapp1.1)) (== netstandard1.6)
      System.Runtime (>= 4.3) - restriction: || (&& (== net40) (>= net462)) (&& (== net40) (>= dnxcore50)) (&& (== net40) (>= netstandard1.1)) (&& (== net40) (>= netstandard1.2)) (&& (== net40) (>= netstandard1.3)) (&& (== net40) (>= netstandard1.5)) (&& (== net40) (>= netcoreapp1.1)) (&& (== net45) (>= net462)) (&& (== net45) (>= dnxcore50)) (&& (== net45) (>= netcoreapp1.1)) (&& (== net451) (< net45)) (&& (== net451) (>= net462)) (&& (== net451) (>= dnxcore50)) (&& (== net451) (>= netcoreapp1.1)) (&& (== net452) (< net45)) (&& (== net452) (>= net462)) (&& (== net452) (>= dnxcore50)) (&& (== net452) (>= netcoreapp1.1)) (== netstandard1.6)
      System.Runtime.Handles (>= 4.3) - restriction: || (&& (== net40) (>= dnxcore50)) (&& (== net40) (>= netstandard1.3)) (&& (== net40) (>= netstandard1.5)) (&& (== net40) (>= netcoreapp1.1)) (&& (== net45) (>= dnxcore50)) (&& (== net45) (>= netcoreapp1.1)) (&& (== net451) (< net45) (>= netstandard1.3)) (&& (== net451) (< net45) (>= netstandard1.5)) (&& (== net451) (>= dnxcore50)) (&& (== net451) (>= netcoreapp1.1)) (&& (== net452) (< net45) (>= netstandard1.3)) (&& (== net452) (< net45) (>= netstandard1.5)) (&& (== net452) (>= dnxcore50)) (&& (== net452) (>= netcoreapp1.1)) (== netstandard1.6)
    System.Runtime.InteropServices.RuntimeInformation (4.3) - restriction: || (&& (== net40) (>= net45)) (&& (== net40) (>= net451)) (&& (== net40) (>= net46)) (&& (== net40) (>= uap10.0)) (&& (== net40) (>= netstandard1.0) (>= portable-net45+win8+wpa81)) (&& (== net40) (>= netstandard1.0) (>= portable-net451+win81+wpa81)) (&& (== net40) (>= netstandard1.1)) (&& (== net40) (>= netstandard1.2)) (&& (== net40) (>= netstandard1.3)) (&& (== net40) (>= netstandard1.4)) (&& (== net40) (>= netstandard1.5)) (&& (== net40) (>= netstandard1.6)) (&& (== net40) (>= wpa81)) (== net45) (== net451) (== net452) (== netstandard1.6)
      runtime.native.System (>= 4.3) - restriction: || (&& (== net40) (>= netstandard1.1)) (&& (== net451) (< net45)) (&& (== net452) (< net45)) (== netstandard1.6)
      System.Reflection (>= 4.3) - restriction: || (&& (== net40) (>= dnxcore50)) (&& (== net40) (>= netstandard1.1)) (&& (== net45) (>= dnxcore50)) (&& (== net451) (< net45)) (&& (== net451) (>= dnxcore50)) (&& (== net452) (< net45)) (&& (== net452) (>= dnxcore50)) (== netstandard1.6)
      System.Reflection.Extensions (>= 4.3) - restriction: || (&& (== net40) (>= dnxcore50)) (&& (== net40) (>= netstandard1.1)) (&& (== net45) (>= dnxcore50)) (&& (== net451) (< net45)) (&& (== net451) (>= dnxcore50)) (&& (== net452) (< net45)) (&& (== net452) (>= dnxcore50)) (== netstandard1.6)
      System.Resources.ResourceManager (>= 4.3) - restriction: || (&& (== net40) (>= dnxcore50)) (&& (== net40) (>= netstandard1.1)) (&& (== net45) (>= dnxcore50)) (&& (== net451) (< net45)) (&& (== net451) (>= dnxcore50)) (&& (== net452) (< net45)) (&& (== net452) (>= dnxcore50)) (== netstandard1.6)
      System.Runtime (>= 4.3) - restriction: || (&& (== net40) (>= dnxcore50)) (&& (== net40) (>= netstandard1.1)) (&& (== net45) (>= dnxcore50)) (&& (== net451) (< net45)) (&& (== net451) (>= dnxcore50)) (&& (== net452) (< net45)) (&& (== net452) (>= dnxcore50)) (== netstandard1.6)
      System.Runtime.InteropServices (>= 4.3) - restriction: || (&& (== net40) (>= netstandard1.1)) (&& (== net451) (< net45)) (&& (== net452) (< net45)) (== netstandard1.6)
      System.Threading (>= 4.3) - restriction: || (&& (== net40) (>= dnxcore50)) (&& (== net40) (>= netstandard1.1)) (&& (== net45) (>= dnxcore50)) (&& (== net451) (< net45)) (&& (== net451) (>= dnxcore50)) (&& (== net452) (< net45)) (&& (== net452) (>= dnxcore50)) (== netstandard1.6)
    System.Runtime.Numerics (4.3) - restriction: || (&& (== net40) (>= netstandard1.6)) (&& (== net45) (>= netstandard1.6)) (&& (== net451) (>= netstandard1.6)) (&& (== net452) (>= netstandard1.6)) (== netstandard1.6)
      System.Globalization (>= 4.3) - restriction: || (&& (== net40) (>= dnxcore50)) (&& (== net40) (>= netstandard1.3)) (&& (== net45) (>= dnxcore50)) (&& (== net451) (< net45) (>= netstandard1.3)) (&& (== net451) (>= dnxcore50)) (&& (== net452) (< net45) (>= netstandard1.3)) (&& (== net452) (>= dnxcore50)) (== netstandard1.6)
      System.Resources.ResourceManager (>= 4.3) - restriction: || (&& (== net40) (>= dnxcore50)) (&& (== net40) (>= netstandard1.3)) (&& (== net45) (>= dnxcore50)) (&& (== net451) (< net45) (>= netstandard1.3)) (&& (== net451) (>= dnxcore50)) (&& (== net452) (< net45) (>= netstandard1.3)) (&& (== net452) (>= dnxcore50)) (== netstandard1.6)
      System.Runtime (>= 4.3) - restriction: || (&& (== net40) (>= dnxcore50)) (&& (== net40) (>= netstandard1.1)) (&& (== net40) (>= netstandard1.3)) (&& (== net45) (>= dnxcore50)) (&& (== net451) (< net45)) (&& (== net451) (>= dnxcore50)) (&& (== net452) (< net45)) (&& (== net452) (>= dnxcore50)) (== netstandard1.6)
      System.Runtime.Extensions (>= 4.3) - restriction: || (&& (== net40) (>= dnxcore50)) (&& (== net40) (>= netstandard1.3)) (&& (== net45) (>= dnxcore50)) (&& (== net451) (< net45) (>= netstandard1.3)) (&& (== net451) (>= dnxcore50)) (&& (== net452) (< net45) (>= netstandard1.3)) (&& (== net452) (>= dnxcore50)) (== netstandard1.6)
    System.Runtime.Serialization.Formatters (4.3) - restriction: || (&& (== net40) (== net45) (< net20) (>= netstandard1.3)) (&& (== net40) (== net451) (< net20) (>= netstandard1.3)) (&& (== net40) (== net452) (< net20) (>= netstandard1.3)) (&& (== net40) (== netstandard1.6)) (&& (== net40) (< net20) (>= netstandard1.3)) (&& (== net45) (== net451) (< net20) (>= netstandard1.3)) (&& (== net45) (== net452) (< net20) (>= netstandard1.3)) (&& (== net45) (== netstandard1.6)) (&& (== net45) (< net20) (>= netstandard1.3)) (&& (== net451) (== net452) (< net20) (>= netstandard1.3)) (&& (== net451) (== netstandard1.6)) (&& (== net451) (< net20) (>= netstandard1.3)) (&& (== net452) (== netstandard1.6)) (&& (== net452) (< net20) (>= netstandard1.3)) (== netstandard1.6)
      System.Collections (>= 4.3) - restriction: || (&& (== net40) (>= netstandard1.4)) (&& (== net45) (>= netstandard1.4)) (&& (== net451) (>= netstandard1.4)) (&& (== net452) (>= netstandard1.4)) (== netstandard1.6)
      System.Reflection (>= 4.3) - restriction: || (&& (== net40) (>= netstandard1.4)) (&& (== net45) (>= netstandard1.4)) (&& (== net451) (>= netstandard1.4)) (&& (== net452) (>= netstandard1.4)) (== netstandard1.6)
      System.Resources.ResourceManager (>= 4.3) - restriction: || (&& (== net40) (>= netstandard1.4)) (&& (== net45) (>= netstandard1.4)) (&& (== net451) (>= netstandard1.4)) (&& (== net452) (>= netstandard1.4)) (== netstandard1.6)
      System.Runtime (>= 4.3) - restriction: || (&& (== net40) (>= netstandard1.3)) (&& (== net40) (>= netstandard1.4)) (&& (== net45) (>= netstandard1.3)) (&& (== net45) (>= netstandard1.4)) (&& (== net451) (>= netstandard1.3)) (&& (== net451) (>= netstandard1.4)) (&& (== net452) (>= netstandard1.3)) (&& (== net452) (>= netstandard1.4)) (== netstandard1.6)
      System.Runtime.Serialization.Primitives (>= 4.3) - restriction: || (&& (== net40) (>= net46)) (&& (== net40) (>= netstandard1.3)) (&& (== net40) (>= netstandard1.4)) (&& (== net45) (>= net46)) (&& (== net45) (>= netstandard1.3)) (&& (== net45) (>= netstandard1.4)) (&& (== net451) (>= net46)) (&& (== net451) (>= netstandard1.3)) (&& (== net451) (>= netstandard1.4)) (&& (== net452) (>= net46)) (&& (== net452) (>= netstandard1.3)) (&& (== net452) (>= netstandard1.4)) (== netstandard1.6)
    System.Runtime.Serialization.Primitives (4.3) - restriction: || (&& (== net40) (< net20) (>= netstandard1.0)) (&& (== net40) (< net20) (>= netstandard1.3)) (&& (== net40) (>= netstandard1.4)) (&& (== net45) (< net20)) (&& (== net451) (< net20)) (&& (== net451) (< net45) (>= netstandard1.4)) (&& (== net452) (< net20)) (&& (== net452) (< net45) (>= netstandard1.4)) (== netstandard1.6)
      System.Resources.ResourceManager (>= 4.3) - restriction: || (&& (== net40) (>= dnxcore50)) (&& (== net40) (>= netstandard1.3)) (&& (== net45) (>= dnxcore50)) (&& (== net451) (< net45) (>= netstandard1.3)) (&& (== net451) (>= dnxcore50)) (&& (== net452) (< net45) (>= netstandard1.3)) (&& (== net452) (>= dnxcore50)) (== netstandard1.6)
      System.Runtime (>= 4.3) - restriction: || (&& (== net40) (>= dnxcore50)) (&& (== net40) (>= netstandard1.0)) (&& (== net40) (>= netstandard1.3)) (&& (== net45) (>= dnxcore50)) (&& (== net451) (< net45)) (&& (== net451) (>= dnxcore50)) (&& (== net452) (< net45)) (&& (== net452) (>= dnxcore50)) (== netstandard1.6)
    System.Security.Claims (4.3) - restriction: || (&& (== net40) (== net45) (>= netstandard1.3)) (&& (== net40) (== net451) (>= netstandard1.3)) (&& (== net40) (== net452) (>= netstandard1.3)) (&& (== net40) (>= net45) (>= netstandard1.3)) (&& (== net40) (>= netstandard1.6)) (&& (== net45) (>= netstandard1.6)) (&& (== net451) (< net45) (>= netstandard1.3)) (&& (== net451) (>= netstandard1.6)) (&& (== net452) (< net45) (>= netstandard1.3)) (&& (== net452) (>= netstandard1.6)) (== netstandard1.6)
      System.Collections (>= 4.3) - restriction: || (&& (== net40) (>= netstandard1.3)) (&& (== net45) (>= netstandard1.3)) (&& (== net451) (>= netstandard1.3)) (&& (== net452) (>= netstandard1.3)) (== netstandard1.6)
      System.Globalization (>= 4.3) - restriction: || (&& (== net40) (>= netstandard1.3)) (&& (== net45) (>= netstandard1.3)) (&& (== net451) (>= netstandard1.3)) (&& (== net452) (>= netstandard1.3)) (== netstandard1.6)
      System.IO (>= 4.3) - restriction: || (&& (== net40) (>= netstandard1.3)) (&& (== net45) (>= netstandard1.3)) (&& (== net451) (>= netstandard1.3)) (&& (== net452) (>= netstandard1.3)) (== netstandard1.6)
      System.Resources.ResourceManager (>= 4.3) - restriction: || (&& (== net40) (>= netstandard1.3)) (&& (== net45) (>= netstandard1.3)) (&& (== net451) (>= netstandard1.3)) (&& (== net452) (>= netstandard1.3)) (== netstandard1.6)
      System.Runtime (>= 4.3) - restriction: || (&& (== net40) (>= netstandard1.3)) (&& (== net45) (>= netstandard1.3)) (&& (== net451) (>= netstandard1.3)) (&& (== net452) (>= netstandard1.3)) (== netstandard1.6)
      System.Runtime.Extensions (>= 4.3) - restriction: || (&& (== net40) (>= netstandard1.3)) (&& (== net45) (>= netstandard1.3)) (&& (== net451) (>= netstandard1.3)) (&& (== net452) (>= netstandard1.3)) (== netstandard1.6)
      System.Security.Principal (>= 4.3) - restriction: || (&& (== net40) (>= netstandard1.3)) (&& (== net45) (>= netstandard1.3)) (&& (== net451) (>= netstandard1.3)) (&& (== net452) (>= netstandard1.3)) (== netstandard1.6)
    System.Security.Cryptography.Algorithms (4.3) - restriction: || (&& (== net40) (>= netstandard1.6)) (&& (== net45) (>= netstandard1.6)) (&& (== net451) (>= netstandard1.6)) (&& (== net452) (>= netstandard1.6)) (== netstandard1.6)
      Microsoft.NETCore.Platforms (>= 1.1) - restriction: || (&& (== net40) (>= dnxcore50)) (&& (== net40) (>= netstandard1.6)) (&& (== net45) (>= dnxcore50)) (&& (== net45) (>= netstandard1.6)) (&& (== net451) (>= dnxcore50)) (&& (== net451) (>= netstandard1.6)) (&& (== net452) (>= dnxcore50)) (&& (== net452) (>= netstandard1.6)) (== netstandard1.6)
      runtime.native.System.Security.Cryptography.Apple (>= 4.3) - restriction: || (&& (== net40) (>= netstandard1.6)) (&& (== net45) (>= netstandard1.6)) (&& (== net451) (>= netstandard1.6)) (&& (== net452) (>= netstandard1.6)) (== netstandard1.6)
      runtime.native.System.Security.Cryptography.OpenSsl (>= 4.3) - restriction: || (&& (== net40) (>= netstandard1.6)) (&& (== net45) (>= netstandard1.6)) (&& (== net451) (>= netstandard1.6)) (&& (== net452) (>= netstandard1.6)) (== netstandard1.6)
      System.Collections (>= 4.3) - restriction: || (&& (== net40) (>= netstandard1.6)) (&& (== net45) (>= netstandard1.6)) (&& (== net451) (>= netstandard1.6)) (&& (== net452) (>= netstandard1.6)) (== netstandard1.6)
      System.IO (>= 4.3) - restriction: || (&& (== net40) (>= net463)) (&& (== net40) (>= dnxcore50)) (&& (== net40) (>= netstandard1.3)) (&& (== net40) (>= netstandard1.4)) (&& (== net40) (>= netstandard1.6)) (&& (== net45) (>= net463)) (&& (== net45) (>= dnxcore50)) (&& (== net45) (>= netstandard1.3)) (&& (== net45) (>= netstandard1.4)) (&& (== net45) (>= netstandard1.6)) (&& (== net451) (>= net463)) (&& (== net451) (>= dnxcore50)) (&& (== net451) (>= netstandard1.3)) (&& (== net451) (>= netstandard1.4)) (&& (== net451) (>= netstandard1.6)) (&& (== net452) (>= net463)) (&& (== net452) (>= dnxcore50)) (&& (== net452) (>= netstandard1.3)) (&& (== net452) (>= netstandard1.4)) (&& (== net452) (>= netstandard1.6)) (== netstandard1.6)
      System.Resources.ResourceManager (>= 4.3) - restriction: || (&& (== net40) (>= dnxcore50)) (&& (== net40) (>= netstandard1.6)) (&& (== net45) (>= dnxcore50)) (&& (== net45) (>= netstandard1.6)) (&& (== net451) (>= dnxcore50)) (&& (== net451) (>= netstandard1.6)) (&& (== net452) (>= dnxcore50)) (&& (== net452) (>= netstandard1.6)) (== netstandard1.6)
      System.Runtime (>= 4.3) - restriction: || (&& (== net40) (>= net463)) (&& (== net40) (>= dnxcore50)) (&& (== net40) (>= netstandard1.3)) (&& (== net40) (>= netstandard1.4)) (&& (== net40) (>= netstandard1.6)) (&& (== net45) (>= net463)) (&& (== net45) (>= dnxcore50)) (&& (== net45) (>= netstandard1.3)) (&& (== net45) (>= netstandard1.4)) (&& (== net45) (>= netstandard1.6)) (&& (== net451) (>= net463)) (&& (== net451) (>= dnxcore50)) (&& (== net451) (>= netstandard1.3)) (&& (== net451) (>= netstandard1.4)) (&& (== net451) (>= netstandard1.6)) (&& (== net452) (>= net463)) (&& (== net452) (>= dnxcore50)) (&& (== net452) (>= netstandard1.3)) (&& (== net452) (>= netstandard1.4)) (&& (== net452) (>= netstandard1.6)) (== netstandard1.6)
      System.Runtime.Extensions (>= 4.3) - restriction: || (&& (== net40) (>= dnxcore50)) (&& (== net40) (>= netstandard1.6)) (&& (== net45) (>= dnxcore50)) (&& (== net45) (>= netstandard1.6)) (&& (== net451) (>= dnxcore50)) (&& (== net451) (>= netstandard1.6)) (&& (== net452) (>= dnxcore50)) (&& (== net452) (>= netstandard1.6)) (== netstandard1.6)
      System.Runtime.Handles (>= 4.3) - restriction: || (&& (== net40) (>= dnxcore50)) (&& (== net40) (>= netstandard1.6)) (&& (== net45) (>= dnxcore50)) (&& (== net45) (>= netstandard1.6)) (&& (== net451) (>= dnxcore50)) (&& (== net451) (>= netstandard1.6)) (&& (== net452) (>= dnxcore50)) (&& (== net452) (>= netstandard1.6)) (== netstandard1.6)
      System.Runtime.InteropServices (>= 4.3) - restriction: || (&& (== net40) (>= dnxcore50)) (&& (== net40) (>= netstandard1.6)) (&& (== net45) (>= dnxcore50)) (&& (== net45) (>= netstandard1.6)) (&& (== net451) (>= dnxcore50)) (&& (== net451) (>= netstandard1.6)) (&& (== net452) (>= dnxcore50)) (&& (== net452) (>= netstandard1.6)) (== netstandard1.6)
      System.Runtime.Numerics (>= 4.3) - restriction: || (&& (== net40) (>= netstandard1.6)) (&& (== net45) (>= netstandard1.6)) (&& (== net451) (>= netstandard1.6)) (&& (== net452) (>= netstandard1.6)) (== netstandard1.6)
      System.Security.Cryptography.Encoding (>= 4.3) - restriction: || (&& (== net40) (>= net463)) (&& (== net40) (>= dnxcore50)) (&& (== net40) (>= netstandard1.6)) (&& (== net45) (>= net463)) (&& (== net45) (>= dnxcore50)) (&& (== net45) (>= netstandard1.6)) (&& (== net451) (>= net463)) (&& (== net451) (>= dnxcore50)) (&& (== net451) (>= netstandard1.6)) (&& (== net452) (>= net463)) (&& (== net452) (>= dnxcore50)) (&& (== net452) (>= netstandard1.6)) (== netstandard1.6)
      System.Security.Cryptography.Primitives (>= 4.3) - restriction: || (&& (== net40) (>= net46)) (&& (== net40) (>= net461)) (&& (== net40) (>= dnxcore50)) (&& (== net40) (>= netstandard1.3)) (&& (== net40) (>= netstandard1.4)) (&& (== net40) (>= netstandard1.6)) (&& (== net45) (>= net46)) (&& (== net45) (>= net461)) (&& (== net45) (>= dnxcore50)) (&& (== net45) (>= netstandard1.3)) (&& (== net45) (>= netstandard1.4)) (&& (== net45) (>= netstandard1.6)) (&& (== net451) (>= net46)) (&& (== net451) (>= net461)) (&& (== net451) (>= dnxcore50)) (&& (== net451) (>= netstandard1.3)) (&& (== net451) (>= netstandard1.4)) (&& (== net451) (>= netstandard1.6)) (&& (== net452) (>= net46)) (&& (== net452) (>= net461)) (&& (== net452) (>= dnxcore50)) (&& (== net452) (>= netstandard1.3)) (&& (== net452) (>= netstandard1.4)) (&& (== net452) (>= netstandard1.6)) (== netstandard1.6)
      System.Text.Encoding (>= 4.3) - restriction: || (&& (== net40) (>= dnxcore50)) (&& (== net40) (>= netstandard1.6)) (&& (== net45) (>= dnxcore50)) (&& (== net45) (>= netstandard1.6)) (&& (== net451) (>= dnxcore50)) (&& (== net451) (>= netstandard1.6)) (&& (== net452) (>= dnxcore50)) (&& (== net452) (>= netstandard1.6)) (== netstandard1.6)
    System.Security.Cryptography.Cng (4.4) - restriction: || (&& (== net40) (== net45) (>= netstandard1.6)) (&& (== net40) (== net451) (>= netstandard1.6)) (&& (== net40) (== net452) (>= netstandard1.6)) (&& (== net40) (== netstandard1.6)) (&& (== net40) (>= netstandard1.6)) (&& (== net45) (== net451) (>= netstandard1.6)) (&& (== net45) (== net452) (>= netstandard1.6)) (&& (== net45) (== netstandard1.6)) (&& (== net45) (>= netstandard1.6)) (&& (== net451) (== net452) (>= netstandard1.6)) (&& (== net451) (== netstandard1.6)) (&& (== net451) (>= netstandard1.6)) (&& (== net452) (== netstandard1.6)) (&& (== net452) (>= netstandard1.6)) (== netstandard1.6)
      System.IO (>= 4.3) - restriction: || (&& (== net40) (>= netstandard1.3)) (&& (== net40) (>= netstandard1.4)) (&& (== net40) (>= netstandard1.6)) (&& (== net45) (>= netstandard1.3)) (&& (== net45) (>= netstandard1.4)) (&& (== net45) (>= netstandard1.6)) (&& (== net451) (>= netstandard1.3)) (&& (== net451) (>= netstandard1.4)) (&& (== net451) (>= netstandard1.6)) (&& (== net452) (>= netstandard1.3)) (&& (== net452) (>= netstandard1.4)) (&& (== net452) (>= netstandard1.6)) (== netstandard1.6)
      System.Resources.ResourceManager (>= 4.3) - restriction: || (&& (== net40) (>= netstandard1.3)) (&& (== net40) (>= netstandard1.4)) (&& (== net40) (>= netstandard1.6)) (&& (== net45) (>= netstandard1.3)) (&& (== net45) (>= netstandard1.4)) (&& (== net45) (>= netstandard1.6)) (&& (== net451) (>= netstandard1.3)) (&& (== net451) (>= netstandard1.4)) (&& (== net451) (>= netstandard1.6)) (&& (== net452) (>= netstandard1.3)) (&& (== net452) (>= netstandard1.4)) (&& (== net452) (>= netstandard1.6)) (== netstandard1.6)
      System.Runtime (>= 4.3) - restriction: || (&& (== net40) (>= netstandard1.3)) (&& (== net40) (>= netstandard1.4)) (&& (== net40) (>= netstandard1.6)) (&& (== net45) (>= netstandard1.3)) (&& (== net45) (>= netstandard1.4)) (&& (== net45) (>= netstandard1.6)) (&& (== net451) (>= netstandard1.3)) (&& (== net451) (>= netstandard1.4)) (&& (== net451) (>= netstandard1.6)) (&& (== net452) (>= netstandard1.3)) (&& (== net452) (>= netstandard1.4)) (&& (== net452) (>= netstandard1.6)) (== netstandard1.6)
      System.Runtime.Extensions (>= 4.3) - restriction: || (&& (== net40) (>= netstandard1.4)) (&& (== net40) (>= netstandard1.6)) (&& (== net45) (>= netstandard1.4)) (&& (== net45) (>= netstandard1.6)) (&& (== net451) (>= netstandard1.4)) (&& (== net451) (>= netstandard1.6)) (&& (== net452) (>= netstandard1.4)) (&& (== net452) (>= netstandard1.6)) (== netstandard1.6)
      System.Runtime.Handles (>= 4.3) - restriction: || (&& (== net40) (>= netstandard1.3)) (&& (== net40) (>= netstandard1.4)) (&& (== net40) (>= netstandard1.6)) (&& (== net45) (>= netstandard1.3)) (&& (== net45) (>= netstandard1.4)) (&& (== net45) (>= netstandard1.6)) (&& (== net451) (>= netstandard1.3)) (&& (== net451) (>= netstandard1.4)) (&& (== net451) (>= netstandard1.6)) (&& (== net452) (>= netstandard1.3)) (&& (== net452) (>= netstandard1.4)) (&& (== net452) (>= netstandard1.6)) (== netstandard1.6)
      System.Runtime.InteropServices (>= 4.3) - restriction: || (&& (== net40) (>= netstandard1.3)) (&& (== net40) (>= netstandard1.4)) (&& (== net40) (>= netstandard1.6)) (&& (== net45) (>= netstandard1.3)) (&& (== net45) (>= netstandard1.4)) (&& (== net45) (>= netstandard1.6)) (&& (== net451) (>= netstandard1.3)) (&& (== net451) (>= netstandard1.4)) (&& (== net451) (>= netstandard1.6)) (&& (== net452) (>= netstandard1.3)) (&& (== net452) (>= netstandard1.4)) (&& (== net452) (>= netstandard1.6)) (== netstandard1.6)
      System.Security.Cryptography.Algorithms (>= 4.3) - restriction: || (&& (== net40) (>= net46)) (&& (== net40) (>= netstandard1.3)) (&& (== net40) (>= netstandard1.4)) (&& (== net40) (>= netstandard1.6)) (&& (== net45) (>= net46)) (&& (== net45) (>= netstandard1.3)) (&& (== net45) (>= netstandard1.4)) (&& (== net45) (>= netstandard1.6)) (&& (== net451) (>= net46)) (&& (== net451) (>= netstandard1.3)) (&& (== net451) (>= netstandard1.4)) (&& (== net451) (>= netstandard1.6)) (&& (== net452) (>= net46)) (&& (== net452) (>= netstandard1.3)) (&& (== net452) (>= netstandard1.4)) (&& (== net452) (>= netstandard1.6)) (== netstandard1.6)
      System.Security.Cryptography.Encoding (>= 4.3) - restriction: || (&& (== net40) (>= netstandard1.4)) (&& (== net40) (>= netstandard1.6)) (&& (== net45) (>= netstandard1.4)) (&& (== net45) (>= netstandard1.6)) (&& (== net451) (>= netstandard1.4)) (&& (== net451) (>= netstandard1.6)) (&& (== net452) (>= netstandard1.4)) (&& (== net452) (>= netstandard1.6)) (== netstandard1.6)
      System.Security.Cryptography.Primitives (>= 4.3) - restriction: || (&& (== net40) (>= net46)) (&& (== net40) (>= netstandard1.3)) (&& (== net40) (>= netstandard1.4)) (&& (== net40) (>= netstandard1.6)) (&& (== net45) (>= net46)) (&& (== net45) (>= netstandard1.3)) (&& (== net45) (>= netstandard1.4)) (&& (== net45) (>= netstandard1.6)) (&& (== net451) (>= net46)) (&& (== net451) (>= netstandard1.3)) (&& (== net451) (>= netstandard1.4)) (&& (== net451) (>= netstandard1.6)) (&& (== net452) (>= net46)) (&& (== net452) (>= netstandard1.3)) (&& (== net452) (>= netstandard1.4)) (&& (== net452) (>= netstandard1.6)) (== netstandard1.6)
      System.Text.Encoding (>= 4.3) - restriction: || (&& (== net40) (>= netstandard1.4)) (&& (== net40) (>= netstandard1.6)) (&& (== net45) (>= netstandard1.4)) (&& (== net45) (>= netstandard1.6)) (&& (== net451) (>= netstandard1.4)) (&& (== net451) (>= netstandard1.6)) (&& (== net452) (>= netstandard1.4)) (&& (== net452) (>= netstandard1.6)) (== netstandard1.6)
    System.Security.Cryptography.Csp (4.3) - restriction: || (&& (== net40) (== net45) (>= netstandard1.6)) (&& (== net40) (== net451) (>= netstandard1.6)) (&& (== net40) (== net452) (>= netstandard1.6)) (&& (== net40) (== netstandard1.6)) (&& (== net40) (>= netstandard1.6)) (&& (== net45) (== net451) (>= netstandard1.6)) (&& (== net45) (== net452) (>= netstandard1.6)) (&& (== net45) (== netstandard1.6)) (&& (== net45) (>= netstandard1.6)) (&& (== net451) (== net452) (>= netstandard1.6)) (&& (== net451) (== netstandard1.6)) (&& (== net451) (>= netstandard1.6)) (&& (== net452) (== netstandard1.6)) (&& (== net452) (>= netstandard1.6)) (== netstandard1.6)
      Microsoft.NETCore.Platforms (>= 1.1) - restriction: || (&& (== net40) (>= netstandard1.3)) (&& (== net45) (>= netstandard1.3)) (&& (== net451) (>= netstandard1.3)) (&& (== net452) (>= netstandard1.3)) (== netstandard1.6)
      System.IO (>= 4.3) - restriction: || (&& (== net40) (>= netstandard1.3)) (&& (== net45) (>= netstandard1.3)) (&& (== net451) (>= netstandard1.3)) (&& (== net452) (>= netstandard1.3)) (== netstandard1.6)
      System.Reflection (>= 4.3) - restriction: || (&& (== net40) (>= netstandard1.3)) (&& (== net45) (>= netstandard1.3)) (&& (== net451) (>= netstandard1.3)) (&& (== net452) (>= netstandard1.3)) (== netstandard1.6)
      System.Resources.ResourceManager (>= 4.3) - restriction: || (&& (== net40) (>= netstandard1.3)) (&& (== net45) (>= netstandard1.3)) (&& (== net451) (>= netstandard1.3)) (&& (== net452) (>= netstandard1.3)) (== netstandard1.6)
      System.Runtime (>= 4.3) - restriction: || (&& (== net40) (>= netstandard1.3)) (&& (== net45) (>= netstandard1.3)) (&& (== net451) (>= netstandard1.3)) (&& (== net452) (>= netstandard1.3)) (== netstandard1.6)
      System.Runtime.Extensions (>= 4.3) - restriction: || (&& (== net40) (>= netstandard1.3)) (&& (== net45) (>= netstandard1.3)) (&& (== net451) (>= netstandard1.3)) (&& (== net452) (>= netstandard1.3)) (== netstandard1.6)
      System.Runtime.Handles (>= 4.3) - restriction: || (&& (== net40) (>= netstandard1.3)) (&& (== net45) (>= netstandard1.3)) (&& (== net451) (>= netstandard1.3)) (&& (== net452) (>= netstandard1.3)) (== netstandard1.6)
      System.Runtime.InteropServices (>= 4.3) - restriction: || (&& (== net40) (>= netstandard1.3)) (&& (== net45) (>= netstandard1.3)) (&& (== net451) (>= netstandard1.3)) (&& (== net452) (>= netstandard1.3)) (== netstandard1.6)
      System.Security.Cryptography.Algorithms (>= 4.3) - restriction: || (&& (== net40) (>= net46)) (&& (== net40) (>= netstandard1.3)) (&& (== net45) (>= net46)) (&& (== net45) (>= netstandard1.3)) (&& (== net451) (>= net46)) (&& (== net451) (>= netstandard1.3)) (&& (== net452) (>= net46)) (&& (== net452) (>= netstandard1.3)) (== netstandard1.6)
      System.Security.Cryptography.Encoding (>= 4.3) - restriction: || (&& (== net40) (>= netstandard1.3)) (&& (== net45) (>= netstandard1.3)) (&& (== net451) (>= netstandard1.3)) (&& (== net452) (>= netstandard1.3)) (== netstandard1.6)
      System.Security.Cryptography.Primitives (>= 4.3) - restriction: || (&& (== net40) (>= net46)) (&& (== net40) (>= netstandard1.3)) (&& (== net45) (>= net46)) (&& (== net45) (>= netstandard1.3)) (&& (== net451) (>= net46)) (&& (== net451) (>= netstandard1.3)) (&& (== net452) (>= net46)) (&& (== net452) (>= netstandard1.3)) (== netstandard1.6)
      System.Text.Encoding (>= 4.3) - restriction: || (&& (== net40) (>= netstandard1.3)) (&& (== net45) (>= netstandard1.3)) (&& (== net451) (>= netstandard1.3)) (&& (== net452) (>= netstandard1.3)) (== netstandard1.6)
      System.Threading (>= 4.3) - restriction: || (&& (== net40) (>= netstandard1.3)) (&& (== net45) (>= netstandard1.3)) (&& (== net451) (>= netstandard1.3)) (&& (== net452) (>= netstandard1.3)) (== netstandard1.6)
    System.Security.Cryptography.Encoding (4.3) - restriction: || (&& (== net40) (== net45) (>= netstandard1.3)) (&& (== net40) (== net451) (>= netstandard1.3)) (&& (== net40) (== net452) (>= netstandard1.3)) (&& (== net40) (>= net45) (>= netstandard1.3)) (&& (== net40) (>= netstandard1.6)) (&& (== net45) (>= netstandard1.6)) (&& (== net451) (< net45) (>= netstandard1.3)) (&& (== net451) (>= netstandard1.6)) (&& (== net452) (< net45) (>= netstandard1.3)) (&& (== net452) (>= netstandard1.6)) (== netstandard1.6)
      Microsoft.NETCore.Platforms (>= 1.1) - restriction: || (&& (== net40) (>= netstandard1.3)) (&& (== net45) (>= netstandard1.3)) (&& (== net451) (>= netstandard1.3)) (&& (== net452) (>= netstandard1.3)) (== netstandard1.6)
      runtime.native.System.Security.Cryptography.OpenSsl (>= 4.3) - restriction: || (&& (== net40) (>= netstandard1.3)) (&& (== net45) (>= netstandard1.3)) (&& (== net451) (>= netstandard1.3)) (&& (== net452) (>= netstandard1.3)) (== netstandard1.6)
      System.Collections (>= 4.3) - restriction: || (&& (== net40) (>= netstandard1.3)) (&& (== net45) (>= netstandard1.3)) (&& (== net451) (>= netstandard1.3)) (&& (== net452) (>= netstandard1.3)) (== netstandard1.6)
      System.Collections.Concurrent (>= 4.3) - restriction: || (&& (== net40) (>= netstandard1.3)) (&& (== net45) (>= netstandard1.3)) (&& (== net451) (>= netstandard1.3)) (&& (== net452) (>= netstandard1.3)) (== netstandard1.6)
      System.Linq (>= 4.3) - restriction: || (&& (== net40) (>= netstandard1.3)) (&& (== net45) (>= netstandard1.3)) (&& (== net451) (>= netstandard1.3)) (&& (== net452) (>= netstandard1.3)) (== netstandard1.6)
      System.Resources.ResourceManager (>= 4.3) - restriction: || (&& (== net40) (>= netstandard1.3)) (&& (== net45) (>= netstandard1.3)) (&& (== net451) (>= netstandard1.3)) (&& (== net452) (>= netstandard1.3)) (== netstandard1.6)
      System.Runtime (>= 4.3) - restriction: || (&& (== net40) (>= netstandard1.3)) (&& (== net45) (>= netstandard1.3)) (&& (== net451) (>= netstandard1.3)) (&& (== net452) (>= netstandard1.3)) (== netstandard1.6)
      System.Runtime.Extensions (>= 4.3) - restriction: || (&& (== net40) (>= netstandard1.3)) (&& (== net45) (>= netstandard1.3)) (&& (== net451) (>= netstandard1.3)) (&& (== net452) (>= netstandard1.3)) (== netstandard1.6)
      System.Runtime.Handles (>= 4.3) - restriction: || (&& (== net40) (>= netstandard1.3)) (&& (== net45) (>= netstandard1.3)) (&& (== net451) (>= netstandard1.3)) (&& (== net452) (>= netstandard1.3)) (== netstandard1.6)
      System.Runtime.InteropServices (>= 4.3) - restriction: || (&& (== net40) (>= netstandard1.3)) (&& (== net45) (>= netstandard1.3)) (&& (== net451) (>= netstandard1.3)) (&& (== net452) (>= netstandard1.3)) (== netstandard1.6)
      System.Security.Cryptography.Primitives (>= 4.3) - restriction: || (&& (== net40) (>= netstandard1.3)) (&& (== net45) (>= netstandard1.3)) (&& (== net451) (>= netstandard1.3)) (&& (== net452) (>= netstandard1.3)) (== netstandard1.6)
      System.Text.Encoding (>= 4.3) - restriction: || (&& (== net40) (>= netstandard1.3)) (&& (== net45) (>= netstandard1.3)) (&& (== net451) (>= netstandard1.3)) (&& (== net452) (>= netstandard1.3)) (== netstandard1.6)
    System.Security.Cryptography.OpenSsl (4.4) - restriction: || (&& (== net40) (>= netstandard1.6)) (&& (== net45) (>= netstandard1.6)) (&& (== net451) (>= netstandard1.6)) (&& (== net452) (>= netstandard1.6)) (== netstandard1.6)
      System.Collections (>= 4.3) - restriction: || (&& (== net40) (>= netstandard1.6)) (&& (== net45) (>= netstandard1.6)) (&& (== net451) (>= netstandard1.6)) (&& (== net452) (>= netstandard1.6)) (== netstandard1.6)
      System.IO (>= 4.3) - restriction: || (&& (== net40) (>= netstandard1.6)) (&& (== net45) (>= netstandard1.6)) (&& (== net451) (>= netstandard1.6)) (&& (== net452) (>= netstandard1.6)) (== netstandard1.6)
      System.Resources.ResourceManager (>= 4.3) - restriction: || (&& (== net40) (>= netstandard1.6)) (&& (== net45) (>= netstandard1.6)) (&& (== net451) (>= netstandard1.6)) (&& (== net452) (>= netstandard1.6)) (== netstandard1.6)
      System.Runtime (>= 4.3) - restriction: || (&& (== net40) (>= netstandard1.6)) (&& (== net45) (>= netstandard1.6)) (&& (== net451) (>= netstandard1.6)) (&& (== net452) (>= netstandard1.6)) (== netstandard1.6)
      System.Runtime.Extensions (>= 4.3) - restriction: || (&& (== net40) (>= netstandard1.6)) (&& (== net45) (>= netstandard1.6)) (&& (== net451) (>= netstandard1.6)) (&& (== net452) (>= netstandard1.6)) (== netstandard1.6)
      System.Runtime.Handles (>= 4.3) - restriction: || (&& (== net40) (>= netstandard1.6)) (&& (== net45) (>= netstandard1.6)) (&& (== net451) (>= netstandard1.6)) (&& (== net452) (>= netstandard1.6)) (== netstandard1.6)
      System.Runtime.InteropServices (>= 4.3) - restriction: || (&& (== net40) (>= netstandard1.6)) (&& (== net45) (>= netstandard1.6)) (&& (== net451) (>= netstandard1.6)) (&& (== net452) (>= netstandard1.6)) (== netstandard1.6)
      System.Runtime.Numerics (>= 4.3) - restriction: || (&& (== net40) (>= netstandard1.6)) (&& (== net45) (>= netstandard1.6)) (&& (== net451) (>= netstandard1.6)) (&& (== net452) (>= netstandard1.6)) (== netstandard1.6)
      System.Security.Cryptography.Algorithms (>= 4.3) - restriction: || (&& (== net40) (>= netstandard1.6)) (&& (== net45) (>= netstandard1.6)) (&& (== net451) (>= netstandard1.6)) (&& (== net452) (>= netstandard1.6)) (== netstandard1.6)
      System.Security.Cryptography.Encoding (>= 4.3) - restriction: || (&& (== net40) (>= netstandard1.6)) (&& (== net45) (>= netstandard1.6)) (&& (== net451) (>= netstandard1.6)) (&& (== net452) (>= netstandard1.6)) (== netstandard1.6)
      System.Security.Cryptography.Primitives (>= 4.3) - restriction: || (&& (== net40) (>= netstandard1.6)) (&& (== net45) (>= netstandard1.6)) (&& (== net451) (>= netstandard1.6)) (&& (== net452) (>= netstandard1.6)) (== netstandard1.6)
      System.Text.Encoding (>= 4.3) - restriction: || (&& (== net40) (>= netstandard1.6)) (&& (== net45) (>= netstandard1.6)) (&& (== net451) (>= netstandard1.6)) (&& (== net452) (>= netstandard1.6)) (== netstandard1.6)
    System.Security.Cryptography.Primitives (4.3) - restriction: || (&& (== net40) (== net45) (>= netstandard1.3)) (&& (== net40) (== net451) (>= netstandard1.3)) (&& (== net40) (== net452) (>= netstandard1.3)) (&& (== net40) (>= net45) (>= netstandard1.3)) (&& (== net40) (>= netstandard1.6)) (&& (== net45) (>= netstandard1.6)) (&& (== net451) (< net45) (>= netstandard1.3)) (&& (== net451) (>= netstandard1.6)) (&& (== net452) (< net45) (>= netstandard1.3)) (&& (== net452) (>= netstandard1.6)) (== netstandard1.6)
      System.Diagnostics.Debug (>= 4.3) - restriction: || (&& (== net40) (>= netstandard1.3)) (&& (== net45) (>= netstandard1.3)) (&& (== net451) (>= netstandard1.3)) (&& (== net452) (>= netstandard1.3)) (== netstandard1.6)
      System.Globalization (>= 4.3) - restriction: || (&& (== net40) (>= netstandard1.3)) (&& (== net45) (>= netstandard1.3)) (&& (== net451) (>= netstandard1.3)) (&& (== net452) (>= netstandard1.3)) (== netstandard1.6)
      System.IO (>= 4.3) - restriction: || (&& (== net40) (>= netstandard1.3)) (&& (== net45) (>= netstandard1.3)) (&& (== net451) (>= netstandard1.3)) (&& (== net452) (>= netstandard1.3)) (== netstandard1.6)
      System.Resources.ResourceManager (>= 4.3) - restriction: || (&& (== net40) (>= netstandard1.3)) (&& (== net45) (>= netstandard1.3)) (&& (== net451) (>= netstandard1.3)) (&& (== net452) (>= netstandard1.3)) (== netstandard1.6)
      System.Runtime (>= 4.3) - restriction: || (&& (== net40) (>= netstandard1.3)) (&& (== net45) (>= netstandard1.3)) (&& (== net451) (>= netstandard1.3)) (&& (== net452) (>= netstandard1.3)) (== netstandard1.6)
      System.Threading (>= 4.3) - restriction: || (&& (== net40) (>= netstandard1.3)) (&& (== net45) (>= netstandard1.3)) (&& (== net451) (>= netstandard1.3)) (&& (== net452) (>= netstandard1.3)) (== netstandard1.6)
      System.Threading.Tasks (>= 4.3) - restriction: || (&& (== net40) (>= netstandard1.3)) (&& (== net45) (>= netstandard1.3)) (&& (== net451) (>= netstandard1.3)) (&& (== net452) (>= netstandard1.3)) (== netstandard1.6)
    System.Security.Cryptography.X509Certificates (4.3) - restriction: || (&& (== net40) (== net45) (>= netstandard1.3)) (&& (== net40) (== net451) (>= netstandard1.3)) (&& (== net40) (== net452) (>= netstandard1.3)) (&& (== net40) (>= net45) (>= netstandard1.3)) (&& (== net40) (>= net46)) (&& (== net40) (>= netstandard1.6)) (&& (== net45) (>= netstandard1.6)) (&& (== net451) (< net45) (>= net46)) (&& (== net451) (< net45) (>= netstandard1.3)) (&& (== net451) (>= netstandard1.6)) (&& (== net452) (< net45) (>= net46)) (&& (== net452) (< net45) (>= netstandard1.3)) (&& (== net452) (>= netstandard1.6)) (== netstandard1.6)
      Microsoft.NETCore.Platforms (>= 1.1) - restriction: || (&& (== net40) (>= dnxcore50)) (&& (== net40) (>= netstandard1.6)) (&& (== net45) (>= dnxcore50)) (&& (== net45) (>= netstandard1.6)) (&& (== net451) (>= dnxcore50)) (&& (== net451) (>= netstandard1.6)) (&& (== net452) (>= dnxcore50)) (&& (== net452) (>= netstandard1.6)) (== netstandard1.6)
      runtime.native.System (>= 4.3) - restriction: || (&& (== net40) (>= netstandard1.6)) (&& (== net45) (>= netstandard1.6)) (&& (== net451) (>= netstandard1.6)) (&& (== net452) (>= netstandard1.6)) (== netstandard1.6)
      runtime.native.System.Net.Http (>= 4.3) - restriction: || (&& (== net40) (>= netstandard1.6)) (&& (== net45) (>= netstandard1.6)) (&& (== net451) (>= netstandard1.6)) (&& (== net452) (>= netstandard1.6)) (== netstandard1.6)
      runtime.native.System.Security.Cryptography.OpenSsl (>= 4.3) - restriction: || (&& (== net40) (>= netstandard1.6)) (&& (== net45) (>= netstandard1.6)) (&& (== net451) (>= netstandard1.6)) (&& (== net452) (>= netstandard1.6)) (== netstandard1.6)
      System.Collections (>= 4.3) - restriction: || (&& (== net40) (>= dnxcore50)) (&& (== net40) (>= netstandard1.6)) (&& (== net45) (>= dnxcore50)) (&& (== net45) (>= netstandard1.6)) (&& (== net451) (>= dnxcore50)) (&& (== net451) (>= netstandard1.6)) (&& (== net452) (>= dnxcore50)) (&& (== net452) (>= netstandard1.6)) (== netstandard1.6)
      System.Diagnostics.Debug (>= 4.3) - restriction: || (&& (== net40) (>= netstandard1.6)) (&& (== net45) (>= netstandard1.6)) (&& (== net451) (>= netstandard1.6)) (&& (== net452) (>= netstandard1.6)) (== netstandard1.6)
      System.Globalization (>= 4.3) - restriction: || (&& (== net40) (>= dnxcore50)) (&& (== net40) (>= netstandard1.6)) (&& (== net45) (>= dnxcore50)) (&& (== net45) (>= netstandard1.6)) (&& (== net451) (>= dnxcore50)) (&& (== net451) (>= netstandard1.6)) (&& (== net452) (>= dnxcore50)) (&& (== net452) (>= netstandard1.6)) (== netstandard1.6)
      System.Globalization.Calendars (>= 4.3) - restriction: || (&& (== net40) (>= dnxcore50)) (&& (== net40) (>= netstandard1.6)) (&& (== net45) (>= dnxcore50)) (&& (== net45) (>= netstandard1.6)) (&& (== net451) (>= dnxcore50)) (&& (== net451) (>= netstandard1.6)) (&& (== net452) (>= dnxcore50)) (&& (== net452) (>= netstandard1.6)) (== netstandard1.6)
      System.IO (>= 4.3) - restriction: || (&& (== net40) (>= dnxcore50)) (&& (== net40) (>= netstandard1.6)) (&& (== net45) (>= dnxcore50)) (&& (== net45) (>= netstandard1.6)) (&& (== net451) (>= dnxcore50)) (&& (== net451) (>= netstandard1.6)) (&& (== net452) (>= dnxcore50)) (&& (== net452) (>= netstandard1.6)) (== netstandard1.6)
      System.IO.FileSystem (>= 4.3) - restriction: || (&& (== net40) (>= dnxcore50)) (&& (== net40) (>= netstandard1.6)) (&& (== net45) (>= dnxcore50)) (&& (== net45) (>= netstandard1.6)) (&& (== net451) (>= dnxcore50)) (&& (== net451) (>= netstandard1.6)) (&& (== net452) (>= dnxcore50)) (&& (== net452) (>= netstandard1.6)) (== netstandard1.6)
      System.IO.FileSystem.Primitives (>= 4.3) - restriction: || (&& (== net40) (>= netstandard1.6)) (&& (== net45) (>= netstandard1.6)) (&& (== net451) (>= netstandard1.6)) (&& (== net452) (>= netstandard1.6)) (== netstandard1.6)
      System.Resources.ResourceManager (>= 4.3) - restriction: || (&& (== net40) (>= dnxcore50)) (&& (== net40) (>= netstandard1.6)) (&& (== net45) (>= dnxcore50)) (&& (== net45) (>= netstandard1.6)) (&& (== net451) (>= dnxcore50)) (&& (== net451) (>= netstandard1.6)) (&& (== net452) (>= dnxcore50)) (&& (== net452) (>= netstandard1.6)) (== netstandard1.6)
      System.Runtime (>= 4.3) - restriction: || (&& (== net40) (>= dnxcore50)) (&& (== net40) (>= netstandard1.3)) (&& (== net40) (>= netstandard1.4)) (&& (== net40) (>= netstandard1.6)) (&& (== net45) (>= dnxcore50)) (&& (== net45) (>= netstandard1.3)) (&& (== net45) (>= netstandard1.4)) (&& (== net45) (>= netstandard1.6)) (&& (== net451) (>= dnxcore50)) (&& (== net451) (>= netstandard1.3)) (&& (== net451) (>= netstandard1.4)) (&& (== net451) (>= netstandard1.6)) (&& (== net452) (>= dnxcore50)) (&& (== net452) (>= netstandard1.3)) (&& (== net452) (>= netstandard1.4)) (&& (== net452) (>= netstandard1.6)) (== netstandard1.6)
      System.Runtime.Extensions (>= 4.3) - restriction: || (&& (== net40) (>= dnxcore50)) (&& (== net40) (>= netstandard1.6)) (&& (== net45) (>= dnxcore50)) (&& (== net45) (>= netstandard1.6)) (&& (== net451) (>= dnxcore50)) (&& (== net451) (>= netstandard1.6)) (&& (== net452) (>= dnxcore50)) (&& (== net452) (>= netstandard1.6)) (== netstandard1.6)
      System.Runtime.Handles (>= 4.3) - restriction: || (&& (== net40) (>= dnxcore50)) (&& (== net40) (>= netstandard1.3)) (&& (== net40) (>= netstandard1.4)) (&& (== net40) (>= netstandard1.6)) (&& (== net45) (>= dnxcore50)) (&& (== net45) (>= netstandard1.3)) (&& (== net45) (>= netstandard1.4)) (&& (== net45) (>= netstandard1.6)) (&& (== net451) (>= dnxcore50)) (&& (== net451) (>= netstandard1.3)) (&& (== net451) (>= netstandard1.4)) (&& (== net451) (>= netstandard1.6)) (&& (== net452) (>= dnxcore50)) (&& (== net452) (>= netstandard1.3)) (&& (== net452) (>= netstandard1.4)) (&& (== net452) (>= netstandard1.6)) (== netstandard1.6)
      System.Runtime.InteropServices (>= 4.3) - restriction: || (&& (== net40) (>= dnxcore50)) (&& (== net40) (>= netstandard1.6)) (&& (== net45) (>= dnxcore50)) (&& (== net45) (>= netstandard1.6)) (&& (== net451) (>= dnxcore50)) (&& (== net451) (>= netstandard1.6)) (&& (== net452) (>= dnxcore50)) (&& (== net452) (>= netstandard1.6)) (== netstandard1.6)
      System.Runtime.Numerics (>= 4.3) - restriction: || (&& (== net40) (>= dnxcore50)) (&& (== net40) (>= netstandard1.6)) (&& (== net45) (>= dnxcore50)) (&& (== net45) (>= netstandard1.6)) (&& (== net451) (>= dnxcore50)) (&& (== net451) (>= netstandard1.6)) (&& (== net452) (>= dnxcore50)) (&& (== net452) (>= netstandard1.6)) (== netstandard1.6)
      System.Security.Cryptography.Algorithms (>= 4.3) - restriction: || (&& (== net40) (>= net46)) (&& (== net40) (>= net461)) (&& (== net40) (>= dnxcore50)) (&& (== net40) (>= netstandard1.3)) (&& (== net40) (>= netstandard1.4)) (&& (== net40) (>= netstandard1.6)) (&& (== net45) (>= net46)) (&& (== net45) (>= net461)) (&& (== net45) (>= dnxcore50)) (&& (== net45) (>= netstandard1.3)) (&& (== net45) (>= netstandard1.4)) (&& (== net45) (>= netstandard1.6)) (&& (== net451) (>= net46)) (&& (== net451) (>= net461)) (&& (== net451) (>= dnxcore50)) (&& (== net451) (>= netstandard1.3)) (&& (== net451) (>= netstandard1.4)) (&& (== net451) (>= netstandard1.6)) (&& (== net452) (>= net46)) (&& (== net452) (>= net461)) (&& (== net452) (>= dnxcore50)) (&& (== net452) (>= netstandard1.3)) (&& (== net452) (>= netstandard1.4)) (&& (== net452) (>= netstandard1.6)) (== netstandard1.6)
      System.Security.Cryptography.Cng (>= 4.3) - restriction: || (&& (== net40) (>= dnxcore50)) (&& (== net40) (>= netstandard1.6)) (&& (== net45) (>= dnxcore50)) (&& (== net45) (>= netstandard1.6)) (&& (== net451) (>= dnxcore50)) (&& (== net451) (>= netstandard1.6)) (&& (== net452) (>= dnxcore50)) (&& (== net452) (>= netstandard1.6)) (== netstandard1.6)
      System.Security.Cryptography.Csp (>= 4.3) - restriction: || (&& (== net40) (>= netstandard1.6)) (&& (== net45) (>= netstandard1.6)) (&& (== net451) (>= netstandard1.6)) (&& (== net452) (>= netstandard1.6)) (== netstandard1.6)
      System.Security.Cryptography.Encoding (>= 4.3) - restriction: || (&& (== net40) (>= net46)) (&& (== net40) (>= net461)) (&& (== net40) (>= dnxcore50)) (&& (== net40) (>= netstandard1.3)) (&& (== net40) (>= netstandard1.4)) (&& (== net40) (>= netstandard1.6)) (&& (== net45) (>= net46)) (&& (== net45) (>= net461)) (&& (== net45) (>= dnxcore50)) (&& (== net45) (>= netstandard1.3)) (&& (== net45) (>= netstandard1.4)) (&& (== net45) (>= netstandard1.6)) (&& (== net451) (>= net46)) (&& (== net451) (>= net461)) (&& (== net451) (>= dnxcore50)) (&& (== net451) (>= netstandard1.3)) (&& (== net451) (>= netstandard1.4)) (&& (== net451) (>= netstandard1.6)) (&& (== net452) (>= net46)) (&& (== net452) (>= net461)) (&& (== net452) (>= dnxcore50)) (&& (== net452) (>= netstandard1.3)) (&& (== net452) (>= netstandard1.4)) (&& (== net452) (>= netstandard1.6)) (== netstandard1.6)
      System.Security.Cryptography.OpenSsl (>= 4.3) - restriction: || (&& (== net40) (>= netstandard1.6)) (&& (== net45) (>= netstandard1.6)) (&& (== net451) (>= netstandard1.6)) (&& (== net452) (>= netstandard1.6)) (== netstandard1.6)
      System.Security.Cryptography.Primitives (>= 4.3) - restriction: || (&& (== net40) (>= dnxcore50)) (&& (== net40) (>= netstandard1.6)) (&& (== net45) (>= dnxcore50)) (&& (== net45) (>= netstandard1.6)) (&& (== net451) (>= dnxcore50)) (&& (== net451) (>= netstandard1.6)) (&& (== net452) (>= dnxcore50)) (&& (== net452) (>= netstandard1.6)) (== netstandard1.6)
      System.Text.Encoding (>= 4.3) - restriction: || (&& (== net40) (>= dnxcore50)) (&& (== net40) (>= netstandard1.6)) (&& (== net45) (>= dnxcore50)) (&& (== net45) (>= netstandard1.6)) (&& (== net451) (>= dnxcore50)) (&& (== net451) (>= netstandard1.6)) (&& (== net452) (>= dnxcore50)) (&& (== net452) (>= netstandard1.6)) (== netstandard1.6)
      System.Threading (>= 4.3) - restriction: || (&& (== net40) (>= dnxcore50)) (&& (== net40) (>= netstandard1.6)) (&& (== net45) (>= dnxcore50)) (&& (== net45) (>= netstandard1.6)) (&& (== net451) (>= dnxcore50)) (&& (== net451) (>= netstandard1.6)) (&& (== net452) (>= dnxcore50)) (&& (== net452) (>= netstandard1.6)) (== netstandard1.6)
    System.Security.Principal (4.3) - restriction: || (&& (== net40) (== net45) (>= netstandard1.3)) (&& (== net40) (== net451) (>= netstandard1.3)) (&& (== net40) (== net452) (>= netstandard1.3)) (&& (== net40) (>= net45) (>= netstandard1.3)) (&& (== net40) (>= netstandard1.6)) (&& (== net45) (>= netstandard1.6)) (&& (== net451) (< net45) (>= netstandard1.3)) (&& (== net451) (>= netstandard1.6)) (&& (== net452) (< net45) (>= netstandard1.3)) (&& (== net452) (>= netstandard1.6)) (== netstandard1.6)
      System.Runtime (>= 4.3) - restriction: || (&& (== net40) (>= dnxcore50)) (&& (== net40) (>= netstandard1.0)) (&& (== net45) (>= dnxcore50)) (&& (== net451) (< net45)) (&& (== net451) (>= dnxcore50)) (&& (== net452) (< net45)) (&& (== net452) (>= dnxcore50)) (== netstandard1.6)
    System.Security.Principal.Windows (4.4) - restriction: || (&& (== net40) (== net45) (>= netstandard1.6)) (&& (== net40) (== net451) (>= netstandard1.6)) (&& (== net40) (== net452) (>= netstandard1.6)) (&& (== net40) (== netstandard1.6)) (&& (== net40) (>= netstandard1.6)) (&& (== net45) (== net451) (>= netstandard1.6)) (&& (== net45) (== net452) (>= netstandard1.6)) (&& (== net45) (== netstandard1.6)) (&& (== net45) (>= netstandard1.6)) (&& (== net451) (== net452) (>= netstandard1.6)) (&& (== net451) (== netstandard1.6)) (&& (== net451) (>= netstandard1.6)) (&& (== net452) (== netstandard1.6)) (&& (== net452) (>= netstandard1.6)) (== netstandard1.6)
      Microsoft.Win32.Primitives (>= 4.3) - restriction: || (&& (== net40) (>= netstandard1.3)) (&& (== net45) (>= netstandard1.3)) (&& (== net451) (>= netstandard1.3)) (&& (== net452) (>= netstandard1.3)) (== netstandard1.6)
      System.Collections (>= 4.3) - restriction: || (&& (== net40) (>= netstandard1.3)) (&& (== net45) (>= netstandard1.3)) (&& (== net451) (>= netstandard1.3)) (&& (== net452) (>= netstandard1.3)) (== netstandard1.6)
      System.Diagnostics.Debug (>= 4.3) - restriction: || (&& (== net40) (>= netstandard1.3)) (&& (== net45) (>= netstandard1.3)) (&& (== net451) (>= netstandard1.3)) (&& (== net452) (>= netstandard1.3)) (== netstandard1.6)
      System.Reflection (>= 4.3) - restriction: || (&& (== net40) (>= netstandard1.3)) (&& (== net45) (>= netstandard1.3)) (&& (== net451) (>= netstandard1.3)) (&& (== net452) (>= netstandard1.3)) (== netstandard1.6)
      System.Resources.ResourceManager (>= 4.3) - restriction: || (&& (== net40) (>= netstandard1.3)) (&& (== net45) (>= netstandard1.3)) (&& (== net451) (>= netstandard1.3)) (&& (== net452) (>= netstandard1.3)) (== netstandard1.6)
      System.Runtime (>= 4.3) - restriction: || (&& (== net40) (>= netstandard1.3)) (&& (== net45) (>= netstandard1.3)) (&& (== net451) (>= netstandard1.3)) (&& (== net452) (>= netstandard1.3)) (== netstandard1.6)
      System.Runtime.Extensions (>= 4.3) - restriction: || (&& (== net40) (>= netstandard1.3)) (&& (== net45) (>= netstandard1.3)) (&& (== net451) (>= netstandard1.3)) (&& (== net452) (>= netstandard1.3)) (== netstandard1.6)
      System.Runtime.Handles (>= 4.3) - restriction: || (&& (== net40) (>= netstandard1.3)) (&& (== net45) (>= netstandard1.3)) (&& (== net451) (>= netstandard1.3)) (&& (== net452) (>= netstandard1.3)) (== netstandard1.6)
      System.Runtime.InteropServices (>= 4.3) - restriction: || (&& (== net40) (>= netstandard1.3)) (&& (== net45) (>= netstandard1.3)) (&& (== net451) (>= netstandard1.3)) (&& (== net452) (>= netstandard1.3)) (== netstandard1.6)
      System.Security.Claims (>= 4.3) - restriction: || (&& (== net40) (>= net46)) (&& (== net40) (>= netstandard1.3)) (&& (== net45) (>= net46)) (&& (== net45) (>= netstandard1.3)) (&& (== net451) (>= net46)) (&& (== net451) (>= netstandard1.3)) (&& (== net452) (>= net46)) (&& (== net452) (>= netstandard1.3)) (== netstandard1.6)
      System.Security.Principal (>= 4.3) - restriction: || (&& (== net40) (>= netstandard1.3)) (&& (== net45) (>= netstandard1.3)) (&& (== net451) (>= netstandard1.3)) (&& (== net452) (>= netstandard1.3)) (== netstandard1.6)
      System.Text.Encoding (>= 4.3) - restriction: || (&& (== net40) (>= netstandard1.3)) (&& (== net45) (>= netstandard1.3)) (&& (== net451) (>= netstandard1.3)) (&& (== net452) (>= netstandard1.3)) (== netstandard1.6)
      System.Threading (>= 4.3) - restriction: || (&& (== net40) (>= netstandard1.3)) (&& (== net45) (>= netstandard1.3)) (&& (== net451) (>= netstandard1.3)) (&& (== net452) (>= netstandard1.3)) (== netstandard1.6)
    System.Text.Encoding (4.3) - restriction: || (&& (== net40) (< net20) (>= netstandard1.3)) (&& (== net40) (>= dnxcore50)) (&& (== net40) (>= netstandard1.6)) (&& (== net45) (< net20) (>= netstandard1.3)) (&& (== net45) (>= dnxcore50)) (&& (== net45) (>= netstandard1.6)) (&& (== net451) (< net20) (>= netstandard1.3)) (&& (== net451) (>= dnxcore50)) (&& (== net451) (>= netstandard1.6)) (&& (== net452) (< net20) (>= netstandard1.3)) (&& (== net452) (>= dnxcore50)) (&& (== net452) (>= netstandard1.6)) (== netstandard1.6)
      Microsoft.NETCore.Platforms (>= 1.1) - restriction: || (&& (== net40) (>= dnxcore50)) (&& (== net40) (>= netstandard1.0)) (&& (== net40) (>= netstandard1.3)) (&& (== net45) (>= dnxcore50)) (&& (== net451) (< net45)) (&& (== net451) (>= dnxcore50)) (&& (== net452) (< net45)) (&& (== net452) (>= dnxcore50)) (== netstandard1.6)
      Microsoft.NETCore.Targets (>= 1.1) - restriction: || (&& (== net40) (>= dnxcore50)) (&& (== net40) (>= netstandard1.0)) (&& (== net40) (>= netstandard1.3)) (&& (== net45) (>= dnxcore50)) (&& (== net451) (< net45)) (&& (== net451) (>= dnxcore50)) (&& (== net452) (< net45)) (&& (== net452) (>= dnxcore50)) (== netstandard1.6)
      System.Runtime (>= 4.3) - restriction: || (&& (== net40) (>= dnxcore50)) (&& (== net40) (>= netstandard1.0)) (&& (== net40) (>= netstandard1.3)) (&& (== net45) (>= dnxcore50)) (&& (== net451) (< net45)) (&& (== net451) (>= dnxcore50)) (&& (== net452) (< net45)) (&& (== net452) (>= dnxcore50)) (== netstandard1.6)
    System.Text.Encoding.Extensions (4.3) - restriction: || (&& (== net40) (== net45) (>= netstandard1.6)) (&& (== net40) (== net451) (>= netstandard1.6)) (&& (== net40) (== net452) (>= netstandard1.6)) (&& (== net40) (== netstandard1.6)) (&& (== net40) (>= netstandard1.6)) (&& (== net45) (== net451) (>= netstandard1.6)) (&& (== net45) (== net452) (>= netstandard1.6)) (&& (== net45) (== netstandard1.6)) (&& (== net45) (>= netstandard1.6)) (&& (== net451) (== net452) (>= netstandard1.6)) (&& (== net451) (== netstandard1.6)) (&& (== net451) (>= netstandard1.6)) (&& (== net452) (== netstandard1.6)) (&& (== net452) (>= netstandard1.6)) (== netstandard1.6)
      Microsoft.NETCore.Platforms (>= 1.1) - restriction: || (&& (== net40) (>= dnxcore50)) (&& (== net40) (>= netstandard1.0)) (&& (== net40) (>= netstandard1.3)) (&& (== net45) (>= dnxcore50)) (&& (== net451) (< net45)) (&& (== net451) (>= dnxcore50)) (&& (== net452) (< net45)) (&& (== net452) (>= dnxcore50)) (== netstandard1.6)
      Microsoft.NETCore.Targets (>= 1.1) - restriction: || (&& (== net40) (>= dnxcore50)) (&& (== net40) (>= netstandard1.0)) (&& (== net40) (>= netstandard1.3)) (&& (== net45) (>= dnxcore50)) (&& (== net451) (< net45)) (&& (== net451) (>= dnxcore50)) (&& (== net452) (< net45)) (&& (== net452) (>= dnxcore50)) (== netstandard1.6)
      System.Runtime (>= 4.3) - restriction: || (&& (== net40) (>= dnxcore50)) (&& (== net40) (>= netstandard1.0)) (&& (== net40) (>= netstandard1.3)) (&& (== net45) (>= dnxcore50)) (&& (== net451) (< net45)) (&& (== net451) (>= dnxcore50)) (&& (== net452) (< net45)) (&& (== net452) (>= dnxcore50)) (== netstandard1.6)
      System.Text.Encoding (>= 4.3) - restriction: || (&& (== net40) (>= dnxcore50)) (&& (== net40) (>= netstandard1.0)) (&& (== net40) (>= netstandard1.3)) (&& (== net45) (>= dnxcore50)) (&& (== net451) (< net45)) (&& (== net451) (>= dnxcore50)) (&& (== net452) (< net45)) (&& (== net452) (>= dnxcore50)) (== netstandard1.6)
    System.Text.RegularExpressions (4.3) - restriction: || (&& (== net40) (>= netstandard1.6)) (&& (== net45) (>= netstandard1.6)) (&& (== net451) (>= netstandard1.6)) (&& (== net452) (>= netstandard1.6)) (== netstandard1.6)
      System.Collections (>= 4.3) - restriction: || (&& (== net40) (>= dnxcore50)) (&& (== net40) (>= netstandard1.6)) (&& (== net45) (>= dnxcore50)) (&& (== net45) (>= netstandard1.6)) (&& (== net451) (>= dnxcore50)) (&& (== net451) (>= netstandard1.6)) (&& (== net452) (>= dnxcore50)) (&& (== net452) (>= netstandard1.6)) (== netstandard1.6)
      System.Globalization (>= 4.3) - restriction: || (&& (== net40) (>= dnxcore50)) (&& (== net40) (>= netstandard1.6)) (&& (== net45) (>= dnxcore50)) (&& (== net45) (>= netstandard1.6)) (&& (== net451) (>= dnxcore50)) (&& (== net451) (>= netstandard1.6)) (&& (== net452) (>= dnxcore50)) (&& (== net452) (>= netstandard1.6)) (== netstandard1.6)
      System.Resources.ResourceManager (>= 4.3) - restriction: || (&& (== net40) (>= dnxcore50)) (&& (== net40) (>= netstandard1.6)) (&& (== net45) (>= dnxcore50)) (&& (== net45) (>= netstandard1.6)) (&& (== net451) (>= dnxcore50)) (&& (== net451) (>= netstandard1.6)) (&& (== net452) (>= dnxcore50)) (&& (== net452) (>= netstandard1.6)) (== netstandard1.6)
      System.Runtime (>= 4.3) - restriction: || (&& (== net40) (>= dnxcore50)) (&& (== net40) (>= netstandard1.0)) (&& (== net40) (>= netstandard1.3)) (&& (== net40) (>= netstandard1.6)) (&& (== net40) (>= netcoreapp1.1)) (&& (== net45) (>= dnxcore50)) (&& (== net45) (>= netstandard1.6)) (&& (== net45) (>= netcoreapp1.1)) (&& (== net451) (< net45)) (&& (== net451) (>= dnxcore50)) (&& (== net451) (>= netstandard1.6)) (&& (== net451) (>= netcoreapp1.1)) (&& (== net452) (< net45)) (&& (== net452) (>= dnxcore50)) (&& (== net452) (>= netstandard1.6)) (&& (== net452) (>= netcoreapp1.1)) (== netstandard1.6)
      System.Runtime.Extensions (>= 4.3) - restriction: || (&& (== net40) (>= dnxcore50)) (&& (== net40) (>= netstandard1.6)) (&& (== net45) (>= dnxcore50)) (&& (== net45) (>= netstandard1.6)) (&& (== net451) (>= dnxcore50)) (&& (== net451) (>= netstandard1.6)) (&& (== net452) (>= dnxcore50)) (&& (== net452) (>= netstandard1.6)) (== netstandard1.6)
      System.Threading (>= 4.3) - restriction: || (&& (== net40) (>= dnxcore50)) (&& (== net40) (>= netstandard1.6)) (&& (== net45) (>= dnxcore50)) (&& (== net45) (>= netstandard1.6)) (&& (== net451) (>= dnxcore50)) (&& (== net451) (>= netstandard1.6)) (&& (== net452) (>= dnxcore50)) (&& (== net452) (>= netstandard1.6)) (== netstandard1.6)
    System.Threading (4.3) - restriction: || (&& (== net40) (< net20) (>= netstandard1.0)) (&& (== net40) (< net20) (>= netstandard1.3)) (&& (== net40) (< net20) (>= netstandard1.5)) (&& (== net40) (>= dnxcore50)) (&& (== net40) (>= netstandard1.6)) (&& (== net45) (< net20)) (&& (== net45) (>= dnxcore50)) (&& (== net45) (>= netstandard1.6)) (&& (== net451) (< net20)) (&& (== net451) (>= dnxcore50)) (&& (== net451) (>= netstandard1.6)) (&& (== net452) (< net20)) (&& (== net452) (>= dnxcore50)) (&& (== net452) (>= netstandard1.6)) (== netstandard1.6)
      System.Runtime (>= 4.3) - restriction: || (&& (== net40) (>= dnxcore50)) (&& (== net40) (>= netstandard1.0)) (&& (== net40) (>= netstandard1.3)) (&& (== net45) (>= dnxcore50)) (&& (== net451) (< net45)) (&& (== net451) (>= dnxcore50)) (&& (== net452) (< net45)) (&& (== net452) (>= dnxcore50)) (== netstandard1.6)
      System.Threading.Tasks (>= 4.3) - restriction: || (&& (== net40) (>= dnxcore50)) (&& (== net40) (>= netstandard1.0)) (&& (== net40) (>= netstandard1.3)) (&& (== net45) (>= dnxcore50)) (&& (== net451) (< net45)) (&& (== net451) (>= dnxcore50)) (&& (== net452) (< net45)) (&& (== net452) (>= dnxcore50)) (== netstandard1.6)
    System.Threading.Overlapped (4.3) - restriction: || (&& (== net40) (== net45) (>= netstandard1.3)) (&& (== net40) (== net45) (>= netstandard1.6)) (&& (== net40) (== net451) (>= netstandard1.3)) (&& (== net40) (== net451) (>= netstandard1.6)) (&& (== net40) (== net452) (>= netstandard1.3)) (&& (== net40) (== net452) (>= netstandard1.6)) (&& (== net40) (== netstandard1.6)) (&& (== net40) (>= net45) (>= netstandard1.3)) (&& (== net40) (>= netstandard1.6)) (&& (== net45) (== netstandard1.6)) (&& (== net451) (== net452) (< net45) (>= netstandard1.3)) (&& (== net451) (== netstandard1.6)) (&& (== net451) (< net45) (>= netstandard1.3)) (&& (== net452) (== netstandard1.6)) (&& (== net452) (< net45) (>= netstandard1.3)) (== netstandard1.6)
      Microsoft.NETCore.Platforms (>= 1.1) - restriction: || (&& (== net40) (>= dnxcore50)) (&& (== net40) (>= netstandard1.3)) (&& (== net45) (>= dnxcore50)) (&& (== net45) (>= netstandard1.3)) (&& (== net451) (>= dnxcore50)) (&& (== net451) (>= netstandard1.3)) (&& (== net452) (>= dnxcore50)) (&& (== net452) (>= netstandard1.3)) (== netstandard1.6)
      System.Resources.ResourceManager (>= 4.3) - restriction: || (&& (== net40) (>= dnxcore50)) (&& (== net40) (>= netstandard1.3)) (&& (== net45) (>= dnxcore50)) (&& (== net45) (>= netstandard1.3)) (&& (== net451) (>= dnxcore50)) (&& (== net451) (>= netstandard1.3)) (&& (== net452) (>= dnxcore50)) (&& (== net452) (>= netstandard1.3)) (== netstandard1.6)
      System.Runtime (>= 4.3) - restriction: || (&& (== net40) (>= dnxcore50)) (&& (== net40) (>= netstandard1.3)) (&& (== net45) (>= dnxcore50)) (&& (== net45) (>= netstandard1.3)) (&& (== net451) (>= dnxcore50)) (&& (== net451) (>= netstandard1.3)) (&& (== net452) (>= dnxcore50)) (&& (== net452) (>= netstandard1.3)) (== netstandard1.6)
      System.Runtime.Handles (>= 4.3) - restriction: || (&& (== net40) (>= dnxcore50)) (&& (== net40) (>= netstandard1.3)) (&& (== net45) (>= dnxcore50)) (&& (== net45) (>= netstandard1.3)) (&& (== net451) (>= dnxcore50)) (&& (== net451) (>= netstandard1.3)) (&& (== net452) (>= dnxcore50)) (&& (== net452) (>= netstandard1.3)) (== netstandard1.6)
    System.Threading.Tasks (4.3) - restriction: || (&& (== net40) (>= net45)) (&& (== net40) (>= dnxcore50)) (&& (== net40) (>= netstandard1.4)) (&& (== net40) (>= netstandard1.6)) (== net45) (== net451) (== net452) (== netstandard1.6)
      Microsoft.NETCore.Platforms (>= 1.1) - restriction: || (&& (== net40) (>= dnxcore50)) (&& (== net40) (>= netstandard1.0)) (&& (== net40) (>= netstandard1.3)) (&& (== net45) (>= dnxcore50)) (&& (== net451) (< net45)) (&& (== net451) (>= dnxcore50)) (&& (== net452) (< net45)) (&& (== net452) (>= dnxcore50)) (== netstandard1.6)
      Microsoft.NETCore.Targets (>= 1.1) - restriction: || (&& (== net40) (>= dnxcore50)) (&& (== net40) (>= netstandard1.0)) (&& (== net40) (>= netstandard1.3)) (&& (== net45) (>= dnxcore50)) (&& (== net451) (< net45)) (&& (== net451) (>= dnxcore50)) (&& (== net452) (< net45)) (&& (== net452) (>= dnxcore50)) (== netstandard1.6)
      System.Runtime (>= 4.3) - restriction: || (&& (== net40) (>= dnxcore50)) (&& (== net40) (>= netstandard1.0)) (&& (== net40) (>= netstandard1.3)) (&& (== net45) (>= dnxcore50)) (&& (== net451) (< net45)) (&& (== net451) (>= dnxcore50)) (&& (== net452) (< net45)) (&& (== net452) (>= dnxcore50)) (== netstandard1.6)
    System.Threading.Tasks.Extensions (4.4) - restriction: || (&& (== net40) (>= net45)) (&& (== net40) (>= netstandard1.4)) (&& (== net40) (>= netstandard1.6)) (== net45) (== net451) (== net452) (== netstandard1.6)
      System.Collections (>= 4.3) - restriction: || (&& (== net40) (>= netstandard1.0)) (== net45) (== net451) (== net452) (== netstandard1.6)
      System.Runtime (>= 4.3) - restriction: || (&& (== net40) (>= netstandard1.0)) (== net45) (== net451) (== net452) (== netstandard1.6)
      System.Threading.Tasks (>= 4.3) - restriction: || (&& (== net40) (>= netstandard1.0)) (== net45) (== net451) (== net452) (== netstandard1.6)
    System.Threading.Tasks.Parallel (4.3) - restriction: || (&& (== net40) (== net45) (>= netstandard1.6)) (&& (== net40) (== net451) (>= netstandard1.6)) (&& (== net40) (== net452) (>= netstandard1.6)) (&& (== net40) (== netstandard1.6)) (&& (== net40) (>= netstandard1.6)) (&& (== net45) (== net451) (>= netstandard1.6)) (&& (== net45) (== net452) (>= netstandard1.6)) (&& (== net45) (== netstandard1.6)) (&& (== net45) (>= netstandard1.6)) (&& (== net451) (== net452) (>= netstandard1.6)) (&& (== net451) (== netstandard1.6)) (&& (== net451) (>= netstandard1.6)) (&& (== net452) (== netstandard1.6)) (&& (== net452) (>= netstandard1.6)) (== netstandard1.6)
      System.Collections.Concurrent (>= 4.3) - restriction: || (&& (== net40) (>= dnxcore50)) (&& (== net40) (>= netstandard1.1)) (&& (== net40) (>= netstandard1.3)) (&& (== net45) (>= dnxcore50)) (&& (== net451) (< net45)) (&& (== net451) (>= dnxcore50)) (&& (== net452) (< net45)) (&& (== net452) (>= dnxcore50)) (== netstandard1.6)
      System.Diagnostics.Debug (>= 4.3) - restriction: || (&& (== net40) (>= dnxcore50)) (&& (== net40) (>= netstandard1.3)) (&& (== net45) (>= dnxcore50)) (&& (== net451) (< net45) (>= netstandard1.3)) (&& (== net451) (>= dnxcore50)) (&& (== net452) (< net45) (>= netstandard1.3)) (&& (== net452) (>= dnxcore50)) (== netstandard1.6)
      System.Diagnostics.Tracing (>= 4.3) - restriction: || (&& (== net40) (>= dnxcore50)) (&& (== net40) (>= netstandard1.3)) (&& (== net45) (>= dnxcore50)) (&& (== net451) (< net45) (>= netstandard1.3)) (&& (== net451) (>= dnxcore50)) (&& (== net452) (< net45) (>= netstandard1.3)) (&& (== net452) (>= dnxcore50)) (== netstandard1.6)
      System.Resources.ResourceManager (>= 4.3) - restriction: || (&& (== net40) (>= dnxcore50)) (&& (== net40) (>= netstandard1.3)) (&& (== net45) (>= dnxcore50)) (&& (== net451) (< net45) (>= netstandard1.3)) (&& (== net451) (>= dnxcore50)) (&& (== net452) (< net45) (>= netstandard1.3)) (&& (== net452) (>= dnxcore50)) (== netstandard1.6)
      System.Runtime (>= 4.3) - restriction: || (&& (== net40) (>= dnxcore50)) (&& (== net40) (>= netstandard1.1)) (&& (== net40) (>= netstandard1.3)) (&& (== net45) (>= dnxcore50)) (&& (== net451) (< net45)) (&& (== net451) (>= dnxcore50)) (&& (== net452) (< net45)) (&& (== net452) (>= dnxcore50)) (== netstandard1.6)
      System.Runtime.Extensions (>= 4.3) - restriction: || (&& (== net40) (>= dnxcore50)) (&& (== net40) (>= netstandard1.3)) (&& (== net45) (>= dnxcore50)) (&& (== net451) (< net45) (>= netstandard1.3)) (&& (== net451) (>= dnxcore50)) (&& (== net452) (< net45) (>= netstandard1.3)) (&& (== net452) (>= dnxcore50)) (== netstandard1.6)
      System.Threading (>= 4.3) - restriction: || (&& (== net40) (>= dnxcore50)) (&& (== net40) (>= netstandard1.3)) (&& (== net45) (>= dnxcore50)) (&& (== net451) (< net45) (>= netstandard1.3)) (&& (== net451) (>= dnxcore50)) (&& (== net452) (< net45) (>= netstandard1.3)) (&& (== net452) (>= dnxcore50)) (== netstandard1.6)
      System.Threading.Tasks (>= 4.3) - restriction: || (&& (== net40) (>= dnxcore50)) (&& (== net40) (>= netstandard1.1)) (&& (== net40) (>= netstandard1.3)) (&& (== net45) (>= dnxcore50)) (&& (== net451) (< net45)) (&& (== net451) (>= dnxcore50)) (&& (== net452) (< net45)) (&& (== net452) (>= dnxcore50)) (== netstandard1.6)
    System.Threading.Thread (4.3) - restriction: || (&& (== net40) (>= netstandard1.6)) (&& (== net45) (>= netstandard1.6)) (&& (== net451) (>= netstandard1.6)) (&& (== net452) (>= netstandard1.6)) (== netstandard1.6)
      System.Runtime (>= 4.3) - restriction: || (&& (== net40) (>= netstandard1.3)) (&& (== net45) (>= netstandard1.3)) (&& (== net451) (>= netstandard1.3)) (&& (== net452) (>= netstandard1.3)) (== netstandard1.6)
    System.Threading.ThreadPool (4.3) - restriction: || (&& (== net40) (>= netstandard1.6)) (&& (== net45) (>= netstandard1.6)) (&& (== net451) (>= netstandard1.6)) (&& (== net452) (>= netstandard1.6)) (== netstandard1.6)
      System.Runtime (>= 4.3) - restriction: || (&& (== net40) (>= netstandard1.3)) (&& (== net45) (>= netstandard1.3)) (&& (== net451) (>= netstandard1.3)) (&& (== net452) (>= netstandard1.3)) (== netstandard1.6)
      System.Runtime.Handles (>= 4.3) - restriction: || (&& (== net40) (>= netstandard1.3)) (&& (== net45) (>= netstandard1.3)) (&& (== net451) (>= netstandard1.3)) (&& (== net452) (>= netstandard1.3)) (== netstandard1.6)
    System.Threading.Timer (4.3) - restriction: || (&& (== net40) (>= netstandard1.6)) (&& (== net45) (>= netstandard1.6)) (&& (== net451) (>= netstandard1.6)) (&& (== net452) (>= netstandard1.6)) (== netstandard1.6)
      Microsoft.NETCore.Platforms (>= 1.1) - restriction: || (&& (== net40) (>= dnxcore50)) (&& (== net40) (>= netstandard1.2)) (&& (== net45) (>= dnxcore50)) (&& (== net45) (>= netstandard1.2)) (&& (== net451) (>= dnxcore50)) (&& (== net452) (< net451)) (&& (== net452) (>= dnxcore50)) (== netstandard1.6)
      Microsoft.NETCore.Targets (>= 1.1) - restriction: || (&& (== net40) (>= dnxcore50)) (&& (== net40) (>= netstandard1.2)) (&& (== net45) (>= dnxcore50)) (&& (== net45) (>= netstandard1.2)) (&& (== net451) (>= dnxcore50)) (&& (== net452) (< net451)) (&& (== net452) (>= dnxcore50)) (== netstandard1.6)
      System.Runtime (>= 4.3) - restriction: || (&& (== net40) (>= dnxcore50)) (&& (== net40) (>= netstandard1.2)) (&& (== net45) (>= dnxcore50)) (&& (== net45) (>= netstandard1.2)) (&& (== net451) (>= dnxcore50)) (&& (== net452) (< net451)) (&& (== net452) (>= dnxcore50)) (== netstandard1.6)
    System.ValueTuple (4.4) - restriction: || (&& (== net40) (== net45)) (&& (== net40) (== net451)) (&& (== net40) (== net452)) (&& (== net40) (== netstandard1.6)) (&& (== net40) (>= net45)) (&& (== net40) (>= netstandard1.4)) (== net45) (&& (== net45) (== net451)) (&& (== net45) (== net452)) (&& (== net45) (== netstandard1.6)) (== net451) (&& (== net451) (== net452)) (&& (== net451) (== netstandard1.6)) (== net452) (&& (== net452) (== netstandard1.6)) (== netstandard1.6)
      NETStandard.Library (>= 1.6.1) - restriction: || (&& (== net40) (>= netstandard1.0)) (== net45) (== net451) (== net452) (== netstandard1.6)
    System.Xml.ReaderWriter (4.3) - restriction: || (&& (== net40) (< net20) (>= netstandard1.3)) (&& (== net40) (>= netstandard1.6)) (&& (== net45) (< net20) (>= netstandard1.3)) (&& (== net45) (>= netstandard1.6)) (&& (== net451) (< net20) (>= netstandard1.3)) (&& (== net451) (>= netstandard1.6)) (&& (== net452) (< net20) (>= netstandard1.3)) (&& (== net452) (>= netstandard1.6)) (== netstandard1.6)
      System.Collections (>= 4.3) - restriction: || (&& (== net40) (>= dnxcore50)) (&& (== net40) (>= netstandard1.3)) (&& (== net45) (>= dnxcore50)) (&& (== net451) (< net45) (>= netstandard1.3)) (&& (== net451) (>= dnxcore50)) (&& (== net452) (< net45) (>= netstandard1.3)) (&& (== net452) (>= dnxcore50)) (== netstandard1.6)
      System.Diagnostics.Debug (>= 4.3) - restriction: || (&& (== net40) (>= dnxcore50)) (&& (== net40) (>= netstandard1.3)) (&& (== net45) (>= dnxcore50)) (&& (== net451) (< net45) (>= netstandard1.3)) (&& (== net451) (>= dnxcore50)) (&& (== net452) (< net45) (>= netstandard1.3)) (&& (== net452) (>= dnxcore50)) (== netstandard1.6)
      System.Globalization (>= 4.3) - restriction: || (&& (== net40) (>= dnxcore50)) (&& (== net40) (>= netstandard1.3)) (&& (== net45) (>= dnxcore50)) (&& (== net451) (< net45) (>= netstandard1.3)) (&& (== net451) (>= dnxcore50)) (&& (== net452) (< net45) (>= netstandard1.3)) (&& (== net452) (>= dnxcore50)) (== netstandard1.6)
      System.IO (>= 4.3) - restriction: || (&& (== net40) (>= dnxcore50)) (&& (== net40) (>= netstandard1.0)) (&& (== net40) (>= netstandard1.3)) (&& (== net45) (>= dnxcore50)) (&& (== net451) (< net45)) (&& (== net451) (>= dnxcore50)) (&& (== net452) (< net45)) (&& (== net452) (>= dnxcore50)) (== netstandard1.6)
      System.IO.FileSystem (>= 4.3) - restriction: || (&& (== net40) (>= dnxcore50)) (&& (== net40) (>= netstandard1.3)) (&& (== net45) (>= dnxcore50)) (&& (== net451) (< net45) (>= netstandard1.3)) (&& (== net451) (>= dnxcore50)) (&& (== net452) (< net45) (>= netstandard1.3)) (&& (== net452) (>= dnxcore50)) (== netstandard1.6)
      System.IO.FileSystem.Primitives (>= 4.3) - restriction: || (&& (== net40) (>= dnxcore50)) (&& (== net40) (>= netstandard1.3)) (&& (== net45) (>= dnxcore50)) (&& (== net451) (< net45) (>= netstandard1.3)) (&& (== net451) (>= dnxcore50)) (&& (== net452) (< net45) (>= netstandard1.3)) (&& (== net452) (>= dnxcore50)) (== netstandard1.6)
      System.Resources.ResourceManager (>= 4.3) - restriction: || (&& (== net40) (>= dnxcore50)) (&& (== net40) (>= netstandard1.3)) (&& (== net45) (>= dnxcore50)) (&& (== net451) (< net45) (>= netstandard1.3)) (&& (== net451) (>= dnxcore50)) (&& (== net452) (< net45) (>= netstandard1.3)) (&& (== net452) (>= dnxcore50)) (== netstandard1.6)
      System.Runtime (>= 4.3) - restriction: || (&& (== net40) (>= dnxcore50)) (&& (== net40) (>= netstandard1.0)) (&& (== net40) (>= netstandard1.3)) (&& (== net45) (>= dnxcore50)) (&& (== net451) (< net45)) (&& (== net451) (>= dnxcore50)) (&& (== net452) (< net45)) (&& (== net452) (>= dnxcore50)) (== netstandard1.6)
      System.Runtime.Extensions (>= 4.3) - restriction: || (&& (== net40) (>= dnxcore50)) (&& (== net40) (>= netstandard1.3)) (&& (== net45) (>= dnxcore50)) (&& (== net451) (< net45) (>= netstandard1.3)) (&& (== net451) (>= dnxcore50)) (&& (== net452) (< net45) (>= netstandard1.3)) (&& (== net452) (>= dnxcore50)) (== netstandard1.6)
      System.Runtime.InteropServices (>= 4.3) - restriction: || (&& (== net40) (>= dnxcore50)) (&& (== net40) (>= netstandard1.3)) (&& (== net45) (>= dnxcore50)) (&& (== net451) (< net45) (>= netstandard1.3)) (&& (== net451) (>= dnxcore50)) (&& (== net452) (< net45) (>= netstandard1.3)) (&& (== net452) (>= dnxcore50)) (== netstandard1.6)
      System.Text.Encoding (>= 4.3) - restriction: || (&& (== net40) (>= dnxcore50)) (&& (== net40) (>= netstandard1.0)) (&& (== net40) (>= netstandard1.3)) (&& (== net45) (>= dnxcore50)) (&& (== net451) (< net45)) (&& (== net451) (>= dnxcore50)) (&& (== net452) (< net45)) (&& (== net452) (>= dnxcore50)) (== netstandard1.6)
      System.Text.Encoding.Extensions (>= 4.3) - restriction: || (&& (== net40) (>= dnxcore50)) (&& (== net40) (>= netstandard1.3)) (&& (== net45) (>= dnxcore50)) (&& (== net451) (< net45) (>= netstandard1.3)) (&& (== net451) (>= dnxcore50)) (&& (== net452) (< net45) (>= netstandard1.3)) (&& (== net452) (>= dnxcore50)) (== netstandard1.6)
      System.Text.RegularExpressions (>= 4.3) - restriction: || (&& (== net40) (>= dnxcore50)) (&& (== net40) (>= netstandard1.3)) (&& (== net45) (>= dnxcore50)) (&& (== net451) (< net45) (>= netstandard1.3)) (&& (== net451) (>= dnxcore50)) (&& (== net452) (< net45) (>= netstandard1.3)) (&& (== net452) (>= dnxcore50)) (== netstandard1.6)
      System.Threading.Tasks (>= 4.3) - restriction: || (&& (== net40) (>= dnxcore50)) (&& (== net40) (>= netstandard1.0)) (&& (== net40) (>= netstandard1.3)) (&& (== net45) (>= dnxcore50)) (&& (== net451) (< net45)) (&& (== net451) (>= dnxcore50)) (&& (== net452) (< net45)) (&& (== net452) (>= dnxcore50)) (== netstandard1.6)
      System.Threading.Tasks.Extensions (>= 4.3) - restriction: || (&& (== net40) (>= dnxcore50)) (&& (== net40) (>= netstandard1.3)) (&& (== net45) (>= dnxcore50)) (&& (== net451) (< net45) (>= netstandard1.3)) (&& (== net451) (>= dnxcore50)) (&& (== net452) (< net45) (>= netstandard1.3)) (&& (== net452) (>= dnxcore50)) (== netstandard1.6)
    System.Xml.XDocument (4.3) - restriction: || (&& (== net40) (== net45) (>= netstandard1.6)) (&& (== net40) (== net451) (>= netstandard1.6)) (&& (== net40) (== net452) (>= netstandard1.6)) (&& (== net40) (== netstandard1.6)) (&& (== net40) (>= netstandard1.6)) (&& (== net45) (== net451) (>= netstandard1.6)) (&& (== net45) (== net452) (>= netstandard1.6)) (&& (== net45) (== netstandard1.6)) (&& (== net45) (>= netstandard1.6)) (&& (== net451) (== net452) (>= netstandard1.6)) (&& (== net451) (== netstandard1.6)) (&& (== net451) (>= netstandard1.6)) (&& (== net452) (== netstandard1.6)) (&& (== net452) (>= netstandard1.6)) (== netstandard1.6)
      System.Collections (>= 4.3) - restriction: || (&& (== net40) (>= dnxcore50)) (&& (== net40) (>= netstandard1.3)) (&& (== net45) (>= dnxcore50)) (&& (== net451) (< net45) (>= netstandard1.3)) (&& (== net451) (>= dnxcore50)) (&& (== net452) (< net45) (>= netstandard1.3)) (&& (== net452) (>= dnxcore50)) (== netstandard1.6)
      System.Diagnostics.Debug (>= 4.3) - restriction: || (&& (== net40) (>= dnxcore50)) (&& (== net40) (>= netstandard1.3)) (&& (== net45) (>= dnxcore50)) (&& (== net451) (< net45) (>= netstandard1.3)) (&& (== net451) (>= dnxcore50)) (&& (== net452) (< net45) (>= netstandard1.3)) (&& (== net452) (>= dnxcore50)) (== netstandard1.6)
      System.Diagnostics.Tools (>= 4.3) - restriction: || (&& (== net40) (>= dnxcore50)) (&& (== net40) (>= netstandard1.3)) (&& (== net45) (>= dnxcore50)) (&& (== net451) (< net45) (>= netstandard1.3)) (&& (== net451) (>= dnxcore50)) (&& (== net452) (< net45) (>= netstandard1.3)) (&& (== net452) (>= dnxcore50)) (== netstandard1.6)
      System.Globalization (>= 4.3) - restriction: || (&& (== net40) (>= dnxcore50)) (&& (== net40) (>= netstandard1.3)) (&& (== net45) (>= dnxcore50)) (&& (== net451) (< net45) (>= netstandard1.3)) (&& (== net451) (>= dnxcore50)) (&& (== net452) (< net45) (>= netstandard1.3)) (&& (== net452) (>= dnxcore50)) (== netstandard1.6)
      System.IO (>= 4.3) - restriction: || (&& (== net40) (>= dnxcore50)) (&& (== net40) (>= netstandard1.0)) (&& (== net40) (>= netstandard1.3)) (&& (== net45) (>= dnxcore50)) (&& (== net451) (< net45)) (&& (== net451) (>= dnxcore50)) (&& (== net452) (< net45)) (&& (== net452) (>= dnxcore50)) (== netstandard1.6)
      System.Reflection (>= 4.3) - restriction: || (&& (== net40) (>= dnxcore50)) (&& (== net40) (>= netstandard1.3)) (&& (== net45) (>= dnxcore50)) (&& (== net451) (< net45) (>= netstandard1.3)) (&& (== net451) (>= dnxcore50)) (&& (== net452) (< net45) (>= netstandard1.3)) (&& (== net452) (>= dnxcore50)) (== netstandard1.6)
      System.Resources.ResourceManager (>= 4.3) - restriction: || (&& (== net40) (>= dnxcore50)) (&& (== net40) (>= netstandard1.3)) (&& (== net45) (>= dnxcore50)) (&& (== net451) (< net45) (>= netstandard1.3)) (&& (== net451) (>= dnxcore50)) (&& (== net452) (< net45) (>= netstandard1.3)) (&& (== net452) (>= dnxcore50)) (== netstandard1.6)
      System.Runtime (>= 4.3) - restriction: || (&& (== net40) (>= dnxcore50)) (&& (== net40) (>= netstandard1.0)) (&& (== net40) (>= netstandard1.3)) (&& (== net45) (>= dnxcore50)) (&& (== net451) (< net45)) (&& (== net451) (>= dnxcore50)) (&& (== net452) (< net45)) (&& (== net452) (>= dnxcore50)) (== netstandard1.6)
      System.Runtime.Extensions (>= 4.3) - restriction: || (&& (== net40) (>= dnxcore50)) (&& (== net40) (>= netstandard1.3)) (&& (== net45) (>= dnxcore50)) (&& (== net451) (< net45) (>= netstandard1.3)) (&& (== net451) (>= dnxcore50)) (&& (== net452) (< net45) (>= netstandard1.3)) (&& (== net452) (>= dnxcore50)) (== netstandard1.6)
      System.Text.Encoding (>= 4.3) - restriction: || (&& (== net40) (>= dnxcore50)) (&& (== net40) (>= netstandard1.3)) (&& (== net45) (>= dnxcore50)) (&& (== net451) (< net45) (>= netstandard1.3)) (&& (== net451) (>= dnxcore50)) (&& (== net452) (< net45) (>= netstandard1.3)) (&& (== net452) (>= dnxcore50)) (== netstandard1.6)
      System.Threading (>= 4.3) - restriction: || (&& (== net40) (>= dnxcore50)) (&& (== net40) (>= netstandard1.3)) (&& (== net45) (>= dnxcore50)) (&& (== net451) (< net45) (>= netstandard1.3)) (&& (== net451) (>= dnxcore50)) (&& (== net452) (< net45) (>= netstandard1.3)) (&& (== net452) (>= dnxcore50)) (== netstandard1.6)
      System.Xml.ReaderWriter (>= 4.3) - restriction: || (&& (== net40) (>= dnxcore50)) (&& (== net40) (>= netstandard1.0)) (&& (== net40) (>= netstandard1.3)) (&& (== net45) (>= dnxcore50)) (&& (== net451) (< net45)) (&& (== net451) (>= dnxcore50)) (&& (== net452) (< net45)) (&& (== net452) (>= dnxcore50)) (== netstandard1.6)
    System.Xml.XmlDocument (4.3) - restriction: || (&& (== net40) (== net45) (< net20) (>= netstandard1.3)) (&& (== net40) (== net451) (< net20) (>= netstandard1.3)) (&& (== net40) (== net452) (< net20) (>= netstandard1.3)) (&& (== net40) (== netstandard1.6)) (&& (== net40) (< net20) (>= netstandard1.3)) (&& (== net45) (== net451) (< net20) (>= netstandard1.3)) (&& (== net45) (== net452) (< net20) (>= netstandard1.3)) (&& (== net45) (== netstandard1.6)) (&& (== net45) (< net20) (>= netstandard1.3)) (&& (== net451) (== net452) (< net20) (>= netstandard1.3)) (&& (== net451) (== netstandard1.6)) (&& (== net451) (< net20) (>= netstandard1.3)) (&& (== net452) (== netstandard1.6)) (&& (== net452) (< net20) (>= netstandard1.3)) (== netstandard1.6)
      System.Collections (>= 4.3) - restriction: || (&& (== net40) (>= netstandard1.3)) (&& (== net45) (>= netstandard1.3)) (&& (== net451) (>= netstandard1.3)) (&& (== net452) (>= netstandard1.3)) (== netstandard1.6)
      System.Diagnostics.Debug (>= 4.3) - restriction: || (&& (== net40) (>= netstandard1.3)) (&& (== net45) (>= netstandard1.3)) (&& (== net451) (>= netstandard1.3)) (&& (== net452) (>= netstandard1.3)) (== netstandard1.6)
      System.Globalization (>= 4.3) - restriction: || (&& (== net40) (>= netstandard1.3)) (&& (== net45) (>= netstandard1.3)) (&& (== net451) (>= netstandard1.3)) (&& (== net452) (>= netstandard1.3)) (== netstandard1.6)
      System.IO (>= 4.3) - restriction: || (&& (== net40) (>= netstandard1.3)) (&& (== net45) (>= netstandard1.3)) (&& (== net451) (>= netstandard1.3)) (&& (== net452) (>= netstandard1.3)) (== netstandard1.6)
      System.Resources.ResourceManager (>= 4.3) - restriction: || (&& (== net40) (>= netstandard1.3)) (&& (== net45) (>= netstandard1.3)) (&& (== net451) (>= netstandard1.3)) (&& (== net452) (>= netstandard1.3)) (== netstandard1.6)
      System.Runtime (>= 4.3) - restriction: || (&& (== net40) (>= netstandard1.3)) (&& (== net45) (>= netstandard1.3)) (&& (== net451) (>= netstandard1.3)) (&& (== net452) (>= netstandard1.3)) (== netstandard1.6)
      System.Runtime.Extensions (>= 4.3) - restriction: || (&& (== net40) (>= netstandard1.3)) (&& (== net45) (>= netstandard1.3)) (&& (== net451) (>= netstandard1.3)) (&& (== net452) (>= netstandard1.3)) (== netstandard1.6)
      System.Text.Encoding (>= 4.3) - restriction: || (&& (== net40) (>= netstandard1.3)) (&& (== net45) (>= netstandard1.3)) (&& (== net451) (>= netstandard1.3)) (&& (== net452) (>= netstandard1.3)) (== netstandard1.6)
      System.Threading (>= 4.3) - restriction: || (&& (== net40) (>= netstandard1.3)) (&& (== net45) (>= netstandard1.3)) (&& (== net451) (>= netstandard1.3)) (&& (== net452) (>= netstandard1.3)) (== netstandard1.6)
      System.Xml.ReaderWriter (>= 4.3) - restriction: || (&& (== net40) (>= netstandard1.3)) (&& (== net45) (>= netstandard1.3)) (&& (== net451) (>= netstandard1.3)) (&& (== net452) (>= netstandard1.3)) (== netstandard1.6)
    xunit (2.3.0-beta5-build3769)
      xunit.analyzers (>= 0.7)
      xunit.assert (2.3.0-beta5-build3769)
      xunit.core (2.3.0-beta5-build3769)
    xunit.abstractions (2.0.1)
      NETStandard.Library (>= 1.6) - restriction: || (&& (== net40) (< net35) (>= netstandard1.0)) (&& (== net45) (< net35)) (&& (== net451) (< net35)) (&& (== net452) (< net35)) (== netstandard1.6)
    xunit.analyzers (0.7)
    xunit.assert (2.3.0-beta5-build3769)
      NETStandard.Library (>= 1.6.1) - restriction: || (&& (== net40) (>= netstandard1.1)) (== net45) (== net451) (== netstandard1.6)
    xunit.core (2.3.0-beta5-build3769)
      xunit.extensibility.core (2.3.0-beta5-build3769)
      xunit.extensibility.execution (2.3.0-beta5-build3769)
    xunit.extensibility.core (2.3.0-beta5-build3769)
      NETStandard.Library (>= 1.6.1) - restriction: || (&& (== net40) (>= netstandard1.1)) (== net45) (== net451) (== netstandard1.6)
      xunit.abstractions (>= 2.0.1) - restriction: || (&& (== net40) (>= netstandard1.1)) (== net45) (== net451) (== net452) (== netstandard1.6)
    xunit.extensibility.execution (2.3.0-beta5-build3769)
      NETStandard.Library (>= 1.6.1) - restriction: || (&& (== net40) (>= netstandard1.1)) (== net45) (== net451) (== netstandard1.6)
      xunit.extensibility.core (2.3.0-beta5-build3769) - restriction: || (&& (== net40) (>= netstandard1.1)) (== net45) (== net451) (== net452) (== netstandard1.6)
    xunit.runner.console (2.3.0-beta5-build3769)
    xunit.runner.visualstudio (2.3.0-beta5-build3769)
