REDIRECTS: ON
FRAMEWORK: NET40, NET45, NET451, NET452
NUGET
  remote: https://www.nuget.org/api/v2
    Akka (1.1.3)
      Newtonsoft.Json (>= 9.0.1)
      System.Collections.Immutable (>= 1.1.36)
    Akka.Cluster (1.1.3)
      Akka.Remote (>= 1.1.3)
      Google.ProtocolBuffers (>= 2.4.1.555)
      System.Collections.Immutable (>= 1.1.36)
    Akka.Cluster.Sharding (1.1.3.32-beta)
      Akka.Cluster.Tools (>= 1.1.3.32-beta)
      Akka.Persistence (>= 1.1.3.32-beta)
      Google.ProtocolBuffers (>= 2.4.1.555)
      System.Collections.Immutable (>= 1.1.36)
    Akka.Cluster.Tools (1.1.3.32-beta)
      Akka.Cluster (>= 1.1.3)
      Google.ProtocolBuffers (>= 2.4.1.555)
      System.Collections.Immutable (>= 1.1.36)
    Akka.DistributedData (1.1.3.32-beta)
      Akka (>= 1.1.3)
      Google.ProtocolBuffers (>= 2.4.1.555)
      Hyperion (>= 0.9.2)
      System.Collections.Immutable (>= 1.1.36)
    Akka.Persistence (1.1.3.32-beta)
      Akka (>= 1.1.3)
      Google.ProtocolBuffers (>= 2.4.1.555)
      Newtonsoft.Json (>= 9.0.1)
      System.Collections.Immutable (>= 1.1.36)
    Akka.Persistence.Query (1.1.3.32-beta)
      Akka.Persistence (>= 1.1.3.32-beta)
      Akka.Streams (>= 1.1.3.32-beta)
      Reactive.Streams (>= 1.0.0-RC1)
    Akka.Persistence.Query.Sql (1.1.3.32-beta)
      Akka.Persistence.Query (>= 1.1.3.32-beta)
      Akka.Persistence.Sql.Common (>= 1.1.3.32-beta)
      Reactive.Streams (>= 1.0.0-RC1)
      System.Collections.Immutable (>= 1.1.36)
    Akka.Persistence.Sql.Common (1.1.3.32-beta)
      Akka.Persistence (>= 1.1.3.32-beta)
      System.Collections.Immutable (>= 1.1.36)
    Akka.Persistence.Sqlite (1.1.3.32-beta)
      Akka.Persistence.Sql.Common (>= 1.1.3.32-beta)
      System.Collections.Immutable (>= 1.1.36)
      System.Data.SQLite.Core (>= 1.0.98)
    Akka.Remote (1.1.3)
      Akka (>= 1.1.3)
      Google.ProtocolBuffers (>= 2.4.1.555)
      Helios (>= 2.1.2)
      System.Collections.Immutable (>= 1.1.36)
    Akka.Serialization.Hyperion (1.1.3.32-beta)
      Akka (>= 1.1.3)
      Hyperion (>= 0.9.2)
    Akka.Streams (1.1.3.32-beta)
      Akka (>= 1.1.3)
      Reactive.Streams (>= 1.0.0-RC1)
      System.Collections.Immutable (>= 1.1.36)
    Akka.TestKit (1.1.3)
      Akka (>= 1.1.3)
    Akka.TestKit.Xunit2 (1.1)
      Akka.TestKit (>= 1.1)
      xunit (>= 2.0)
      xunit.abstractions (>= 2.0)
      xunit.assert (>= 2.0)
      xunit.core (>= 2.0)
      xunit.extensibility.core (>= 2.0)
    FAKE (4.50)
    FsCheck (2.7)
      FSharp.Core (>= 3.1.2.5)
    FsCheck.Xunit (2.0.7)
      FsCheck (>= 2.0.7)
      xunit (>= 1.9.2)
    FSharp.Compiler.Service (2.0.0.6)
    FSharp.Core (4.0.0.1)
    FSharp.Formatting (2.14.4)
      FSharp.Compiler.Service (2.0.0.6)
      FSharpVSPowerTools.Core (>= 2.3 < 2.4)
    FSharpVSPowerTools.Core (2.3)
      FSharp.Compiler.Service (>= 2.0.0.3)
    FsPickler (3.2)
    FSPowerPack.Core.Community (3.0)
    FSPowerPack.Linq.Community (3.0)
      FSPowerPack.Core.Community
    Google.ProtocolBuffers (2.4.1.555)
    Helios (2.1.3)
    Hyperion (0.9.2)
    Microsoft.Bcl (1.1.10)
      Microsoft.Bcl.Build (>= 1.0.14)
    Microsoft.Bcl.Build (1.0.21) - import_targets: false
    Microsoft.Net.Http (2.2.29)
      Microsoft.Bcl (>= 1.1.10)
      Microsoft.Bcl.Build (>= 1.0.14)
    Newtonsoft.Json (9.0.1)
    Octokit (0.24)
      Microsoft.Net.Http  - framework: net40
    Reactive.Streams (1.0.1)
    SourceLink (1.1)
    System.Collections.Immutable (1.3.1)
    System.Data.SQLite.Core (1.0.104)
    xunit (2.0)
      xunit.assert (2.0)
      xunit.core (2.0)
    xunit.abstractions (2.0)
    xunit.assert (2.0)
    xunit.core (2.0)
      xunit.extensibility.core (2.0)
    xunit.extensibility.core (2.0)
      xunit.abstractions (2.0)
    xunit.runner.console (2.1)
    xunit.runner.visualstudio (2.1)
GITHUB
  remote: fsharp/FAKE
    modules/Octokit/Octokit.fsx (e842705560e95dd75dd2c6a78fb1ae62db545297)
      Octokit (>= 0.20)