REDIRECTS: ON
RESTRICTION: || (== net452) (== netstandard1.6)
NUGET
  remote: https://www.nuget.org/api/v2
    Akka (1.3.11)
      NETStandard.Library (>= 1.6.1) - restriction: || (&& (== net452) (< net45) (>= netstandard1.6)) (== netstandard1.6)
      Newtonsoft.Json (>= 9.0.1)
      System.Collections.Immutable (>= 1.5)
      System.Diagnostics.TraceSource (>= 4.3) - restriction: || (&& (== net452) (< net45) (>= netstandard1.6)) (== netstandard1.6)
      System.Net.NameResolution (>= 4.3) - restriction: || (&& (== net452) (< net45) (>= netstandard1.6)) (== netstandard1.6)
      System.Reflection.Emit (>= 4.3) - restriction: || (&& (== net452) (< net45) (>= netstandard1.6)) (== netstandard1.6)
      System.Reflection.TypeExtensions (>= 4.3) - restriction: || (&& (== net452) (< net45) (>= netstandard1.6)) (== netstandard1.6)
      System.Threading.Thread (>= 4.3) - restriction: || (&& (== net452) (< net45) (>= netstandard1.6)) (== netstandard1.6)
      System.Threading.ThreadPool (>= 4.3) - restriction: || (&& (== net452) (< net45) (>= netstandard1.6)) (== netstandard1.6)
    Akka.Cluster (1.3.11)
      Akka.Remote (>= 1.3.11)
      NETStandard.Library (>= 1.6.1) - restriction: || (&& (== net452) (< net45) (>= netstandard1.6)) (== netstandard1.6)
    Akka.Cluster.Sharding (1.3.11-beta)
      Akka.Cluster.Tools (>= 1.3.11)
      Akka.DistributedData (>= 1.3.11-beta)
      Akka.Persistence (>= 1.3.11)
      NETStandard.Library (>= 1.6.1) - restriction: || (&& (== net452) (< net45) (>= netstandard1.6)) (== netstandard1.6)
    Akka.Cluster.Tools (1.3.11)
      Akka.Cluster (>= 1.3.11)
      NETStandard.Library (>= 1.6.1) - restriction: || (&& (== net452) (< net45) (>= netstandard1.6)) (== netstandard1.6)
    Akka.DistributedData (1.3.11-beta)
      Akka.Cluster (>= 1.3.11)
      Hyperion (>= 0.9.8)
      NETStandard.Library (>= 1.6.1) - restriction: || (&& (== net452) (< net45) (>= netstandard1.6)) (== netstandard1.6)
    Akka.Persistence (1.3.11)
      Akka (>= 1.3.11)
      Google.Protobuf (>= 3.3)
      NETStandard.Library (>= 1.6.1) - restriction: || (&& (== net452) (< net45) (>= netstandard1.6)) (== netstandard1.6)
    Akka.Persistence.Query (1.3.11)
      Akka.Persistence (>= 1.3.11)
      Akka.Streams (>= 1.3.11)
      NETStandard.Library (>= 1.6.1) - restriction: || (&& (== net452) (< net45) (>= netstandard1.6)) (== netstandard1.6)
    Akka.Persistence.Query.Sql (1.3.11)
      Akka.Persistence (>= 1.3.11)
      Akka.Persistence.Query (>= 1.3.11)
      Akka.Persistence.Sql.Common (>= 1.3.11)
      NETStandard.Library (>= 1.6.1) - restriction: || (&& (== net452) (< net45) (>= netstandard1.6)) (== netstandard1.6)
    Akka.Persistence.Sql.Common (1.3.11)
      Akka.Persistence (>= 1.3.11)
      NETStandard.Library (>= 1.6.1) - restriction: || (&& (== net452) (< net45) (>= netstandard1.6)) (== netstandard1.6)
      System.Data.Common (>= 4.3) - restriction: || (&& (== net452) (< net45) (>= netstandard1.6)) (== netstandard1.6)
    Akka.Persistence.Sqlite (1.3.11)
      Akka.Persistence (>= 1.3.11)
      Akka.Persistence.Sql.Common (>= 1.3.11)
      Microsoft.Data.Sqlite (>= 1.1.1)
      NETStandard.Library (>= 1.6.1) - restriction: || (&& (== net452) (< net451) (>= netstandard1.6)) (== netstandard1.6)
    Akka.Remote (1.3.11)
      Akka (>= 1.3.11)
      DotNetty.Handlers (>= 0.6)
      Google.Protobuf (>= 3.3)
      NETStandard.Library (>= 1.6.1) - restriction: || (&& (== net452) (< net45) (>= netstandard1.6)) (== netstandard1.6)
    Akka.Serialization.Hyperion (1.3.11-beta)
      Akka (>= 1.3.11)
      Hyperion (>= 0.9.8)
      NETStandard.Library (>= 1.6.1) - restriction: || (&& (== net452) (< net45) (>= netstandard1.6)) (== netstandard1.6)
      System.Reflection (>= 4.3) - restriction: || (&& (== net452) (< net45) (>= netstandard1.6)) (== netstandard1.6)
      System.Runtime (>= 4.3) - restriction: || (&& (== net452) (< net45) (>= netstandard1.6)) (== netstandard1.6)
    Akka.Streams (1.3.11)
      Akka (>= 1.3.11)
      NETStandard.Library (>= 1.6.1) - restriction: || (&& (== net452) (< net45) (>= netstandard1.6)) (== netstandard1.6)
      Reactive.Streams (>= 1.0.2)
      System.Reflection.TypeExtensions (>= 4.3) - restriction: || (&& (== net452) (< net45) (>= netstandard1.6)) (== netstandard1.6)
    Akka.Streams.TestKit (1.3.11)
      Akka.Streams (>= 1.3.11)
      Akka.TestKit (>= 1.3.11)
      NETStandard.Library (>= 1.6.1) - restriction: || (&& (== net452) (< net45) (>= netstandard1.6)) (== netstandard1.6)
    Akka.TestKit (1.3.11)
      Akka (>= 1.3.11)
      NETStandard.Library (>= 1.6.1) - restriction: || (&& (== net452) (< net45) (>= netstandard1.6)) (== netstandard1.6)
    Akka.TestKit.Xunit2 (1.3.11)
      Akka.TestKit (>= 1.3.11)
      NETStandard.Library (>= 1.6.1) - restriction: || (&& (== net452) (< net45) (>= netstandard1.6)) (== netstandard1.6)
      xunit (>= 2.3.1)
    DotNetty.Buffers (0.6)
      DotNetty.Common (>= 0.6)
      NETStandard.Library (>= 1.6.1) - restriction: || (&& (== net452) (< net45) (>= netstandard1.3)) (== netstandard1.6)
      System.Diagnostics.Contracts (>= 4.3) - restriction: || (&& (== net452) (< net45) (>= netstandard1.3)) (== netstandard1.6)
      System.Runtime.CompilerServices.Unsafe (>= 4.5.2)
    DotNetty.Codecs (0.6)
      DotNetty.Buffers (>= 0.6)
      DotNetty.Common (>= 0.6)
      DotNetty.Transport (>= 0.6)
      NETStandard.Library (>= 1.6.1) - restriction: || (&& (== net452) (< net45) (>= netstandard1.3)) (== netstandard1.6)
      System.Collections.Immutable (>= 1.5)
      System.Diagnostics.Contracts (>= 4.3) - restriction: || (&& (== net452) (< net45) (>= netstandard1.3)) (== netstandard1.6)
    DotNetty.Common (0.6)
      Microsoft.Extensions.Logging (>= 1.1.1)
      NETStandard.Library (>= 1.6.1) - restriction: || (&& (== net452) (< net45) (>= netstandard1.3)) (== netstandard1.6)
      System.Diagnostics.Contracts (>= 4.3) - restriction: || (&& (== net452) (< net45) (>= netstandard1.3)) (== netstandard1.6)
      System.Net.NetworkInformation (>= 4.3) - restriction: || (&& (== net452) (< net45) (>= netstandard1.3)) (== netstandard1.6)
      System.Runtime.CompilerServices.Unsafe (>= 4.5.2)
    DotNetty.Handlers (0.6)
      DotNetty.Buffers (>= 0.6)
      DotNetty.Codecs (>= 0.6)
      DotNetty.Common (>= 0.6)
      DotNetty.Transport (>= 0.6)
      NETStandard.Library (>= 1.6.1) - restriction: || (&& (== net452) (< net45) (>= netstandard1.3)) (== netstandard1.6)
      System.Diagnostics.Contracts (>= 4.3) - restriction: || (&& (== net452) (< net45) (>= netstandard1.3)) (== netstandard1.6)
      System.Globalization.Extensions (>= 4.3) - restriction: || (&& (== net452) (< net45) (>= netstandard1.3)) (== netstandard1.6)
      System.Net.Security (>= 4.3.2) - restriction: || (&& (== net452) (< net45) (>= netstandard1.3)) (== netstandard1.6)
    DotNetty.Transport (0.6)
      DotNetty.Buffers (>= 0.6)
      DotNetty.Common (>= 0.6)
      NETStandard.Library (>= 1.6.1) - restriction: || (&& (== net452) (< net45) (>= netstandard1.3)) (== netstandard1.6)
      System.Diagnostics.Contracts (>= 4.3) - restriction: || (&& (== net452) (< net45) (>= netstandard1.3)) (== netstandard1.6)
      System.Diagnostics.StackTrace (>= 4.3) - restriction: || (&& (== net452) (< net45) (>= netstandard1.3)) (== netstandard1.6)
      System.Net.NameResolution (>= 4.3) - restriction: || (&& (== net452) (< net45) (>= netstandard1.3)) (== netstandard1.6)
      System.Net.Primitives (>= 4.3) - restriction: || (&& (== net452) (< net45) (>= netstandard1.3)) (== netstandard1.6)
      System.Net.Sockets (>= 4.3) - restriction: || (&& (== net452) (< net45) (>= netstandard1.3)) (== netstandard1.6)
      System.Reflection.TypeExtensions (>= 4.3) - restriction: || (&& (== net452) (< net45) (>= netstandard1.3)) (== netstandard1.6)
      System.Threading.Tasks.Extensions (>= 4.5.1)
    FAKE (5.8.4)
    FsCheck (2.13)
      FSharp.Core (>= 4.2.3)
    FsCheck.Xunit (2.13)
      FsCheck (2.13)
      xunit.extensibility.execution (>= 2.2 < 3.0)
    FSharp.Compiler.Service (2.0.0.6)
    FSharp.Core (4.3.4)
      System.Collections (>= 4.0.11) - restriction: || (&& (== net452) (< net45) (>= netstandard1.6)) (== netstandard1.6)
      System.Console (>= 4.0) - restriction: || (&& (== net452) (< net45) (>= netstandard1.6)) (== netstandard1.6)
      System.Diagnostics.Debug (>= 4.0.11) - restriction: || (&& (== net452) (< net45) (>= netstandard1.6)) (== netstandard1.6)
      System.Diagnostics.Tools (>= 4.0.1) - restriction: || (&& (== net452) (< net45) (>= netstandard1.6)) (== netstandard1.6)
      System.Globalization (>= 4.0.11) - restriction: || (&& (== net452) (< net45) (>= netstandard1.6)) (== netstandard1.6)
      System.IO (>= 4.1) - restriction: || (&& (== net452) (< net45) (>= netstandard1.6)) (== netstandard1.6)
      System.Linq (>= 4.1) - restriction: || (&& (== net452) (< net45) (>= netstandard1.6)) (== netstandard1.6)
      System.Linq.Expressions (>= 4.1) - restriction: || (&& (== net452) (< net45) (>= netstandard1.6)) (== netstandard1.6)
      System.Linq.Queryable (>= 4.0.1) - restriction: || (&& (== net452) (< net45) (>= netstandard1.6)) (== netstandard1.6)
      System.Net.Requests (>= 4.0.11) - restriction: || (&& (== net452) (< net45) (>= netstandard1.6)) (== netstandard1.6)
      System.Reflection (>= 4.1) - restriction: || (&& (== net452) (< net45) (>= netstandard1.6)) (== netstandard1.6)
      System.Reflection.Extensions (>= 4.0.1) - restriction: || (&& (== net452) (< net45) (>= netstandard1.6)) (== netstandard1.6)
      System.Resources.ResourceManager (>= 4.0.1) - restriction: || (&& (== net452) (< net45) (>= netstandard1.6)) (== netstandard1.6)
      System.Runtime (>= 4.1) - restriction: || (&& (== net452) (< net45) (>= netstandard1.6)) (== netstandard1.6)
      System.Runtime.Extensions (>= 4.1) - restriction: || (&& (== net452) (< net45) (>= netstandard1.6)) (== netstandard1.6)
      System.Runtime.Numerics (>= 4.0.1) - restriction: || (&& (== net452) (< net45) (>= netstandard1.6)) (== netstandard1.6)
      System.Text.RegularExpressions (>= 4.1) - restriction: || (&& (== net452) (< net45) (>= netstandard1.6)) (== netstandard1.6)
      System.Threading (>= 4.0.11) - restriction: || (&& (== net452) (< net45) (>= netstandard1.6)) (== netstandard1.6)
      System.Threading.Tasks (>= 4.0.11) - restriction: || (&& (== net452) (< net45) (>= netstandard1.6)) (== netstandard1.6)
      System.Threading.Tasks.Parallel (>= 4.0.1) - restriction: || (&& (== net452) (< net45) (>= netstandard1.6)) (== netstandard1.6)
      System.Threading.Thread (>= 4.0) - restriction: || (&& (== net452) (< net45) (>= netstandard1.6)) (== netstandard1.6)
      System.Threading.ThreadPool (>= 4.0.10) - restriction: || (&& (== net452) (< net45) (>= netstandard1.6)) (== netstandard1.6)
      System.Threading.Timer (>= 4.0.1) - restriction: || (&& (== net452) (< net45) (>= netstandard1.6)) (== netstandard1.6)
    FSharp.Formatting (2.14.4)
      FSharp.Compiler.Service (2.0.0.6)
      FSharpVSPowerTools.Core (>= 2.3 < 2.4)
    FSharpVSPowerTools.Core (2.3)
      FSharp.Compiler.Service (>= 2.0.0.3)
    Google.Protobuf (3.6.1)
      NETStandard.Library (>= 1.6.1) - restriction: || (&& (== net452) (< net45)) (== netstandard1.6)
    Hyperion (0.9.8)
      Microsoft.CSharp (>= 4.3) - restriction: || (&& (== net452) (< net45) (>= netstandard1.6)) (== netstandard1.6)
      NETStandard.Library (>= 1.6.1) - restriction: || (&& (== net452) (< net45) (>= netstandard1.6)) (== netstandard1.6)
      System.Reflection.TypeExtensions (>= 4.3) - restriction: || (&& (== net452) (< net45) (>= netstandard1.6)) (== netstandard1.6)
    Microsoft.CodeCoverage (15.9) - restriction: || (== net452) (&& (== netstandard1.6) (>= net45)) (&& (== netstandard1.6) (>= netcoreapp1.0))
    Microsoft.CSharp (4.5) - restriction: || (&& (== net452) (< net20)) (== netstandard1.6)
      NETStandard.Library (>= 1.6.1) - restriction: || (&& (== net452) (< net45)) (&& (== net452) (< portable-net45+win8+wp8+wpa81)) (== netstandard1.6)
      System.Dynamic.Runtime (>= 4.3) - restriction: || (&& (== net452) (< net45)) (&& (== net452) (< portable-net45+win8+wp8+wpa81)) (== netstandard1.6)
      System.Reflection.TypeExtensions (>= 4.4) - restriction: || (&& (== net452) (< net45) (>= netstandard1.3)) (&& (== net452) (< portable-net45+win8+wp8+wpa81)) (== netstandard1.6)
    Microsoft.Data.Sqlite (2.2.1)
    Microsoft.Extensions.DependencyInjection (1.1.1)
      Microsoft.Extensions.DependencyInjection.Abstractions (>= 1.1.1)
      NETStandard.Library (>= 1.6.1)
    Microsoft.Extensions.DependencyInjection.Abstractions (1.1.1)
      NETStandard.Library (>= 1.6.1)
      System.ComponentModel (>= 4.3)
    Microsoft.Extensions.Logging (1.1.1)
      Microsoft.Extensions.DependencyInjection.Abstractions (>= 1.1)
      Microsoft.Extensions.Logging.Abstractions (>= 1.1.1)
      NETStandard.Library (>= 1.6.1)
    Microsoft.Extensions.Logging.Abstractions (1.1.1)
      NETStandard.Library (>= 1.6.1)
    Microsoft.NET.Test.Sdk (15.9)
      Microsoft.CodeCoverage (>= 15.9) - restriction: || (== net452) (&& (== netstandard1.6) (>= net45)) (&& (== netstandard1.6) (>= netcoreapp1.0))
    Microsoft.NETCore.Platforms (2.2) - restriction: || (&& (== net452) (< net45) (>= netstandard1.3)) (&& (== net452) (< net45) (>= netstandard1.6)) (&& (== net452) (< portable-net45+win8+wpa81)) (&& (== net452) (>= uap10.0)) (== netstandard1.6)
    Microsoft.NETCore.Targets (2.1) - restriction: || (&& (== net452) (< net45) (>= netstandard1.3)) (&& (== net452) (< net45) (>= netstandard1.6)) (&& (== net452) (< portable-net45+win8+wpa81)) (&& (== net452) (>= uap10.0)) (== netstandard1.6)
    Microsoft.Win32.Primitives (4.3) - restriction: || (&& (== net452) (< net45) (>= net46)) (&& (== net452) (< net45) (>= netstandard1.3)) (&& (== net452) (< net45) (>= netstandard1.4)) (&& (== net452) (< net45) (>= netstandard1.5)) (&& (== net452) (< net45) (>= netstandard1.6)) (&& (== net452) (>= uap10.0)) (== netstandard1.6)
      Microsoft.NETCore.Platforms (>= 1.1) - restriction: || (&& (== net452) (>= netstandard1.3)) (== netstandard1.6)
      Microsoft.NETCore.Targets (>= 1.1) - restriction: || (&& (== net452) (>= netstandard1.3)) (== netstandard1.6)
      System.Runtime (>= 4.3) - restriction: || (&& (== net452) (>= netstandard1.3)) (== netstandard1.6)
    NETStandard.Library (2.0.3)
      Microsoft.NETCore.Platforms (>= 1.1)
      Microsoft.Win32.Primitives (>= 4.3) - restriction: || (&& (== net452) (< net45) (>= netstandard1.3)) (&& (== net452) (< net45) (>= netstandard1.4)) (&& (== net452) (< net45) (>= netstandard1.5)) (&& (== net452) (< net45) (>= netstandard1.6)) (&& (== net452) (>= net46)) (&& (== net452) (>= uap10.0)) (== netstandard1.6)
      System.AppContext (>= 4.3) - restriction: || (&& (== net452) (< net45) (>= netstandard1.3)) (&& (== net452) (< net45) (>= netstandard1.4)) (&& (== net452) (< net45) (>= netstandard1.5)) (&& (== net452) (< net45) (>= netstandard1.6)) (&& (== net452) (>= net46)) (&& (== net452) (>= uap10.0)) (== netstandard1.6)
      System.Collections (>= 4.3) - restriction: || (&& (== net452) (< net45)) (&& (== net452) (< portable-net45+win8+wpa81)) (&& (== net452) (>= uap10.0)) (== netstandard1.6)
      System.Collections.Concurrent (>= 4.3) - restriction: || (&& (== net452) (< net45)) (&& (== net452) (>= uap10.0)) (== netstandard1.6)
      System.Console (>= 4.3) - restriction: || (&& (== net452) (< net45) (>= netstandard1.3)) (&& (== net452) (< net45) (>= netstandard1.4)) (&& (== net452) (< net45) (>= netstandard1.5)) (&& (== net452) (< net45) (>= netstandard1.6)) (&& (== net452) (>= net46)) (&& (== net452) (>= uap10.0)) (== netstandard1.6)
      System.Diagnostics.Debug (>= 4.3) - restriction: || (&& (== net452) (< net45)) (&& (== net452) (< portable-net45+win8+wpa81)) (&& (== net452) (>= uap10.0)) (== netstandard1.6)
      System.Diagnostics.Tools (>= 4.3) - restriction: || (&& (== net452) (< net45)) (&& (== net452) (< portable-net45+win8+wpa81)) (&& (== net452) (>= uap10.0)) (== netstandard1.6)
      System.Diagnostics.Tracing (>= 4.3) - restriction: || (&& (== net452) (< net45)) (&& (== net452) (>= uap10.0)) (== netstandard1.6)
      System.Globalization (>= 4.3) - restriction: || (&& (== net452) (< net45)) (&& (== net452) (< portable-net45+win8+wpa81)) (&& (== net452) (>= uap10.0)) (== netstandard1.6)
      System.Globalization.Calendars (>= 4.3) - restriction: || (&& (== net452) (< net45) (>= netstandard1.3)) (&& (== net452) (< net45) (>= netstandard1.4)) (&& (== net452) (< net45) (>= netstandard1.5)) (&& (== net452) (< net45) (>= netstandard1.6)) (&& (== net452) (>= net46)) (&& (== net452) (>= uap10.0)) (== netstandard1.6)
      System.IO (>= 4.3) - restriction: || (&& (== net452) (< net45)) (&& (== net452) (< portable-net45+win8+wpa81)) (&& (== net452) (>= uap10.0)) (== netstandard1.6)
      System.IO.Compression (>= 4.3) - restriction: || (&& (== net452) (< net45)) (&& (== net452) (>= net46)) (&& (== net452) (>= uap10.0)) (== netstandard1.6)
      System.IO.Compression.ZipFile (>= 4.3) - restriction: || (&& (== net452) (< net45) (>= netstandard1.3)) (&& (== net452) (< net45) (>= netstandard1.4)) (&& (== net452) (< net45) (>= netstandard1.5)) (&& (== net452) (< net45) (>= netstandard1.6)) (&& (== net452) (>= net46)) (&& (== net452) (>= uap10.0)) (== netstandard1.6)
      System.IO.FileSystem (>= 4.3) - restriction: || (&& (== net452) (< net45) (>= netstandard1.3)) (&& (== net452) (< net45) (>= netstandard1.4)) (&& (== net452) (< net45) (>= netstandard1.5)) (&& (== net452) (< net45) (>= netstandard1.6)) (&& (== net452) (>= net46)) (&& (== net452) (>= uap10.0)) (== netstandard1.6)
      System.IO.FileSystem.Primitives (>= 4.3) - restriction: || (&& (== net452) (< net45) (>= netstandard1.3)) (&& (== net452) (< net45) (>= netstandard1.4)) (&& (== net452) (< net45) (>= netstandard1.5)) (&& (== net452) (< net45) (>= netstandard1.6)) (&& (== net452) (>= net46)) (&& (== net452) (>= uap10.0)) (== netstandard1.6)
      System.Linq (>= 4.3) - restriction: || (&& (== net452) (< net45)) (&& (== net452) (< portable-net45+win8+wpa81)) (&& (== net452) (>= uap10.0)) (== netstandard1.6)
      System.Linq.Expressions (>= 4.3) - restriction: || (&& (== net452) (< net45)) (&& (== net452) (< portable-net45+win8+wpa81)) (&& (== net452) (>= uap10.0)) (== netstandard1.6)
      System.Net.Http (>= 4.3.2) - restriction: || (&& (== net452) (< net45)) (&& (== net452) (>= net46)) (&& (== net452) (>= uap10.0)) (== netstandard1.6)
      System.Net.Primitives (>= 4.3) - restriction: || (&& (== net452) (< net45)) (&& (== net452) (< portable-net45+win8+wpa81)) (&& (== net452) (>= uap10.0)) (== netstandard1.6)
      System.Net.Sockets (>= 4.3) - restriction: || (&& (== net452) (< net45) (>= netstandard1.3)) (&& (== net452) (< net45) (>= netstandard1.4)) (&& (== net452) (< net45) (>= netstandard1.5)) (&& (== net452) (< net45) (>= netstandard1.6)) (&& (== net452) (>= net46)) (&& (== net452) (>= uap10.0)) (== netstandard1.6)
      System.ObjectModel (>= 4.3) - restriction: || (&& (== net452) (< net45)) (&& (== net452) (< portable-net45+win8+wpa81)) (&& (== net452) (>= uap10.0)) (== netstandard1.6)
      System.Reflection (>= 4.3) - restriction: || (&& (== net452) (< net45)) (&& (== net452) (< portable-net45+win8+wpa81)) (&& (== net452) (>= uap10.0)) (== netstandard1.6)
      System.Reflection.Extensions (>= 4.3) - restriction: || (&& (== net452) (< net45)) (&& (== net452) (< portable-net45+win8+wpa81)) (&& (== net452) (>= uap10.0)) (== netstandard1.6)
      System.Reflection.Primitives (>= 4.3) - restriction: || (&& (== net452) (< net45)) (&& (== net452) (< portable-net45+win8+wpa81)) (&& (== net452) (>= uap10.0)) (== netstandard1.6)
      System.Resources.ResourceManager (>= 4.3) - restriction: || (&& (== net452) (< net45)) (&& (== net452) (< portable-net45+win8+wpa81)) (&& (== net452) (>= uap10.0)) (== netstandard1.6)
      System.Runtime (>= 4.3) - restriction: || (&& (== net452) (< net45)) (&& (== net452) (< portable-net45+win8+wpa81)) (&& (== net452) (>= uap10.0)) (== netstandard1.6)
      System.Runtime.Extensions (>= 4.3) - restriction: || (&& (== net452) (< net45)) (&& (== net452) (< portable-net45+win8+wpa81)) (&& (== net452) (>= uap10.0)) (== netstandard1.6)
      System.Runtime.Handles (>= 4.3) - restriction: || (&& (== net452) (< net45) (>= netstandard1.3)) (&& (== net452) (< net45) (>= netstandard1.4)) (&& (== net452) (< net45) (>= netstandard1.5)) (&& (== net452) (< net45) (>= netstandard1.6)) (&& (== net452) (>= uap10.0)) (== netstandard1.6)
      System.Runtime.InteropServices (>= 4.3) - restriction: || (&& (== net452) (< net45)) (&& (== net452) (>= uap10.0)) (== netstandard1.6)
      System.Runtime.InteropServices.RuntimeInformation (>= 4.3)
      System.Runtime.Numerics (>= 4.3) - restriction: || (&& (== net452) (< net45)) (&& (== net452) (>= uap10.0)) (== netstandard1.6)
      System.Security.Cryptography.Algorithms (>= 4.3) - restriction: || (&& (== net452) (< net45) (>= netstandard1.3)) (&& (== net452) (< net45) (>= netstandard1.4)) (&& (== net452) (< net45) (>= netstandard1.5)) (&& (== net452) (< net45) (>= netstandard1.6)) (&& (== net452) (>= net46)) (&& (== net452) (>= uap10.0)) (== netstandard1.6)
      System.Security.Cryptography.Encoding (>= 4.3) - restriction: || (&& (== net452) (< net45) (>= netstandard1.3)) (&& (== net452) (< net45) (>= netstandard1.4)) (&& (== net452) (< net45) (>= netstandard1.5)) (&& (== net452) (< net45) (>= netstandard1.6)) (&& (== net452) (>= net46)) (&& (== net452) (>= uap10.0)) (== netstandard1.6)
      System.Security.Cryptography.Primitives (>= 4.3) - restriction: || (&& (== net452) (< net45) (>= netstandard1.3)) (&& (== net452) (< net45) (>= netstandard1.4)) (&& (== net452) (< net45) (>= netstandard1.5)) (&& (== net452) (< net45) (>= netstandard1.6)) (&& (== net452) (>= net46)) (&& (== net452) (>= uap10.0)) (== netstandard1.6)
      System.Security.Cryptography.X509Certificates (>= 4.3) - restriction: || (&& (== net452) (< net45) (>= netstandard1.3)) (&& (== net452) (< net45) (>= netstandard1.4)) (&& (== net452) (< net45) (>= netstandard1.5)) (&& (== net452) (< net45) (>= netstandard1.6)) (&& (== net452) (>= net46)) (&& (== net452) (>= uap10.0)) (== netstandard1.6)
      System.Text.Encoding (>= 4.3) - restriction: || (&& (== net452) (< net45)) (&& (== net452) (< portable-net45+win8+wpa81)) (&& (== net452) (>= uap10.0)) (== netstandard1.6)
      System.Text.Encoding.Extensions (>= 4.3) - restriction: || (&& (== net452) (< net45)) (&& (== net452) (< portable-net45+win8+wpa81)) (&& (== net452) (>= uap10.0)) (== netstandard1.6)
      System.Text.RegularExpressions (>= 4.3) - restriction: || (&& (== net452) (< net45)) (&& (== net452) (< portable-net45+win8+wpa81)) (&& (== net452) (>= uap10.0)) (== netstandard1.6)
      System.Threading (>= 4.3) - restriction: || (&& (== net452) (< net45)) (&& (== net452) (< portable-net45+win8+wpa81)) (&& (== net452) (>= uap10.0)) (== netstandard1.6)
      System.Threading.Tasks (>= 4.3) - restriction: || (&& (== net452) (< net45)) (&& (== net452) (< portable-net45+win8+wpa81)) (&& (== net452) (>= uap10.0)) (== netstandard1.6)
      System.Threading.Timer (>= 4.3) - restriction: || (&& (== net452) (< net45)) (&& (== net452) (>= uap10.0)) (== netstandard1.6)
      System.Xml.ReaderWriter (>= 4.3) - restriction: || (&& (== net452) (< net45)) (&& (== net452) (>= net46)) (&& (== net452) (< portable-net45+win8+wpa81)) (&& (== net452) (>= uap10.0)) (== netstandard1.6)
      System.Xml.XDocument (>= 4.3) - restriction: || (&& (== net452) (< net45)) (&& (== net452) (< portable-net45+win8+wpa81)) (&& (== net452) (>= uap10.0)) (== netstandard1.6)
    Newtonsoft.Json (12.0.1)
      Microsoft.CSharp (>= 4.3) - restriction: || (&& (== net452) (< net20)) (== netstandard1.6)
      NETStandard.Library (>= 1.6.1) - restriction: || (&& (== net452) (< net20)) (== netstandard1.6)
      System.ComponentModel.TypeConverter (>= 4.3) - restriction: || (&& (== net452) (< net20)) (== netstandard1.6)
      System.Runtime.Serialization.Formatters (>= 4.3) - restriction: || (&& (== net452) (< net20) (>= netstandard1.3)) (== netstandard1.6)
      System.Runtime.Serialization.Primitives (>= 4.3) - restriction: || (&& (== net452) (< net20)) (== netstandard1.6)
      System.Xml.XmlDocument (>= 4.3) - restriction: || (&& (== net452) (< net20) (>= netstandard1.3)) (== netstandard1.6)
    Octokit (0.32)
      NETStandard.Library (>= 1.6) - restriction: || (&& (== net452) (< net45)) (== netstandard1.6)
    Reactive.Streams (1.0.2)
      NETStandard.Library (>= 1.6) - restriction: || (&& (== net452) (< net45)) (== netstandard1.6)
    runtime.debian.8-x64.runtime.native.System.Security.Cryptography.OpenSsl (4.3.3) - restriction: || (&& (== net452) (< net45) (>= netstandard1.6)) (&& (== net452) (>= netstandard1.6) (>= uap10.0)) (== netstandard1.6)
    runtime.debian.9-x64.runtime.native.System.Security.Cryptography.OpenSsl (4.3.3) - restriction: || (&& (== net452) (< net45) (>= netstandard1.6)) (&& (== net452) (>= netstandard1.6) (>= uap10.0)) (== netstandard1.6)
    runtime.fedora.23-x64.runtime.native.System.Security.Cryptography.OpenSsl (4.3.3) - restriction: || (&& (== net452) (< net45) (>= netstandard1.6)) (&& (== net452) (>= netstandard1.6) (>= uap10.0)) (== netstandard1.6)
    runtime.fedora.24-x64.runtime.native.System.Security.Cryptography.OpenSsl (4.3.3) - restriction: || (&& (== net452) (< net45) (>= netstandard1.6)) (&& (== net452) (>= netstandard1.6) (>= uap10.0)) (== netstandard1.6)
    runtime.fedora.27-x64.runtime.native.System.Security.Cryptography.OpenSsl (4.3.3) - restriction: || (&& (== net452) (< net45) (>= netstandard1.6)) (&& (== net452) (>= netstandard1.6) (>= uap10.0)) (== netstandard1.6)
    runtime.fedora.28-x64.runtime.native.System.Security.Cryptography.OpenSsl (4.3.3) - restriction: || (&& (== net452) (< net45) (>= netstandard1.6)) (&& (== net452) (>= netstandard1.6) (>= uap10.0)) (== netstandard1.6)
    runtime.native.System (4.3.1) - restriction: || (&& (== net452) (< net45) (>= netstandard1.6)) (&& (== net452) (>= netstandard1.6) (>= uap10.0)) (== netstandard1.6)
      Microsoft.NETCore.Platforms (>= 1.1.1)
      Microsoft.NETCore.Targets (>= 1.1.3)
    runtime.native.System.IO.Compression (4.3.2) - restriction: || (&& (== net452) (< net45) (>= netstandard1.3)) (&& (== net452) (< portable-net45+win8+wpa81)) (&& (== net452) (>= uap10.0)) (== netstandard1.6)
      Microsoft.NETCore.Platforms (>= 1.1.1)
      Microsoft.NETCore.Targets (>= 1.1.3)
    runtime.native.System.Net.Http (4.3.1) - restriction: || (&& (== net452) (< net45) (>= netstandard1.6)) (&& (== net452) (>= netstandard1.6) (>= uap10.0)) (== netstandard1.6)
      Microsoft.NETCore.Platforms (>= 1.1.1)
      Microsoft.NETCore.Targets (>= 1.1.3)
    runtime.native.System.Net.Security (4.3.1) - restriction: || (&& (== net452) (< net45) (>= netstandard1.6)) (== netstandard1.6)
      Microsoft.NETCore.Platforms (>= 1.1.1)
      Microsoft.NETCore.Targets (>= 1.1.3)
    runtime.native.System.Security.Cryptography.Apple (4.3.1) - restriction: || (&& (== net452) (< net45) (>= netstandard1.6)) (&& (== net452) (>= netstandard1.6) (>= uap10.0)) (== netstandard1.6)
      runtime.osx.10.10-x64.runtime.native.System.Security.Cryptography.Apple (>= 4.3.1)
    runtime.native.System.Security.Cryptography.OpenSsl (4.3.3) - restriction: || (&& (== net452) (< net45) (>= netstandard1.6)) (&& (== net452) (>= netstandard1.6) (>= uap10.0)) (== netstandard1.6)
      runtime.debian.8-x64.runtime.native.System.Security.Cryptography.OpenSsl (>= 4.3.3)
      runtime.debian.9-x64.runtime.native.System.Security.Cryptography.OpenSsl (>= 4.3.3)
      runtime.fedora.23-x64.runtime.native.System.Security.Cryptography.OpenSsl (>= 4.3.3)
      runtime.fedora.24-x64.runtime.native.System.Security.Cryptography.OpenSsl (>= 4.3.3)
      runtime.fedora.27-x64.runtime.native.System.Security.Cryptography.OpenSsl (>= 4.3.3)
      runtime.fedora.28-x64.runtime.native.System.Security.Cryptography.OpenSsl (>= 4.3.3)
      runtime.opensuse.13.2-x64.runtime.native.System.Security.Cryptography.OpenSsl (>= 4.3.3)
      runtime.opensuse.42.1-x64.runtime.native.System.Security.Cryptography.OpenSsl (>= 4.3.3)
      runtime.opensuse.42.3-x64.runtime.native.System.Security.Cryptography.OpenSsl (>= 4.3.3)
      runtime.osx.10.10-x64.runtime.native.System.Security.Cryptography.OpenSsl (>= 4.3.3)
      runtime.rhel.7-x64.runtime.native.System.Security.Cryptography.OpenSsl (>= 4.3.3)
      runtime.ubuntu.14.04-x64.runtime.native.System.Security.Cryptography.OpenSsl (>= 4.3.3)
      runtime.ubuntu.16.04-x64.runtime.native.System.Security.Cryptography.OpenSsl (>= 4.3.3)
      runtime.ubuntu.16.10-x64.runtime.native.System.Security.Cryptography.OpenSsl (>= 4.3.3)
      runtime.ubuntu.18.04-x64.runtime.native.System.Security.Cryptography.OpenSsl (>= 4.3.3)
    runtime.opensuse.13.2-x64.runtime.native.System.Security.Cryptography.OpenSsl (4.3.3) - restriction: || (&& (== net452) (< net45) (>= netstandard1.6)) (&& (== net452) (>= netstandard1.6) (>= uap10.0)) (== netstandard1.6)
    runtime.opensuse.42.1-x64.runtime.native.System.Security.Cryptography.OpenSsl (4.3.3) - restriction: || (&& (== net452) (< net45) (>= netstandard1.6)) (&& (== net452) (>= netstandard1.6) (>= uap10.0)) (== netstandard1.6)
    runtime.opensuse.42.3-x64.runtime.native.System.Security.Cryptography.OpenSsl (4.3.3) - restriction: || (&& (== net452) (< net45) (>= netstandard1.6)) (&& (== net452) (>= netstandard1.6) (>= uap10.0)) (== netstandard1.6)
    runtime.osx.10.10-x64.runtime.native.System.Security.Cryptography.Apple (4.3.1) - restriction: || (&& (== net452) (< net45) (>= netstandard1.6)) (&& (== net452) (>= netstandard1.6) (>= uap10.0)) (== netstandard1.6)
    runtime.osx.10.10-x64.runtime.native.System.Security.Cryptography.OpenSsl (4.3.3) - restriction: || (&& (== net452) (< net45) (>= netstandard1.6)) (&& (== net452) (>= netstandard1.6) (>= uap10.0)) (== netstandard1.6)
    runtime.rhel.7-x64.runtime.native.System.Security.Cryptography.OpenSsl (4.3.3) - restriction: || (&& (== net452) (< net45) (>= netstandard1.6)) (&& (== net452) (>= netstandard1.6) (>= uap10.0)) (== netstandard1.6)
    runtime.ubuntu.14.04-x64.runtime.native.System.Security.Cryptography.OpenSsl (4.3.3) - restriction: || (&& (== net452) (< net45) (>= netstandard1.6)) (&& (== net452) (>= netstandard1.6) (>= uap10.0)) (== netstandard1.6)
    runtime.ubuntu.16.04-x64.runtime.native.System.Security.Cryptography.OpenSsl (4.3.3) - restriction: || (&& (== net452) (< net45) (>= netstandard1.6)) (&& (== net452) (>= netstandard1.6) (>= uap10.0)) (== netstandard1.6)
    runtime.ubuntu.16.10-x64.runtime.native.System.Security.Cryptography.OpenSsl (4.3.3) - restriction: || (&& (== net452) (< net45) (>= netstandard1.6)) (&& (== net452) (>= netstandard1.6) (>= uap10.0)) (== netstandard1.6)
    runtime.ubuntu.18.04-x64.runtime.native.System.Security.Cryptography.OpenSsl (4.3.3) - restriction: || (&& (== net452) (< net45) (>= netstandard1.6)) (&& (== net452) (>= netstandard1.6) (>= uap10.0)) (== netstandard1.6)
    System.AppContext (4.3) - restriction: || (&& (== net452) (< net45) (>= net46)) (&& (== net452) (< net45) (>= netstandard1.3)) (&& (== net452) (< net45) (>= netstandard1.4)) (&& (== net452) (< net45) (>= netstandard1.5)) (&& (== net452) (< net45) (>= netstandard1.6)) (&& (== net452) (>= uap10.0)) (== netstandard1.6)
      System.Runtime (>= 4.3)
    System.Buffers (4.5) - restriction: || (&& (== net452) (< net45) (>= netstandard1.3)) (&& (== net452) (< portable-net45+win8+wpa81)) (&& (== net452) (>= uap10.0)) (== netstandard1.6)
      System.Diagnostics.Debug (>= 4.3) - restriction: || (&& (== net452) (< net45)) (== netstandard1.6)
      System.Diagnostics.Tracing (>= 4.3) - restriction: || (&& (== net452) (< net45)) (== netstandard1.6)
      System.Resources.ResourceManager (>= 4.3) - restriction: || (&& (== net452) (< net45)) (== netstandard1.6)
      System.Runtime (>= 4.3) - restriction: || (&& (== net452) (< net45)) (== netstandard1.6)
      System.Threading (>= 4.3) - restriction: || (&& (== net452) (< net45)) (== netstandard1.6)
    System.Collections (4.3) - restriction: || (&& (== net452) (< net45)) (&& (== net452) (< portable-net45+win8+wpa81)) (&& (== net452) (>= uap10.0)) (== netstandard1.6)
      Microsoft.NETCore.Platforms (>= 1.1) - restriction: || (&& (== net452) (< net45)) (&& (== net452) (< portable-net45+win8+wp8+wpa81)) (== netstandard1.6)
      Microsoft.NETCore.Targets (>= 1.1) - restriction: || (&& (== net452) (< net45)) (&& (== net452) (< portable-net45+win8+wp8+wpa81)) (== netstandard1.6)
      System.Runtime (>= 4.3) - restriction: || (&& (== net452) (< net45)) (&& (== net452) (< portable-net45+win8+wp8+wpa81)) (== netstandard1.6)
    System.Collections.Concurrent (4.3) - restriction: || (&& (== net452) (< net45)) (&& (== net452) (>= netstandard1.6) (< portable-net45+win8+wpa81)) (&& (== net452) (>= uap10.0)) (== netstandard1.6)
      System.Collections (>= 4.3) - restriction: || (&& (== net452) (< net45) (>= netstandard1.3)) (&& (== net452) (< portable-net45+win8+wpa81)) (== netstandard1.6)
      System.Diagnostics.Debug (>= 4.3) - restriction: || (&& (== net452) (< net45) (>= netstandard1.3)) (&& (== net452) (< portable-net45+win8+wpa81)) (== netstandard1.6)
      System.Diagnostics.Tracing (>= 4.3) - restriction: || (&& (== net452) (< net45) (>= netstandard1.3)) (&& (== net452) (< portable-net45+win8+wpa81)) (== netstandard1.6)
      System.Globalization (>= 4.3) - restriction: || (&& (== net452) (< net45) (>= netstandard1.3)) (&& (== net452) (< portable-net45+win8+wpa81)) (== netstandard1.6)
      System.Reflection (>= 4.3) - restriction: || (&& (== net452) (< net45) (>= netstandard1.3)) (== netstandard1.6)
      System.Resources.ResourceManager (>= 4.3) - restriction: || (&& (== net452) (< net45) (>= netstandard1.3)) (&& (== net452) (< portable-net45+win8+wpa81)) (== netstandard1.6)
      System.Runtime (>= 4.3) - restriction: || (&& (== net452) (< net45)) (&& (== net452) (< portable-net45+win8+wpa81)) (== netstandard1.6)
      System.Runtime.Extensions (>= 4.3) - restriction: || (&& (== net452) (< net45) (>= netstandard1.3)) (&& (== net452) (< portable-net45+win8+wpa81)) (== netstandard1.6)
      System.Threading (>= 4.3) - restriction: || (&& (== net452) (< net45) (>= netstandard1.3)) (&& (== net452) (< portable-net45+win8+wpa81)) (== netstandard1.6)
      System.Threading.Tasks (>= 4.3) - restriction: || (&& (== net452) (< net45)) (&& (== net452) (< portable-net45+win8+wpa81)) (== netstandard1.6)
    System.Collections.Immutable (1.5)
      NETStandard.Library (>= 1.6.1) - restriction: || (&& (== net452) (< net45)) (== netstandard1.6)
    System.Collections.NonGeneric (4.3) - restriction: || (&& (== net452) (< net20) (>= net462)) (&& (== net452) (< net20) (>= netstandard1.5)) (== netstandard1.6)
      System.Diagnostics.Debug (>= 4.3) - restriction: || (&& (== net452) (>= netstandard1.3)) (== netstandard1.6)
      System.Globalization (>= 4.3) - restriction: || (&& (== net452) (>= netstandard1.3)) (== netstandard1.6)
      System.Resources.ResourceManager (>= 4.3) - restriction: || (&& (== net452) (>= netstandard1.3)) (== netstandard1.6)
      System.Runtime (>= 4.3) - restriction: || (&& (== net452) (>= netstandard1.3)) (== netstandard1.6)
      System.Runtime.Extensions (>= 4.3) - restriction: || (&& (== net452) (>= netstandard1.3)) (== netstandard1.6)
      System.Threading (>= 4.3) - restriction: || (&& (== net452) (>= netstandard1.3)) (== netstandard1.6)
    System.Collections.Specialized (4.3) - restriction: || (&& (== net452) (< net20) (>= netstandard1.5)) (== netstandard1.6)
      System.Collections.NonGeneric (>= 4.3) - restriction: || (&& (== net452) (>= netstandard1.3)) (== netstandard1.6)
      System.Globalization (>= 4.3) - restriction: || (&& (== net452) (>= netstandard1.3)) (== netstandard1.6)
      System.Globalization.Extensions (>= 4.3) - restriction: || (&& (== net452) (>= netstandard1.3)) (== netstandard1.6)
      System.Resources.ResourceManager (>= 4.3) - restriction: || (&& (== net452) (>= netstandard1.3)) (== netstandard1.6)
      System.Runtime (>= 4.3) - restriction: || (&& (== net452) (>= netstandard1.3)) (== netstandard1.6)
      System.Runtime.Extensions (>= 4.3) - restriction: || (&& (== net452) (>= netstandard1.3)) (== netstandard1.6)
      System.Threading (>= 4.3) - restriction: || (&& (== net452) (>= netstandard1.3)) (== netstandard1.6)
    System.ComponentModel (4.3)
      System.Runtime (>= 4.3) - restriction: || (&& (== net452) (< net45)) (&& (== net452) (< portable-net45+win8+wp8+wpa81)) (== netstandard1.6)
    System.ComponentModel.Primitives (4.3) - restriction: || (&& (== net452) (< net20)) (&& (== net452) (< netstandard1.0) (>= win8)) (&& (== net452) (>= wp8)) (&& (== net452) (>= wpa81)) (== netstandard1.6)
      System.ComponentModel (>= 4.3) - restriction: || (&& (== net452) (< net45)) (== netstandard1.6)
      System.Resources.ResourceManager (>= 4.3) - restriction: || (&& (== net452) (< net45)) (== netstandard1.6)
      System.Runtime (>= 4.3) - restriction: || (&& (== net452) (< net45)) (== netstandard1.6)
    System.ComponentModel.TypeConverter (4.3) - restriction: || (&& (== net452) (< net20)) (== netstandard1.6)
      System.Collections (>= 4.3) - restriction: || (&& (== net452) (< net45)) (== netstandard1.6)
      System.Collections.NonGeneric (>= 4.3) - restriction: || (&& (== net452) (< net45) (>= netstandard1.5)) (&& (== net452) (>= net462)) (== netstandard1.6)
      System.Collections.Specialized (>= 4.3) - restriction: || (&& (== net452) (< net45) (>= netstandard1.5)) (== netstandard1.6)
      System.ComponentModel (>= 4.3) - restriction: || (&& (== net452) (< net45)) (== netstandard1.6)
      System.ComponentModel.Primitives (>= 4.3)
      System.Globalization (>= 4.3) - restriction: || (&& (== net452) (< net45)) (== netstandard1.6)
      System.Linq (>= 4.3) - restriction: || (&& (== net452) (< net45) (>= netstandard1.5)) (== netstandard1.6)
      System.Reflection (>= 4.3) - restriction: || (&& (== net452) (< net45)) (== netstandard1.6)
      System.Reflection.Extensions (>= 4.3) - restriction: || (&& (== net452) (< net45)) (== netstandard1.6)
      System.Reflection.Primitives (>= 4.3) - restriction: || (&& (== net452) (< net45)) (== netstandard1.6)
      System.Reflection.TypeExtensions (>= 4.3) - restriction: || (&& (== net452) (< net45) (>= netstandard1.5)) (== netstandard1.6)
      System.Resources.ResourceManager (>= 4.3) - restriction: || (&& (== net452) (< net45)) (== netstandard1.6)
      System.Runtime (>= 4.3) - restriction: || (&& (== net452) (< net45)) (== netstandard1.6)
      System.Runtime.Extensions (>= 4.3) - restriction: || (&& (== net452) (< net45)) (== netstandard1.6)
      System.Threading (>= 4.3) - restriction: || (&& (== net452) (< net45)) (== netstandard1.6)
    System.Console (4.3.1) - restriction: || (&& (== net452) (< net45) (>= net46)) (&& (== net452) (< net45) (>= netstandard1.3)) (&& (== net452) (< net45) (>= netstandard1.4)) (&& (== net452) (< net45) (>= netstandard1.5)) (&& (== net452) (< net45) (>= netstandard1.6)) (&& (== net452) (>= uap10.0)) (== netstandard1.6)
      Microsoft.NETCore.Platforms (>= 1.1) - restriction: || (&& (== net452) (>= netstandard1.3)) (== netstandard1.6)
      Microsoft.NETCore.Targets (>= 1.1.2) - restriction: || (&& (== net452) (>= netstandard1.3)) (== netstandard1.6)
      System.IO (>= 4.3) - restriction: || (&& (== net452) (>= netstandard1.3)) (== netstandard1.6)
      System.Runtime (>= 4.3) - restriction: || (&& (== net452) (>= netstandard1.3)) (== netstandard1.6)
      System.Text.Encoding (>= 4.3) - restriction: || (&& (== net452) (>= netstandard1.3)) (== netstandard1.6)
    System.Data.Common (4.3) - restriction: || (&& (== net452) (< net45) (>= netstandard1.6)) (== netstandard1.6)
      System.Collections (>= 4.3) - restriction: || (&& (== net452) (< net451)) (== netstandard1.6)
      System.Globalization (>= 4.3) - restriction: || (&& (== net452) (< net451)) (== netstandard1.6)
      System.IO (>= 4.3) - restriction: || (&& (== net452) (< net451)) (== netstandard1.6)
      System.Resources.ResourceManager (>= 4.3) - restriction: || (&& (== net452) (< net451)) (== netstandard1.6)
      System.Runtime (>= 4.3) - restriction: || (&& (== net452) (< net451)) (== netstandard1.6)
      System.Runtime.Extensions (>= 4.3) - restriction: || (&& (== net452) (< net451)) (== netstandard1.6)
      System.Text.RegularExpressions (>= 4.3) - restriction: || (&& (== net452) (< net451)) (== netstandard1.6)
      System.Threading.Tasks (>= 4.3) - restriction: || (&& (== net452) (< net451)) (== netstandard1.6)
    System.Diagnostics.Contracts (4.3) - restriction: || (&& (== net452) (< net45) (>= netstandard1.3)) (== netstandard1.6)
      System.Runtime (>= 4.3) - restriction: || (&& (== net452) (< net45)) (&& (== net452) (< portable-net45+win8+wp8+wpa81)) (== netstandard1.6)
    System.Diagnostics.Debug (4.3) - restriction: || (&& (== net452) (< net45)) (&& (== net452) (< portable-net45+win8+wpa81)) (&& (== net452) (>= uap10.0)) (== netstandard1.6)
      Microsoft.NETCore.Platforms (>= 1.1) - restriction: || (&& (== net452) (< net45)) (&& (== net452) (< portable-net45+win8+wp8+wpa81)) (== netstandard1.6)
      Microsoft.NETCore.Targets (>= 1.1) - restriction: || (&& (== net452) (< net45)) (&& (== net452) (< portable-net45+win8+wp8+wpa81)) (== netstandard1.6)
      System.Runtime (>= 4.3) - restriction: || (&& (== net452) (< net45)) (&& (== net452) (< portable-net45+win8+wp8+wpa81)) (== netstandard1.6)
    System.Diagnostics.DiagnosticSource (4.5.1) - restriction: || (&& (== net452) (< net45) (>= netstandard1.3)) (&& (== net452) (< net45) (>= netstandard1.6)) (&& (== net452) (< portable-net45+win8+wpa81)) (&& (== net452) (>= uap10.0)) (== netstandard1.6)
      System.Collections (>= 4.3) - restriction: || (&& (== net452) (< net45)) (== netstandard1.6)
      System.Diagnostics.Debug (>= 4.3) - restriction: || (&& (== net452) (< net45) (>= netstandard1.3)) (== netstandard1.6)
      System.Diagnostics.Tracing (>= 4.3) - restriction: || (&& (== net452) (< net45)) (== netstandard1.6)
      System.Reflection (>= 4.3) - restriction: || (&& (== net452) (< net45)) (== netstandard1.6)
      System.Runtime (>= 4.3) - restriction: || (&& (== net452) (< net45)) (== netstandard1.6)
      System.Runtime.Extensions (>= 4.3) - restriction: || (&& (== net452) (< net45) (>= netstandard1.3)) (== netstandard1.6)
      System.Threading (>= 4.3) - restriction: || (&& (== net452) (< net45)) (== netstandard1.6)
    System.Diagnostics.StackTrace (4.3) - restriction: || (&& (== net452) (< net45) (>= netstandard1.3)) (== netstandard1.6)
      System.IO.FileSystem (>= 4.3) - restriction: || (&& (== net452) (>= netstandard1.3)) (== netstandard1.6)
      System.Reflection (>= 4.3) - restriction: || (&& (== net452) (>= netstandard1.3)) (== netstandard1.6)
      System.Reflection.Metadata (>= 1.4.1) - restriction: || (&& (== net452) (>= netstandard1.3)) (== netstandard1.6)
      System.Runtime (>= 4.3) - restriction: || (&& (== net452) (>= netstandard1.3)) (== netstandard1.6)
    System.Diagnostics.Tools (4.3) - restriction: || (&& (== net452) (< net45)) (&& (== net452) (< portable-net45+win8+wpa81)) (&& (== net452) (>= uap10.0)) (== netstandard1.6)
      Microsoft.NETCore.Platforms (>= 1.1) - restriction: || (&& (== net452) (< net45)) (&& (== net452) (< portable-net45+win8+wp8+wpa81)) (== netstandard1.6)
      Microsoft.NETCore.Targets (>= 1.1) - restriction: || (&& (== net452) (< net45)) (&& (== net452) (< portable-net45+win8+wp8+wpa81)) (== netstandard1.6)
      System.Runtime (>= 4.3) - restriction: || (&& (== net452) (< net45)) (&& (== net452) (< portable-net45+win8+wp8+wpa81)) (== netstandard1.6)
    System.Diagnostics.TraceSource (4.3) - restriction: || (&& (== net452) (< net45) (>= netstandard1.6)) (== netstandard1.6)
      Microsoft.NETCore.Platforms (>= 1.1) - restriction: || (&& (== net452) (>= netstandard1.3)) (== netstandard1.6)
      runtime.native.System (>= 4.3) - restriction: || (&& (== net452) (>= netstandard1.3)) (== netstandard1.6)
      System.Collections (>= 4.3) - restriction: || (&& (== net452) (>= netstandard1.3)) (== netstandard1.6)
      System.Diagnostics.Debug (>= 4.3) - restriction: || (&& (== net452) (>= netstandard1.3)) (== netstandard1.6)
      System.Globalization (>= 4.3) - restriction: || (&& (== net452) (>= netstandard1.3)) (== netstandard1.6)
      System.Resources.ResourceManager (>= 4.3) - restriction: || (&& (== net452) (>= netstandard1.3)) (== netstandard1.6)
      System.Runtime (>= 4.3) - restriction: || (&& (== net452) (>= netstandard1.3)) (== netstandard1.6)
      System.Runtime.Extensions (>= 4.3) - restriction: || (&& (== net452) (>= netstandard1.3)) (== netstandard1.6)
      System.Threading (>= 4.3) - restriction: || (&& (== net452) (>= netstandard1.3)) (== netstandard1.6)
    System.Diagnostics.Tracing (4.3) - restriction: || (&& (== net452) (< net45)) (&& (== net452) (>= uap10.0)) (== netstandard1.6)
      Microsoft.NETCore.Platforms (>= 1.1) - restriction: || (&& (== net452) (< net45)) (&& (== net452) (< portable-net45+win8+wpa81)) (== netstandard1.6)
      Microsoft.NETCore.Targets (>= 1.1) - restriction: || (&& (== net452) (< net45)) (&& (== net452) (< portable-net45+win8+wpa81)) (== netstandard1.6)
      System.Runtime (>= 4.3) - restriction: || (&& (== net452) (< net45)) (&& (== net452) (< portable-net45+win8+wpa81)) (== netstandard1.6)
    System.Dynamic.Runtime (4.3) - restriction: || (&& (== net452) (< net20)) (== netstandard1.6)
      System.Collections (>= 4.3) - restriction: || (&& (== net452) (< net45) (>= netstandard1.3)) (&& (== net452) (< portable-net45+win8+wp8+wpa81)) (== netstandard1.6)
      System.Diagnostics.Debug (>= 4.3) - restriction: || (&& (== net452) (< net45) (>= netstandard1.3)) (&& (== net452) (< portable-net45+win8+wp8+wpa81)) (== netstandard1.6)
      System.Linq (>= 4.3) - restriction: || (&& (== net452) (< net45) (>= netstandard1.3)) (&& (== net452) (< portable-net45+win8+wp8+wpa81)) (== netstandard1.6)
      System.Linq.Expressions (>= 4.3) - restriction: || (&& (== net452) (< net45)) (&& (== net452) (< portable-net45+win8+wp8+wpa81)) (== netstandard1.6)
      System.ObjectModel (>= 4.3) - restriction: || (&& (== net452) (< net45)) (&& (== net452) (< portable-net45+win8+wp8+wpa81)) (== netstandard1.6)
      System.Reflection (>= 4.3) - restriction: || (&& (== net452) (< net45)) (&& (== net452) (< portable-net45+win8+wp8+wpa81)) (== netstandard1.6)
      System.Reflection.Emit (>= 4.3) - restriction: || (&& (== net452) (< net45) (>= netstandard1.3)) (== netstandard1.6)
      System.Reflection.Emit.ILGeneration (>= 4.3) - restriction: || (&& (== net452) (< net45) (>= netstandard1.3)) (== netstandard1.6)
      System.Reflection.Primitives (>= 4.3) - restriction: || (&& (== net452) (< net45) (>= netstandard1.3)) (== netstandard1.6)
      System.Reflection.TypeExtensions (>= 4.3) - restriction: || (&& (== net452) (< net45) (>= netstandard1.3)) (&& (== net452) (< portable-net45+win8+wp8+wpa81)) (== netstandard1.6)
      System.Resources.ResourceManager (>= 4.3) - restriction: || (&& (== net452) (< net45) (>= netstandard1.3)) (&& (== net452) (< portable-net45+win8+wp8+wpa81)) (== netstandard1.6)
      System.Runtime (>= 4.3) - restriction: || (&& (== net452) (< net45)) (&& (== net452) (< portable-net45+win8+wp8+wpa81)) (== netstandard1.6)
      System.Runtime.Extensions (>= 4.3) - restriction: || (&& (== net452) (< net45) (>= netstandard1.3)) (&& (== net452) (< portable-net45+win8+wp8+wpa81)) (== netstandard1.6)
      System.Threading (>= 4.3) - restriction: || (&& (== net452) (< net45) (>= netstandard1.3)) (&& (== net452) (< portable-net45+win8+wp8+wpa81)) (== netstandard1.6)
    System.Globalization (4.3) - restriction: || (&& (== net452) (< net45)) (&& (== net452) (< portable-net45+win8+wpa81)) (&& (== net452) (>= uap10.0)) (== netstandard1.6)
      Microsoft.NETCore.Platforms (>= 1.1) - restriction: || (&& (== net452) (< net45)) (&& (== net452) (< portable-net45+win8+wp8+wpa81)) (== netstandard1.6)
      Microsoft.NETCore.Targets (>= 1.1) - restriction: || (&& (== net452) (< net45)) (&& (== net452) (< portable-net45+win8+wp8+wpa81)) (== netstandard1.6)
      System.Runtime (>= 4.3) - restriction: || (&& (== net452) (< net45)) (&& (== net452) (< portable-net45+win8+wp8+wpa81)) (== netstandard1.6)
    System.Globalization.Calendars (4.3) - restriction: || (&& (== net452) (< net45) (>= net46)) (&& (== net452) (< net45) (>= netstandard1.3)) (&& (== net452) (< net45) (>= netstandard1.4)) (&& (== net452) (< net45) (>= netstandard1.5)) (&& (== net452) (< net45) (>= netstandard1.6)) (&& (== net452) (>= uap10.0)) (== netstandard1.6)
      Microsoft.NETCore.Platforms (>= 1.1) - restriction: || (&& (== net452) (>= netstandard1.3)) (== netstandard1.6)
      Microsoft.NETCore.Targets (>= 1.1) - restriction: || (&& (== net452) (>= netstandard1.3)) (== netstandard1.6)
      System.Globalization (>= 4.3) - restriction: || (&& (== net452) (>= netstandard1.3)) (== netstandard1.6)
      System.Runtime (>= 4.3) - restriction: || (&& (== net452) (>= netstandard1.3)) (== netstandard1.6)
    System.Globalization.Extensions (4.3) - restriction: || (&& (== net452) (< net45) (>= netstandard1.3)) (&& (== net452) (< net45) (>= netstandard1.6)) (&& (== net452) (>= netstandard1.6) (>= uap10.0)) (== netstandard1.6)
      Microsoft.NETCore.Platforms (>= 1.1) - restriction: || (&& (== net452) (>= netstandard1.3)) (== netstandard1.6)
      System.Globalization (>= 4.3) - restriction: || (&& (== net452) (>= netstandard1.3)) (== netstandard1.6)
      System.Resources.ResourceManager (>= 4.3) - restriction: || (&& (== net452) (>= netstandard1.3)) (== netstandard1.6)
      System.Runtime (>= 4.3) - restriction: || (&& (== net452) (>= netstandard1.3)) (== netstandard1.6)
      System.Runtime.Extensions (>= 4.3) - restriction: || (&& (== net452) (>= netstandard1.3)) (== netstandard1.6)
      System.Runtime.InteropServices (>= 4.3) - restriction: || (&& (== net452) (>= netstandard1.3)) (== netstandard1.6)
    System.IO (4.3) - restriction: || (&& (== net452) (< net45)) (&& (== net452) (< portable-net45+win8+wpa81)) (&& (== net452) (>= uap10.0)) (== netstandard1.6)
      Microsoft.NETCore.Platforms (>= 1.1) - restriction: || (&& (== net452) (< net45)) (&& (== net452) (< portable-net45+win8+wp8+wpa81)) (== netstandard1.6)
      Microsoft.NETCore.Targets (>= 1.1) - restriction: || (&& (== net452) (< net45)) (&& (== net452) (< portable-net45+win8+wp8+wpa81)) (== netstandard1.6)
      System.Runtime (>= 4.3) - restriction: || (&& (== net452) (< net45)) (&& (== net452) (< portable-net45+win8+wp8+wpa81)) (== netstandard1.6)
      System.Text.Encoding (>= 4.3) - restriction: || (&& (== net452) (< net45)) (&& (== net452) (< portable-net45+win8+wp8+wpa81)) (== netstandard1.6)
      System.Threading.Tasks (>= 4.3) - restriction: || (&& (== net452) (< net45)) (&& (== net452) (< portable-net45+win8+wp8+wpa81)) (== netstandard1.6)
    System.IO.Compression (4.3) - restriction: || (&& (== net452) (< net45)) (&& (== net452) (>= uap10.0)) (== netstandard1.6)
      Microsoft.NETCore.Platforms (>= 1.1) - restriction: || (&& (== net452) (< net45) (>= netstandard1.3)) (== netstandard1.6)
      runtime.native.System (>= 4.3) - restriction: || (&& (== net452) (< net45) (>= netstandard1.3)) (== netstandard1.6)
      runtime.native.System.IO.Compression (>= 4.3) - restriction: || (&& (== net452) (< net45) (>= netstandard1.3)) (&& (== net452) (< portable-net45+win8+wpa81)) (== netstandard1.6)
      System.Buffers (>= 4.3) - restriction: || (&& (== net452) (< net45) (>= netstandard1.3)) (&& (== net452) (< portable-net45+win8+wpa81)) (== netstandard1.6)
      System.Collections (>= 4.3) - restriction: || (&& (== net452) (< net45) (>= netstandard1.3)) (&& (== net452) (< portable-net45+win8+wpa81)) (== netstandard1.6)
      System.Diagnostics.Debug (>= 4.3) - restriction: || (&& (== net452) (< net45) (>= netstandard1.3)) (&& (== net452) (< portable-net45+win8+wpa81)) (== netstandard1.6)
      System.IO (>= 4.3) - restriction: || (&& (== net452) (< net45)) (&& (== net452) (< portable-net45+win8+wpa81)) (== netstandard1.6)
      System.Resources.ResourceManager (>= 4.3) - restriction: || (&& (== net452) (< net45) (>= netstandard1.3)) (&& (== net452) (< portable-net45+win8+wpa81)) (== netstandard1.6)
      System.Runtime (>= 4.3) - restriction: || (&& (== net452) (< net45)) (&& (== net452) (< portable-net45+win8+wpa81)) (== netstandard1.6)
      System.Runtime.Extensions (>= 4.3) - restriction: || (&& (== net452) (< net45) (>= netstandard1.3)) (&& (== net452) (< portable-net45+win8+wpa81)) (== netstandard1.6)
      System.Runtime.Handles (>= 4.3) - restriction: || (&& (== net452) (< net45) (>= netstandard1.3)) (&& (== net452) (< portable-net45+win8+wpa81)) (== netstandard1.6)
      System.Runtime.InteropServices (>= 4.3) - restriction: || (&& (== net452) (< net45) (>= netstandard1.3)) (&& (== net452) (< portable-net45+win8+wpa81)) (== netstandard1.6)
      System.Text.Encoding (>= 4.3) - restriction: || (&& (== net452) (< net45)) (&& (== net452) (< portable-net45+win8+wpa81)) (== netstandard1.6)
      System.Threading (>= 4.3) - restriction: || (&& (== net452) (< net45) (>= netstandard1.3)) (&& (== net452) (< portable-net45+win8+wpa81)) (== netstandard1.6)
      System.Threading.Tasks (>= 4.3) - restriction: || (&& (== net452) (< net45) (>= netstandard1.3)) (&& (== net452) (< portable-net45+win8+wpa81)) (== netstandard1.6)
    System.IO.Compression.ZipFile (4.3) - restriction: || (&& (== net452) (< net45) (>= net46)) (&& (== net452) (< net45) (>= netstandard1.3)) (&& (== net452) (< net45) (>= netstandard1.4)) (&& (== net452) (< net45) (>= netstandard1.5)) (&& (== net452) (< net45) (>= netstandard1.6)) (&& (== net452) (>= uap10.0)) (== netstandard1.6)
      System.Buffers (>= 4.3) - restriction: || (&& (== net452) (>= netstandard1.3)) (== netstandard1.6)
      System.IO (>= 4.3) - restriction: || (&& (== net452) (>= netstandard1.3)) (== netstandard1.6)
      System.IO.Compression (>= 4.3) - restriction: || (&& (== net452) (>= netstandard1.3)) (== netstandard1.6)
      System.IO.FileSystem (>= 4.3) - restriction: || (&& (== net452) (>= netstandard1.3)) (== netstandard1.6)
      System.IO.FileSystem.Primitives (>= 4.3) - restriction: || (&& (== net452) (>= netstandard1.3)) (== netstandard1.6)
      System.Resources.ResourceManager (>= 4.3) - restriction: || (&& (== net452) (>= netstandard1.3)) (== netstandard1.6)
      System.Runtime (>= 4.3) - restriction: || (&& (== net452) (>= netstandard1.3)) (== netstandard1.6)
      System.Runtime.Extensions (>= 4.3) - restriction: || (&& (== net452) (>= netstandard1.3)) (== netstandard1.6)
      System.Text.Encoding (>= 4.3) - restriction: || (&& (== net452) (>= netstandard1.3)) (== netstandard1.6)
    System.IO.FileSystem (4.3) - restriction: || (&& (== net452) (< net45) (>= net46)) (&& (== net452) (< net45) (>= netstandard1.3)) (&& (== net452) (< net45) (>= netstandard1.4)) (&& (== net452) (< net45) (>= netstandard1.5)) (&& (== net452) (< net45) (>= netstandard1.6)) (&& (== net452) (>= uap10.0)) (== netstandard1.6)
      Microsoft.NETCore.Platforms (>= 1.1) - restriction: || (&& (== net452) (>= netstandard1.3)) (== netstandard1.6)
      Microsoft.NETCore.Targets (>= 1.1) - restriction: || (&& (== net452) (>= netstandard1.3)) (== netstandard1.6)
      System.IO (>= 4.3) - restriction: || (&& (== net452) (>= netstandard1.3)) (== netstandard1.6)
      System.IO.FileSystem.Primitives (>= 4.3) - restriction: || (&& (== net452) (>= net46)) (&& (== net452) (>= netstandard1.3)) (== netstandard1.6)
      System.Runtime (>= 4.3) - restriction: || (&& (== net452) (>= netstandard1.3)) (== netstandard1.6)
      System.Runtime.Handles (>= 4.3) - restriction: || (&& (== net452) (>= netstandard1.3)) (== netstandard1.6)
      System.Text.Encoding (>= 4.3) - restriction: || (&& (== net452) (>= netstandard1.3)) (== netstandard1.6)
      System.Threading.Tasks (>= 4.3) - restriction: || (&& (== net452) (>= netstandard1.3)) (== netstandard1.6)
    System.IO.FileSystem.Primitives (4.3) - restriction: || (&& (== net452) (< net45) (>= net46)) (&& (== net452) (< net45) (>= netstandard1.3)) (&& (== net452) (< net45) (>= netstandard1.4)) (&& (== net452) (< net45) (>= netstandard1.5)) (&& (== net452) (< net45) (>= netstandard1.6)) (&& (== net452) (>= uap10.0)) (== netstandard1.6)
      System.Runtime (>= 4.3) - restriction: || (&& (== net452) (>= netstandard1.3)) (== netstandard1.6)
    System.Linq (4.3) - restriction: || (&& (== net452) (< net20) (>= netstandard1.5)) (&& (== net452) (< net45)) (&& (== net452) (< portable-net45+win8+wpa81)) (&& (== net452) (>= uap10.0)) (== netstandard1.6)
      System.Collections (>= 4.3) - restriction: || (&& (== net452) (< net45)) (&& (== net452) (< portable-net45+win8+wp8+wpa81)) (== netstandard1.6)
      System.Diagnostics.Debug (>= 4.3) - restriction: || (&& (== net452) (< net45) (>= netstandard1.6)) (&& (== net452) (< portable-net45+win8+wp8+wpa81)) (== netstandard1.6)
      System.Resources.ResourceManager (>= 4.3) - restriction: || (&& (== net452) (< net45) (>= netstandard1.6)) (&& (== net452) (< portable-net45+win8+wp8+wpa81)) (== netstandard1.6)
      System.Runtime (>= 4.3) - restriction: || (&& (== net452) (< net45)) (&& (== net452) (< portable-net45+win8+wp8+wpa81)) (== netstandard1.6)
      System.Runtime.Extensions (>= 4.3) - restriction: || (&& (== net452) (< net45) (>= netstandard1.6)) (&& (== net452) (< portable-net45+win8+wp8+wpa81)) (== netstandard1.6)
    System.Linq.Expressions (4.3) - restriction: || (&& (== net452) (< net45)) (&& (== net452) (>= netstandard1.6) (< portable-net45+win8+wp8+wpa81)) (&& (== net452) (< portable-net45+win8+wpa81)) (&& (== net452) (>= uap10.0)) (== netstandard1.6)
      System.Collections (>= 4.3) - restriction: || (&& (== net452) (< net45) (>= netstandard1.6)) (&& (== net452) (< portable-net45+win8+wp8+wpa81)) (== netstandard1.6)
      System.Diagnostics.Debug (>= 4.3) - restriction: || (&& (== net452) (< net45) (>= netstandard1.6)) (&& (== net452) (< portable-net45+win8+wp8+wpa81)) (== netstandard1.6)
      System.Globalization (>= 4.3) - restriction: || (&& (== net452) (< net45) (>= netstandard1.6)) (&& (== net452) (< portable-net45+win8+wp8+wpa81)) (== netstandard1.6)
      System.IO (>= 4.3) - restriction: || (&& (== net452) (< net45) (>= netstandard1.6)) (&& (== net452) (< portable-net45+win8+wp8+wpa81)) (== netstandard1.6)
      System.Linq (>= 4.3) - restriction: || (&& (== net452) (< net45) (>= netstandard1.6)) (&& (== net452) (< portable-net45+win8+wp8+wpa81)) (== netstandard1.6)
      System.ObjectModel (>= 4.3) - restriction: || (&& (== net452) (< net45) (>= netstandard1.6)) (== netstandard1.6)
      System.Reflection (>= 4.3) - restriction: || (&& (== net452) (< net45)) (&& (== net452) (< portable-net45+win8+wp8+wpa81)) (== netstandard1.6)
      System.Reflection.Emit (>= 4.3) - restriction: || (&& (== net452) (< net45) (>= netstandard1.6)) (== netstandard1.6)
      System.Reflection.Emit.ILGeneration (>= 4.3) - restriction: || (&& (== net452) (< net45) (>= netstandard1.6)) (&& (== net452) (< portable-net45+win8+wp8+wpa81)) (== netstandard1.6)
      System.Reflection.Emit.Lightweight (>= 4.3) - restriction: || (&& (== net452) (< net45) (>= netstandard1.6)) (&& (== net452) (< portable-net45+win8+wp8+wpa81)) (== netstandard1.6)
      System.Reflection.Extensions (>= 4.3) - restriction: || (&& (== net452) (< net45) (>= netstandard1.6)) (&& (== net452) (< portable-net45+win8+wp8+wpa81)) (== netstandard1.6)
      System.Reflection.Primitives (>= 4.3) - restriction: || (&& (== net452) (< net45) (>= netstandard1.6)) (&& (== net452) (< portable-net45+win8+wp8+wpa81)) (== netstandard1.6)
      System.Reflection.TypeExtensions (>= 4.3) - restriction: || (&& (== net452) (< net45) (>= netstandard1.6)) (&& (== net452) (< portable-net45+win8+wp8+wpa81)) (== netstandard1.6)
      System.Resources.ResourceManager (>= 4.3) - restriction: || (&& (== net452) (< net45) (>= netstandard1.6)) (&& (== net452) (< portable-net45+win8+wp8+wpa81)) (== netstandard1.6)
      System.Runtime (>= 4.3) - restriction: || (&& (== net452) (< net45)) (&& (== net452) (< portable-net45+win8+wp8+wpa81)) (== netstandard1.6)
      System.Runtime.Extensions (>= 4.3) - restriction: || (&& (== net452) (< net45) (>= netstandard1.6)) (&& (== net452) (< portable-net45+win8+wp8+wpa81)) (== netstandard1.6)
      System.Threading (>= 4.3) - restriction: || (&& (== net452) (< net45) (>= netstandard1.6)) (&& (== net452) (< portable-net45+win8+wp8+wpa81)) (== netstandard1.6)
    System.Linq.Queryable (4.3) - restriction: || (&& (== net452) (< net45) (>= netstandard1.6)) (== netstandard1.6)
      System.Collections (>= 4.3) - restriction: || (&& (== net452) (< net45) (>= netstandard1.3)) (&& (== net452) (< portable-net45+win8+wp8+wpa81)) (== netstandard1.6)
      System.Diagnostics.Debug (>= 4.3) - restriction: || (&& (== net452) (< net45) (>= netstandard1.3)) (&& (== net452) (< portable-net45+win8+wp8+wpa81)) (== netstandard1.6)
      System.Linq (>= 4.3) - restriction: || (&& (== net452) (< net45)) (&& (== net452) (< portable-net45+win8+wp8+wpa81)) (== netstandard1.6)
      System.Linq.Expressions (>= 4.3) - restriction: || (&& (== net452) (< net45)) (&& (== net452) (< portable-net45+win8+wp8+wpa81)) (== netstandard1.6)
      System.Reflection (>= 4.3) - restriction: || (&& (== net452) (< net45) (>= netstandard1.3)) (&& (== net452) (< portable-net45+win8+wp8+wpa81)) (== netstandard1.6)
      System.Reflection.Extensions (>= 4.3) - restriction: || (&& (== net452) (< net45) (>= netstandard1.3)) (&& (== net452) (< portable-net45+win8+wp8+wpa81)) (== netstandard1.6)
      System.Resources.ResourceManager (>= 4.3) - restriction: || (&& (== net452) (< net45) (>= netstandard1.3)) (&& (== net452) (< portable-net45+win8+wp8+wpa81)) (== netstandard1.6)
      System.Runtime (>= 4.3) - restriction: || (&& (== net452) (< net45)) (&& (== net452) (< portable-net45+win8+wp8+wpa81)) (== netstandard1.6)
    System.Net.Http (4.3.4) - restriction: || (&& (== net452) (< net45)) (&& (== net452) (>= netstandard1.6) (< portable-net45+win8+wp8+wpa81)) (&& (== net452) (>= uap10.0)) (== netstandard1.6)
      Microsoft.NETCore.Platforms (>= 1.1.1) - restriction: || (&& (== net452) (< net45) (>= netstandard1.3)) (&& (== net452) (< net45) (>= netstandard1.6)) (&& (== net452) (< portable-net45+win8+wpa81)) (== netstandard1.6)
      runtime.native.System (>= 4.3) - restriction: || (&& (== net452) (< net45) (>= netstandard1.6)) (== netstandard1.6)
      runtime.native.System.Net.Http (>= 4.3) - restriction: || (&& (== net452) (< net45) (>= netstandard1.6)) (== netstandard1.6)
      runtime.native.System.Security.Cryptography.OpenSsl (>= 4.3.2) - restriction: || (&& (== net452) (< net45) (>= netstandard1.6)) (== netstandard1.6)
      System.Collections (>= 4.3) - restriction: || (&& (== net452) (< net45) (>= netstandard1.3)) (&& (== net452) (< net45) (>= netstandard1.6)) (&& (== net452) (< portable-net45+win8+wpa81)) (== netstandard1.6)
      System.Diagnostics.Debug (>= 4.3) - restriction: || (&& (== net452) (< net45) (>= netstandard1.3)) (&& (== net452) (< net45) (>= netstandard1.6)) (&& (== net452) (< portable-net45+win8+wpa81)) (== netstandard1.6)
      System.Diagnostics.DiagnosticSource (>= 4.3) - restriction: || (&& (== net452) (< net45) (>= netstandard1.3)) (&& (== net452) (< net45) (>= netstandard1.6)) (&& (== net452) (< portable-net45+win8+wpa81)) (== netstandard1.6)
      System.Diagnostics.Tracing (>= 4.3) - restriction: || (&& (== net452) (< net45) (>= netstandard1.3)) (&& (== net452) (< net45) (>= netstandard1.6)) (&& (== net452) (< portable-net45+win8+wpa81)) (== netstandard1.6)
      System.Globalization (>= 4.3) - restriction: || (&& (== net452) (< net45) (>= netstandard1.3)) (&& (== net452) (< net45) (>= netstandard1.6)) (&& (== net452) (< portable-net45+win8+wpa81)) (== netstandard1.6)
      System.Globalization.Extensions (>= 4.3) - restriction: || (&& (== net452) (< net45) (>= netstandard1.6)) (== netstandard1.6)
      System.IO (>= 4.3) - restriction: || (&& (== net452) (< net45)) (&& (== net452) (< portable-net45+win8+wpa81)) (== netstandard1.6)
      System.IO.FileSystem (>= 4.3) - restriction: || (&& (== net452) (< net45) (>= netstandard1.6)) (== netstandard1.6)
      System.Net.Primitives (>= 4.3) - restriction: || (&& (== net452) (< net45)) (&& (== net452) (< portable-net45+win8+wpa81)) (== netstandard1.6)
      System.Resources.ResourceManager (>= 4.3) - restriction: || (&& (== net452) (< net45) (>= netstandard1.3)) (&& (== net452) (< net45) (>= netstandard1.6)) (&& (== net452) (< portable-net45+win8+wpa81)) (== netstandard1.6)
      System.Runtime (>= 4.3) - restriction: || (&& (== net452) (< net45)) (&& (== net452) (< portable-net45+win8+wpa81)) (== netstandard1.6)
      System.Runtime.Extensions (>= 4.3) - restriction: || (&& (== net452) (< net45) (>= netstandard1.3)) (&& (== net452) (< net45) (>= netstandard1.6)) (&& (== net452) (< portable-net45+win8+wpa81)) (== netstandard1.6)
      System.Runtime.Handles (>= 4.3) - restriction: || (&& (== net452) (< net45) (>= netstandard1.3)) (&& (== net452) (< net45) (>= netstandard1.6)) (== netstandard1.6)
      System.Runtime.InteropServices (>= 4.3) - restriction: || (&& (== net452) (< net45) (>= netstandard1.3)) (&& (== net452) (< net45) (>= netstandard1.6)) (&& (== net452) (< portable-net45+win8+wpa81)) (== netstandard1.6)
      System.Security.Cryptography.Algorithms (>= 4.3) - restriction: || (&& (== net452) (< net45) (>= netstandard1.6)) (== netstandard1.6)
      System.Security.Cryptography.Encoding (>= 4.3) - restriction: || (&& (== net452) (< net45) (>= netstandard1.3)) (&& (== net452) (< net45) (>= netstandard1.6)) (== netstandard1.6)
      System.Security.Cryptography.OpenSsl (>= 4.3) - restriction: || (&& (== net452) (< net45) (>= netstandard1.6)) (== netstandard1.6)
      System.Security.Cryptography.Primitives (>= 4.3) - restriction: || (&& (== net452) (< net45) (>= netstandard1.6)) (== netstandard1.6)
      System.Security.Cryptography.X509Certificates (>= 4.3) - restriction: || (&& (== net452) (< net45) (>= netstandard1.3)) (&& (== net452) (< net45) (>= netstandard1.6)) (&& (== net452) (>= net46)) (&& (== net452) (< portable-net45+win8+wpa81)) (== netstandard1.6)
      System.Text.Encoding (>= 4.3) - restriction: || (&& (== net452) (< net45)) (&& (== net452) (< portable-net45+win8+wpa81)) (== netstandard1.6)
      System.Threading (>= 4.3) - restriction: || (&& (== net452) (< net45) (>= netstandard1.3)) (&& (== net452) (< net45) (>= netstandard1.6)) (&& (== net452) (< portable-net45+win8+wpa81)) (== netstandard1.6)
      System.Threading.Tasks (>= 4.3) - restriction: || (&& (== net452) (< net45)) (&& (== net452) (< portable-net45+win8+wpa81)) (== netstandard1.6)
    System.Net.NameResolution (4.3) - restriction: || (&& (== net452) (< net45) (>= netstandard1.6)) (== netstandard1.6)
      Microsoft.NETCore.Platforms (>= 1.1)
      runtime.native.System (>= 4.3) - restriction: || (&& (== net452) (>= netstandard1.3)) (== netstandard1.6)
      System.Collections (>= 4.3)
      System.Diagnostics.Tracing (>= 4.3)
      System.Globalization (>= 4.3)
      System.Net.Primitives (>= 4.3)
      System.Resources.ResourceManager (>= 4.3)
      System.Runtime (>= 4.3)
      System.Runtime.Extensions (>= 4.3)
      System.Runtime.Handles (>= 4.3)
      System.Runtime.InteropServices (>= 4.3)
      System.Security.Principal.Windows (>= 4.3) - restriction: || (&& (== net452) (>= netstandard1.3)) (== netstandard1.6)
      System.Threading (>= 4.3)
      System.Threading.Tasks (>= 4.3)
    System.Net.NetworkInformation (4.3) - restriction: || (&& (== net452) (< net45) (>= netstandard1.3)) (== netstandard1.6)
      Microsoft.NETCore.Platforms (>= 1.1) - restriction: || (&& (== net452) (< net45) (>= netstandard1.3)) (&& (== net452) (< portable-net45+win8+wp8+wpa81)) (== netstandard1.6)
      Microsoft.Win32.Primitives (>= 4.3) - restriction: || (&& (== net452) (< net45) (>= netstandard1.3)) (&& (== net452) (< portable-net45+win8+wp8+wpa81)) (== netstandard1.6)
      runtime.native.System (>= 4.3) - restriction: || (&& (== net452) (< net45) (>= netstandard1.3)) (== netstandard1.6)
      System.Collections (>= 4.3) - restriction: || (&& (== net452) (< net45) (>= netstandard1.3)) (&& (== net452) (< portable-net45+win8+wp8+wpa81)) (== netstandard1.6)
      System.Diagnostics.Tracing (>= 4.3) - restriction: || (&& (== net452) (< net45) (>= netstandard1.3)) (&& (== net452) (< portable-net45+win8+wp8+wpa81)) (== netstandard1.6)
      System.Globalization (>= 4.3) - restriction: || (&& (== net452) (< net45) (>= netstandard1.3)) (&& (== net452) (< portable-net45+win8+wp8+wpa81)) (== netstandard1.6)
      System.IO (>= 4.3) - restriction: || (&& (== net452) (< net45) (>= netstandard1.3)) (== netstandard1.6)
      System.IO.FileSystem (>= 4.3) - restriction: || (&& (== net452) (< net45) (>= netstandard1.3)) (== netstandard1.6)
      System.IO.FileSystem.Primitives (>= 4.3) - restriction: || (&& (== net452) (< net45) (>= netstandard1.3)) (== netstandard1.6)
      System.Linq (>= 4.3) - restriction: || (&& (== net452) (< net45) (>= netstandard1.3)) (== netstandard1.6)
      System.Net.Primitives (>= 4.3) - restriction: || (&& (== net452) (< net45) (>= netstandard1.3)) (&& (== net452) (< portable-net45+win8+wp8+wpa81)) (== netstandard1.6)
      System.Net.Sockets (>= 4.3) - restriction: || (&& (== net452) (< net45) (>= netstandard1.3)) (== netstandard1.6)
      System.Resources.ResourceManager (>= 4.3) - restriction: || (&& (== net452) (< net45) (>= netstandard1.3)) (&& (== net452) (< portable-net45+win8+wp8+wpa81)) (== netstandard1.6)
      System.Runtime (>= 4.3) - restriction: || (&& (== net452) (< net45)) (&& (== net452) (< portable-net45+win8+wp8+wpa81)) (== netstandard1.6)
      System.Runtime.Extensions (>= 4.3) - restriction: || (&& (== net452) (< net45) (>= netstandard1.3)) (&& (== net452) (< portable-net45+win8+wp8+wpa81)) (== netstandard1.6)
      System.Runtime.Handles (>= 4.3) - restriction: || (&& (== net452) (< net45) (>= netstandard1.3)) (== netstandard1.6)
      System.Runtime.InteropServices (>= 4.3) - restriction: || (&& (== net452) (< net45) (>= netstandard1.3)) (&& (== net452) (< portable-net45+win8+wp8+wpa81)) (== netstandard1.6)
      System.Security.Principal.Windows (>= 4.3) - restriction: || (&& (== net452) (< net45) (>= netstandard1.3)) (== netstandard1.6)
      System.Threading (>= 4.3) - restriction: || (&& (== net452) (< net45) (>= netstandard1.3)) (&& (== net452) (< portable-net45+win8+wp8+wpa81)) (== netstandard1.6)
      System.Threading.Overlapped (>= 4.3) - restriction: || (&& (== net452) (< net45) (>= netstandard1.3)) (== netstandard1.6)
      System.Threading.Tasks (>= 4.3) - restriction: || (&& (== net452) (< net45) (>= netstandard1.3)) (&& (== net452) (< portable-net45+win8+wp8+wpa81)) (== netstandard1.6)
      System.Threading.Thread (>= 4.3) - restriction: || (&& (== net452) (< net45) (>= netstandard1.3)) (== netstandard1.6)
      System.Threading.ThreadPool (>= 4.3) - restriction: || (&& (== net452) (< net45) (>= netstandard1.3)) (== netstandard1.6)
    System.Net.Primitives (4.3) - restriction: || (&& (== net452) (< net45)) (&& (== net452) (< portable-net45+win8+wpa81)) (&& (== net452) (>= uap10.0)) (== netstandard1.6)
      Microsoft.NETCore.Platforms (>= 1.1) - restriction: || (&& (== net452) (< net45)) (&& (== net452) (< netstandard1.1)) (&& (== net452) (< portable-net45+win8+wp8+wpa81)) (== netstandard1.6)
      Microsoft.NETCore.Targets (>= 1.1) - restriction: || (&& (== net452) (< net45)) (&& (== net452) (< netstandard1.1)) (&& (== net452) (< portable-net45+win8+wp8+wpa81)) (== netstandard1.6)
      System.Runtime (>= 4.3) - restriction: || (&& (== net452) (< net45)) (&& (== net452) (< netstandard1.1)) (&& (== net452) (< portable-net45+win8+wp8+wpa81)) (== netstandard1.6)
      System.Runtime.Handles (>= 4.3) - restriction: || (&& (== net452) (< net45) (>= netstandard1.3)) (&& (== net452) (< portable-net45+win8+wp8+wpa81)) (== netstandard1.6)
    System.Net.Requests (4.3) - restriction: || (&& (== net452) (< net45) (>= netstandard1.6)) (== netstandard1.6)
      Microsoft.NETCore.Platforms (>= 1.1) - restriction: || (&& (== net452) (< net45) (>= netstandard1.3)) (== netstandard1.6)
      System.Collections (>= 4.3) - restriction: || (&& (== net452) (< net45) (>= netstandard1.3)) (&& (== net452) (< portable-net45+win8+wp8+wpa81)) (== netstandard1.6)
      System.Diagnostics.Debug (>= 4.3) - restriction: || (&& (== net452) (< net45) (>= netstandard1.3)) (&& (== net452) (< portable-net45+win8+wp8+wpa81)) (== netstandard1.6)
      System.Diagnostics.Tracing (>= 4.3) - restriction: || (&& (== net452) (< net45) (>= netstandard1.3)) (&& (== net452) (< portable-net45+win8+wp8+wpa81)) (== netstandard1.6)
      System.Globalization (>= 4.3) - restriction: || (&& (== net452) (< net45) (>= netstandard1.3)) (&& (== net452) (< portable-net45+win8+wp8+wpa81)) (== netstandard1.6)
      System.IO (>= 4.3) - restriction: || (&& (== net452) (< net45)) (&& (== net452) (< netstandard1.1)) (&& (== net452) (< portable-net45+win8+wp8+wpa81)) (== netstandard1.6)
      System.Net.Http (>= 4.3) - restriction: || (&& (== net452) (< net45) (>= netstandard1.3)) (&& (== net452) (< portable-net45+win8+wp8+wpa81)) (== netstandard1.6)
      System.Net.Primitives (>= 4.3) - restriction: || (&& (== net452) (< net45)) (&& (== net452) (< netstandard1.1)) (&& (== net452) (< portable-net45+win8+wp8+wpa81)) (== netstandard1.6)
      System.Net.WebHeaderCollection (>= 4.3) - restriction: || (&& (== net452) (< net45) (>= netstandard1.3)) (&& (== net452) (< portable-net45+win8+wp8+wpa81)) (== netstandard1.6)
      System.Resources.ResourceManager (>= 4.3) - restriction: || (&& (== net452) (< net45) (>= netstandard1.3)) (&& (== net452) (< portable-net45+win8+wp8+wpa81)) (== netstandard1.6)
      System.Runtime (>= 4.3) - restriction: || (&& (== net452) (< net45)) (&& (== net452) (< netstandard1.1)) (&& (== net452) (< portable-net45+win8+wp8+wpa81)) (== netstandard1.6)
      System.Threading (>= 4.3) - restriction: || (&& (== net452) (< net45) (>= netstandard1.3)) (&& (== net452) (< portable-net45+win8+wp8+wpa81)) (== netstandard1.6)
      System.Threading.Tasks (>= 4.3) - restriction: || (&& (== net452) (< net45)) (&& (== net452) (< portable-net45+win8+wp8+wpa81)) (== netstandard1.6)
    System.Net.Security (4.3.2) - restriction: || (&& (== net452) (< net45) (>= netstandard1.3)) (== netstandard1.6)
      Microsoft.NETCore.Platforms (>= 1.1) - restriction: || (&& (== net452) (>= netstandard1.3)) (&& (== net452) (>= netstandard1.6)) (== netstandard1.6)
      Microsoft.Win32.Primitives (>= 4.3) - restriction: || (&& (== net452) (>= netstandard1.3)) (&& (== net452) (>= netstandard1.6)) (== netstandard1.6)
      runtime.native.System (>= 4.3) - restriction: || (&& (== net452) (>= netstandard1.6)) (== netstandard1.6)
      runtime.native.System.Net.Security (>= 4.3) - restriction: || (&& (== net452) (>= netstandard1.6)) (== netstandard1.6)
      runtime.native.System.Security.Cryptography.OpenSsl (>= 4.3.2) - restriction: || (&& (== net452) (>= netstandard1.6)) (== netstandard1.6)
      System.Collections (>= 4.3) - restriction: || (&& (== net452) (>= netstandard1.3)) (&& (== net452) (>= netstandard1.6)) (== netstandard1.6)
      System.Collections.Concurrent (>= 4.3) - restriction: || (&& (== net452) (>= netstandard1.3)) (&& (== net452) (>= netstandard1.6)) (== netstandard1.6)
      System.Diagnostics.Tracing (>= 4.3) - restriction: || (&& (== net452) (>= netstandard1.3)) (&& (== net452) (>= netstandard1.6)) (== netstandard1.6)
      System.Globalization (>= 4.3) - restriction: || (&& (== net452) (>= netstandard1.3)) (&& (== net452) (>= netstandard1.6)) (== netstandard1.6)
      System.Globalization.Extensions (>= 4.3) - restriction: || (&& (== net452) (>= netstandard1.6)) (== netstandard1.6)
      System.IO (>= 4.3) - restriction: || (&& (== net452) (>= netstandard1.3)) (&& (== net452) (>= netstandard1.6)) (== netstandard1.6)
      System.Net.Primitives (>= 4.3) - restriction: || (&& (== net452) (>= netstandard1.3)) (&& (== net452) (>= netstandard1.6)) (== netstandard1.6)
      System.Resources.ResourceManager (>= 4.3) - restriction: || (&& (== net452) (>= netstandard1.3)) (&& (== net452) (>= netstandard1.6)) (== netstandard1.6)
      System.Runtime (>= 4.3) - restriction: || (&& (== net452) (>= netstandard1.3)) (&& (== net452) (>= netstandard1.6)) (== netstandard1.6)
      System.Runtime.Extensions (>= 4.3) - restriction: || (&& (== net452) (>= netstandard1.3)) (&& (== net452) (>= netstandard1.6)) (== netstandard1.6)
      System.Runtime.Handles (>= 4.3) - restriction: || (&& (== net452) (>= netstandard1.3)) (&& (== net452) (>= netstandard1.6)) (== netstandard1.6)
      System.Runtime.InteropServices (>= 4.3) - restriction: || (&& (== net452) (>= netstandard1.3)) (&& (== net452) (>= netstandard1.6)) (== netstandard1.6)
      System.Security.Claims (>= 4.3) - restriction: || (&& (== net452) (>= netstandard1.3)) (&& (== net452) (>= netstandard1.6)) (== netstandard1.6)
      System.Security.Cryptography.Algorithms (>= 4.3) - restriction: || (&& (== net452) (>= netstandard1.6)) (== netstandard1.6)
      System.Security.Cryptography.Encoding (>= 4.3) - restriction: || (&& (== net452) (>= netstandard1.3)) (&& (== net452) (>= netstandard1.6)) (== netstandard1.6)
      System.Security.Cryptography.OpenSsl (>= 4.3) - restriction: || (&& (== net452) (>= netstandard1.6)) (== netstandard1.6)
      System.Security.Cryptography.Primitives (>= 4.3) - restriction: || (&& (== net452) (>= netstandard1.3)) (&& (== net452) (>= netstandard1.6)) (== netstandard1.6)
      System.Security.Cryptography.X509Certificates (>= 4.3) - restriction: || (&& (== net452) (>= net46)) (&& (== net452) (>= netstandard1.3)) (&& (== net452) (>= netstandard1.6)) (== netstandard1.6)
      System.Security.Principal (>= 4.3) - restriction: || (&& (== net452) (>= netstandard1.3)) (&& (== net452) (>= netstandard1.6)) (== netstandard1.6)
      System.Text.Encoding (>= 4.3) - restriction: || (&& (== net452) (>= netstandard1.6)) (== netstandard1.6)
      System.Threading (>= 4.3) - restriction: || (&& (== net452) (>= netstandard1.3)) (&& (== net452) (>= netstandard1.6)) (== netstandard1.6)
      System.Threading.Tasks (>= 4.3) - restriction: || (&& (== net452) (>= netstandard1.3)) (&& (== net452) (>= netstandard1.6)) (== netstandard1.6)
      System.Threading.ThreadPool (>= 4.3) - restriction: || (&& (== net452) (>= netstandard1.3)) (&& (== net452) (>= netstandard1.6)) (== netstandard1.6)
    System.Net.Sockets (4.3) - restriction: || (&& (== net452) (< net45) (>= net46)) (&& (== net452) (< net45) (>= netstandard1.3)) (&& (== net452) (< net45) (>= netstandard1.4)) (&& (== net452) (< net45) (>= netstandard1.5)) (&& (== net452) (< net45) (>= netstandard1.6)) (&& (== net452) (>= uap10.0)) (== netstandard1.6)
      Microsoft.NETCore.Platforms (>= 1.1) - restriction: || (&& (== net452) (>= netstandard1.3)) (== netstandard1.6)
      Microsoft.NETCore.Targets (>= 1.1) - restriction: || (&& (== net452) (>= netstandard1.3)) (== netstandard1.6)
      System.IO (>= 4.3) - restriction: || (&& (== net452) (>= netstandard1.3)) (== netstandard1.6)
      System.Net.Primitives (>= 4.3) - restriction: || (&& (== net452) (>= netstandard1.3)) (== netstandard1.6)
      System.Runtime (>= 4.3) - restriction: || (&& (== net452) (>= netstandard1.3)) (== netstandard1.6)
      System.Threading.Tasks (>= 4.3) - restriction: || (&& (== net452) (>= netstandard1.3)) (== netstandard1.6)
    System.Net.WebHeaderCollection (4.3) - restriction: || (&& (== net452) (< net45) (>= netstandard1.6)) (&& (== net452) (>= netstandard1.6) (< portable-net45+win8+wp8+wpa81)) (== netstandard1.6)
      System.Collections (>= 4.3) - restriction: || (&& (== net452) (>= netstandard1.3)) (== netstandard1.6)
      System.Resources.ResourceManager (>= 4.3) - restriction: || (&& (== net452) (>= netstandard1.3)) (== netstandard1.6)
      System.Runtime (>= 4.3) - restriction: || (&& (== net452) (>= netstandard1.3)) (== netstandard1.6)
      System.Runtime.Extensions (>= 4.3) - restriction: || (&& (== net452) (>= netstandard1.3)) (== netstandard1.6)
    System.ObjectModel (4.3) - restriction: || (&& (== net452) (< net45)) (&& (== net452) (< portable-net45+win8+wpa81)) (&& (== net452) (>= uap10.0)) (== netstandard1.6)
      System.Collections (>= 4.3) - restriction: || (&& (== net452) (< net45) (>= netstandard1.3)) (&& (== net452) (< portable-net45+win8+wp8+wpa81)) (== netstandard1.6)
      System.Diagnostics.Debug (>= 4.3) - restriction: || (&& (== net452) (< net45) (>= netstandard1.3)) (&& (== net452) (< portable-net45+win8+wp8+wpa81)) (== netstandard1.6)
      System.Resources.ResourceManager (>= 4.3) - restriction: || (&& (== net452) (< net45) (>= netstandard1.3)) (&& (== net452) (< portable-net45+win8+wp8+wpa81)) (== netstandard1.6)
      System.Runtime (>= 4.3) - restriction: || (&& (== net452) (< net45)) (&& (== net452) (< portable-net45+win8+wp8+wpa81)) (== netstandard1.6)
      System.Threading (>= 4.3) - restriction: || (&& (== net452) (< net45) (>= netstandard1.3)) (&& (== net452) (< portable-net45+win8+wp8+wpa81)) (== netstandard1.6)
    System.Reflection (4.3) - restriction: || (&& (== net452) (< net45)) (&& (== net452) (< portable-net45+win8+wpa81)) (&& (== net452) (>= uap10.0)) (== netstandard1.6)
      Microsoft.NETCore.Platforms (>= 1.1) - restriction: || (&& (== net452) (< net45)) (&& (== net452) (< portable-net45+win8+wp8+wpa81)) (== netstandard1.6)
      Microsoft.NETCore.Targets (>= 1.1) - restriction: || (&& (== net452) (< net45)) (&& (== net452) (< portable-net45+win8+wp8+wpa81)) (== netstandard1.6)
      System.IO (>= 4.3) - restriction: || (&& (== net452) (< net45)) (&& (== net452) (< portable-net45+win8+wp8+wpa81)) (== netstandard1.6)
      System.Reflection.Primitives (>= 4.3) - restriction: || (&& (== net452) (< net45)) (&& (== net452) (< portable-net45+win8+wp8+wpa81)) (== netstandard1.6)
      System.Runtime (>= 4.3) - restriction: || (&& (== net452) (< net45)) (&& (== net452) (< portable-net45+win8+wp8+wpa81)) (== netstandard1.6)
    System.Reflection.Emit (4.3) - restriction: || (&& (== net452) (< net45) (>= netstandard1.6)) (== netstandard1.6)
      System.IO (>= 4.3) - restriction: || (&& (== net452) (< net45)) (== netstandard1.6)
      System.Reflection (>= 4.3) - restriction: || (&& (== net452) (< net45)) (== netstandard1.6)
      System.Reflection.Emit.ILGeneration (>= 4.3) - restriction: || (&& (== net452) (< net45)) (== netstandard1.6)
      System.Reflection.Primitives (>= 4.3) - restriction: || (&& (== net452) (< net45)) (== netstandard1.6)
      System.Runtime (>= 4.3) - restriction: || (&& (== net452) (< net45)) (== netstandard1.6)
    System.Reflection.Emit.ILGeneration (4.3) - restriction: || (&& (== net452) (< net45) (>= netstandard1.6)) (== netstandard1.6)
      System.Reflection (>= 4.3) - restriction: || (&& (== net452) (< net45)) (== netstandard1.6)
      System.Reflection.Primitives (>= 4.3) - restriction: || (&& (== net452) (< net45)) (== netstandard1.6)
      System.Runtime (>= 4.3) - restriction: || (&& (== net452) (< net45)) (== netstandard1.6)
    System.Reflection.Emit.Lightweight (4.3) - restriction: || (&& (== net452) (< net45) (>= netstandard1.6)) (&& (== net452) (>= netstandard1.6) (< portable-net45+win8+wp8+wpa81)) (== netstandard1.6)
      System.Reflection (>= 4.3) - restriction: || (&& (== net452) (< net45)) (== netstandard1.6)
      System.Reflection.Emit.ILGeneration (>= 4.3) - restriction: || (&& (== net452) (< net45)) (== netstandard1.6)
      System.Reflection.Primitives (>= 4.3) - restriction: || (&& (== net452) (< net45)) (== netstandard1.6)
      System.Runtime (>= 4.3) - restriction: || (&& (== net452) (< net45)) (== netstandard1.6)
    System.Reflection.Extensions (4.3) - restriction: || (&& (== net452) (< net20)) (&& (== net452) (< net45)) (&& (== net452) (< portable-net45+win8+wpa81)) (&& (== net452) (>= uap10.0)) (== netstandard1.6)
      Microsoft.NETCore.Platforms (>= 1.1) - restriction: || (&& (== net452) (< net45)) (&& (== net452) (< portable-net45+win8+wp8+wpa81)) (== netstandard1.6)
      Microsoft.NETCore.Targets (>= 1.1) - restriction: || (&& (== net452) (< net45)) (&& (== net452) (< portable-net45+win8+wp8+wpa81)) (== netstandard1.6)
      System.Reflection (>= 4.3) - restriction: || (&& (== net452) (< net45)) (&& (== net452) (< portable-net45+win8+wp8+wpa81)) (== netstandard1.6)
      System.Runtime (>= 4.3) - restriction: || (&& (== net452) (< net45)) (&& (== net452) (< portable-net45+win8+wp8+wpa81)) (== netstandard1.6)
    System.Reflection.Metadata (1.6) - restriction: || (&& (== net452) (< net45) (>= netstandard1.3)) (== netstandard1.6)
      NETStandard.Library (>= 1.6.1) - restriction: || (&& (== net452) (< net45)) (== netstandard1.6)
      System.Collections.Immutable (>= 1.5)
    System.Reflection.Primitives (4.3) - restriction: || (&& (== net452) (< net45)) (&& (== net452) (< portable-net45+win8+wpa81)) (&& (== net452) (>= uap10.0)) (== netstandard1.6)
      Microsoft.NETCore.Platforms (>= 1.1) - restriction: || (&& (== net452) (< net45)) (&& (== net452) (< portable-net45+win8+wp8+wpa81)) (== netstandard1.6)
      Microsoft.NETCore.Targets (>= 1.1) - restriction: || (&& (== net452) (< net45)) (&& (== net452) (< portable-net45+win8+wp8+wpa81)) (== netstandard1.6)
      System.Runtime (>= 4.3) - restriction: || (&& (== net452) (< net45)) (&& (== net452) (< portable-net45+win8+wp8+wpa81)) (== netstandard1.6)
    System.Reflection.TypeExtensions (4.5.1) - restriction: || (&& (== net452) (< net20) (>= netstandard1.3)) (&& (== net452) (< net20) (< portable-net45+win8+wp8+wpa81)) (&& (== net452) (< net45) (>= netstandard1.6)) (== netstandard1.6)
      System.Reflection (>= 4.3)
      System.Resources.ResourceManager (>= 4.3)
      System.Runtime (>= 4.3)
    System.Resources.ResourceManager (4.3) - restriction: || (&& (== net452) (< net45)) (&& (== net452) (< portable-net45+win8+wpa81)) (&& (== net452) (>= uap10.0)) (== netstandard1.6)
      Microsoft.NETCore.Platforms (>= 1.1) - restriction: || (&& (== net452) (< net45)) (&& (== net452) (< portable-net45+win8+wp8+wpa81)) (== netstandard1.6)
      Microsoft.NETCore.Targets (>= 1.1) - restriction: || (&& (== net452) (< net45)) (&& (== net452) (< portable-net45+win8+wp8+wpa81)) (== netstandard1.6)
      System.Globalization (>= 4.3) - restriction: || (&& (== net452) (< net45)) (&& (== net452) (< portable-net45+win8+wp8+wpa81)) (== netstandard1.6)
      System.Reflection (>= 4.3) - restriction: || (&& (== net452) (< net45)) (&& (== net452) (< portable-net45+win8+wp8+wpa81)) (== netstandard1.6)
      System.Runtime (>= 4.3) - restriction: || (&& (== net452) (< net45)) (&& (== net452) (< portable-net45+win8+wp8+wpa81)) (== netstandard1.6)
    System.Runtime (4.3) - restriction: || (&& (== net452) (< net45)) (&& (== net452) (< portable-net45+win8+wpa81)) (&& (== net452) (>= uap10.0)) (== netstandard1.6)
      Microsoft.NETCore.Platforms (>= 1.1) - restriction: || (&& (== net452) (< net45)) (&& (== net452) (< portable-net45+win8+wp8+wpa81)) (== netstandard1.6)
      Microsoft.NETCore.Targets (>= 1.1) - restriction: || (&& (== net452) (< net45)) (&& (== net452) (< portable-net45+win8+wp8+wpa81)) (== netstandard1.6)
    System.Runtime.CompilerServices.Unsafe (4.5.2)
      System.Runtime (>= 4.3) - restriction: || (&& (== net452) (< net45)) (== netstandard1.6)
    System.Runtime.Extensions (4.3) - restriction: || (&& (== net452) (< net45)) (&& (== net452) (< portable-net45+win8+wpa81)) (&& (== net452) (>= uap10.0)) (== netstandard1.6)
      Microsoft.NETCore.Platforms (>= 1.1) - restriction: || (&& (== net452) (< net45)) (&& (== net452) (< portable-net45+win8+wp8+wpa81)) (== netstandard1.6)
      Microsoft.NETCore.Targets (>= 1.1) - restriction: || (&& (== net452) (< net45)) (&& (== net452) (< portable-net45+win8+wp8+wpa81)) (== netstandard1.6)
      System.Runtime (>= 4.3) - restriction: || (&& (== net452) (< net45)) (&& (== net452) (< portable-net45+win8+wp8+wpa81)) (== netstandard1.6)
    System.Runtime.Handles (4.3) - restriction: || (&& (== net452) (< net45) (>= netstandard1.3)) (&& (== net452) (< net45) (>= netstandard1.4)) (&& (== net452) (< net45) (>= netstandard1.5)) (&& (== net452) (< net45) (>= netstandard1.6)) (&& (== net452) (>= uap10.0)) (== netstandard1.6)
      Microsoft.NETCore.Platforms (>= 1.1) - restriction: || (&& (== net452) (>= netstandard1.3)) (== netstandard1.6)
      Microsoft.NETCore.Targets (>= 1.1) - restriction: || (&& (== net452) (>= netstandard1.3)) (== netstandard1.6)
      System.Runtime (>= 4.3) - restriction: || (&& (== net452) (>= netstandard1.3)) (== netstandard1.6)
    System.Runtime.InteropServices (4.3) - restriction: || (&& (== net452) (< net45)) (&& (== net452) (>= uap10.0)) (== netstandard1.6)
      Microsoft.NETCore.Platforms (>= 1.1) - restriction: || (&& (== net452) (< net45)) (&& (== net452) (>= netcoreapp1.1)) (&& (== net452) (< portable-net45+win8+wpa81)) (== netstandard1.6)
      Microsoft.NETCore.Targets (>= 1.1) - restriction: || (&& (== net452) (< net45)) (&& (== net452) (>= netcoreapp1.1)) (&& (== net452) (< portable-net45+win8+wpa81)) (== netstandard1.6)
      System.Reflection (>= 4.3) - restriction: || (&& (== net452) (< net45)) (&& (== net452) (>= netcoreapp1.1)) (&& (== net452) (< portable-net45+win8+wpa81)) (== netstandard1.6)
      System.Reflection.Primitives (>= 4.3) - restriction: || (&& (== net452) (< net45)) (&& (== net452) (>= netcoreapp1.1)) (&& (== net452) (< portable-net45+win8+wpa81)) (== netstandard1.6)
      System.Runtime (>= 4.3) - restriction: || (&& (== net452) (< net45)) (&& (== net452) (>= net462)) (&& (== net452) (>= netcoreapp1.1)) (&& (== net452) (< portable-net45+win8+wpa81)) (== netstandard1.6)
      System.Runtime.Handles (>= 4.3) - restriction: || (&& (== net452) (< net45) (>= netstandard1.3)) (&& (== net452) (< net45) (>= netstandard1.5)) (&& (== net452) (>= netcoreapp1.1)) (&& (== net452) (< portable-net45+win8+wpa81)) (== netstandard1.6)
    System.Runtime.InteropServices.RuntimeInformation (4.3) - restriction: || (&& (== net452) (< net45)) (&& (== net452) (< netstandard1.0)) (&& (== net452) (>= uap10.0)) (&& (== net452) (>= wpa81)) (== netstandard1.6)
      runtime.native.System (>= 4.3) - restriction: || (&& (== net452) (< net45)) (== netstandard1.6)
      System.Reflection (>= 4.3) - restriction: || (&& (== net452) (< net45)) (&& (== net452) (< netstandard1.1)) (== netstandard1.6)
      System.Reflection.Extensions (>= 4.3) - restriction: || (&& (== net452) (< net45)) (&& (== net452) (< netstandard1.1)) (== netstandard1.6)
      System.Resources.ResourceManager (>= 4.3) - restriction: || (&& (== net452) (< net45)) (&& (== net452) (< netstandard1.1)) (== netstandard1.6)
      System.Runtime (>= 4.3) - restriction: || (&& (== net452) (< net45)) (&& (== net452) (< netstandard1.1)) (== netstandard1.6)
      System.Runtime.InteropServices (>= 4.3) - restriction: || (&& (== net452) (< net45)) (== netstandard1.6)
      System.Threading (>= 4.3) - restriction: || (&& (== net452) (< net45)) (&& (== net452) (< netstandard1.1)) (== netstandard1.6)
    System.Runtime.Numerics (4.3) - restriction: || (&& (== net452) (< net45)) (&& (== net452) (>= uap10.0)) (== netstandard1.6)
      System.Globalization (>= 4.3) - restriction: || (&& (== net452) (< net45) (>= netstandard1.3)) (&& (== net452) (< portable-net45+win8+wpa81)) (== netstandard1.6)
      System.Resources.ResourceManager (>= 4.3) - restriction: || (&& (== net452) (< net45) (>= netstandard1.3)) (&& (== net452) (< portable-net45+win8+wpa81)) (== netstandard1.6)
      System.Runtime (>= 4.3) - restriction: || (&& (== net452) (< net45)) (&& (== net452) (< portable-net45+win8+wpa81)) (== netstandard1.6)
      System.Runtime.Extensions (>= 4.3) - restriction: || (&& (== net452) (< net45) (>= netstandard1.3)) (&& (== net452) (< portable-net45+win8+wpa81)) (== netstandard1.6)
    System.Runtime.Serialization.Formatters (4.3) - restriction: || (&& (== net452) (< net20) (>= netstandard1.3)) (== netstandard1.6)
      System.Collections (>= 4.3) - restriction: || (&& (== net452) (>= netstandard1.4)) (== netstandard1.6)
      System.Reflection (>= 4.3) - restriction: || (&& (== net452) (>= netstandard1.4)) (== netstandard1.6)
      System.Resources.ResourceManager (>= 4.3) - restriction: || (&& (== net452) (>= netstandard1.4)) (== netstandard1.6)
      System.Runtime (>= 4.3) - restriction: || (&& (== net452) (>= netstandard1.3)) (&& (== net452) (>= netstandard1.4)) (== netstandard1.6)
      System.Runtime.Serialization.Primitives (>= 4.3) - restriction: || (&& (== net452) (>= net46)) (&& (== net452) (>= netstandard1.3)) (&& (== net452) (>= netstandard1.4)) (== netstandard1.6)
    System.Runtime.Serialization.Primitives (4.3) - restriction: || (&& (== net452) (< net20)) (== netstandard1.6)
      System.Resources.ResourceManager (>= 4.3) - restriction: || (&& (== net452) (< net45) (>= netstandard1.3)) (&& (== net452) (< portable-net45+win8+wp8+wpa81)) (== netstandard1.6)
      System.Runtime (>= 4.3) - restriction: || (&& (== net452) (< net45)) (&& (== net452) (< portable-net45+win8+wp8+wpa81)) (== netstandard1.6)
    System.Security.Claims (4.3) - restriction: || (&& (== net452) (< net45) (>= netstandard1.3)) (&& (== net452) (< net45) (>= netstandard1.6)) (== netstandard1.6)
      System.Collections (>= 4.3) - restriction: || (&& (== net452) (>= netstandard1.3)) (== netstandard1.6)
      System.Globalization (>= 4.3) - restriction: || (&& (== net452) (>= netstandard1.3)) (== netstandard1.6)
      System.IO (>= 4.3) - restriction: || (&& (== net452) (>= netstandard1.3)) (== netstandard1.6)
      System.Resources.ResourceManager (>= 4.3) - restriction: || (&& (== net452) (>= netstandard1.3)) (== netstandard1.6)
      System.Runtime (>= 4.3) - restriction: || (&& (== net452) (>= netstandard1.3)) (== netstandard1.6)
      System.Runtime.Extensions (>= 4.3) - restriction: || (&& (== net452) (>= netstandard1.3)) (== netstandard1.6)
      System.Security.Principal (>= 4.3) - restriction: || (&& (== net452) (>= netstandard1.3)) (== netstandard1.6)
    System.Security.Cryptography.Algorithms (4.3.1) - restriction: || (&& (== net452) (< net45) (>= net46)) (&& (== net452) (< net45) (>= netstandard1.3)) (&& (== net452) (< net45) (>= netstandard1.4)) (&& (== net452) (< net45) (>= netstandard1.5)) (&& (== net452) (< net45) (>= netstandard1.6)) (&& (== net452) (>= uap10.0)) (== netstandard1.6)
      Microsoft.NETCore.Platforms (>= 1.1)
      runtime.native.System.Security.Cryptography.Apple (>= 4.3.1) - restriction: || (&& (== net452) (>= netstandard1.6)) (== netstandard1.6)
      runtime.native.System.Security.Cryptography.OpenSsl (>= 4.3.2) - restriction: || (&& (== net452) (>= netstandard1.6)) (== netstandard1.6)
      System.Collections (>= 4.3) - restriction: || (&& (== net452) (>= netstandard1.6)) (== netstandard1.6)
      System.IO (>= 4.3)
      System.Resources.ResourceManager (>= 4.3)
      System.Runtime (>= 4.3)
      System.Runtime.Extensions (>= 4.3)
      System.Runtime.Handles (>= 4.3)
      System.Runtime.InteropServices (>= 4.3)
      System.Runtime.Numerics (>= 4.3) - restriction: || (&& (== net452) (>= netstandard1.6)) (== netstandard1.6)
      System.Security.Cryptography.Encoding (>= 4.3)
      System.Security.Cryptography.Primitives (>= 4.3)
      System.Text.Encoding (>= 4.3)
    System.Security.Cryptography.Cng (4.5) - restriction: || (&& (== net452) (< net45) (>= net46)) (&& (== net452) (< net45) (>= netstandard1.3)) (&& (== net452) (< net45) (>= netstandard1.4)) (&& (== net452) (< net45) (>= netstandard1.5)) (&& (== net452) (< net45) (>= netstandard1.6)) (&& (== net452) (>= uap10.0)) (== netstandard1.6)
      System.IO (>= 4.3) - restriction: || (&& (== net452) (>= netstandard1.3)) (&& (== net452) (>= netstandard1.4)) (&& (== net452) (>= netstandard1.6)) (== netstandard1.6)
      System.Resources.ResourceManager (>= 4.3) - restriction: || (&& (== net452) (>= netstandard1.3)) (&& (== net452) (>= netstandard1.4)) (&& (== net452) (>= netstandard1.6)) (== netstandard1.6)
      System.Runtime (>= 4.3) - restriction: || (&& (== net452) (>= netstandard1.3)) (&& (== net452) (>= netstandard1.4)) (&& (== net452) (>= netstandard1.6)) (== netstandard1.6)
      System.Runtime.Extensions (>= 4.3) - restriction: || (&& (== net452) (>= netstandard1.4)) (&& (== net452) (>= netstandard1.6)) (== netstandard1.6)
      System.Runtime.Handles (>= 4.3) - restriction: || (&& (== net452) (>= netstandard1.3)) (&& (== net452) (>= netstandard1.4)) (&& (== net452) (>= netstandard1.6)) (== netstandard1.6)
      System.Runtime.InteropServices (>= 4.3) - restriction: || (&& (== net452) (>= netstandard1.3)) (&& (== net452) (>= netstandard1.4)) (&& (== net452) (>= netstandard1.6)) (== netstandard1.6)
      System.Security.Cryptography.Algorithms (>= 4.3) - restriction: || (&& (== net452) (>= net46)) (&& (== net452) (>= netstandard1.3)) (&& (== net452) (>= netstandard1.4)) (&& (== net452) (>= netstandard1.6)) (== netstandard1.6)
      System.Security.Cryptography.Encoding (>= 4.3) - restriction: || (&& (== net452) (>= netstandard1.4)) (&& (== net452) (>= netstandard1.6)) (== netstandard1.6)
      System.Security.Cryptography.Primitives (>= 4.3) - restriction: || (&& (== net452) (>= net46)) (&& (== net452) (>= netstandard1.3)) (&& (== net452) (>= netstandard1.4)) (&& (== net452) (>= netstandard1.6)) (== netstandard1.6)
      System.Text.Encoding (>= 4.3) - restriction: || (&& (== net452) (>= netstandard1.4)) (&& (== net452) (>= netstandard1.6)) (== netstandard1.6)
    System.Security.Cryptography.Csp (4.3) - restriction: || (&& (== net452) (< net45) (>= netstandard1.6)) (&& (== net452) (>= netstandard1.6) (>= uap10.0)) (== netstandard1.6)
      Microsoft.NETCore.Platforms (>= 1.1) - restriction: || (&& (== net452) (>= netstandard1.3)) (== netstandard1.6)
      System.IO (>= 4.3) - restriction: || (&& (== net452) (>= netstandard1.3)) (== netstandard1.6)
      System.Reflection (>= 4.3) - restriction: || (&& (== net452) (>= netstandard1.3)) (== netstandard1.6)
      System.Resources.ResourceManager (>= 4.3) - restriction: || (&& (== net452) (>= netstandard1.3)) (== netstandard1.6)
      System.Runtime (>= 4.3) - restriction: || (&& (== net452) (>= netstandard1.3)) (== netstandard1.6)
      System.Runtime.Extensions (>= 4.3) - restriction: || (&& (== net452) (>= netstandard1.3)) (== netstandard1.6)
      System.Runtime.Handles (>= 4.3) - restriction: || (&& (== net452) (>= netstandard1.3)) (== netstandard1.6)
      System.Runtime.InteropServices (>= 4.3) - restriction: || (&& (== net452) (>= netstandard1.3)) (== netstandard1.6)
      System.Security.Cryptography.Algorithms (>= 4.3) - restriction: || (&& (== net452) (>= net46)) (&& (== net452) (>= netstandard1.3)) (== netstandard1.6)
      System.Security.Cryptography.Encoding (>= 4.3) - restriction: || (&& (== net452) (>= netstandard1.3)) (== netstandard1.6)
      System.Security.Cryptography.Primitives (>= 4.3) - restriction: || (&& (== net452) (>= net46)) (&& (== net452) (>= netstandard1.3)) (== netstandard1.6)
      System.Text.Encoding (>= 4.3) - restriction: || (&& (== net452) (>= netstandard1.3)) (== netstandard1.6)
      System.Threading (>= 4.3) - restriction: || (&& (== net452) (>= netstandard1.3)) (== netstandard1.6)
    System.Security.Cryptography.Encoding (4.3) - restriction: || (&& (== net452) (< net45) (>= net46)) (&& (== net452) (< net45) (>= netstandard1.3)) (&& (== net452) (< net45) (>= netstandard1.4)) (&& (== net452) (< net45) (>= netstandard1.5)) (&& (== net452) (< net45) (>= netstandard1.6)) (&& (== net452) (>= uap10.0)) (== netstandard1.6)
      Microsoft.NETCore.Platforms (>= 1.1) - restriction: || (&& (== net452) (>= netstandard1.3)) (== netstandard1.6)
      runtime.native.System.Security.Cryptography.OpenSsl (>= 4.3) - restriction: || (&& (== net452) (>= netstandard1.3)) (== netstandard1.6)
      System.Collections (>= 4.3) - restriction: || (&& (== net452) (>= netstandard1.3)) (== netstandard1.6)
      System.Collections.Concurrent (>= 4.3) - restriction: || (&& (== net452) (>= netstandard1.3)) (== netstandard1.6)
      System.Linq (>= 4.3) - restriction: || (&& (== net452) (>= netstandard1.3)) (== netstandard1.6)
      System.Resources.ResourceManager (>= 4.3) - restriction: || (&& (== net452) (>= netstandard1.3)) (== netstandard1.6)
      System.Runtime (>= 4.3) - restriction: || (&& (== net452) (>= netstandard1.3)) (== netstandard1.6)
      System.Runtime.Extensions (>= 4.3) - restriction: || (&& (== net452) (>= netstandard1.3)) (== netstandard1.6)
      System.Runtime.Handles (>= 4.3) - restriction: || (&& (== net452) (>= netstandard1.3)) (== netstandard1.6)
      System.Runtime.InteropServices (>= 4.3) - restriction: || (&& (== net452) (>= netstandard1.3)) (== netstandard1.6)
      System.Security.Cryptography.Primitives (>= 4.3) - restriction: || (&& (== net452) (>= netstandard1.3)) (== netstandard1.6)
      System.Text.Encoding (>= 4.3) - restriction: || (&& (== net452) (>= netstandard1.3)) (== netstandard1.6)
    System.Security.Cryptography.OpenSsl (4.5) - restriction: || (&& (== net452) (< net45) (>= netstandard1.6)) (&& (== net452) (>= netstandard1.6) (>= uap10.0)) (== netstandard1.6)
      System.Collections (>= 4.3) - restriction: || (&& (== net452) (>= netstandard1.6)) (== netstandard1.6)
      System.IO (>= 4.3) - restriction: || (&& (== net452) (>= netstandard1.6)) (== netstandard1.6)
      System.Resources.ResourceManager (>= 4.3) - restriction: || (&& (== net452) (>= netstandard1.6)) (== netstandard1.6)
      System.Runtime (>= 4.3) - restriction: || (&& (== net452) (>= netstandard1.6)) (== netstandard1.6)
      System.Runtime.Extensions (>= 4.3) - restriction: || (&& (== net452) (>= netstandard1.6)) (== netstandard1.6)
      System.Runtime.Handles (>= 4.3) - restriction: || (&& (== net452) (>= netstandard1.6)) (== netstandard1.6)
      System.Runtime.InteropServices (>= 4.3) - restriction: || (&& (== net452) (>= netstandard1.6)) (== netstandard1.6)
      System.Runtime.Numerics (>= 4.3) - restriction: || (&& (== net452) (>= netstandard1.6)) (== netstandard1.6)
      System.Security.Cryptography.Algorithms (>= 4.3) - restriction: || (&& (== net452) (>= netstandard1.6)) (== netstandard1.6)
      System.Security.Cryptography.Encoding (>= 4.3) - restriction: || (&& (== net452) (>= netstandard1.6)) (== netstandard1.6)
      System.Security.Cryptography.Primitives (>= 4.3) - restriction: || (&& (== net452) (>= netstandard1.6)) (== netstandard1.6)
      System.Text.Encoding (>= 4.3) - restriction: || (&& (== net452) (>= netstandard1.6)) (== netstandard1.6)
    System.Security.Cryptography.Primitives (4.3) - restriction: || (&& (== net452) (< net45) (>= net46)) (&& (== net452) (< net45) (>= netstandard1.3)) (&& (== net452) (< net45) (>= netstandard1.4)) (&& (== net452) (< net45) (>= netstandard1.5)) (&& (== net452) (< net45) (>= netstandard1.6)) (&& (== net452) (>= uap10.0)) (== netstandard1.6)
      System.Diagnostics.Debug (>= 4.3) - restriction: || (&& (== net452) (>= netstandard1.3)) (== netstandard1.6)
      System.Globalization (>= 4.3) - restriction: || (&& (== net452) (>= netstandard1.3)) (== netstandard1.6)
      System.IO (>= 4.3) - restriction: || (&& (== net452) (>= netstandard1.3)) (== netstandard1.6)
      System.Resources.ResourceManager (>= 4.3) - restriction: || (&& (== net452) (>= netstandard1.3)) (== netstandard1.6)
      System.Runtime (>= 4.3) - restriction: || (&& (== net452) (>= netstandard1.3)) (== netstandard1.6)
      System.Threading (>= 4.3) - restriction: || (&& (== net452) (>= netstandard1.3)) (== netstandard1.6)
      System.Threading.Tasks (>= 4.3) - restriction: || (&& (== net452) (>= netstandard1.3)) (== netstandard1.6)
    System.Security.Cryptography.X509Certificates (4.3.2) - restriction: || (&& (== net452) (< net45) (>= net46)) (&& (== net452) (< net45) (>= netstandard1.3)) (&& (== net452) (< net45) (>= netstandard1.4)) (&& (== net452) (< net45) (>= netstandard1.5)) (&& (== net452) (< net45) (>= netstandard1.6)) (&& (== net452) (>= uap10.0)) (== netstandard1.6)
      Microsoft.NETCore.Platforms (>= 1.1)
      runtime.native.System (>= 4.3) - restriction: || (&& (== net452) (>= netstandard1.6)) (== netstandard1.6)
      runtime.native.System.Net.Http (>= 4.3) - restriction: || (&& (== net452) (>= netstandard1.6)) (== netstandard1.6)
      runtime.native.System.Security.Cryptography.OpenSsl (>= 4.3.2) - restriction: || (&& (== net452) (>= netstandard1.6)) (== netstandard1.6)
      System.Collections (>= 4.3)
      System.Diagnostics.Debug (>= 4.3) - restriction: || (&& (== net452) (>= netstandard1.6)) (== netstandard1.6)
      System.Globalization (>= 4.3)
      System.Globalization.Calendars (>= 4.3)
      System.IO (>= 4.3)
      System.IO.FileSystem (>= 4.3)
      System.IO.FileSystem.Primitives (>= 4.3) - restriction: || (&& (== net452) (>= netstandard1.6)) (== netstandard1.6)
      System.Resources.ResourceManager (>= 4.3)
      System.Runtime (>= 4.3)
      System.Runtime.Extensions (>= 4.3)
      System.Runtime.Handles (>= 4.3)
      System.Runtime.InteropServices (>= 4.3)
      System.Runtime.Numerics (>= 4.3)
      System.Security.Cryptography.Algorithms (>= 4.3)
      System.Security.Cryptography.Cng (>= 4.3)
      System.Security.Cryptography.Csp (>= 4.3) - restriction: || (&& (== net452) (>= netstandard1.6)) (== netstandard1.6)
      System.Security.Cryptography.Encoding (>= 4.3)
      System.Security.Cryptography.OpenSsl (>= 4.3) - restriction: || (&& (== net452) (>= netstandard1.6)) (== netstandard1.6)
      System.Security.Cryptography.Primitives (>= 4.3)
      System.Text.Encoding (>= 4.3)
      System.Threading (>= 4.3)
    System.Security.Principal (4.3) - restriction: || (&& (== net452) (< net45) (>= netstandard1.3)) (&& (== net452) (< net45) (>= netstandard1.6)) (== netstandard1.6)
      System.Runtime (>= 4.3) - restriction: || (&& (== net452) (< net45)) (&& (== net452) (< portable-net45+win8+wp8+wpa81)) (== netstandard1.6)
    System.Security.Principal.Windows (4.5.1) - restriction: || (&& (== net452) (< net45) (>= netstandard1.6)) (== netstandard1.6)
      Microsoft.Win32.Primitives (>= 4.3) - restriction: || (&& (== net452) (>= netstandard1.3)) (== netstandard1.6)
      System.Collections (>= 4.3) - restriction: || (&& (== net452) (>= netstandard1.3)) (== netstandard1.6)
      System.Diagnostics.Debug (>= 4.3) - restriction: || (&& (== net452) (>= netstandard1.3)) (== netstandard1.6)
      System.Reflection (>= 4.3) - restriction: || (&& (== net452) (>= netstandard1.3)) (== netstandard1.6)
      System.Resources.ResourceManager (>= 4.3) - restriction: || (&& (== net452) (>= netstandard1.3)) (== netstandard1.6)
      System.Runtime (>= 4.3) - restriction: || (&& (== net452) (>= netstandard1.3)) (== netstandard1.6)
      System.Runtime.Extensions (>= 4.3) - restriction: || (&& (== net452) (>= netstandard1.3)) (== netstandard1.6)
      System.Runtime.Handles (>= 4.3) - restriction: || (&& (== net452) (>= netstandard1.3)) (== netstandard1.6)
      System.Runtime.InteropServices (>= 4.3) - restriction: || (&& (== net452) (>= netstandard1.3)) (== netstandard1.6)
      System.Security.Claims (>= 4.3) - restriction: || (&& (== net452) (>= net46)) (&& (== net452) (>= netstandard1.3)) (== netstandard1.6)
      System.Security.Principal (>= 4.3) - restriction: || (&& (== net452) (>= netstandard1.3)) (== netstandard1.6)
      System.Text.Encoding (>= 4.3) - restriction: || (&& (== net452) (>= netstandard1.3)) (== netstandard1.6)
      System.Threading (>= 4.3) - restriction: || (&& (== net452) (>= netstandard1.3)) (== netstandard1.6)
    System.Text.Encoding (4.3) - restriction: || (&& (== net452) (< net20) (>= netstandard1.3)) (&& (== net452) (< net45)) (&& (== net452) (< portable-net45+win8+wpa81)) (&& (== net452) (>= uap10.0)) (== netstandard1.6)
      Microsoft.NETCore.Platforms (>= 1.1) - restriction: || (&& (== net452) (< net45)) (&& (== net452) (< portable-net45+win8+wp8+wpa81)) (== netstandard1.6)
      Microsoft.NETCore.Targets (>= 1.1) - restriction: || (&& (== net452) (< net45)) (&& (== net452) (< portable-net45+win8+wp8+wpa81)) (== netstandard1.6)
      System.Runtime (>= 4.3) - restriction: || (&& (== net452) (< net45)) (&& (== net452) (< portable-net45+win8+wp8+wpa81)) (== netstandard1.6)
    System.Text.Encoding.Extensions (4.3) - restriction: || (&& (== net452) (< net45)) (&& (== net452) (< portable-net45+win8+wpa81)) (&& (== net452) (>= uap10.0)) (== netstandard1.6)
      Microsoft.NETCore.Platforms (>= 1.1) - restriction: || (&& (== net452) (< net45)) (&& (== net452) (< portable-net45+win8+wp8+wpa81)) (== netstandard1.6)
      Microsoft.NETCore.Targets (>= 1.1) - restriction: || (&& (== net452) (< net45)) (&& (== net452) (< portable-net45+win8+wp8+wpa81)) (== netstandard1.6)
      System.Runtime (>= 4.3) - restriction: || (&& (== net452) (< net45)) (&& (== net452) (< portable-net45+win8+wp8+wpa81)) (== netstandard1.6)
      System.Text.Encoding (>= 4.3) - restriction: || (&& (== net452) (< net45)) (&& (== net452) (< portable-net45+win8+wp8+wpa81)) (== netstandard1.6)
    System.Text.RegularExpressions (4.3) - restriction: || (&& (== net452) (< net45)) (&& (== net452) (< portable-net45+win8+wpa81)) (&& (== net452) (>= uap10.0)) (== netstandard1.6)
      System.Collections (>= 4.3) - restriction: || (&& (== net452) (< net45) (>= netstandard1.6)) (&& (== net452) (< portable-net45+win8+wp8+wpa81)) (== netstandard1.6)
      System.Globalization (>= 4.3) - restriction: || (&& (== net452) (< net45) (>= netstandard1.6)) (&& (== net452) (< portable-net45+win8+wp8+wpa81)) (== netstandard1.6)
      System.Resources.ResourceManager (>= 4.3) - restriction: || (&& (== net452) (< net45) (>= netstandard1.6)) (&& (== net452) (< portable-net45+win8+wp8+wpa81)) (== netstandard1.6)
      System.Runtime (>= 4.3) - restriction: || (&& (== net452) (< net45)) (&& (== net452) (>= netcoreapp1.1)) (&& (== net452) (< portable-net45+win8+wp8+wpa81)) (== netstandard1.6)
      System.Runtime.Extensions (>= 4.3) - restriction: || (&& (== net452) (< net45) (>= netstandard1.6)) (&& (== net452) (< portable-net45+win8+wp8+wpa81)) (== netstandard1.6)
      System.Threading (>= 4.3) - restriction: || (&& (== net452) (< net45) (>= netstandard1.6)) (&& (== net452) (< portable-net45+win8+wp8+wpa81)) (== netstandard1.6)
    System.Threading (4.3) - restriction: || (&& (== net452) (< net45)) (&& (== net452) (< portable-net45+win8+wpa81)) (&& (== net452) (>= uap10.0)) (== netstandard1.6)
      System.Runtime (>= 4.3) - restriction: || (&& (== net452) (< net45)) (&& (== net452) (< portable-net45+win8+wp8+wpa81)) (== netstandard1.6)
      System.Threading.Tasks (>= 4.3) - restriction: || (&& (== net452) (< net45)) (&& (== net452) (< portable-net45+win8+wp8+wpa81)) (== netstandard1.6)
    System.Threading.Overlapped (4.3) - restriction: || (&& (== net452) (< net45) (>= netstandard1.3)) (== netstandard1.6)
      Microsoft.NETCore.Platforms (>= 1.1)
      System.Resources.ResourceManager (>= 4.3)
      System.Runtime (>= 4.3)
      System.Runtime.Handles (>= 4.3)
    System.Threading.Tasks (4.3) - restriction: || (&& (== net452) (< net45)) (&& (== net452) (< portable-net45+win8+wpa81)) (&& (== net452) (>= uap10.0)) (== netstandard1.6)
      Microsoft.NETCore.Platforms (>= 1.1) - restriction: || (&& (== net452) (< net45)) (&& (== net452) (< portable-net45+win8+wp8+wpa81)) (== netstandard1.6)
      Microsoft.NETCore.Targets (>= 1.1) - restriction: || (&& (== net452) (< net45)) (&& (== net452) (< portable-net45+win8+wp8+wpa81)) (== netstandard1.6)
      System.Runtime (>= 4.3) - restriction: || (&& (== net452) (< net45)) (&& (== net452) (< portable-net45+win8+wp8+wpa81)) (== netstandard1.6)
    System.Threading.Tasks.Extensions (4.5.2)
      System.Collections (>= 4.3) - restriction: || (&& (== net452) (< net45)) (== netstandard1.6)
      System.Runtime (>= 4.3) - restriction: || (&& (== net452) (< net45)) (== netstandard1.6)
      System.Runtime.CompilerServices.Unsafe (>= 4.5.2)
      System.Threading.Tasks (>= 4.3) - restriction: || (&& (== net452) (< net45)) (== netstandard1.6)
    System.Threading.Tasks.Parallel (4.3) - restriction: || (&& (== net452) (< net45) (>= netstandard1.6)) (== netstandard1.6)
      System.Collections.Concurrent (>= 4.3) - restriction: || (&& (== net452) (< net45)) (&& (== net452) (< portable-net45+win8+wpa81)) (== netstandard1.6)
      System.Diagnostics.Debug (>= 4.3) - restriction: || (&& (== net452) (< net45) (>= netstandard1.3)) (&& (== net452) (< portable-net45+win8+wpa81)) (== netstandard1.6)
      System.Diagnostics.Tracing (>= 4.3) - restriction: || (&& (== net452) (< net45) (>= netstandard1.3)) (&& (== net452) (< portable-net45+win8+wpa81)) (== netstandard1.6)
      System.Resources.ResourceManager (>= 4.3) - restriction: || (&& (== net452) (< net45) (>= netstandard1.3)) (&& (== net452) (< portable-net45+win8+wpa81)) (== netstandard1.6)
      System.Runtime (>= 4.3) - restriction: || (&& (== net452) (< net45)) (&& (== net452) (< portable-net45+win8+wpa81)) (== netstandard1.6)
      System.Runtime.Extensions (>= 4.3) - restriction: || (&& (== net452) (< net45) (>= netstandard1.3)) (&& (== net452) (< portable-net45+win8+wpa81)) (== netstandard1.6)
      System.Threading (>= 4.3) - restriction: || (&& (== net452) (< net45) (>= netstandard1.3)) (&& (== net452) (< portable-net45+win8+wpa81)) (== netstandard1.6)
      System.Threading.Tasks (>= 4.3) - restriction: || (&& (== net452) (< net45)) (&& (== net452) (< portable-net45+win8+wpa81)) (== netstandard1.6)
    System.Threading.Thread (4.3) - restriction: || (&& (== net452) (< net45) (>= netstandard1.6)) (== netstandard1.6)
      System.Runtime (>= 4.3) - restriction: || (&& (== net452) (>= netstandard1.3)) (== netstandard1.6)
    System.Threading.ThreadPool (4.3) - restriction: || (&& (== net452) (< net45) (>= netstandard1.6)) (== netstandard1.6)
      System.Runtime (>= 4.3) - restriction: || (&& (== net452) (>= netstandard1.3)) (== netstandard1.6)
      System.Runtime.Handles (>= 4.3) - restriction: || (&& (== net452) (>= netstandard1.3)) (== netstandard1.6)
    System.Threading.Timer (4.3) - restriction: || (&& (== net452) (< net45)) (&& (== net452) (>= uap10.0)) (== netstandard1.6)
      Microsoft.NETCore.Platforms (>= 1.1) - restriction: || (&& (== net452) (< net451)) (&& (== net452) (< portable-net451+win81+wpa81)) (== netstandard1.6)
      Microsoft.NETCore.Targets (>= 1.1) - restriction: || (&& (== net452) (< net451)) (&& (== net452) (< portable-net451+win81+wpa81)) (== netstandard1.6)
      System.Runtime (>= 4.3) - restriction: || (&& (== net452) (< net451)) (&& (== net452) (< portable-net451+win81+wpa81)) (== netstandard1.6)
    System.Xml.ReaderWriter (4.3.1) - restriction: || (&& (== net452) (< net20) (>= netstandard1.3)) (&& (== net452) (< net45)) (&& (== net452) (< portable-net45+win8+wpa81)) (&& (== net452) (>= uap10.0)) (== netstandard1.6)
      System.Collections (>= 4.3) - restriction: || (&& (== net452) (< net45) (>= netstandard1.3)) (&& (== net452) (< portable-net45+win8+wp8+wpa81)) (== netstandard1.6)
      System.Diagnostics.Debug (>= 4.3) - restriction: || (&& (== net452) (< net45) (>= netstandard1.3)) (&& (== net452) (< portable-net45+win8+wp8+wpa81)) (== netstandard1.6)
      System.Globalization (>= 4.3) - restriction: || (&& (== net452) (< net45) (>= netstandard1.3)) (&& (== net452) (< portable-net45+win8+wp8+wpa81)) (== netstandard1.6)
      System.IO (>= 4.3) - restriction: || (&& (== net452) (< net45)) (&& (== net452) (< portable-net45+win8+wp8+wpa81)) (== netstandard1.6)
      System.IO.FileSystem (>= 4.3) - restriction: || (&& (== net452) (< net45) (>= netstandard1.3)) (&& (== net452) (< portable-net45+win8+wp8+wpa81)) (== netstandard1.6)
      System.IO.FileSystem.Primitives (>= 4.3) - restriction: || (&& (== net452) (< net45) (>= netstandard1.3)) (&& (== net452) (< portable-net45+win8+wp8+wpa81)) (== netstandard1.6)
      System.Resources.ResourceManager (>= 4.3) - restriction: || (&& (== net452) (< net45) (>= netstandard1.3)) (&& (== net452) (< portable-net45+win8+wp8+wpa81)) (== netstandard1.6)
      System.Runtime (>= 4.3) - restriction: || (&& (== net452) (< net45)) (&& (== net452) (< portable-net45+win8+wp8+wpa81)) (== netstandard1.6)
      System.Runtime.Extensions (>= 4.3) - restriction: || (&& (== net452) (< net45) (>= netstandard1.3)) (&& (== net452) (< portable-net45+win8+wp8+wpa81)) (== netstandard1.6)
      System.Runtime.InteropServices (>= 4.3) - restriction: || (&& (== net452) (< net45) (>= netstandard1.3)) (&& (== net452) (< portable-net45+win8+wp8+wpa81)) (== netstandard1.6)
      System.Text.Encoding (>= 4.3) - restriction: || (&& (== net452) (< net45)) (&& (== net452) (< portable-net45+win8+wp8+wpa81)) (== netstandard1.6)
      System.Text.Encoding.Extensions (>= 4.3) - restriction: || (&& (== net452) (< net45) (>= netstandard1.3)) (&& (== net452) (< portable-net45+win8+wp8+wpa81)) (== netstandard1.6)
      System.Text.RegularExpressions (>= 4.3) - restriction: || (&& (== net452) (< net45) (>= netstandard1.3)) (&& (== net452) (< portable-net45+win8+wp8+wpa81)) (== netstandard1.6)
      System.Threading.Tasks (>= 4.3) - restriction: || (&& (== net452) (< net45)) (&& (== net452) (< portable-net45+win8+wp8+wpa81)) (== netstandard1.6)
      System.Threading.Tasks.Extensions (>= 4.3) - restriction: || (&& (== net452) (< net45) (>= netstandard1.3)) (&& (== net452) (< portable-net45+win8+wp8+wpa81)) (== netstandard1.6)
    System.Xml.XDocument (4.3) - restriction: || (&& (== net452) (< net45)) (&& (== net452) (< portable-net45+win8+wpa81)) (&& (== net452) (>= uap10.0)) (== netstandard1.6)
      System.Collections (>= 4.3) - restriction: || (&& (== net452) (< net45) (>= netstandard1.3)) (&& (== net452) (< portable-net45+win8+wp8+wpa81)) (== netstandard1.6)
      System.Diagnostics.Debug (>= 4.3) - restriction: || (&& (== net452) (< net45) (>= netstandard1.3)) (&& (== net452) (< portable-net45+win8+wp8+wpa81)) (== netstandard1.6)
      System.Diagnostics.Tools (>= 4.3) - restriction: || (&& (== net452) (< net45) (>= netstandard1.3)) (&& (== net452) (< portable-net45+win8+wp8+wpa81)) (== netstandard1.6)
      System.Globalization (>= 4.3) - restriction: || (&& (== net452) (< net45) (>= netstandard1.3)) (&& (== net452) (< portable-net45+win8+wp8+wpa81)) (== netstandard1.6)
      System.IO (>= 4.3) - restriction: || (&& (== net452) (< net45)) (&& (== net452) (< portable-net45+win8+wp8+wpa81)) (== netstandard1.6)
      System.Reflection (>= 4.3) - restriction: || (&& (== net452) (< net45) (>= netstandard1.3)) (&& (== net452) (< portable-net45+win8+wp8+wpa81)) (== netstandard1.6)
      System.Resources.ResourceManager (>= 4.3) - restriction: || (&& (== net452) (< net45) (>= netstandard1.3)) (&& (== net452) (< portable-net45+win8+wp8+wpa81)) (== netstandard1.6)
      System.Runtime (>= 4.3) - restriction: || (&& (== net452) (< net45)) (&& (== net452) (< portable-net45+win8+wp8+wpa81)) (== netstandard1.6)
      System.Runtime.Extensions (>= 4.3) - restriction: || (&& (== net452) (< net45) (>= netstandard1.3)) (&& (== net452) (< portable-net45+win8+wp8+wpa81)) (== netstandard1.6)
      System.Text.Encoding (>= 4.3) - restriction: || (&& (== net452) (< net45) (>= netstandard1.3)) (&& (== net452) (< portable-net45+win8+wp8+wpa81)) (== netstandard1.6)
      System.Threading (>= 4.3) - restriction: || (&& (== net452) (< net45) (>= netstandard1.3)) (&& (== net452) (< portable-net45+win8+wp8+wpa81)) (== netstandard1.6)
      System.Xml.ReaderWriter (>= 4.3) - restriction: || (&& (== net452) (< net45)) (&& (== net452) (< portable-net45+win8+wp8+wpa81)) (== netstandard1.6)
    System.Xml.XmlDocument (4.3) - restriction: || (&& (== net452) (< net20) (>= netstandard1.3)) (== netstandard1.6)
      System.Collections (>= 4.3) - restriction: || (&& (== net452) (>= netstandard1.3)) (== netstandard1.6)
      System.Diagnostics.Debug (>= 4.3) - restriction: || (&& (== net452) (>= netstandard1.3)) (== netstandard1.6)
      System.Globalization (>= 4.3) - restriction: || (&& (== net452) (>= netstandard1.3)) (== netstandard1.6)
      System.IO (>= 4.3) - restriction: || (&& (== net452) (>= netstandard1.3)) (== netstandard1.6)
      System.Resources.ResourceManager (>= 4.3) - restriction: || (&& (== net452) (>= netstandard1.3)) (== netstandard1.6)
      System.Runtime (>= 4.3) - restriction: || (&& (== net452) (>= netstandard1.3)) (== netstandard1.6)
      System.Runtime.Extensions (>= 4.3) - restriction: || (&& (== net452) (>= netstandard1.3)) (== netstandard1.6)
      System.Text.Encoding (>= 4.3) - restriction: || (&& (== net452) (>= netstandard1.3)) (== netstandard1.6)
      System.Threading (>= 4.3) - restriction: || (&& (== net452) (>= netstandard1.3)) (== netstandard1.6)
      System.Xml.ReaderWriter (>= 4.3) - restriction: || (&& (== net452) (>= netstandard1.3)) (== netstandard1.6)
    xunit (2.4.1)
      xunit.analyzers (>= 0.10)
      xunit.assert (2.4.1)
      xunit.core (2.4.1)
    xunit.abstractions (2.0.3)
      NETStandard.Library (>= 1.6) - restriction: || (&& (== net452) (< net35)) (== netstandard1.6)
    xunit.analyzers (0.10)
    xunit.assert (2.4.1)
      NETStandard.Library (>= 1.6.1) - restriction: == netstandard1.6
    xunit.core (2.4.1)
      xunit.extensibility.core (2.4.1)
      xunit.extensibility.execution (2.4.1)
    xunit.extensibility.core (2.4.1)
      NETStandard.Library (>= 1.6.1) - restriction: == netstandard1.6
      xunit.abstractions (>= 2.0.3)
    xunit.extensibility.execution (2.4.1)
      NETStandard.Library (>= 1.6.1) - restriction: == netstandard1.6
      xunit.extensibility.core (2.4.1)
    xunit.runner.console (2.4.1)
    xunit.runner.visualstudio (2.4.1)
GITHUB
  remote: fsharp/FAKE
    modules/Octokit/Octokit.fsx (5e58b484c43da36bbe0f7e9111f6c61a951a38a7)
      Octokit (>= 0.20)