REDIRECTS: ON
RESTRICTION: || (== net40) (== net45) (== net451) (== net452)
NUGET
  remote: https://www.nuget.org/api/v2
    Akka (1.2.3)
      Newtonsoft.Json (>= 9.0.1)
      System.Collections.Immutable (>= 1.3.1)
    Akka.Cluster (1.2.3)
      Akka.Remote (>= 1.2.3)
      Google.ProtocolBuffers (>= 2.4.1.555)
      System.Collections.Immutable (>= 1.3.1)
    Akka.Cluster.Sharding (1.2.3.43-beta)
      Akka.Cluster.Tools (>= 1.2.3)
      Akka.Persistence (>= 1.2.3.43-beta)
      Google.ProtocolBuffers (>= 2.4.1.555)
      System.Collections.Immutable (>= 1.3.1)
    Akka.Cluster.Tools (1.2.3)
      Akka.Cluster (>= 1.2.3)
      Google.ProtocolBuffers (>= 2.4.1.555)
      System.Collections.Immutable (>= 1.3.1)
    Akka.DistributedData (1.2.3.43-beta)
      Akka (>= 1.2.3)
      Google.ProtocolBuffers (>= 2.4.1.555)
      Hyperion (>= 0.9.2)
      System.Collections.Immutable (>= 1.3.1)
    Akka.Persistence (1.2.3.43-beta)
      Akka (>= 1.2.3)
      Google.ProtocolBuffers (>= 2.4.1.555)
      Newtonsoft.Json (>= 9.0.1)
      System.Collections.Immutable (>= 1.3.1)
    Akka.Persistence.Query (1.2.3.43-beta)
      Akka.Persistence (>= 1.2.3.43-beta)
      Akka.Streams (>= 1.2.3)
      Reactive.Streams (>= 1.0.2)
    Akka.Persistence.Query.Sql (1.2.3.43-beta)
      Akka.Persistence.Query (>= 1.2.3.43-beta)
      Akka.Persistence.Sql.Common (>= 1.2.3.43-beta)
      Reactive.Streams (>= 1.0.2)
      System.Collections.Immutable (>= 1.3.1)
    Akka.Persistence.Sql.Common (1.2.3.43-beta)
      Akka.Persistence (>= 1.2.3.43-beta)
      System.Collections.Immutable (>= 1.3.1)
    Akka.Persistence.Sqlite (1.2.3.43-beta)
      Akka.Persistence.Sql.Common (>= 1.2.3.43-beta)
      System.Collections.Immutable (>= 1.3.1)
      System.Data.SQLite.Core (>= 1.0.98)
    Akka.Remote (1.2.3)
      Akka (>= 1.2.3)
      DotNetty.Buffers (>= 0.4.3)
      DotNetty.Codecs (>= 0.4.3)
      DotNetty.Common (>= 0.4.3)
      DotNetty.Handlers (>= 0.4.3)
      DotNetty.Transport (>= 0.4.3)
      Google.ProtocolBuffers (>= 2.4.1.555)
      System.Collections.Immutable (>= 1.3.1)
    Akka.Serialization.Hyperion (1.2.3.43-beta)
      Akka (>= 1.2.3)
      Hyperion (>= 0.9.2)
    Akka.Streams (1.2.3)
      Akka (>= 1.2.3)
      Reactive.Streams (>= 1.0.2)
      System.Collections.Immutable (>= 1.3.1)
    Akka.TestKit (1.2.3)
      Akka (>= 1.2.3)
    Akka.TestKit.Xunit2 (1.0.2)
      Akka.TestKit (>= 1.0.2)
      xunit (>= 2.0)
      xunit.abstractions (>= 2.0)
      xunit.assert (>= 2.0)
      xunit.core (>= 2.0)
      xunit.extensibility.core (>= 2.0)
    DotNetty.Buffers (0.4.5)
      DotNetty.Common (>= 0.4.5) - restriction: || (&& (== net40) (>= net45)) (&& (== net40) (>= netstandard1.3)) (== net45) (== net451) (== net452)
    DotNetty.Codecs (0.4.5)
      DotNetty.Buffers (>= 0.4.5) - restriction: || (&& (== net40) (>= net45)) (&& (== net40) (>= netstandard1.3)) (== net45) (== net451) (== net452)
      DotNetty.Common (>= 0.4.5) - restriction: || (&& (== net40) (>= net45)) (&& (== net40) (>= netstandard1.3)) (== net45) (== net451) (== net452)
      DotNetty.Transport (>= 0.4.5) - restriction: || (&& (== net40) (>= net45)) (&& (== net40) (>= netstandard1.3)) (== net45) (== net451) (== net452)
    DotNetty.Common (0.4.5)
      Microsoft.Extensions.Logging (>= 1.1.1) - restriction: || (&& (== net40) (>= net45)) (&& (== net40) (>= netstandard1.3)) (== net45) (== net451) (== net452)
    DotNetty.Handlers (0.4.5)
      DotNetty.Buffers (>= 0.4.5) - restriction: || (&& (== net40) (>= net45)) (&& (== net40) (>= netstandard1.3)) (== net45) (== net451) (== net452)
      DotNetty.Codecs (>= 0.4.5) - restriction: || (&& (== net40) (>= net45)) (&& (== net40) (>= netstandard1.3)) (== net45) (== net451) (== net452)
      DotNetty.Common (>= 0.4.5) - restriction: || (&& (== net40) (>= net45)) (&& (== net40) (>= netstandard1.3)) (== net45) (== net451) (== net452)
      DotNetty.Transport (>= 0.4.5) - restriction: || (&& (== net40) (>= net45)) (&& (== net40) (>= netstandard1.3)) (== net45) (== net451) (== net452)
    DotNetty.Transport (0.4.5)
      DotNetty.Buffers (>= 0.4.5) - restriction: || (&& (== net40) (>= net45)) (&& (== net40) (>= netstandard1.3)) (== net45) (== net451) (== net452)
      DotNetty.Common (>= 0.4.5) - restriction: || (&& (== net40) (>= net45)) (&& (== net40) (>= netstandard1.3)) (== net45) (== net451) (== net452)
    FAKE (4.62.5)
    FsCheck (2.9)
      FSharp.Core (>= 4.1)
    FsCheck.Xunit (2.3)
      FsCheck (>= 2.3)
      xunit.extensibility.execution (>= 2.1 < 2.2)
    FSharp.Compiler.Service (2.0.0.6)
    FSharp.Core (4.2.1)
    FSharp.Formatting (2.14.4)
      FSharp.Compiler.Service (2.0.0.6)
      FSharpVSPowerTools.Core (>= 2.3 < 2.4)
    FSharpVSPowerTools.Core (2.3)
      FSharp.Compiler.Service (>= 2.0.0.3)
    FsPickler (3.3)
    FSPowerPack.Core.Community (3.0)
    FSPowerPack.Linq.Community (3.0)
      FSPowerPack.Core.Community
    Google.ProtocolBuffers (2.4.1.555)
    Hyperion (0.9.2)
    Microsoft.Bcl (1.1.10) - restriction: || (== net40) (&& (== net451) (< net45) (< portable-win81+wpa81)) (&& (== net452) (< net45) (< portable-win81+wpa81))
      Microsoft.Bcl.Build (>= 1.0.14)
    Microsoft.Bcl.Build (1.0.21) - import_targets: false, restriction: || (== net40) (&& (== net451) (< net45) (< portable-win81+wpa81)) (&& (== net452) (< net45) (< portable-win81+wpa81))
    Microsoft.Extensions.DependencyInjection.Abstractions (1.1.1) - restriction: || (&& (== net40) (== net45)) (&& (== net40) (== net451)) (&& (== net40) (== net452)) (&& (== net40) (>= net45)) (&& (== net40) (>= netstandard1.3)) (== net45) (&& (== net45) (== net451)) (&& (== net45) (== net452)) (== net451) (&& (== net451) (== net452)) (== net452)
      NETStandard.Library (>= 1.6.1) - restriction: || (&& (== net40) (>= netstandard1.0)) (== net45) (== net451) (== net452)
      System.ComponentModel (>= 4.3) - restriction: || (&& (== net40) (>= netstandard1.0)) (== net45) (== net451) (== net452)
    Microsoft.Extensions.Logging (1.1.2) - restriction: || (&& (== net40) (== net45)) (&& (== net40) (== net451)) (&& (== net40) (== net452)) (&& (== net40) (>= net45)) (&& (== net40) (>= netstandard1.3)) (== net45) (&& (== net45) (== net451)) (&& (== net45) (== net452)) (== net451) (&& (== net451) (== net452)) (== net452)
      Microsoft.Extensions.DependencyInjection.Abstractions (>= 1.1.1) - restriction: || (&& (== net40) (>= netstandard1.1)) (== net45) (== net451) (== net452)
      Microsoft.Extensions.Logging.Abstractions (>= 1.1.2) - restriction: || (&& (== net40) (>= netstandard1.1)) (== net45) (== net451) (== net452)
      NETStandard.Library (>= 1.6.1) - restriction: || (&& (== net40) (>= netstandard1.1)) (== net45) (== net451) (== net452)
    Microsoft.Extensions.Logging.Abstractions (1.1.2) - restriction: || (&& (== net40) (== net45)) (&& (== net40) (== net451)) (&& (== net40) (== net452)) (&& (== net40) (>= net45)) (&& (== net40) (>= netstandard1.3)) (== net45) (&& (== net45) (== net451)) (&& (== net45) (== net452)) (== net451) (&& (== net451) (== net452)) (== net452)
      NETStandard.Library (>= 1.6.1) - restriction: || (&& (== net40) (>= netstandard1.1)) (== net45) (== net451) (== net452)
    Microsoft.Net.Http (2.2.29) - restriction: || (== net40) (&& (== net451) (< net45) (< portable-win81+wpa81)) (&& (== net452) (< net45) (< portable-win81+wpa81))
      Microsoft.Bcl (>= 1.1.10)
      Microsoft.Bcl.Build (>= 1.0.14)
    Microsoft.NETCore.Platforms (1.1) - restriction: || (&& (== net40) (== net45)) (&& (== net40) (== net451)) (&& (== net40) (== net452)) (&& (== net40) (>= net45)) (&& (== net40) (>= netstandard1.3)) (== net45) (&& (== net45) (== net451)) (&& (== net45) (== net452)) (== net451) (&& (== net451) (== net452)) (== net452)
    NETStandard.Library (1.6.1) - restriction: || (&& (== net40) (== net45)) (&& (== net40) (== net451)) (&& (== net40) (== net452)) (&& (== net40) (>= net45)) (&& (== net40) (>= netstandard1.3)) (== net45) (&& (== net45) (== net451)) (&& (== net45) (== net452)) (== net451) (&& (== net451) (== net452)) (== net452)
      Microsoft.NETCore.Platforms (>= 1.1) - restriction: || (&& (== net40) (>= netstandard1.0)) (== net45) (== net451) (== net452)
      System.Collections (>= 4.3) - restriction: || (&& (== net40) (>= netstandard1.0)) (== net45) (== net451) (== net452)
      System.Collections.Concurrent (>= 4.3) - restriction: || (&& (== net40) (>= netstandard1.1)) (== net45) (== net451) (== net452)
      System.Diagnostics.Debug (>= 4.3) - restriction: || (&& (== net40) (>= netstandard1.0)) (== net45) (== net451) (== net452)
      System.Diagnostics.Tools (>= 4.3) - restriction: || (&& (== net40) (>= netstandard1.0)) (== net45) (== net451) (== net452)
      System.Diagnostics.Tracing (>= 4.3) - restriction: || (&& (== net40) (>= netstandard1.1)) (== net45) (== net451) (== net452)
      System.Globalization (>= 4.3) - restriction: || (&& (== net40) (>= netstandard1.0)) (== net45) (== net451) (== net452)
      System.IO (>= 4.3) - restriction: || (&& (== net40) (>= netstandard1.0)) (== net45) (== net451) (== net452)
      System.IO.Compression (>= 4.3) - restriction: || (&& (== net40) (>= netstandard1.1)) (== net45) (== net451) (== net452)
      System.Linq (>= 4.3) - restriction: || (&& (== net40) (>= netstandard1.0)) (== net45) (== net451) (== net452)
      System.Linq.Expressions (>= 4.3) - restriction: || (&& (== net40) (>= netstandard1.0)) (== net45) (== net451) (== net452)
      System.Net.Http (>= 4.3) - restriction: || (&& (== net40) (>= netstandard1.1)) (== net45) (== net451) (== net452)
      System.Net.Primitives (>= 4.3) - restriction: || (&& (== net40) (>= netstandard1.0)) (== net45) (== net451) (== net452)
      System.ObjectModel (>= 4.3) - restriction: || (&& (== net40) (>= netstandard1.0)) (== net45) (== net451) (== net452)
      System.Reflection (>= 4.3) - restriction: || (&& (== net40) (>= netstandard1.0)) (== net45) (== net451) (== net452)
      System.Reflection.Extensions (>= 4.3) - restriction: || (&& (== net40) (>= netstandard1.0)) (== net45) (== net451) (== net452)
      System.Reflection.Primitives (>= 4.3) - restriction: || (&& (== net40) (>= netstandard1.0)) (== net45) (== net451) (== net452)
      System.Resources.ResourceManager (>= 4.3) - restriction: || (&& (== net40) (>= netstandard1.0)) (== net45) (== net451) (== net452)
      System.Runtime (>= 4.3) - restriction: || (&& (== net40) (>= netstandard1.0)) (== net45) (== net451) (== net452)
      System.Runtime.Extensions (>= 4.3) - restriction: || (&& (== net40) (>= netstandard1.0)) (== net45) (== net451) (== net452)
      System.Runtime.InteropServices (>= 4.3) - restriction: || (&& (== net40) (>= netstandard1.1)) (== net45) (== net451) (== net452)
      System.Runtime.InteropServices.RuntimeInformation (>= 4.3) - restriction: || (&& (== net40) (>= netstandard1.1)) (== net45) (== net451) (== net452)
      System.Runtime.Numerics (>= 4.3) - restriction: || (&& (== net40) (>= netstandard1.1)) (== net45) (== net451) (== net452)
      System.Text.Encoding (>= 4.3) - restriction: || (&& (== net40) (>= netstandard1.0)) (== net45) (== net451) (== net452)
      System.Text.Encoding.Extensions (>= 4.3) - restriction: || (&& (== net40) (>= netstandard1.0)) (== net45) (== net451) (== net452)
      System.Text.RegularExpressions (>= 4.3) - restriction: || (&& (== net40) (>= netstandard1.0)) (== net45) (== net451) (== net452)
      System.Threading (>= 4.3) - restriction: || (&& (== net40) (>= netstandard1.0)) (== net45) (== net451) (== net452)
      System.Threading.Tasks (>= 4.3) - restriction: || (&& (== net40) (>= netstandard1.0)) (== net45) (== net451) (== net452)
      System.Threading.Timer (>= 4.3) - restriction: || (&& (== net40) (>= netstandard1.2)) (&& (== net45) (>= netstandard1.2)) (== net451) (== net452)
      System.Xml.ReaderWriter (>= 4.3) - restriction: || (&& (== net40) (>= netstandard1.0)) (== net45) (== net451) (== net452)
      System.Xml.XDocument (>= 4.3) - restriction: || (&& (== net40) (>= netstandard1.0)) (== net45) (== net451) (== net452)
    Newtonsoft.Json (10.0.3)
    Octokit (0.24)
      Microsoft.Net.Http  - restriction: || (== net40) (&& (== net451) (< net45) (< portable-win81+wpa81)) (&& (== net452) (< net45) (< portable-win81+wpa81))
    Reactive.Streams (1.0.2)
    SourceLink (1.1)
    System.Collections (4.3) - restriction: || (&& (== net40) (== net45)) (&& (== net40) (== net451)) (&& (== net40) (== net452)) (&& (== net40) (>= net45)) (&& (== net40) (>= netstandard1.3)) (== net45) (&& (== net45) (== net451)) (&& (== net45) (== net452)) (== net451) (&& (== net451) (== net452)) (== net452)
    System.Collections.Concurrent (4.3) - restriction: || (&& (== net40) (== net45)) (&& (== net40) (== net451)) (&& (== net40) (== net452)) (&& (== net40) (>= net45)) (&& (== net40) (>= netstandard1.3)) (== net45) (&& (== net45) (== net451)) (&& (== net45) (== net452)) (== net451) (&& (== net451) (== net452)) (== net452)
    System.Collections.Immutable (1.3.1)
    System.ComponentModel (4.3) - restriction: || (&& (== net40) (== net45)) (&& (== net40) (== net451)) (&& (== net40) (== net452)) (&& (== net40) (>= net45)) (&& (== net40) (>= netstandard1.3)) (== net45) (&& (== net45) (== net451)) (&& (== net45) (== net452)) (== net451) (&& (== net451) (== net452)) (== net452)
    System.Data.SQLite.Core (1.0.105.2)
    System.Diagnostics.Debug (4.3) - restriction: || (&& (== net40) (== net45)) (&& (== net40) (== net451)) (&& (== net40) (== net452)) (&& (== net40) (>= net45)) (&& (== net40) (>= netstandard1.3)) (== net45) (&& (== net45) (== net451)) (&& (== net45) (== net452)) (== net451) (&& (== net451) (== net452)) (== net452)
    System.Diagnostics.Tools (4.3) - restriction: || (&& (== net40) (== net45)) (&& (== net40) (== net451)) (&& (== net40) (== net452)) (&& (== net40) (>= net45)) (&& (== net40) (>= netstandard1.3)) (== net45) (&& (== net45) (== net451)) (&& (== net45) (== net452)) (== net451) (&& (== net451) (== net452)) (== net452)
    System.Diagnostics.Tracing (4.3) - restriction: || (&& (== net40) (== net45)) (&& (== net40) (== net451)) (&& (== net40) (== net452)) (&& (== net40) (>= net45)) (&& (== net40) (>= netstandard1.3)) (== net45) (&& (== net45) (== net451)) (&& (== net45) (== net452)) (== net451) (&& (== net451) (== net452)) (== net452)
    System.Globalization (4.3) - restriction: || (&& (== net40) (== net45)) (&& (== net40) (== net451)) (&& (== net40) (== net452)) (&& (== net40) (>= net45)) (&& (== net40) (>= netstandard1.3)) (== net45) (&& (== net45) (== net451)) (&& (== net45) (== net452)) (== net451) (&& (== net451) (== net452)) (== net452)
    System.IO (4.3) - restriction: || (&& (== net40) (== net45)) (&& (== net40) (== net451)) (&& (== net40) (== net452)) (&& (== net40) (>= net45)) (&& (== net40) (>= netstandard1.3)) (== net45) (&& (== net45) (== net451)) (&& (== net45) (== net452)) (== net451) (&& (== net451) (== net452)) (== net452)
    System.IO.Compression (4.3) - restriction: || (&& (== net40) (== net45)) (&& (== net40) (== net451)) (&& (== net40) (== net452)) (&& (== net40) (>= net45)) (&& (== net40) (>= netstandard1.3)) (== net45) (&& (== net45) (== net451)) (&& (== net45) (== net452)) (== net451) (&& (== net451) (== net452)) (== net452)
    System.Linq (4.3) - restriction: || (&& (== net40) (== net45)) (&& (== net40) (== net451)) (&& (== net40) (== net452)) (&& (== net40) (>= net45)) (&& (== net40) (>= netstandard1.3)) (== net45) (&& (== net45) (== net451)) (&& (== net45) (== net452)) (== net451) (&& (== net451) (== net452)) (== net452)
    System.Linq.Expressions (4.3) - restriction: || (&& (== net40) (== net45)) (&& (== net40) (== net451)) (&& (== net40) (== net452)) (&& (== net40) (>= net45)) (&& (== net40) (>= netstandard1.3)) (== net45) (&& (== net45) (== net451)) (&& (== net45) (== net452)) (== net451) (&& (== net451) (== net452)) (== net452)
    System.Net.Http (4.3.2) - restriction: || (&& (== net40) (== net45)) (&& (== net40) (== net451)) (&& (== net40) (== net452)) (&& (== net40) (>= net45)) (&& (== net40) (>= netstandard1.3)) (== net45) (&& (== net45) (== net451)) (&& (== net45) (== net452)) (== net451) (&& (== net451) (== net452)) (== net452)
    System.Net.Primitives (4.3) - restriction: || (&& (== net40) (== net45)) (&& (== net40) (== net451)) (&& (== net40) (== net452)) (&& (== net40) (>= net45)) (&& (== net40) (>= netstandard1.3)) (== net45) (&& (== net45) (== net451)) (&& (== net45) (== net452)) (== net451) (&& (== net451) (== net452)) (== net452)
    System.ObjectModel (4.3) - restriction: || (&& (== net40) (== net45)) (&& (== net40) (== net451)) (&& (== net40) (== net452)) (&& (== net40) (>= net45)) (&& (== net40) (>= netstandard1.3)) (== net45) (&& (== net45) (== net451)) (&& (== net45) (== net452)) (== net451) (&& (== net451) (== net452)) (== net452)
    System.Reflection (4.3) - restriction: || (&& (== net40) (== net45)) (&& (== net40) (== net451)) (&& (== net40) (== net452)) (&& (== net40) (>= net45)) (&& (== net40) (>= netstandard1.3)) (== net45) (&& (== net45) (== net451)) (&& (== net45) (== net452)) (== net451) (&& (== net451) (== net452)) (== net452)
    System.Reflection.Extensions (4.3) - restriction: || (&& (== net40) (== net45)) (&& (== net40) (== net451)) (&& (== net40) (== net452)) (&& (== net40) (>= net45)) (&& (== net40) (>= netstandard1.3)) (== net45) (&& (== net45) (== net451)) (&& (== net45) (== net452)) (== net451) (&& (== net451) (== net452)) (== net452)
    System.Reflection.Primitives (4.3) - restriction: || (&& (== net40) (== net45)) (&& (== net40) (== net451)) (&& (== net40) (== net452)) (&& (== net40) (>= net45)) (&& (== net40) (>= netstandard1.3)) (== net45) (&& (== net45) (== net451)) (&& (== net45) (== net452)) (== net451) (&& (== net451) (== net452)) (== net452)
    System.Resources.ResourceManager (4.3) - restriction: || (&& (== net40) (== net45)) (&& (== net40) (== net451)) (&& (== net40) (== net452)) (&& (== net40) (>= net45)) (&& (== net40) (>= netstandard1.3)) (== net45) (&& (== net45) (== net451)) (&& (== net45) (== net452)) (== net451) (&& (== net451) (== net452)) (== net452)
    System.Runtime (4.3) - restriction: || (&& (== net40) (== net45)) (&& (== net40) (== net451)) (&& (== net40) (== net452)) (&& (== net40) (>= net45)) (&& (== net40) (>= netstandard1.3)) (== net45) (&& (== net45) (== net451)) (&& (== net45) (== net452)) (== net451) (&& (== net451) (== net452)) (== net452)
    System.Runtime.Extensions (4.3) - restriction: || (&& (== net40) (== net45)) (&& (== net40) (== net451)) (&& (== net40) (== net452)) (&& (== net40) (>= net45)) (&& (== net40) (>= netstandard1.3)) (== net45) (&& (== net45) (== net451)) (&& (== net45) (== net452)) (== net451) (&& (== net451) (== net452)) (== net452)
    System.Runtime.InteropServices (4.3) - restriction: || (&& (== net40) (== net45)) (&& (== net40) (== net451)) (&& (== net40) (== net452)) (&& (== net40) (>= net45)) (&& (== net40) (>= netstandard1.3)) (== net45) (&& (== net45) (== net451)) (&& (== net45) (== net452)) (== net451) (&& (== net451) (== net452)) (== net452)
    System.Runtime.InteropServices.RuntimeInformation (4.3) - restriction: || (&& (== net40) (== net45)) (&& (== net40) (== net451)) (&& (== net40) (== net452)) (&& (== net40) (>= net45)) (&& (== net40) (>= netstandard1.3)) (== net45) (&& (== net45) (== net451)) (&& (== net45) (== net452)) (== net451) (&& (== net451) (== net452)) (== net452)
    System.Runtime.Numerics (4.3) - restriction: || (&& (== net40) (== net45)) (&& (== net40) (== net451)) (&& (== net40) (== net452)) (&& (== net40) (>= net45)) (&& (== net40) (>= netstandard1.3)) (== net45) (&& (== net45) (== net451)) (&& (== net45) (== net452)) (== net451) (&& (== net451) (== net452)) (== net452)
    System.Text.Encoding (4.3) - restriction: || (&& (== net40) (== net45)) (&& (== net40) (== net451)) (&& (== net40) (== net452)) (&& (== net40) (>= net45)) (&& (== net40) (>= netstandard1.3)) (== net45) (&& (== net45) (== net451)) (&& (== net45) (== net452)) (== net451) (&& (== net451) (== net452)) (== net452)
    System.Text.Encoding.Extensions (4.3) - restriction: || (&& (== net40) (== net45)) (&& (== net40) (== net451)) (&& (== net40) (== net452)) (&& (== net40) (>= net45)) (&& (== net40) (>= netstandard1.3)) (== net45) (&& (== net45) (== net451)) (&& (== net45) (== net452)) (== net451) (&& (== net451) (== net452)) (== net452)
    System.Text.RegularExpressions (4.3) - restriction: || (&& (== net40) (== net45)) (&& (== net40) (== net451)) (&& (== net40) (== net452)) (&& (== net40) (>= net45)) (&& (== net40) (>= netstandard1.3)) (== net45) (&& (== net45) (== net451)) (&& (== net45) (== net452)) (== net451) (&& (== net451) (== net452)) (== net452)
    System.Threading (4.3) - restriction: || (&& (== net40) (== net45)) (&& (== net40) (== net451)) (&& (== net40) (== net452)) (&& (== net40) (>= net45)) (&& (== net40) (>= netstandard1.3)) (== net45) (&& (== net45) (== net451)) (&& (== net45) (== net452)) (== net451) (&& (== net451) (== net452)) (== net452)
    System.Threading.Tasks (4.3) - restriction: || (&& (== net40) (== net45)) (&& (== net40) (== net451)) (&& (== net40) (== net452)) (&& (== net40) (>= net45)) (&& (== net40) (>= netstandard1.3)) (== net45) (&& (== net45) (== net451)) (&& (== net45) (== net452)) (== net451) (&& (== net451) (== net452)) (== net452)
    System.Threading.Timer (4.3) - restriction: || (&& (== net40) (== net45) (>= netstandard1.2)) (&& (== net40) (== net45) (>= netstandard1.3)) (&& (== net40) (== net451)) (&& (== net40) (== net452)) (&& (== net40) (>= net45) (>= netstandard1.2)) (&& (== net40) (>= netstandard1.3)) (&& (== net45) (== net451)) (&& (== net45) (== net452)) (&& (== net45) (>= netstandard1.2)) (== net451) (&& (== net451) (== net452)) (== net452)
    System.Xml.ReaderWriter (4.3) - restriction: || (&& (== net40) (== net45)) (&& (== net40) (== net451)) (&& (== net40) (== net452)) (&& (== net40) (>= net45)) (&& (== net40) (>= netstandard1.3)) (== net45) (&& (== net45) (== net451)) (&& (== net45) (== net452)) (== net451) (&& (== net451) (== net452)) (== net452)
    System.Xml.XDocument (4.3) - restriction: || (&& (== net40) (== net45)) (&& (== net40) (== net451)) (&& (== net40) (== net452)) (&& (== net40) (>= net45)) (&& (== net40) (>= netstandard1.3)) (== net45) (&& (== net45) (== net451)) (&& (== net45) (== net452)) (== net451) (&& (== net451) (== net452)) (== net452)
    xunit (2.1)
      xunit.assert (2.1)
      xunit.core (2.1)
    xunit.abstractions (2.0)
    xunit.assert (2.1)
    xunit.core (2.1)
      xunit.extensibility.core (2.1) - restriction: || (&& (== net40) (>= dnx451)) (&& (== net40) (>= dnxcore50)) (&& (== net40) (>= portable-net45+win8+wp8+wpa81)) (== net45) (== net451) (== net452)
      xunit.extensibility.execution (2.1) - restriction: || (&& (== net40) (>= dnx451)) (&& (== net40) (>= dnxcore50)) (&& (== net40) (>= portable-net45+win8+wp8+wpa81)) (== net45) (== net451) (== net452)
    xunit.extensibility.core (2.1)
      xunit.abstractions (2.0)
    xunit.extensibility.execution (2.1)
      xunit.extensibility.core (2.1) - restriction: || (&& (== net40) (>= net45)) (&& (== net40) (>= dnx451)) (&& (== net40) (>= dnxcore50)) (&& (== net40) (>= monoandroid)) (&& (== net40) (>= monotouch)) (&& (== net40) (>= xamarinios)) (&& (== net40) (>= win8)) (&& (== net40) (>= wp8)) (&& (== net40) (>= wpa81)) (== net45) (== net451) (== net452)
    xunit.runner.console (2.2)
    xunit.runner.visualstudio (2.2)
GITHUB
  remote: fsharp/FAKE
    modules/Octokit/Octokit.fsx (9b496581e49c116cff9911570df871eb0258ac83)
      Octokit (>= 0.20)