REDIRECTS: ON
RESTRICTION: || (== net40) (== net45) (== net451) (== net452)
NUGET
  remote: https://www.nuget.org/api/v2
    Akka (1.3.3)
      Newtonsoft.Json (>= 9.0.1) - restriction: || (&& (== net40) (== net45)) (&& (== net40) (== net451)) (&& (== net40) (== net452)) (&& (== net40) (>= net45)) (&& (== net40) (>= netstandard1.6)) (== net45) (&& (== net45) (== net451)) (&& (== net45) (== net452)) (== net451) (&& (== net451) (== net452)) (== net452)
      System.Collections.Immutable (>= 1.3.1) - restriction: || (&& (== net40) (== net45)) (&& (== net40) (== net451)) (&& (== net40) (== net452)) (&& (== net40) (>= net45)) (&& (== net40) (>= netstandard1.6)) (== net45) (&& (== net45) (== net451)) (&& (== net45) (== net452)) (== net451) (&& (== net451) (== net452)) (== net452)
    Akka.Cluster (1.3.3)
      Akka.Remote (>= 1.3.3) - restriction: || (&& (== net40) (== net45)) (&& (== net40) (== net451)) (&& (== net40) (== net452)) (&& (== net40) (>= net45)) (&& (== net40) (>= netstandard1.6)) (== net45) (&& (== net45) (== net451)) (&& (== net45) (== net452)) (== net451) (&& (== net451) (== net452)) (== net452)
    Akka.Cluster.Sharding (1.3.3-beta56)
      Akka.Cluster.Tools (>= 1.3.3-beta56) - restriction: || (&& (== net40) (== net45)) (&& (== net40) (== net451)) (&& (== net40) (== net452)) (&& (== net40) (>= net45)) (&& (== net40) (>= netstandard1.6)) (== net45) (&& (== net45) (== net451)) (&& (== net45) (== net452)) (== net451) (&& (== net451) (== net452)) (== net452)
      Akka.DistributedData (>= 1.3.3-beta56) - restriction: || (&& (== net40) (== net45)) (&& (== net40) (== net451)) (&& (== net40) (== net452)) (&& (== net40) (>= net45)) (&& (== net40) (>= netstandard1.6)) (== net45) (&& (== net45) (== net451)) (&& (== net45) (== net452)) (== net451) (&& (== net451) (== net452)) (== net452)
      Akka.Persistence (>= 1.3.3-beta56) - restriction: || (&& (== net40) (== net45)) (&& (== net40) (== net451)) (&& (== net40) (== net452)) (&& (== net40) (>= net45)) (&& (== net40) (>= netstandard1.6)) (== net45) (&& (== net45) (== net451)) (&& (== net45) (== net452)) (== net451) (&& (== net451) (== net452)) (== net452)
    Akka.Cluster.Tools (1.3.3)
      Akka.Cluster (>= 1.3.3) - restriction: || (&& (== net40) (== net45)) (&& (== net40) (== net451)) (&& (== net40) (== net452)) (&& (== net40) (>= net45)) (&& (== net40) (>= netstandard1.6)) (== net45) (&& (== net45) (== net451)) (&& (== net45) (== net452)) (== net451) (&& (== net451) (== net452)) (== net452)
    Akka.DistributedData (1.3.3-beta56)
      Akka.Cluster (>= 1.3.3-beta56) - restriction: || (&& (== net40) (== net45)) (&& (== net40) (== net451)) (&& (== net40) (== net452)) (&& (== net40) (>= net45)) (&& (== net40) (>= netstandard1.6)) (== net45) (&& (== net45) (== net451)) (&& (== net45) (== net452)) (== net451) (&& (== net451) (== net452)) (== net452)
      Hyperion (>= 0.9.6) - restriction: || (&& (== net40) (== net45)) (&& (== net40) (== net451)) (&& (== net40) (== net452)) (&& (== net40) (>= net45)) (&& (== net40) (>= netstandard1.6)) (== net45) (&& (== net45) (== net451)) (&& (== net45) (== net452)) (== net451) (&& (== net451) (== net452)) (== net452)
    Akka.Persistence (1.3.3)
      Akka (>= 1.3.3) - restriction: || (&& (== net40) (== net45)) (&& (== net40) (== net451)) (&& (== net40) (== net452)) (&& (== net40) (>= net45)) (&& (== net40) (>= netstandard1.6)) (== net45) (&& (== net45) (== net451)) (&& (== net45) (== net452)) (== net451) (&& (== net451) (== net452)) (== net452)
      Google.Protobuf (>= 3.3) - restriction: || (&& (== net40) (== net45)) (&& (== net40) (== net451)) (&& (== net40) (== net452)) (&& (== net40) (>= net45)) (&& (== net40) (>= netstandard1.6)) (== net45) (&& (== net45) (== net451)) (&& (== net45) (== net452)) (== net451) (&& (== net451) (== net452)) (== net452)
    Akka.Persistence.Query (1.3.3)
      Akka.Persistence (>= 1.3.3) - restriction: || (&& (== net40) (== net45)) (&& (== net40) (== net451)) (&& (== net40) (== net452)) (&& (== net40) (>= net45)) (&& (== net40) (>= netstandard1.6)) (== net45) (&& (== net45) (== net451)) (&& (== net45) (== net452)) (== net451) (&& (== net451) (== net452)) (== net452)
      Akka.Streams (>= 1.3.3) - restriction: || (&& (== net40) (== net45)) (&& (== net40) (== net451)) (&& (== net40) (== net452)) (&& (== net40) (>= net45)) (&& (== net40) (>= netstandard1.6)) (== net45) (&& (== net45) (== net451)) (&& (== net45) (== net452)) (== net451) (&& (== net451) (== net452)) (== net452)
    Akka.Persistence.Query.Sql (1.3.3)
      Akka.Persistence (>= 1.3.3) - restriction: || (&& (== net40) (== net45)) (&& (== net40) (== net451)) (&& (== net40) (== net452)) (&& (== net40) (>= net45)) (&& (== net40) (>= netstandard1.6)) (== net45) (&& (== net45) (== net451)) (&& (== net45) (== net452)) (== net451) (&& (== net451) (== net452)) (== net452)
      Akka.Persistence.Query (>= 1.3.3) - restriction: || (&& (== net40) (== net45)) (&& (== net40) (== net451)) (&& (== net40) (== net452)) (&& (== net40) (>= net45)) (&& (== net40) (>= netstandard1.6)) (== net45) (&& (== net45) (== net451)) (&& (== net45) (== net452)) (== net451) (&& (== net451) (== net452)) (== net452)
      Akka.Persistence.Sql.Common (>= 1.3.3) - restriction: || (&& (== net40) (== net45)) (&& (== net40) (== net451)) (&& (== net40) (== net452)) (&& (== net40) (>= net45)) (&& (== net40) (>= netstandard1.6)) (== net45) (&& (== net45) (== net451)) (&& (== net45) (== net452)) (== net451) (&& (== net451) (== net452)) (== net452)
    Akka.Persistence.Sql.Common (1.3.3)
      Akka.Persistence (>= 1.3.3) - restriction: || (&& (== net40) (== net45)) (&& (== net40) (== net451)) (&& (== net40) (== net452)) (&& (== net40) (>= net45)) (&& (== net40) (>= netstandard1.6)) (== net45) (&& (== net45) (== net451)) (&& (== net45) (== net452)) (== net451) (&& (== net451) (== net452)) (== net452)
    Akka.Persistence.Sqlite (1.3.3)
      Akka.Persistence (>= 1.3.3) - restriction: || (&& (== net40) (== net45) (>= net451)) (&& (== net40) (== net45) (>= netstandard1.6)) (&& (== net40) (== net451)) (&& (== net40) (== net452)) (&& (== net40) (>= net451)) (&& (== net40) (>= netstandard1.6)) (&& (== net45) (== net451)) (&& (== net45) (== net452)) (&& (== net45) (>= net451)) (&& (== net45) (>= netstandard1.6)) (== net451) (&& (== net451) (== net452)) (== net452)
      Akka.Persistence.Sql.Common (>= 1.3.3) - restriction: || (&& (== net40) (== net45) (>= net451)) (&& (== net40) (== net45) (>= netstandard1.6)) (&& (== net40) (== net451)) (&& (== net40) (== net452)) (&& (== net40) (>= net451)) (&& (== net40) (>= netstandard1.6)) (&& (== net45) (== net451)) (&& (== net45) (== net452)) (&& (== net45) (>= net451)) (&& (== net45) (>= netstandard1.6)) (== net451) (&& (== net451) (== net452)) (== net452)
      Microsoft.Data.SQLite (>= 1.1.1) - restriction: || (&& (== net40) (== net45) (>= net451)) (&& (== net40) (== net45) (>= netstandard1.6)) (&& (== net40) (== net451)) (&& (== net40) (== net452)) (&& (== net40) (>= net451)) (&& (== net40) (>= netstandard1.6)) (&& (== net45) (== net451)) (&& (== net45) (== net452)) (&& (== net45) (>= net451)) (&& (== net45) (>= netstandard1.6)) (== net451) (&& (== net451) (== net452)) (== net452)
    Akka.Remote (1.3.3)
      Akka (>= 1.3.3) - restriction: || (&& (== net40) (== net45)) (&& (== net40) (== net451)) (&& (== net40) (== net452)) (&& (== net40) (>= net45)) (&& (== net40) (>= netstandard1.6)) (== net45) (&& (== net45) (== net451)) (&& (== net45) (== net452)) (== net451) (&& (== net451) (== net452)) (== net452)
      DotNetty.Handlers (>= 0.4.6) - restriction: || (&& (== net40) (== net45)) (&& (== net40) (== net451)) (&& (== net40) (== net452)) (&& (== net40) (>= net45)) (&& (== net40) (>= netstandard1.6)) (== net45) (&& (== net45) (== net451)) (&& (== net45) (== net452)) (== net451) (&& (== net451) (== net452)) (== net452)
      Google.Protobuf (>= 3.3) - restriction: || (&& (== net40) (== net45)) (&& (== net40) (== net451)) (&& (== net40) (== net452)) (&& (== net40) (>= net45)) (&& (== net40) (>= netstandard1.6)) (== net45) (&& (== net45) (== net451)) (&& (== net45) (== net452)) (== net451) (&& (== net451) (== net452)) (== net452)
    Akka.Serialization.Hyperion (1.3.3-beta56)
      Akka (>= 1.3.3-beta56) - restriction: || (&& (== net40) (== net45)) (&& (== net40) (== net451)) (&& (== net40) (== net452)) (&& (== net40) (>= net45)) (&& (== net40) (>= netstandard1.6)) (== net45) (&& (== net45) (== net451)) (&& (== net45) (== net452)) (== net451) (&& (== net451) (== net452)) (== net452)
      Hyperion (>= 0.9.7) - restriction: || (&& (== net40) (== net45)) (&& (== net40) (== net451)) (&& (== net40) (== net452)) (&& (== net40) (>= net45)) (&& (== net40) (>= netstandard1.6)) (== net45) (&& (== net45) (== net451)) (&& (== net45) (== net452)) (== net451) (&& (== net451) (== net452)) (== net452)
    Akka.Streams (1.3.3)
      Akka (>= 1.3.3) - restriction: || (&& (== net40) (== net45)) (&& (== net40) (== net451)) (&& (== net40) (== net452)) (&& (== net40) (>= net45)) (&& (== net40) (>= netstandard1.6)) (== net45) (&& (== net45) (== net451)) (&& (== net45) (== net452)) (== net451) (&& (== net451) (== net452)) (== net452)
      Reactive.Streams (>= 1.0.2) - restriction: || (&& (== net40) (== net45)) (&& (== net40) (== net451)) (&& (== net40) (== net452)) (&& (== net40) (>= net45)) (&& (== net40) (>= netstandard1.6)) (== net45) (&& (== net45) (== net451)) (&& (== net45) (== net452)) (== net451) (&& (== net451) (== net452)) (== net452)
    Akka.TestKit (1.3.3)
      Akka (>= 1.3.3) - restriction: || (&& (== net40) (== net45)) (&& (== net40) (== net451)) (&& (== net40) (== net452)) (&& (== net40) (>= net45)) (&& (== net40) (>= netstandard1.6)) (== net45) (&& (== net45) (== net451)) (&& (== net45) (== net452)) (== net451) (&& (== net451) (== net452)) (== net452)
    Akka.TestKit.Xunit2 (1.3.3)
      Akka.TestKit (>= 1.3.3) - restriction: || (&& (== net40) (== net45)) (&& (== net40) (== net451)) (&& (== net40) (== net452)) (&& (== net40) (>= net45)) (&& (== net40) (>= netstandard1.6)) (== net45) (&& (== net45) (== net451)) (&& (== net45) (== net452)) (== net451) (&& (== net451) (== net452)) (== net452)
      xunit (>= 2.3) - restriction: || (&& (== net40) (== net45)) (&& (== net40) (== net451)) (&& (== net40) (== net452)) (&& (== net40) (>= net45)) (&& (== net40) (>= netstandard1.6)) (== net45) (&& (== net45) (== net451)) (&& (== net45) (== net452)) (== net451) (&& (== net451) (== net452)) (== net452)
    DotNetty.Buffers (0.4.7) - restriction: || (&& (== net40) (>= net45)) (&& (== net40) (>= netstandard1.6)) (== net45) (== net451) (== net452)
      DotNetty.Common (>= 0.4.7) - restriction: || (&& (== net40) (== net45)) (&& (== net40) (== net451)) (&& (== net40) (== net452)) (&& (== net40) (>= net45)) (&& (== net40) (>= netstandard1.3)) (== net45) (&& (== net45) (== net451)) (&& (== net45) (== net452)) (== net451) (&& (== net451) (== net452)) (== net452)
      System.Runtime.CompilerServices.Unsafe (>= 4.4) - restriction: || (&& (== net40) (== net45)) (&& (== net40) (== net451)) (&& (== net40) (== net452)) (&& (== net40) (>= net45)) (&& (== net40) (>= netstandard1.3)) (== net45) (&& (== net45) (== net451)) (&& (== net45) (== net452)) (== net451) (&& (== net451) (== net452)) (== net452)
    DotNetty.Codecs (0.4.7) - restriction: || (&& (== net40) (>= net45)) (&& (== net40) (>= netstandard1.6)) (== net45) (== net451) (== net452)
      DotNetty.Buffers (>= 0.4.7) - restriction: || (&& (== net40) (== net45)) (&& (== net40) (== net451)) (&& (== net40) (== net452)) (&& (== net40) (>= net45)) (&& (== net40) (>= netstandard1.3)) (== net45) (&& (== net45) (== net451)) (&& (== net45) (== net452)) (== net451) (&& (== net451) (== net452)) (== net452)
      DotNetty.Common (>= 0.4.7) - restriction: || (&& (== net40) (== net45)) (&& (== net40) (== net451)) (&& (== net40) (== net452)) (&& (== net40) (>= net45)) (&& (== net40) (>= netstandard1.3)) (== net45) (&& (== net45) (== net451)) (&& (== net45) (== net452)) (== net451) (&& (== net451) (== net452)) (== net452)
      DotNetty.Transport (>= 0.4.7) - restriction: || (&& (== net40) (== net45)) (&& (== net40) (== net451)) (&& (== net40) (== net452)) (&& (== net40) (>= net45)) (&& (== net40) (>= netstandard1.3)) (== net45) (&& (== net45) (== net451)) (&& (== net45) (== net452)) (== net451) (&& (== net451) (== net452)) (== net452)
    DotNetty.Common (0.4.7) - restriction: || (&& (== net40) (>= net45)) (&& (== net40) (>= netstandard1.6)) (== net45) (== net451) (== net452)
      Microsoft.Extensions.Logging (>= 1.1.1) - restriction: || (&& (== net40) (== net45)) (&& (== net40) (== net451)) (&& (== net40) (== net452)) (&& (== net40) (>= net45)) (&& (== net40) (>= netstandard1.3)) (== net45) (&& (== net45) (== net451)) (&& (== net45) (== net452)) (== net451) (&& (== net451) (== net452)) (== net452)
      System.Runtime.CompilerServices.Unsafe (>= 4.4) - restriction: || (&& (== net40) (== net45)) (&& (== net40) (== net451)) (&& (== net40) (== net452)) (&& (== net40) (>= net45)) (&& (== net40) (>= netstandard1.3)) (== net45) (&& (== net45) (== net451)) (&& (== net45) (== net452)) (== net451) (&& (== net451) (== net452)) (== net452)
    DotNetty.Handlers (0.4.7) - restriction: || (&& (== net40) (>= net45)) (&& (== net40) (>= netstandard1.6)) (== net45) (== net451) (== net452)
      DotNetty.Buffers (>= 0.4.7) - restriction: || (&& (== net40) (== net45)) (&& (== net40) (== net451)) (&& (== net40) (== net452)) (&& (== net40) (>= net45)) (&& (== net40) (>= netstandard1.3)) (== net45) (&& (== net45) (== net451)) (&& (== net45) (== net452)) (== net451) (&& (== net451) (== net452)) (== net452)
      DotNetty.Codecs (>= 0.4.7) - restriction: || (&& (== net40) (== net45)) (&& (== net40) (== net451)) (&& (== net40) (== net452)) (&& (== net40) (>= net45)) (&& (== net40) (>= netstandard1.3)) (== net45) (&& (== net45) (== net451)) (&& (== net45) (== net452)) (== net451) (&& (== net451) (== net452)) (== net452)
      DotNetty.Common (>= 0.4.7) - restriction: || (&& (== net40) (== net45)) (&& (== net40) (== net451)) (&& (== net40) (== net452)) (&& (== net40) (>= net45)) (&& (== net40) (>= netstandard1.3)) (== net45) (&& (== net45) (== net451)) (&& (== net45) (== net452)) (== net451) (&& (== net451) (== net452)) (== net452)
      DotNetty.Transport (>= 0.4.7) - restriction: || (&& (== net40) (== net45)) (&& (== net40) (== net451)) (&& (== net40) (== net452)) (&& (== net40) (>= net45)) (&& (== net40) (>= netstandard1.3)) (== net45) (&& (== net45) (== net451)) (&& (== net45) (== net452)) (== net451) (&& (== net451) (== net452)) (== net452)
    DotNetty.Transport (0.4.7) - restriction: || (&& (== net40) (>= net45)) (&& (== net40) (>= netstandard1.6)) (== net45) (== net451) (== net452)
      DotNetty.Buffers (>= 0.4.7) - restriction: || (&& (== net40) (== net45)) (&& (== net40) (== net451)) (&& (== net40) (== net452)) (&& (== net40) (>= net45)) (&& (== net40) (>= netstandard1.3)) (== net45) (&& (== net45) (== net451)) (&& (== net45) (== net452)) (== net451) (&& (== net451) (== net452)) (== net452)
      DotNetty.Common (>= 0.4.7) - restriction: || (&& (== net40) (== net45)) (&& (== net40) (== net451)) (&& (== net40) (== net452)) (&& (== net40) (>= net45)) (&& (== net40) (>= netstandard1.3)) (== net45) (&& (== net45) (== net451)) (&& (== net45) (== net452)) (== net451) (&& (== net451) (== net452)) (== net452)
    FAKE (4.64.4)
    FsCheck (2.10.6)
      FSharp.Core (>= 4.0.0.1) - restriction: || (&& (== net40) (== net45)) (&& (== net40) (== net451)) (&& (== net40) (== net452)) (&& (== net40) (>= net452)) (&& (== net40) (>= portable-net45+win8)) (&& (== net40) (>= portable-net45+win8+wp8)) (&& (== net40) (>= portable-net45+win8+wp8+wpa81)) (== net45) (&& (== net45) (== net451)) (&& (== net45) (== net452)) (== net451) (&& (== net451) (== net452)) (== net452)
    FsCheck.Xunit (2.10.6)
      FsCheck (2.10.6) - restriction: || (&& (== net40) (== net45) (>= net452)) (&& (== net40) (== net451) (>= net452)) (&& (== net40) (== net452)) (&& (== net40) (>= net452)) (&& (== net45) (== net451) (>= net452)) (&& (== net45) (== net452)) (&& (== net45) (>= net452)) (&& (== net451) (== net452)) (&& (== net451) (>= net452)) (== net452)
      xunit.extensibility.execution (>= 2.2 < 3.0) - restriction: || (&& (== net40) (== net45) (>= net452)) (&& (== net40) (== net451) (>= net452)) (&& (== net40) (== net452)) (&& (== net40) (>= net452)) (&& (== net45) (== net451) (>= net452)) (&& (== net45) (== net452)) (&& (== net45) (>= net452)) (&& (== net451) (== net452)) (&& (== net451) (>= net452)) (== net452)
    FSharp.Compiler.Service (2.0.0.6)
    FSharp.Core (4.2.3)
    FSharp.Formatting (2.14.4)
      FSharp.Compiler.Service (2.0.0.6)
      FSharpVSPowerTools.Core (>= 2.3 < 2.4)
    FSharpVSPowerTools.Core (2.3)
      FSharp.Compiler.Service (>= 2.0.0.3)
    FSPowerPack.Core.Community (3.0)
    FSPowerPack.Linq.Community (3.0)
      FSPowerPack.Core.Community
    Google.Protobuf (3.5.1) - restriction: || (&& (== net40) (>= net45)) (&& (== net40) (>= netstandard1.6)) (== net45) (== net451) (== net452)
    Hyperion (0.9.7) - restriction: || (&& (== net40) (>= net45)) (&& (== net40) (>= netstandard1.6)) (== net45) (== net451) (== net452)
    Microsoft.CodeCoverage (1.0.3)
    Microsoft.Data.SQLite (2.0) - restriction: || (&& (== net40) (>= net451)) (&& (== net40) (>= netstandard1.6)) (&& (== net45) (>= net451)) (&& (== net45) (>= netstandard1.6)) (== net451) (== net452)
    Microsoft.Extensions.DependencyInjection.Abstractions (2.0) - restriction: || (&& (== net40) (>= netstandard1.1)) (== net45) (== net451) (== net452)
    Microsoft.Extensions.Logging (1.1.2)
      Microsoft.Extensions.DependencyInjection.Abstractions (>= 1.1.1) - restriction: || (&& (== net40) (== net45)) (&& (== net40) (== net451)) (&& (== net40) (== net452)) (&& (== net40) (>= netstandard1.1)) (== net45) (&& (== net45) (== net451)) (&& (== net45) (== net452)) (== net451) (&& (== net451) (== net452)) (== net452)
      Microsoft.Extensions.Logging.Abstractions (>= 1.1.2) - restriction: || (&& (== net40) (== net45)) (&& (== net40) (== net451)) (&& (== net40) (== net452)) (&& (== net40) (>= netstandard1.1)) (== net45) (&& (== net45) (== net451)) (&& (== net45) (== net452)) (== net451) (&& (== net451) (== net452)) (== net452)
      NETStandard.Library (>= 1.6.1) - restriction: || (&& (== net40) (== net45)) (&& (== net40) (== net451)) (&& (== net40) (== net452)) (&& (== net40) (>= netstandard1.1)) (== net45) (&& (== net45) (== net451)) (&& (== net45) (== net452)) (== net451) (&& (== net451) (== net452)) (== net452)
    Microsoft.Extensions.Logging.Abstractions (1.1.2)
      NETStandard.Library (>= 1.6.1) - restriction: || (&& (== net40) (== net45)) (&& (== net40) (== net451)) (&& (== net40) (== net452)) (&& (== net40) (>= netstandard1.1)) (== net45) (&& (== net45) (== net451)) (&& (== net45) (== net452)) (== net451) (&& (== net451) (== net452)) (== net452)
    Microsoft.NET.Test.Sdk (15.5)
      Microsoft.CodeCoverage (>= 1.0.3)
      Microsoft.TestPlatform.TestHost (>= 15.5)
    Microsoft.NETCore.Platforms (2.0.1) - restriction: || (&& (== net40) (>= net45)) (&& (== net40) (>= net451)) (&& (== net40) (>= net46)) (&& (== net40) (>= net461)) (&& (== net40) (>= uap10.0)) (&& (== net40) (>= netstandard1.1)) (&& (== net40) (>= netstandard1.2)) (&& (== net40) (>= netstandard1.3)) (&& (== net40) (>= netstandard1.4)) (&& (== net40) (>= netstandard1.5)) (&& (== net40) (>= netstandard1.6)) (&& (== net40) (>= wpa81)) (== net45) (== net451) (== net452)
    Microsoft.TestPlatform.TestHost (15.5)
    NETStandard.Library (2.0.1) - restriction: || (&& (== net40) (>= netstandard1.1)) (== net45) (== net451) (== net452)
      Microsoft.NETCore.Platforms (>= 1.1) - restriction: || (&& (== net40) (== net45)) (&& (== net40) (== net451)) (&& (== net40) (== net452)) (&& (== net40) (>= net45)) (&& (== net40) (>= net451)) (&& (== net40) (>= net46)) (&& (== net40) (>= net461)) (&& (== net40) (>= uap10.0)) (&& (== net40) (>= netstandard1.0)) (&& (== net40) (>= netstandard1.1)) (&& (== net40) (>= netstandard1.2)) (&& (== net40) (>= netstandard1.3)) (&& (== net40) (>= netstandard1.4)) (&& (== net40) (>= netstandard1.5)) (&& (== net40) (>= netstandard1.6)) (&& (== net40) (>= monoandroid)) (&& (== net40) (>= wpa81)) (&& (== net40) (>= portable-net45+win8+wpa81)) (&& (== net40) (>= portable-net451+win81+wpa81)) (&& (== net40) (>= portable-net45+win8+wp8+wpa81)) (== net45) (&& (== net45) (== net451)) (&& (== net45) (== net452)) (== net451) (&& (== net451) (== net452)) (== net452)
      System.Runtime.InteropServices.RuntimeInformation (>= 4.3) - restriction: || (&& (== net40) (== net45)) (&& (== net40) (== net451)) (&& (== net40) (== net452)) (&& (== net40) (>= net45)) (&& (== net40) (>= net451)) (&& (== net40) (>= net46)) (&& (== net40) (>= uap10.0)) (&& (== net40) (>= netstandard1.1)) (&& (== net40) (>= netstandard1.2)) (&& (== net40) (>= netstandard1.3)) (&& (== net40) (>= netstandard1.4)) (&& (== net40) (>= netstandard1.5)) (&& (== net40) (>= netstandard1.6)) (&& (== net40) (>= wpa81)) (&& (== net40) (>= portable-net45+win8+wpa81)) (&& (== net40) (>= portable-net451+win81+wpa81)) (== net45) (&& (== net45) (== net451)) (&& (== net45) (== net452)) (== net451) (&& (== net451) (== net452)) (== net452)
    Newtonsoft.Json (10.0.3)
    Octokit (0.28)
    Reactive.Streams (1.0.2)
    System.Collections.Immutable (1.4) - restriction: || (&& (== net40) (>= net45)) (&& (== net40) (>= netstandard1.6)) (== net45) (== net451) (== net452)
      NETStandard.Library (>= 1.6.1) - restriction: || (&& (== net40) (== net45)) (&& (== net40) (== net451)) (&& (== net40) (== net452)) (&& (== net40) (>= netstandard1.0)) (== net45) (&& (== net45) (== net451)) (&& (== net45) (== net452)) (== net451) (&& (== net451) (== net452)) (== net452)
    System.Runtime.CompilerServices.Unsafe (4.4) - restriction: || (&& (== net40) (>= net45)) (&& (== net40) (>= netstandard1.6)) (== net45) (== net451) (== net452)
      NETStandard.Library (>= 1.6.1) - restriction: || (&& (== net40) (== net45)) (&& (== net40) (== net451)) (&& (== net40) (== net452)) (&& (== net40) (>= netstandard1.0)) (== net45) (&& (== net45) (== net451)) (&& (== net45) (== net452)) (== net451) (&& (== net451) (== net452)) (== net452)
    System.Runtime.InteropServices.RuntimeInformation (4.3) - restriction: || (&& (== net40) (>= net45)) (&& (== net40) (>= net451)) (&& (== net40) (>= net46)) (&& (== net40) (>= uap10.0)) (&& (== net40) (>= netstandard1.1)) (&& (== net40) (>= netstandard1.2)) (&& (== net40) (>= netstandard1.3)) (&& (== net40) (>= netstandard1.4)) (&& (== net40) (>= netstandard1.5)) (&& (== net40) (>= netstandard1.6)) (&& (== net40) (>= wpa81)) (== net45) (== net451) (== net452)
    xunit (2.3.1)
      xunit.analyzers (>= 0.7)
      xunit.assert (2.3.1)
      xunit.core (2.3.1)
    xunit.abstractions (2.0.1)
    xunit.analyzers (0.8)
    xunit.assert (2.3.1)
      NETStandard.Library (>= 1.6.1) - restriction: || (&& (== net40) (== net45)) (&& (== net40) (== net451)) (&& (== net40) (== net452)) (&& (== net40) (>= netstandard1.1)) (== net45) (&& (== net45) (== net451)) (&& (== net45) (== net452)) (== net451) (&& (== net451) (== net452))
    xunit.core (2.3.1)
      xunit.extensibility.core (2.3.1)
      xunit.extensibility.execution (2.3.1)
    xunit.extensibility.core (2.3.1)
      NETStandard.Library (>= 1.6.1) - restriction: || (&& (== net40) (== net45)) (&& (== net40) (== net451)) (&& (== net40) (== net452)) (&& (== net40) (>= netstandard1.1)) (== net45) (&& (== net45) (== net451)) (&& (== net45) (== net452)) (== net451) (&& (== net451) (== net452))
      xunit.abstractions (>= 2.0.1) - restriction: || (&& (== net40) (== net45)) (&& (== net40) (== net451)) (&& (== net40) (== net452)) (&& (== net40) (>= netstandard1.1)) (== net45) (&& (== net45) (== net451)) (&& (== net45) (== net452)) (== net451) (&& (== net451) (== net452)) (== net452)
    xunit.extensibility.execution (2.3.1)
      NETStandard.Library (>= 1.6.1) - restriction: || (&& (== net40) (== net45)) (&& (== net40) (== net451)) (&& (== net40) (== net452)) (&& (== net40) (>= netstandard1.1)) (== net45) (&& (== net45) (== net451)) (&& (== net45) (== net452)) (== net451) (&& (== net451) (== net452))
      xunit.extensibility.core (2.3.1) - restriction: || (&& (== net40) (== net45)) (&& (== net40) (== net451)) (&& (== net40) (== net452)) (&& (== net40) (>= netstandard1.1)) (== net45) (&& (== net45) (== net451)) (&& (== net45) (== net452)) (== net451) (&& (== net451) (== net452)) (== net452)
    xunit.runner.console (2.3.1)
    xunit.runner.visualstudio (2.3.1)
GITHUB
  remote: fsharp/FAKE
    modules/Octokit/Octokit.fsx (51a7cae12acc7292db4623ae0e3cc3a2ce6ca1c9)
      Octokit (>= 0.20)